{
  "aor": 0.004308108108108108,
  "aqi": 0.0031020761261261257,
  "bids_meta": {
    "EchoTime": 0.00802,
    "EchoTrainLength": 23,
    "FlipAngle": 80,
    "InstitutionName": "Univerity Medical Center Groningen",
    "InstitutionalDepartmentName": "Neuroimaging Center Groningen",
    "MagneticFieldStrength": 3,
    "Manufacturer": "Philips",
    "ManufacturersModelName": "Intera",
    "Modality": "MR",
    "PatientPosition": "HFS",
    "PhilipsRescaleIntercept": 0,
    "PhilipsRescaleSlope": 282.541,
    "PhilipsScaleSlope": 0.0011356,
    "ProtocolName": "WIPR-state_ME_descending-sso-DSSENSE4.2",
    "ReceiveCoilName": "SENSE-Head-32P",
    "ReconMatrixPE": 64,
    "RepetitionTime": 2.45,
    "SliceThickness": 3.5,
    "SliceTiming": [
      2.395555556,
      2.341111111,
      2.286666667,
      2.232222222,
      2.177777778,
      2.123333333,
      2.068888889,
      2.014444444,
      1.96,
      1.905555556,
      1.851111111,
      1.796666667,
      1.742222222,
      1.687777778,
      1.633333333,
      1.578888889,
      1.524444444,
      1.47,
      1.415555556,
      1.361111111,
      1.306666667,
      1.252222222,
      1.197777778,
      1.143333333,
      1.088888889,
      1.034444444,
      0.98,
      0.925555556,
      0.871111111,
      0.816666667,
      0.762222222,
      0.707777778,
      0.653333333,
      0.598888889,
      0.544444444,
      0.49,
      0.435555556,
      0.381111111,
      0.326666667,
      0.272222222,
      0.217777778,
      0.163333333,
      0.108888889,
      0.054444444,
      0
    ],
    "TaskName": "task-FlavorRun4",
    "UsePhilipsFloatNotDisplayScaling": 1,
    "dataset": "ds001491",
    "modality": "bold",
    "subject_id": "19",
    "task_id": "FlavorRun4"
  },
  "dummy_trs": 0,
  "dvars_nstd": 17.456331537828046,
  "dvars_std": 1.4227312911764705,
  "dvars_vstd": 1.0177951718552034,
  "efc": 0.5041754466115529,
  "fber": 264770.375,
  "fd_mean": 0.15725343454182505,
  "fd_num": 45,
  "fd_perc": 20.27027027027027,
  "fwhm_avg": 2.18250380952381,
  "fwhm_x": 2.0764285714285715,
  "fwhm_y": 2.2293600000000002,
  "fwhm_z": 2.241722857142857,
  "gcor": 0.00915067,
  "gsr_x": -0.0023266358766704798,
  "gsr_y": 0.0495448037981987,
  "provenance": {
    "md5sum": "8b091ccc4658d87bb8b3839d696c439d",
    "settings": {
      "fd_thres": 0.2,
      "testing": false
    },
    "software": "mriqc",
    "version": "22.0.6",
    "webapi_port": null,
    "webapi_url": "https://mriqc.nimh.nih.gov/api/v1"
  },
  "size_t": 222,
  "size_x": 64,
  "size_y": 64,
  "size_z": 45,
  "snr": 6.769699178371134,
  "spacing_tr": 2.450000047683716,
  "spacing_x": 3.5,
  "spacing_y": 3.5,
  "spacing_z": 3.5,
  "summary_bg_k": 10.005910163551563,
  "summary_bg_mad": 3012.6982457336917,
  "summary_bg_mean": 61236.11328125,
  "summary_bg_median": 2054.24462890625,
  "summary_bg_n": 116426.0,
  "summary_bg_p05": 8.8496994972229,
  "summary_bg_p95": 388601.5234375,
  "summary_bg_stdv": 137707.1875,
  "summary_fg_k": 0.8388032901171596,
  "summary_fg_mad": 147572.15542721562,
  "summary_fg_mean": 1021865.4375,
  "summary_fg_median": 1013821.125,
  "summary_fg_n": 31182.0,
  "summary_fg_p05": 796545.925,
  "summary_fg_p95": 1271618.8124999998,
  "summary_fg_stdv": 149756.265625,
  "tsnr": 102.64967346191406
}