{
  "aor": 0.003047264573991031,
  "aqi": 0.008061632466367713,
  "bids_meta": {
    "EchoTime": 0.03603,
    "EchoTrainLength": 23,
    "FlipAngle": 80,
    "InstitutionName": "Univerity Medical Center Groningen",
    "InstitutionalDepartmentName": "Neuroimaging Center Groningen",
    "MagneticFieldStrength": 3,
    "Manufacturer": "Philips",
    "ManufacturersModelName": "Intera",
    "Modality": "MR",
    "PatientPosition": "HFS",
    "PhilipsRescaleIntercept": 0,
    "PhilipsRescaleSlope": 282.541,
    "PhilipsScaleSlope": 0.0011356,
    "ProtocolName": "WIPR-state_ME_descending-sso-DSSENSE4.2",
    "ReceiveCoilName": "SENSE-Head-32P",
    "ReconMatrixPE": 64,
    "RepetitionTime": 2.45,
    "SliceThickness": 3.5,
    "SliceTiming": [
      2.395555556,
      2.341111111,
      2.286666667,
      2.232222222,
      2.177777778,
      2.123333333,
      2.068888889,
      2.014444444,
      1.96,
      1.905555556,
      1.851111111,
      1.796666667,
      1.742222222,
      1.687777778,
      1.633333333,
      1.578888889,
      1.524444444,
      1.47,
      1.415555556,
      1.361111111,
      1.306666667,
      1.252222222,
      1.197777778,
      1.143333333,
      1.088888889,
      1.034444444,
      0.98,
      0.925555556,
      0.871111111,
      0.816666667,
      0.762222222,
      0.707777778,
      0.653333333,
      0.598888889,
      0.544444444,
      0.49,
      0.435555556,
      0.381111111,
      0.326666667,
      0.272222222,
      0.217777778,
      0.163333333,
      0.108888889,
      0.054444444,
      0
    ],
    "TaskName": "task-FlavorRun2",
    "UsePhilipsFloatNotDisplayScaling": 1,
    "dataset": "ds001491",
    "modality": "bold",
    "subject_id": "19",
    "task_id": "FlavorRun2"
  },
  "dummy_trs": 0,
  "dvars_nstd": 27.65012159432431,
  "dvars_std": 1.23664650545045,
  "dvars_vstd": 0.9970109486936939,
  "efc": 0.4332568977913556,
  "fber": 20517.296875,
  "fd_mean": 0.20237350615484845,
  "fd_num": 74,
  "fd_perc": 33.18385650224215,
  "fwhm_avg": 1.7556047619047617,
  "fwhm_x": 1.6386171428571428,
  "fwhm_y": 1.9108771428571427,
  "fwhm_z": 1.7173200000000002,
  "gcor": 0.0301925,
  "gsr_x": -0.00466188183054328,
  "gsr_y": 0.021100156009197235,
  "provenance": {
    "md5sum": "6f6ca9f068a23939c371631e8441f717",
    "settings": {
      "fd_thres": 0.2,
      "testing": false
    },
    "software": "mriqc",
    "version": "22.0.6",
    "webapi_port": null,
    "webapi_url": "https://mriqc.nimh.nih.gov/api/v1"
  },
  "size_t": 223,
  "size_x": 64,
  "size_y": 64,
  "size_z": 45,
  "snr": 4.816402954070833,
  "spacing_tr": 2.450000047683716,
  "spacing_x": 3.5,
  "spacing_y": 3.5,
  "spacing_z": 3.5,
  "summary_bg_k": 55.56567370449343,
  "summary_bg_mad": 4519.256698698831,
  "summary_bg_mean": 14903.0361328125,
  "summary_bg_median": 4104.904296875,
  "summary_bg_n": 122422.0,
  "summary_bg_p05": 445.6415237426758,
  "summary_bg_p95": 62207.43105468738,
  "summary_bg_stdv": 34328.109375,
  "summary_fg_k": 3.8918519468337154,
  "summary_fg_mad": 106023.54869619697,
  "summary_fg_mean": 595093.4375,
  "summary_fg_median": 579748.3125,
  "summary_fg_n": 26392.0,
  "summary_fg_p05": 437149.0484375,
  "summary_fg_p95": 796223.325,
  "summary_fg_stdv": 120367.28125,
  "tsnr": 53.050086975097656
}