{
  "aor": 0.0035200854700854706,
  "aqi": 0.007761995170940171,
  "bids_meta": {
    "EchoTime": 0.00802,
    "EchoTrainLength": 23,
    "FlipAngle": 80,
    "InstitutionName": "Univerity Medical Center Groningen",
    "InstitutionalDepartmentName": "Neuroimaging Center Groningen",
    "MagneticFieldStrength": 3,
    "Manufacturer": "Philips",
    "ManufacturersModelName": "Intera",
    "Modality": "MR",
    "PatientPosition": "HFS",
    "PhilipsRescaleIntercept": 0,
    "PhilipsRescaleSlope": 282.541,
    "PhilipsScaleSlope": 0.0011356,
    "ProtocolName": "WIPR-state_ME_descending-sso-DSSENSE4.2",
    "ReceiveCoilName": "SENSE-Head-32P",
    "ReconMatrixPE": 64,
    "RepetitionTime": 2.45,
    "SliceThickness": 3.5,
    "SliceTiming": [
      2.395555556,
      2.341111111,
      2.286666667,
      2.232222222,
      2.177777778,
      2.123333333,
      2.068888889,
      2.014444444,
      1.96,
      1.905555556,
      1.851111111,
      1.796666667,
      1.742222222,
      1.687777778,
      1.633333333,
      1.578888889,
      1.524444444,
      1.47,
      1.415555556,
      1.361111111,
      1.306666667,
      1.252222222,
      1.197777778,
      1.143333333,
      1.088888889,
      1.034444444,
      0.98,
      0.925555556,
      0.871111111,
      0.816666667,
      0.762222222,
      0.707777778,
      0.653333333,
      0.598888889,
      0.544444444,
      0.49,
      0.435555556,
      0.381111111,
      0.326666667,
      0.272222222,
      0.217777778,
      0.163333333,
      0.108888889,
      0.054444444,
      0
    ],
    "TaskName": "task-images",
    "UsePhilipsFloatNotDisplayScaling": 1,
    "dataset": "ds001491",
    "modality": "bold",
    "subject_id": "19",
    "task_id": "images"
  },
  "dummy_trs": 0,
  "dvars_nstd": 17.59512562728051,
  "dvars_std": 1.2540962554603858,
  "dvars_vstd": 0.8919122947965737,
  "efc": 0.506025688621698,
  "fber": 326566.0625,
  "fd_mean": 0.11875210982468247,
  "fd_num": 45,
  "fd_perc": 9.615384615384615,
  "fwhm_avg": 2.1976333333333335,
  "fwhm_x": 2.0637914285714287,
  "fwhm_y": 2.2795857142857145,
  "fwhm_z": 2.2495228571428574,
  "gcor": 0.0179554,
  "gsr_x": -0.005303562618792057,
  "gsr_y": 0.0599123053252697,
  "provenance": {
    "md5sum": "0f9e0e3d0d268c328bd8ca7529683a84",
    "settings": {
      "fd_thres": 0.2,
      "testing": false
    },
    "software": "mriqc",
    "version": "22.0.6",
    "webapi_port": null,
    "webapi_url": "https://mriqc.nimh.nih.gov/api/v1"
  },
  "size_t": 468,
  "size_x": 64,
  "size_y": 64,
  "size_z": 45,
  "snr": 6.595500386085503,
  "spacing_tr": 2.450000047683716,
  "spacing_x": 3.5,
  "spacing_y": 3.5,
  "spacing_z": 3.5,
  "summary_bg_k": 10.037113197657604,
  "summary_bg_mad": 2771.774381343575,
  "summary_bg_mean": 66371.1171875,
  "summary_bg_median": 1874.473876953125,
  "summary_bg_n": 116101.0,
  "summary_bg_p05": 3.2511215209960938,
  "summary_bg_p95": 419405.96875,
  "summary_bg_stdv": 147881.359375,
  "summary_fg_k": 0.5895680194304664,
  "summary_fg_mad": 161698.15770854033,
  "summary_fg_mean": 1086339.5,
  "summary_fg_median": 1077347.5,
  "summary_fg_n": 31438.0,
  "summary_fg_p05": 838093.353125,
  "summary_fg_p95": 1359419.9687499998,
  "summary_fg_stdv": 163343.234375,
  "tsnr": 64.8912353515625
}