{
  "aor": 0.0032592825112107617,
  "aqi": 0.005304671390134529,
  "bids_meta": {
    "EchoTime": 0.02203,
    "EchoTrainLength": 23,
    "FlipAngle": 80,
    "InstitutionName": "Univerity Medical Center Groningen",
    "InstitutionalDepartmentName": "Neuroimaging Center Groningen",
    "MagneticFieldStrength": 3,
    "Manufacturer": "Philips",
    "ManufacturersModelName": "Intera",
    "Modality": "MR",
    "PatientPosition": "HFS",
    "PhilipsRescaleIntercept": 0,
    "PhilipsRescaleSlope": 282.541,
    "PhilipsScaleSlope": 0.0011356,
    "ProtocolName": "WIPR-state_ME_descending-sso-DSSENSE4.2",
    "ReceiveCoilName": "SENSE-Head-32P",
    "ReconMatrixPE": 64,
    "RepetitionTime": 2.45,
    "SliceThickness": 3.5,
    "SliceTiming": [
      2.395555556,
      2.341111111,
      2.286666667,
      2.232222222,
      2.177777778,
      2.123333333,
      2.068888889,
      2.014444444,
      1.96,
      1.905555556,
      1.851111111,
      1.796666667,
      1.742222222,
      1.687777778,
      1.633333333,
      1.578888889,
      1.524444444,
      1.47,
      1.415555556,
      1.361111111,
      1.306666667,
      1.252222222,
      1.197777778,
      1.143333333,
      1.088888889,
      1.034444444,
      0.98,
      0.925555556,
      0.871111111,
      0.816666667,
      0.762222222,
      0.707777778,
      0.653333333,
      0.598888889,
      0.544444444,
      0.49,
      0.435555556,
      0.381111111,
      0.326666667,
      0.272222222,
      0.217777778,
      0.163333333,
      0.108888889,
      0.054444444,
      0
    ],
    "TaskName": "task-FlavorRun2",
    "UsePhilipsFloatNotDisplayScaling": 1,
    "dataset": "ds001491",
    "modality": "bold",
    "subject_id": "19",
    "task_id": "FlavorRun2"
  },
  "dummy_trs": 0,
  "dvars_nstd": 21.742927684234242,
  "dvars_std": 1.2803775604954961,
  "dvars_vstd": 1.0036071182882884,
  "efc": 0.4633670784152232,
  "fber": 21603.478515625,
  "fd_mean": 0.19700740210120196,
  "fd_num": 73,
  "fd_perc": 32.73542600896861,
  "fwhm_avg": 1.8576780952380954,
  "fwhm_x": 1.7356857142857145,
  "fwhm_y": 1.9732457142857143,
  "fwhm_z": 1.864102857142857,
  "gcor": 0.0246407,
  "gsr_x": -0.005400180350989103,
  "gsr_y": 0.020237576216459274,
  "provenance": {
    "md5sum": "57701a3efe6435a8655297e7b59a7f4b",
    "settings": {
      "fd_thres": 0.2,
      "testing": false
    },
    "software": "mriqc",
    "version": "22.0.6",
    "webapi_port": null,
    "webapi_url": "https://mriqc.nimh.nih.gov/api/v1"
  },
  "size_t": 223,
  "size_x": 64,
  "size_y": 64,
  "size_z": 45,
  "snr": 6.019547809348474,
  "spacing_tr": 2.450000047683716,
  "spacing_x": 3.5,
  "spacing_y": 3.5,
  "spacing_z": 3.5,
  "summary_bg_k": 33.22399444807648,
  "summary_bg_mad": 6357.60906616045,
  "summary_bg_mean": 28225.923828125,
  "summary_bg_median": 5342.599609375,
  "summary_bg_n": 119912.0,
  "summary_bg_p05": 475.49986419677737,
  "summary_bg_p95": 133372.89843749997,
  "summary_bg_stdv": 65612.765625,
  "summary_fg_k": 1.3392952701775798,
  "summary_fg_mad": 124786.55157551562,
  "summary_fg_mean": 782302.8125,
  "summary_fg_median": 769568.4375,
  "summary_fg_n": 28696.0,
  "summary_fg_p05": 599736.265625,
  "summary_fg_p95": 998276.40625,
  "summary_fg_stdv": 127842.6640625,
  "tsnr": 72.44465637207031
}