{
  "aor": 0.004392242152466367,
  "aqi": 0.0031984684304932737,
  "bids_meta": {
    "EchoTime": 0.00802,
    "EchoTrainLength": 23,
    "FlipAngle": 80,
    "InstitutionName": "Univerity Medical Center Groningen",
    "InstitutionalDepartmentName": "Neuroimaging Center Groningen",
    "MagneticFieldStrength": 3,
    "Manufacturer": "Philips",
    "ManufacturersModelName": "Intera",
    "Modality": "MR",
    "PatientPosition": "HFS",
    "PhilipsRescaleIntercept": 0,
    "PhilipsRescaleSlope": 282.541,
    "PhilipsScaleSlope": 0.0011356,
    "ProtocolName": "WIPR-state_ME_descending-sso-DSSENSE4.2",
    "ReceiveCoilName": "SENSE-Head-32P",
    "ReconMatrixPE": 64,
    "RepetitionTime": 2.45,
    "SliceThickness": 3.5,
    "SliceTiming": [
      2.395555556,
      2.341111111,
      2.286666667,
      2.232222222,
      2.177777778,
      2.123333333,
      2.068888889,
      2.014444444,
      1.96,
      1.905555556,
      1.851111111,
      1.796666667,
      1.742222222,
      1.687777778,
      1.633333333,
      1.578888889,
      1.524444444,
      1.47,
      1.415555556,
      1.361111111,
      1.306666667,
      1.252222222,
      1.197777778,
      1.143333333,
      1.088888889,
      1.034444444,
      0.98,
      0.925555556,
      0.871111111,
      0.816666667,
      0.762222222,
      0.707777778,
      0.653333333,
      0.598888889,
      0.544444444,
      0.49,
      0.435555556,
      0.381111111,
      0.326666667,
      0.272222222,
      0.217777778,
      0.163333333,
      0.108888889,
      0.054444444,
      0
    ],
    "TaskName": "task-FlavorRun2",
    "UsePhilipsFloatNotDisplayScaling": 1,
    "dataset": "ds001491",
    "modality": "bold",
    "subject_id": "19",
    "task_id": "FlavorRun2"
  },
  "dummy_trs": 0,
  "dvars_nstd": 17.100409641261262,
  "dvars_std": 1.3365747438738724,
  "dvars_vstd": 1.0144760456306312,
  "efc": 0.5166682502714744,
  "fber": 14499.46875,
  "fd_mean": 0.18651745414503668,
  "fd_num": 69,
  "fd_perc": 30.94170403587444,
  "fwhm_avg": 2.216834285714286,
  "fwhm_x": 2.096562857142857,
  "fwhm_y": 2.2717342857142855,
  "fwhm_z": 2.2822057142857144,
  "gcor": 0.00742094,
  "gsr_x": -0.006173598580062389,
  "gsr_y": 0.053798969835042953,
  "provenance": {
    "md5sum": "887f2c7e71f367ac09072ea3be94a42a",
    "settings": {
      "fd_thres": 0.2,
      "testing": false
    },
    "software": "mriqc",
    "version": "22.0.6",
    "webapi_port": null,
    "webapi_url": "https://mriqc.nimh.nih.gov/api/v1"
  },
  "size_t": 223,
  "size_x": 64,
  "size_y": 64,
  "size_z": 45,
  "snr": 6.643076143769055,
  "spacing_tr": 2.450000047683716,
  "spacing_x": 3.5,
  "spacing_y": 3.5,
  "spacing_z": 3.5,
  "summary_bg_k": 10.72783685788786,
  "summary_bg_mad": 10926.553752076574,
  "summary_bg_mean": 66296.1953125,
  "summary_bg_median": 8558.9482421875,
  "summary_bg_n": 115671.0,
  "summary_bg_p05": 537.5707397460938,
  "summary_bg_p95": 387579.5,
  "summary_bg_stdv": 138037.46875,
  "summary_fg_k": 0.47556978112226345,
  "summary_fg_mad": 150721.7121838341,
  "summary_fg_mean": 1020861.9375,
  "summary_fg_median": 1010686.5,
  "summary_fg_n": 31471.0,
  "summary_fg_p05": 790500.59375,
  "summary_fg_p95": 1277730.9375,
  "summary_fg_stdv": 152138.921875,
  "tsnr": 99.54989624023438
}