{
  "aor": 0.002882008547008547,
  "aqi": 0.020599582243589747,
  "bids_meta": {
    "EchoTime": 0.03603,
    "EchoTrainLength": 23,
    "FlipAngle": 80,
    "InstitutionName": "Univerity Medical Center Groningen",
    "InstitutionalDepartmentName": "Neuroimaging Center Groningen",
    "MagneticFieldStrength": 3,
    "Manufacturer": "Philips",
    "ManufacturersModelName": "Intera",
    "Modality": "MR",
    "PatientPosition": "HFS",
    "PhilipsRescaleIntercept": 0,
    "PhilipsRescaleSlope": 282.541,
    "PhilipsScaleSlope": 0.0011356,
    "ProtocolName": "WIPR-state_ME_descending-sso-DSSENSE4.2",
    "ReceiveCoilName": "SENSE-Head-32P",
    "ReconMatrixPE": 64,
    "RepetitionTime": 2.45,
    "SliceThickness": 3.5,
    "SliceTiming": [
      2.395555556,
      2.341111111,
      2.286666667,
      2.232222222,
      2.177777778,
      2.123333333,
      2.068888889,
      2.014444444,
      1.96,
      1.905555556,
      1.851111111,
      1.796666667,
      1.742222222,
      1.687777778,
      1.633333333,
      1.578888889,
      1.524444444,
      1.47,
      1.415555556,
      1.361111111,
      1.306666667,
      1.252222222,
      1.197777778,
      1.143333333,
      1.088888889,
      1.034444444,
      0.98,
      0.925555556,
      0.871111111,
      0.816666667,
      0.762222222,
      0.707777778,
      0.653333333,
      0.598888889,
      0.544444444,
      0.49,
      0.435555556,
      0.381111111,
      0.326666667,
      0.272222222,
      0.217777778,
      0.163333333,
      0.108888889,
      0.054444444,
      0
    ],
    "TaskName": "task-images",
    "UsePhilipsFloatNotDisplayScaling": 1,
    "dataset": "ds001491",
    "modality": "bold",
    "subject_id": "19",
    "task_id": "images"
  },
  "dummy_trs": 0,
  "dvars_nstd": 27.043545856017122,
  "dvars_std": 1.1416677162955031,
  "dvars_vstd": 0.8813472034903631,
  "efc": 0.4239186373928182,
  "fber": 646465.0625,
  "fd_mean": 0.13200186367398137,
  "fd_num": 52,
  "fd_perc": 11.11111111111111,
  "fwhm_avg": 1.7811219047619045,
  "fwhm_x": 1.6667771428571427,
  "fwhm_y": 1.9272057142857142,
  "fwhm_z": 1.7493828571428571,
  "gcor": 0.0177107,
  "gsr_x": -0.0036788703873753548,
  "gsr_y": 0.01877954602241516,
  "provenance": {
    "md5sum": "f851055fbc69d130de3e8d476563a680",
    "settings": {
      "fd_thres": 0.2,
      "testing": false
    },
    "software": "mriqc",
    "version": "22.0.6",
    "webapi_port": null,
    "webapi_url": "https://mriqc.nimh.nih.gov/api/v1"
  },
  "size_t": 468,
  "size_x": 64,
  "size_y": 64,
  "size_z": 45,
  "snr": 4.872287595906521,
  "spacing_tr": 2.450000047683716,
  "spacing_x": 3.5,
  "spacing_y": 3.5,
  "spacing_z": 3.5,
  "summary_bg_k": 86.67388957763097,
  "summary_bg_mad": 1158.3721531111248,
  "summary_bg_mean": 13572.6044921875,
  "summary_bg_median": 785.2847290039062,
  "summary_bg_n": 122370.0,
  "summary_bg_p05": 2.787535381317139,
  "summary_bg_p95": 63841.196874999994,
  "summary_bg_stdv": 36847.23828125,
  "summary_fg_k": 3.6086099899797546,
  "summary_fg_mad": 110978.98445193429,
  "summary_fg_mean": 635276.9375,
  "summary_fg_median": 619120.875,
  "summary_fg_n": 26460.0,
  "summary_fg_p05": 464754.453125,
  "summary_fg_p95": 847581.8218749999,
  "summary_fg_stdv": 127067.453125,
  "tsnr": 33.28068923950195
}