{
  "aor": 0.002772863247863248,
  "aqi": 0.013323100021367522,
  "bids_meta": {
    "EchoTime": 0.02203,
    "EchoTrainLength": 23,
    "FlipAngle": 80,
    "InstitutionName": "Univerity Medical Center Groningen",
    "InstitutionalDepartmentName": "Neuroimaging Center Groningen",
    "MagneticFieldStrength": 3,
    "Manufacturer": "Philips",
    "ManufacturersModelName": "Intera",
    "Modality": "MR",
    "PatientPosition": "HFS",
    "PhilipsRescaleIntercept": 0,
    "PhilipsRescaleSlope": 282.541,
    "PhilipsScaleSlope": 0.0011356,
    "ProtocolName": "WIPR-state_ME_descending-sso-DSSENSE4.2",
    "ReceiveCoilName": "SENSE-Head-32P",
    "ReconMatrixPE": 64,
    "RepetitionTime": 2.45,
    "SliceThickness": 3.5,
    "SliceTiming": [
      2.395555556,
      2.341111111,
      2.286666667,
      2.232222222,
      2.177777778,
      2.123333333,
      2.068888889,
      2.014444444,
      1.96,
      1.905555556,
      1.851111111,
      1.796666667,
      1.742222222,
      1.687777778,
      1.633333333,
      1.578888889,
      1.524444444,
      1.47,
      1.415555556,
      1.361111111,
      1.306666667,
      1.252222222,
      1.197777778,
      1.143333333,
      1.088888889,
      1.034444444,
      0.98,
      0.925555556,
      0.871111111,
      0.816666667,
      0.762222222,
      0.707777778,
      0.653333333,
      0.598888889,
      0.544444444,
      0.49,
      0.435555556,
      0.381111111,
      0.326666667,
      0.272222222,
      0.217777778,
      0.163333333,
      0.108888889,
      0.054444444,
      0
    ],
    "TaskName": "task-images",
    "UsePhilipsFloatNotDisplayScaling": 1,
    "dataset": "ds001491",
    "modality": "bold",
    "subject_id": "19",
    "task_id": "images"
  },
  "dummy_trs": 0,
  "dvars_nstd": 21.370267190021416,
  "dvars_std": 1.1862925275802996,
  "dvars_vstd": 0.8895768145824406,
  "efc": 0.4544337240795412,
  "fber": 541326.375,
  "fd_mean": 0.12491541168396798,
  "fd_num": 46,
  "fd_perc": 9.82905982905983,
  "fwhm_avg": 1.8322914285714287,
  "fwhm_x": 1.6978771428571429,
  "fwhm_y": 1.9485857142857144,
  "fwhm_z": 1.8504114285714286,
  "gcor": 0.0154887,
  "gsr_x": -0.0042946054600179195,
  "gsr_y": 0.021909061819314957,
  "provenance": {
    "md5sum": "e9e95df191e22c12ccc605dc6d9b0a0f",
    "settings": {
      "fd_thres": 0.2,
      "testing": false
    },
    "software": "mriqc",
    "version": "22.0.6",
    "webapi_port": null,
    "webapi_url": "https://mriqc.nimh.nih.gov/api/v1"
  },
  "size_t": 468,
  "size_x": 64,
  "size_y": 64,
  "size_z": 45,
  "snr": 6.110087772925107,
  "spacing_tr": 2.450000047683716,
  "spacing_x": 3.5,
  "spacing_y": 3.5,
  "spacing_z": 3.5,
  "summary_bg_k": 35.42686071192794,
  "summary_bg_mad": 1690.7051550736917,
  "summary_bg_mean": 27757.3828125,
  "summary_bg_median": 1144.327880859375,
  "summary_bg_n": 120345.0,
  "summary_bg_p05": 2.7965861797332767,
  "summary_bg_p95": 143767.8156249999,
  "summary_bg_stdv": 71031.0625,
  "summary_fg_k": 1.1909489100749964,
  "summary_fg_mad": 130498.55461022443,
  "summary_fg_mean": 832838.1875,
  "summary_fg_median": 819014.625,
  "summary_fg_n": 28719.0,
  "summary_fg_p05": 639866.26875,
  "summary_fg_p95": 1057732.1875,
  "summary_fg_stdv": 134040.6875,
  "tsnr": 47.16956329345703
}