{
  "aor": 0.0015488839285714285,
  "aqi": 0.0038374279910714285,
  "bids_meta": {
    "EchoTime": 0.02203,
    "EchoTrainLength": 23,
    "FlipAngle": 80,
    "InstitutionName": "Univerity Medical Center Groningen",
    "InstitutionalDepartmentName": "Neuroimaging Center Groningen",
    "MagneticFieldStrength": 3,
    "Manufacturer": "Philips",
    "ManufacturersModelName": "Intera",
    "Modality": "MR",
    "PatientPosition": "HFS",
    "PhilipsRescaleIntercept": 0,
    "PhilipsRescaleSlope": 282.541,
    "PhilipsScaleSlope": 0.0011356,
    "ProtocolName": "WIPR-state_ME_descending-sso-DSSENSE4.2",
    "ReceiveCoilName": "SENSE-Head-32P",
    "ReconMatrixPE": 64,
    "RepetitionTime": 2.45,
    "SliceThickness": 3.5,
    "SliceTiming": [
      2.395555556,
      2.341111111,
      2.286666667,
      2.232222222,
      2.177777778,
      2.123333333,
      2.068888889,
      2.014444444,
      1.96,
      1.905555556,
      1.851111111,
      1.796666667,
      1.742222222,
      1.687777778,
      1.633333333,
      1.578888889,
      1.524444444,
      1.47,
      1.415555556,
      1.361111111,
      1.306666667,
      1.252222222,
      1.197777778,
      1.143333333,
      1.088888889,
      1.034444444,
      0.98,
      0.925555556,
      0.871111111,
      0.816666667,
      0.762222222,
      0.707777778,
      0.653333333,
      0.598888889,
      0.544444444,
      0.49,
      0.435555556,
      0.381111111,
      0.326666667,
      0.272222222,
      0.217777778,
      0.163333333,
      0.108888889,
      0.054444444,
      0
    ],
    "TaskName": "task-FlavorRun3",
    "UsePhilipsFloatNotDisplayScaling": 1,
    "dataset": "ds001491",
    "modality": "bold",
    "subject_id": "19",
    "task_id": "FlavorRun3"
  },
  "dummy_trs": 0,
  "dvars_nstd": 21.239369430717485,
  "dvars_std": 1.3491709680717487,
  "dvars_vstd": 0.9999948608071754,
  "efc": 0.4600699995897226,
  "fber": 35295.44140625,
  "fd_mean": 0.12751600870097451,
  "fd_num": 43,
  "fd_perc": 19.196428571428573,
  "fwhm_avg": 1.8560066666666668,
  "fwhm_x": 1.7300371428571428,
  "fwhm_y": 1.9641714285714287,
  "fwhm_z": 1.8738114285714287,
  "gcor": 0.0298317,
  "gsr_x": -0.004635037388652563,
  "gsr_y": 0.020685913041234016,
  "provenance": {
    "md5sum": "53537e6eb33175265f23cda78cd8e1a6",
    "settings": {
      "fd_thres": 0.2,
      "testing": false
    },
    "software": "mriqc",
    "version": "22.0.6",
    "webapi_port": null,
    "webapi_url": "https://mriqc.nimh.nih.gov/api/v1"
  },
  "size_t": 224,
  "size_x": 64,
  "size_y": 64,
  "size_z": 45,
  "snr": 6.006324917026368,
  "spacing_tr": 2.450000047683716,
  "spacing_x": 3.5,
  "spacing_y": 3.5,
  "spacing_z": 3.5,
  "summary_bg_k": 32.96912926603704,
  "summary_bg_mad": 5284.812479847143,
  "summary_bg_mean": 27262.908203125,
  "summary_bg_median": 4222.4853515625,
  "summary_bg_n": 120074.0,
  "summary_bg_p05": 242.99625549316409,
  "summary_bg_p95": 132662.58593749977,
  "summary_bg_stdv": 65047.23828125,
  "summary_fg_k": 1.3649175541779437,
  "summary_fg_mad": 125989.49795055561,
  "summary_fg_mean": 783577.625,
  "summary_fg_median": 771313.75,
  "summary_fg_n": 28653.0,
  "summary_fg_p05": 600406.3875,
  "summary_fg_p95": 998159.0374999999,
  "summary_fg_stdv": 128414.6796875,
  "tsnr": 85.93537139892578
}