{
  "aor": 0.003583612334801762,
  "aqi": 0.004452236519823789,
  "bids_meta": {
    "EchoTime": 0.00802,
    "EchoTrainLength": 23,
    "FlipAngle": 80,
    "InstitutionName": "Univerity Medical Center Groningen",
    "InstitutionalDepartmentName": "Neuroimaging Center Groningen",
    "MagneticFieldStrength": 3,
    "Manufacturer": "Philips",
    "ManufacturersModelName": "Intera",
    "Modality": "MR",
    "PatientPosition": "HFS",
    "PhilipsRescaleIntercept": 0,
    "PhilipsRescaleSlope": 282.541,
    "PhilipsScaleSlope": 0.0011356,
    "ProtocolName": "WIPR-state_ME_descending-sso-DSSENSE4.2",
    "ReceiveCoilName": "SENSE-Head-32P",
    "ReconMatrixPE": 64,
    "RepetitionTime": 2.45,
    "SliceThickness": 3.5,
    "SliceTiming": [
      2.395555556,
      2.341111111,
      2.286666667,
      2.232222222,
      2.177777778,
      2.123333333,
      2.068888889,
      2.014444444,
      1.96,
      1.905555556,
      1.851111111,
      1.796666667,
      1.742222222,
      1.687777778,
      1.633333333,
      1.578888889,
      1.524444444,
      1.47,
      1.415555556,
      1.361111111,
      1.306666667,
      1.252222222,
      1.197777778,
      1.143333333,
      1.088888889,
      1.034444444,
      0.98,
      0.925555556,
      0.871111111,
      0.816666667,
      0.762222222,
      0.707777778,
      0.653333333,
      0.598888889,
      0.544444444,
      0.49,
      0.435555556,
      0.381111111,
      0.326666667,
      0.272222222,
      0.217777778,
      0.163333333,
      0.108888889,
      0.054444444,
      0
    ],
    "TaskName": "task-FlavorRun1",
    "UsePhilipsFloatNotDisplayScaling": 1,
    "dataset": "ds001491",
    "modality": "bold",
    "subject_id": "19",
    "task_id": "FlavorRun1"
  },
  "dummy_trs": 0,
  "dvars_nstd": 18.120807208539823,
  "dvars_std": 1.3003715580088493,
  "dvars_vstd": 0.9837853058849566,
  "efc": 0.514769792874718,
  "fber": 21825.47265625,
  "fd_mean": 0.2055620386418537,
  "fd_num": 80,
  "fd_perc": 35.242290748898675,
  "fwhm_avg": 2.207629523809524,
  "fwhm_x": 2.0793114285714287,
  "fwhm_y": 2.3017685714285716,
  "fwhm_z": 2.2418085714285714,
  "gcor": 0.00702502,
  "gsr_x": -0.007514480035752058,
  "gsr_y": 0.05005757883191109,
  "provenance": {
    "md5sum": "93a6c393f5961b9f3d092034db01aaf7",
    "settings": {
      "fd_thres": 0.2,
      "testing": false
    },
    "software": "mriqc",
    "version": "22.0.6",
    "webapi_port": null,
    "webapi_url": "https://mriqc.nimh.nih.gov/api/v1"
  },
  "size_t": 227,
  "size_x": 64,
  "size_y": 64,
  "size_z": 45,
  "snr": 6.580773422839204,
  "spacing_tr": 2.450000047683716,
  "spacing_x": 3.5,
  "spacing_y": 3.5,
  "spacing_z": 3.5,
  "summary_bg_k": 10.473677393655255,
  "summary_bg_mad": 9281.271593488058,
  "summary_bg_mean": 64667.265625,
  "summary_bg_median": 6897.02490234375,
  "summary_bg_n": 115561.0,
  "summary_bg_p05": 226.2950439453125,
  "summary_bg_p95": 384340.28125,
  "summary_bg_stdv": 136450.859375,
  "summary_fg_k": 0.43959086779840195,
  "summary_fg_mad": 150987.56129413992,
  "summary_fg_mean": 1017902.0,
  "summary_fg_median": 1006434.9375,
  "summary_fg_n": 31504.0,
  "summary_fg_p05": 787313.234375,
  "summary_fg_p95": 1280284.5125,
  "summary_fg_stdv": 152933.234375,
  "tsnr": 85.24481201171875
}