{
  "aor": 0.003209684684684685,
  "aqi": 0.007781847477477478,
  "bids_meta": {
    "EchoTime": 0.03603,
    "EchoTrainLength": 23,
    "FlipAngle": 80,
    "InstitutionName": "Univerity Medical Center Groningen",
    "InstitutionalDepartmentName": "Neuroimaging Center Groningen",
    "MagneticFieldStrength": 3,
    "Manufacturer": "Philips",
    "ManufacturersModelName": "Intera",
    "Modality": "MR",
    "PatientPosition": "HFS",
    "PhilipsRescaleIntercept": 0,
    "PhilipsRescaleSlope": 282.541,
    "PhilipsScaleSlope": 0.0011356,
    "ProtocolName": "WIPR-state_ME_descending-sso-DSSENSE4.2",
    "ReceiveCoilName": "SENSE-Head-32P",
    "ReconMatrixPE": 64,
    "RepetitionTime": 2.45,
    "SliceThickness": 3.5,
    "SliceTiming": [
      2.395555556,
      2.341111111,
      2.286666667,
      2.232222222,
      2.177777778,
      2.123333333,
      2.068888889,
      2.014444444,
      1.96,
      1.905555556,
      1.851111111,
      1.796666667,
      1.742222222,
      1.687777778,
      1.633333333,
      1.578888889,
      1.524444444,
      1.47,
      1.415555556,
      1.361111111,
      1.306666667,
      1.252222222,
      1.197777778,
      1.143333333,
      1.088888889,
      1.034444444,
      0.98,
      0.925555556,
      0.871111111,
      0.816666667,
      0.762222222,
      0.707777778,
      0.653333333,
      0.598888889,
      0.544444444,
      0.49,
      0.435555556,
      0.381111111,
      0.326666667,
      0.272222222,
      0.217777778,
      0.163333333,
      0.108888889,
      0.054444444,
      0
    ],
    "TaskName": "task-FlavorRun4",
    "UsePhilipsFloatNotDisplayScaling": 1,
    "dataset": "ds001491",
    "modality": "bold",
    "subject_id": "19",
    "task_id": "FlavorRun4"
  },
  "dummy_trs": 0,
  "dvars_nstd": 28.105313357511324,
  "dvars_std": 1.3037892275565603,
  "dvars_vstd": 1.0099228061990957,
  "efc": 0.4219216855292488,
  "fber": 351745.0625,
  "fd_mean": 0.1754211532537105,
  "fd_num": 54,
  "fd_perc": 24.324324324324323,
  "fwhm_avg": 1.752358095238095,
  "fwhm_x": 1.6370114285714286,
  "fwhm_y": 1.9012371428571428,
  "fwhm_z": 1.7188257142857142,
  "gcor": 0.0299553,
  "gsr_x": -0.002971481764689088,
  "gsr_y": 0.017984384670853615,
  "provenance": {
    "md5sum": "04a7db5ec22ae4a236d4295f36724457",
    "settings": {
      "fd_thres": 0.2,
      "testing": false
    },
    "software": "mriqc",
    "version": "22.0.6",
    "webapi_port": null,
    "webapi_url": "https://mriqc.nimh.nih.gov/api/v1"
  },
  "size_t": 222,
  "size_x": 64,
  "size_y": 64,
  "size_z": 45,
  "snr": 4.757762314783952,
  "spacing_tr": 2.450000047683716,
  "spacing_x": 3.5,
  "spacing_y": 3.5,
  "spacing_z": 3.5,
  "summary_bg_k": 57.4068409496973,
  "summary_bg_mad": 1497.5718807886365,
  "summary_bg_mean": 12396.8330078125,
  "summary_bg_median": 1024.845458984375,
  "summary_bg_n": 122629.0,
  "summary_bg_p05": 6.100515079498291,
  "summary_bg_p95": 58165.5812499999,
  "summary_bg_stdv": 33220.2421875,
  "summary_fg_k": 4.256164548259527,
  "summary_fg_mad": 105660.8902941547,
  "summary_fg_mean": 597219.5625,
  "summary_fg_median": 581190.5625,
  "summary_fg_n": 26209.0,
  "summary_fg_p05": 438465.43125,
  "summary_fg_p95": 798968.2499999999,
  "summary_fg_stdv": 122153.953125,
  "tsnr": 53.50544738769531
}