{
  "aor": 0.0034053153153153146,
  "aqi": 0.005364400765765765,
  "bids_meta": {
    "EchoTime": 0.02203,
    "EchoTrainLength": 23,
    "FlipAngle": 80,
    "InstitutionName": "Univerity Medical Center Groningen",
    "InstitutionalDepartmentName": "Neuroimaging Center Groningen",
    "MagneticFieldStrength": 3,
    "Manufacturer": "Philips",
    "ManufacturersModelName": "Intera",
    "Modality": "MR",
    "PatientPosition": "HFS",
    "PhilipsRescaleIntercept": 0,
    "PhilipsRescaleSlope": 282.541,
    "PhilipsScaleSlope": 0.0011356,
    "ProtocolName": "WIPR-state_ME_descending-sso-DSSENSE4.2",
    "ReceiveCoilName": "SENSE-Head-32P",
    "ReconMatrixPE": 64,
    "RepetitionTime": 2.45,
    "SliceThickness": 3.5,
    "SliceTiming": [
      2.395555556,
      2.341111111,
      2.286666667,
      2.232222222,
      2.177777778,
      2.123333333,
      2.068888889,
      2.014444444,
      1.96,
      1.905555556,
      1.851111111,
      1.796666667,
      1.742222222,
      1.687777778,
      1.633333333,
      1.578888889,
      1.524444444,
      1.47,
      1.415555556,
      1.361111111,
      1.306666667,
      1.252222222,
      1.197777778,
      1.143333333,
      1.088888889,
      1.034444444,
      0.98,
      0.925555556,
      0.871111111,
      0.816666667,
      0.762222222,
      0.707777778,
      0.653333333,
      0.598888889,
      0.544444444,
      0.49,
      0.435555556,
      0.381111111,
      0.326666667,
      0.272222222,
      0.217777778,
      0.163333333,
      0.108888889,
      0.054444444,
      0
    ],
    "TaskName": "task-FlavorRun4",
    "UsePhilipsFloatNotDisplayScaling": 1,
    "dataset": "ds001491",
    "modality": "bold",
    "subject_id": "19",
    "task_id": "FlavorRun4"
  },
  "dummy_trs": 0,
  "dvars_nstd": 21.78976914235295,
  "dvars_std": 1.3389307299547513,
  "dvars_vstd": 1.0121140504977384,
  "efc": 0.4523692331530143,
  "fber": 385652.8125,
  "fd_mean": 0.16775584524143197,
  "fd_num": 52,
  "fd_perc": 23.423423423423422,
  "fwhm_avg": 1.8362657142857142,
  "fwhm_x": 1.70094,
  "fwhm_y": 1.9447571428571429,
  "fwhm_z": 1.8631,
  "gcor": 0.0242332,
  "gsr_x": -0.0035489744041115046,
  "gsr_y": 0.017513642087578773,
  "provenance": {
    "md5sum": "67460d8979e880784b2154fb1f928fe1",
    "settings": {
      "fd_thres": 0.2,
      "testing": false
    },
    "software": "mriqc",
    "version": "22.0.6",
    "webapi_port": null,
    "webapi_url": "https://mriqc.nimh.nih.gov/api/v1"
  },
  "size_t": 222,
  "size_x": 64,
  "size_y": 64,
  "size_z": 45,
  "snr": 6.03668933885991,
  "spacing_tr": 2.450000047683716,
  "spacing_x": 3.5,
  "spacing_y": 3.5,
  "spacing_z": 3.5,
  "summary_bg_k": 31.926424552505665,
  "summary_bg_mad": 1926.145202415723,
  "summary_bg_mean": 25261.005859375,
  "summary_bg_median": 1314.518310546875,
  "summary_bg_n": 120466.0,
  "summary_bg_p05": 6.696072936058044,
  "summary_bg_p95": 131865.42578125,
  "summary_bg_stdv": 65440.03515625,
  "summary_fg_k": 1.3202303767993788,
  "summary_fg_mad": 125597.44232639953,
  "summary_fg_mean": 783404.0625,
  "summary_fg_median": 771695.0625,
  "summary_fg_n": 28561.0,
  "summary_fg_p05": 600545.3125,
  "summary_fg_p95": 997965.9375,
  "summary_fg_stdv": 127831.9140625,
  "tsnr": 72.88096618652344
}