{
  "aor": 0.0022347577092511014,
  "aqi": 0.01091458731277533,
  "bids_meta": {
    "EchoTime": 0.03603,
    "EchoTrainLength": 23,
    "FlipAngle": 80,
    "InstitutionName": "Univerity Medical Center Groningen",
    "InstitutionalDepartmentName": "Neuroimaging Center Groningen",
    "MagneticFieldStrength": 3,
    "Manufacturer": "Philips",
    "ManufacturersModelName": "Intera",
    "Modality": "MR",
    "PatientPosition": "HFS",
    "PhilipsRescaleIntercept": 0,
    "PhilipsRescaleSlope": 282.541,
    "PhilipsScaleSlope": 0.0011356,
    "ProtocolName": "WIPR-state_ME_descending-sso-DSSENSE4.2",
    "ReceiveCoilName": "SENSE-Head-32P",
    "ReconMatrixPE": 64,
    "RepetitionTime": 2.45,
    "SliceThickness": 3.5,
    "SliceTiming": [
      2.395555556,
      2.341111111,
      2.286666667,
      2.232222222,
      2.177777778,
      2.123333333,
      2.068888889,
      2.014444444,
      1.96,
      1.905555556,
      1.851111111,
      1.796666667,
      1.742222222,
      1.687777778,
      1.633333333,
      1.578888889,
      1.524444444,
      1.47,
      1.415555556,
      1.361111111,
      1.306666667,
      1.252222222,
      1.197777778,
      1.143333333,
      1.088888889,
      1.034444444,
      0.98,
      0.925555556,
      0.871111111,
      0.816666667,
      0.762222222,
      0.707777778,
      0.653333333,
      0.598888889,
      0.544444444,
      0.49,
      0.435555556,
      0.381111111,
      0.326666667,
      0.272222222,
      0.217777778,
      0.163333333,
      0.108888889,
      0.054444444,
      0
    ],
    "TaskName": "task-FlavorRun1",
    "UsePhilipsFloatNotDisplayScaling": 1,
    "dataset": "ds001491",
    "modality": "bold",
    "subject_id": "19",
    "task_id": "FlavorRun1"
  },
  "dummy_trs": 0,
  "dvars_nstd": 29.41710663690264,
  "dvars_std": 1.2072113190707963,
  "dvars_vstd": 0.96028994420354,
  "efc": 0.43097989332714803,
  "fber": 32463.892578125,
  "fd_mean": 0.22080573031800474,
  "fd_num": 75,
  "fd_perc": 33.03964757709251,
  "fwhm_avg": 1.7629523809523808,
  "fwhm_x": 1.6467571428571428,
  "fwhm_y": 1.9256485714285714,
  "fwhm_z": 1.7164514285714285,
  "gcor": 0.0324237,
  "gsr_x": -0.0050291758961975574,
  "gsr_y": 0.019745875149965286,
  "provenance": {
    "md5sum": "a627d00824083f33e1324bf0c1d2ff5a",
    "settings": {
      "fd_thres": 0.2,
      "testing": false
    },
    "software": "mriqc",
    "version": "22.0.6",
    "webapi_port": null,
    "webapi_url": "https://mriqc.nimh.nih.gov/api/v1"
  },
  "size_t": 227,
  "size_x": 64,
  "size_y": 64,
  "size_z": 45,
  "snr": 4.800115288434657,
  "spacing_tr": 2.450000047683716,
  "spacing_x": 3.5,
  "spacing_y": 3.5,
  "spacing_z": 3.5,
  "summary_bg_k": 52.54965838073668,
  "summary_bg_mad": 4018.472417473062,
  "summary_bg_mean": 14197.5625,
  "summary_bg_median": 3241.55029296875,
  "summary_bg_n": 122245.0,
  "summary_bg_p05": 147.1431396484375,
  "summary_bg_p95": 61713.84218749961,
  "summary_bg_stdv": 34469.98828125,
  "summary_fg_k": 4.000018556606067,
  "summary_fg_mad": 107612.24963596438,
  "summary_fg_mean": 591847.625,
  "summary_fg_median": 577182.625,
  "summary_fg_n": 26446.0,
  "summary_fg_p05": 433951.7734375,
  "summary_fg_p95": 791052.28125,
  "summary_fg_stdv": 120241.21875,
  "tsnr": 44.41640853881836
}