{
  "aor": 0.0030294796380090495,
  "aqi": 0.007592968257918551,
  "bids_meta": {
    "EchoTime": 0.03603,
    "EchoTrainLength": 23,
    "FlipAngle": 80,
    "InstitutionName": "Univerity Medical Center Groningen",
    "InstitutionalDepartmentName": "Neuroimaging Center Groningen",
    "MagneticFieldStrength": 3,
    "Manufacturer": "Philips",
    "ManufacturersModelName": "Intera",
    "Modality": "MR",
    "PatientPosition": "HFS",
    "PhilipsRescaleIntercept": 0,
    "PhilipsRescaleSlope": 282.541,
    "PhilipsScaleSlope": 0.0011356,
    "ProtocolName": "WIPR-state_ME_descending-sso-DSSENSE4.2",
    "ReceiveCoilName": "SENSE-Head-32P",
    "ReconMatrixPE": 64,
    "RepetitionTime": 2.45,
    "SliceThickness": 3.5,
    "SliceTiming": [
      2.395555556,
      2.341111111,
      2.286666667,
      2.232222222,
      2.177777778,
      2.123333333,
      2.068888889,
      2.014444444,
      1.96,
      1.905555556,
      1.851111111,
      1.796666667,
      1.742222222,
      1.687777778,
      1.633333333,
      1.578888889,
      1.524444444,
      1.47,
      1.415555556,
      1.361111111,
      1.306666667,
      1.252222222,
      1.197777778,
      1.143333333,
      1.088888889,
      1.034444444,
      0.98,
      0.925555556,
      0.871111111,
      0.816666667,
      0.762222222,
      0.707777778,
      0.653333333,
      0.598888889,
      0.544444444,
      0.49,
      0.435555556,
      0.381111111,
      0.326666667,
      0.272222222,
      0.217777778,
      0.163333333,
      0.108888889,
      0.054444444,
      0
    ],
    "TaskName": "task-images",
    "UsePhilipsFloatNotDisplayScaling": 1,
    "dataset": "ds001491",
    "modality": "bold",
    "subject_id": "15",
    "task_id": "images"
  },
  "dummy_trs": 0,
  "dvars_nstd": 18.456175620498865,
  "dvars_std": 1.1211982664172329,
  "dvars_vstd": 0.9876635369387764,
  "efc": 0.4085297680937061,
  "fber": 69908.8359375,
  "fd_mean": 0.07953183681181451,
  "fd_num": 5,
  "fd_perc": 1.1312217194570136,
  "fwhm_avg": 1.799635238095238,
  "fwhm_x": 1.646594285714286,
  "fwhm_y": 2.073642857142857,
  "fwhm_z": 1.6786685714285714,
  "gcor": 0.0296939,
  "gsr_x": -0.012020770460367203,
  "gsr_y": 0.03637278079986572,
  "provenance": {
    "md5sum": "d11cd1bbec703d4e08aecd51b55c1f6b",
    "settings": {
      "fd_thres": 0.2,
      "testing": false
    },
    "software": "mriqc",
    "version": "22.0.6",
    "webapi_port": null,
    "webapi_url": "https://mriqc.nimh.nih.gov/api/v1"
  },
  "size_t": 442,
  "size_x": 64,
  "size_y": 64,
  "size_z": 45,
  "snr": 4.631380851272191,
  "spacing_tr": 2.450000047683716,
  "spacing_x": 3.5,
  "spacing_y": 3.5,
  "spacing_z": 3.5,
  "summary_bg_k": 185.77871556824616,
  "summary_bg_mad": 3319.073495943877,
  "summary_bg_mean": 14929.9130859375,
  "summary_bg_median": 2430.088134765625,
  "summary_bg_n": 126640.0,
  "summary_bg_p05": 73.17922592163087,
  "summary_bg_p95": 69749.85624999997,
  "summary_bg_stdv": 38649.9140625,
  "summary_fg_k": 3.5578714571053016,
  "summary_fg_mad": 120287.59514346038,
  "summary_fg_mean": 629987.0625,
  "summary_fg_median": 617277.5,
  "summary_fg_n": 23109.0,
  "summary_fg_p05": 451523.03125,
  "summary_fg_p95": 842074.6,
  "summary_fg_stdv": 133278.640625,
  "tsnr": 50.71518325805664
}