{
  "aor": 0.003948597285067874,
  "aqi": 0.012624962488687783,
  "bids_meta": {
    "EchoTime": 0.03603,
    "EchoTrainLength": 23,
    "FlipAngle": 80,
    "InstitutionName": "Univerity Medical Center Groningen",
    "InstitutionalDepartmentName": "Neuroimaging Center Groningen",
    "MagneticFieldStrength": 3,
    "Manufacturer": "Philips",
    "ManufacturersModelName": "Intera",
    "Modality": "MR",
    "PatientPosition": "HFS",
    "PhilipsRescaleIntercept": 0,
    "PhilipsRescaleSlope": 282.541,
    "PhilipsScaleSlope": 0.0011356,
    "ProtocolName": "WIPR-state_ME_descending-sso-DSSENSE4.2",
    "ReceiveCoilName": "SENSE-Head-32P",
    "ReconMatrixPE": 64,
    "RepetitionTime": 2.45,
    "SliceThickness": 3.5,
    "SliceTiming": [
      2.395555556,
      2.341111111,
      2.286666667,
      2.232222222,
      2.177777778,
      2.123333333,
      2.068888889,
      2.014444444,
      1.96,
      1.905555556,
      1.851111111,
      1.796666667,
      1.742222222,
      1.687777778,
      1.633333333,
      1.578888889,
      1.524444444,
      1.47,
      1.415555556,
      1.361111111,
      1.306666667,
      1.252222222,
      1.197777778,
      1.143333333,
      1.088888889,
      1.034444444,
      0.98,
      0.925555556,
      0.871111111,
      0.816666667,
      0.762222222,
      0.707777778,
      0.653333333,
      0.598888889,
      0.544444444,
      0.49,
      0.435555556,
      0.381111111,
      0.326666667,
      0.272222222,
      0.217777778,
      0.163333333,
      0.108888889,
      0.054444444,
      0
    ],
    "TaskName": "task-FlavorRun2",
    "UsePhilipsFloatNotDisplayScaling": 1,
    "dataset": "ds001491",
    "modality": "bold",
    "subject_id": "15",
    "task_id": "FlavorRun2"
  },
  "dummy_trs": 0,
  "dvars_nstd": 26.620403211590894,
  "dvars_std": 1.0914402180454545,
  "dvars_vstd": 0.9601414393636363,
  "efc": 0.4049600472036418,
  "fber": 107650.8828125,
  "fd_mean": 0.2816401865811465,
  "fd_num": 123,
  "fd_perc": 55.65610859728507,
  "fwhm_avg": 1.8301514285714287,
  "fwhm_x": 1.6844685714285714,
  "fwhm_y": 2.0982057142857142,
  "fwhm_z": 1.7077799999999999,
  "gcor": 0.0186862,
  "gsr_x": -0.01119371596723795,
  "gsr_y": 0.03281015530228615,
  "provenance": {
    "md5sum": "9ead653aed19d26c625b99c11fda648d",
    "settings": {
      "fd_thres": 0.2,
      "testing": false
    },
    "software": "mriqc",
    "version": "22.0.6",
    "webapi_port": null,
    "webapi_url": "https://mriqc.nimh.nih.gov/api/v1"
  },
  "size_t": 221,
  "size_x": 64,
  "size_y": 64,
  "size_z": 45,
  "snr": 4.572052733678367,
  "spacing_tr": 2.450000047683716,
  "spacing_x": 3.5,
  "spacing_y": 3.5,
  "spacing_z": 3.5,
  "summary_bg_k": 174.39568329027705,
  "summary_bg_mad": 2297.4074229276025,
  "summary_bg_mean": 12386.083984375,
  "summary_bg_median": 1693.8082275390625,
  "summary_bg_n": 126829.0,
  "summary_bg_p05": 67.5853240966797,
  "summary_bg_p95": 58964.86328124997,
  "summary_bg_stdv": 33240.25390625,
  "summary_fg_k": 3.149668666330207,
  "summary_fg_mad": 106073.44752711355,
  "summary_fg_mean": 539584.75,
  "summary_fg_median": 528538.0,
  "summary_fg_n": 23000.0,
  "summary_fg_p05": 383725.1734375,
  "summary_fg_p95": 726205.64375,
  "summary_fg_stdv": 115599.390625,
  "tsnr": 43.14436340332031
}