{
  "aor": 0.002713506787330317,
  "aqi": 0.0026048758325791853,
  "bids_meta": {
    "EchoTime": 0.00802,
    "EchoTrainLength": 23,
    "FlipAngle": 80,
    "InstitutionName": "Univerity Medical Center Groningen",
    "InstitutionalDepartmentName": "Neuroimaging Center Groningen",
    "MagneticFieldStrength": 3,
    "Manufacturer": "Philips",
    "ManufacturersModelName": "Intera",
    "Modality": "MR",
    "PatientPosition": "HFS",
    "PhilipsRescaleIntercept": 0,
    "PhilipsRescaleSlope": 282.541,
    "PhilipsScaleSlope": 0.0011356,
    "ProtocolName": "WIPR-state_ME_descending-sso-DSSENSE4.2",
    "ReceiveCoilName": "SENSE-Head-32P",
    "ReconMatrixPE": 64,
    "RepetitionTime": 2.45,
    "SliceThickness": 3.5,
    "SliceTiming": [
      2.395555556,
      2.341111111,
      2.286666667,
      2.232222222,
      2.177777778,
      2.123333333,
      2.068888889,
      2.014444444,
      1.96,
      1.905555556,
      1.851111111,
      1.796666667,
      1.742222222,
      1.687777778,
      1.633333333,
      1.578888889,
      1.524444444,
      1.47,
      1.415555556,
      1.361111111,
      1.306666667,
      1.252222222,
      1.197777778,
      1.143333333,
      1.088888889,
      1.034444444,
      0.98,
      0.925555556,
      0.871111111,
      0.816666667,
      0.762222222,
      0.707777778,
      0.653333333,
      0.598888889,
      0.544444444,
      0.49,
      0.435555556,
      0.381111111,
      0.326666667,
      0.272222222,
      0.217777778,
      0.163333333,
      0.108888889,
      0.054444444,
      0
    ],
    "TaskName": "task-images",
    "UsePhilipsFloatNotDisplayScaling": 1,
    "dataset": "ds001491",
    "modality": "bold",
    "subject_id": "15",
    "task_id": "images"
  },
  "dummy_trs": 0,
  "dvars_nstd": 12.237293851088431,
  "dvars_std": 1.201059023129252,
  "dvars_vstd": 0.9987220858049897,
  "efc": 0.5022549921172083,
  "fber": 53608.39453125,
  "fd_mean": 0.07557058482418595,
  "fd_num": 2,
  "fd_perc": 0.45248868778280543,
  "fwhm_avg": 2.233761904761905,
  "fwhm_x": 2.002757142857143,
  "fwhm_y": 2.36076,
  "fwhm_z": 2.3377685714285716,
  "gcor": 0.0335826,
  "gsr_x": -0.02394942380487919,
  "gsr_y": 0.07799482345581055,
  "provenance": {
    "md5sum": "3b190f2bda87dfb2a75195f6e9374f89",
    "settings": {
      "fd_thres": 0.2,
      "testing": false
    },
    "software": "mriqc",
    "version": "22.0.6",
    "webapi_port": null,
    "webapi_url": "https://mriqc.nimh.nih.gov/api/v1"
  },
  "size_t": 442,
  "size_x": 64,
  "size_y": 64,
  "size_z": 45,
  "snr": 6.357034335263994,
  "spacing_tr": 2.450000047683716,
  "spacing_x": 3.5,
  "spacing_y": 3.5,
  "spacing_z": 3.5,
  "summary_bg_k": 8.15010481342395,
  "summary_bg_mad": 6747.6285668306045,
  "summary_bg_mean": 75149.90625,
  "summary_bg_median": 4748.859375,
  "summary_bg_n": 118688.0,
  "summary_bg_p05": 85.97624549865724,
  "summary_bg_p95": 486160.5078125,
  "summary_bg_stdv": 163106.28125,
  "summary_fg_k": 0.7530411870981859,
  "summary_fg_mad": 165126.67533883455,
  "summary_fg_mean": 1079760.375,
  "summary_fg_median": 1069710.25,
  "summary_fg_n": 28545.0,
  "summary_fg_p05": 826367.075,
  "summary_fg_p95": 1361601.8,
  "summary_fg_stdv": 168268.953125,
  "tsnr": 93.03211975097656
}