{
  "aor": 0.0031364864864864865,
  "aqi": 0.0034077955855855856,
  "bids_meta": {
    "EchoTime": 0.00802,
    "EchoTrainLength": 23,
    "FlipAngle": 80,
    "InstitutionName": "Univerity Medical Center Groningen",
    "InstitutionalDepartmentName": "Neuroimaging Center Groningen",
    "MagneticFieldStrength": 3,
    "Manufacturer": "Philips",
    "ManufacturersModelName": "Intera",
    "Modality": "MR",
    "PatientPosition": "HFS",
    "PhilipsRescaleIntercept": 0,
    "PhilipsRescaleSlope": 282.541,
    "PhilipsScaleSlope": 0.0011356,
    "ProtocolName": "WIPR-state_ME_descending-sso-DSSENSE4.2",
    "ReceiveCoilName": "SENSE-Head-32P",
    "ReconMatrixPE": 64,
    "RepetitionTime": 2.45,
    "SliceThickness": 3.5,
    "SliceTiming": [
      2.395555556,
      2.341111111,
      2.286666667,
      2.232222222,
      2.177777778,
      2.123333333,
      2.068888889,
      2.014444444,
      1.96,
      1.905555556,
      1.851111111,
      1.796666667,
      1.742222222,
      1.687777778,
      1.633333333,
      1.578888889,
      1.524444444,
      1.47,
      1.415555556,
      1.361111111,
      1.306666667,
      1.252222222,
      1.197777778,
      1.143333333,
      1.088888889,
      1.034444444,
      0.98,
      0.925555556,
      0.871111111,
      0.816666667,
      0.762222222,
      0.707777778,
      0.653333333,
      0.598888889,
      0.544444444,
      0.49,
      0.435555556,
      0.381111111,
      0.326666667,
      0.272222222,
      0.217777778,
      0.163333333,
      0.108888889,
      0.054444444,
      0
    ],
    "TaskName": "task-FlavorRun4",
    "UsePhilipsFloatNotDisplayScaling": 1,
    "dataset": "ds001491",
    "modality": "bold",
    "subject_id": "15",
    "task_id": "FlavorRun4"
  },
  "dummy_trs": 0,
  "dvars_nstd": 17.81896925221719,
  "dvars_std": 1.2816224832126697,
  "dvars_vstd": 1.0254374038009049,
  "efc": 0.5053622111323951,
  "fber": 19088.267578125,
  "fd_mean": 0.25791288850888117,
  "fd_num": 115,
  "fd_perc": 51.8018018018018,
  "fwhm_avg": 2.250987619047619,
  "fwhm_x": 2.04826,
  "fwhm_y": 2.4187942857142857,
  "fwhm_z": 2.285908571428571,
  "gcor": 0.00746552,
  "gsr_x": -0.02252224087715149,
  "gsr_y": 0.07498178631067276,
  "provenance": {
    "md5sum": "b07301c90603c8989c77dae361f5cd89",
    "settings": {
      "fd_thres": 0.2,
      "testing": false
    },
    "software": "mriqc",
    "version": "22.0.6",
    "webapi_port": null,
    "webapi_url": "https://mriqc.nimh.nih.gov/api/v1"
  },
  "size_t": 222,
  "size_x": 64,
  "size_y": 64,
  "size_z": 45,
  "snr": 6.660838746279292,
  "spacing_tr": 2.450000047683716,
  "spacing_x": 3.5,
  "spacing_y": 3.5,
  "spacing_z": 3.5,
  "summary_bg_k": 8.127146716509762,
  "summary_bg_mad": 7724.978325700499,
  "summary_bg_mean": 64357.39453125,
  "summary_bg_median": 6656.25732421875,
  "summary_bg_n": 118659.0,
  "summary_bg_p05": 791.7423400878906,
  "summary_bg_p95": 412695.64999999997,
  "summary_bg_stdv": 137962.671875,
  "summary_fg_k": 0.8475165941313247,
  "summary_fg_mad": 137137.36935677653,
  "summary_fg_mean": 914679.25,
  "summary_fg_median": 909896.8125,
  "summary_fg_n": 28363.0,
  "summary_fg_p05": 706119.2625,
  "summary_fg_p95": 1138504.9749999999,
  "summary_fg_stdv": 136601.53125,
  "tsnr": 93.34724426269531
}