{
  "aor": 0.0027570135746606337,
  "aqi": 0.005254268506787329,
  "bids_meta": {
    "EchoTime": 0.02203,
    "EchoTrainLength": 23,
    "FlipAngle": 80,
    "InstitutionName": "Univerity Medical Center Groningen",
    "InstitutionalDepartmentName": "Neuroimaging Center Groningen",
    "MagneticFieldStrength": 3,
    "Manufacturer": "Philips",
    "ManufacturersModelName": "Intera",
    "Modality": "MR",
    "PatientPosition": "HFS",
    "PhilipsRescaleIntercept": 0,
    "PhilipsRescaleSlope": 282.541,
    "PhilipsScaleSlope": 0.0011356,
    "ProtocolName": "WIPR-state_ME_descending-sso-DSSENSE4.2",
    "ReceiveCoilName": "SENSE-Head-32P",
    "ReconMatrixPE": 64,
    "RepetitionTime": 2.45,
    "SliceThickness": 3.5,
    "SliceTiming": [
      2.395555556,
      2.341111111,
      2.286666667,
      2.232222222,
      2.177777778,
      2.123333333,
      2.068888889,
      2.014444444,
      1.96,
      1.905555556,
      1.851111111,
      1.796666667,
      1.742222222,
      1.687777778,
      1.633333333,
      1.578888889,
      1.524444444,
      1.47,
      1.415555556,
      1.361111111,
      1.306666667,
      1.252222222,
      1.197777778,
      1.143333333,
      1.088888889,
      1.034444444,
      0.98,
      0.925555556,
      0.871111111,
      0.816666667,
      0.762222222,
      0.707777778,
      0.653333333,
      0.598888889,
      0.544444444,
      0.49,
      0.435555556,
      0.381111111,
      0.326666667,
      0.272222222,
      0.217777778,
      0.163333333,
      0.108888889,
      0.054444444,
      0
    ],
    "TaskName": "task-images",
    "UsePhilipsFloatNotDisplayScaling": 1,
    "dataset": "ds001491",
    "modality": "bold",
    "subject_id": "15",
    "task_id": "images"
  },
  "dummy_trs": 0,
  "dvars_nstd": 14.701596454376427,
  "dvars_std": 1.1466910893877549,
  "dvars_vstd": 0.9934608846031748,
  "efc": 0.44469763983933347,
  "fber": 71039.2890625,
  "fd_mean": 0.07728847615047892,
  "fd_num": 3,
  "fd_perc": 0.6787330316742082,
  "fwhm_avg": 1.8686419047619047,
  "fwhm_x": 1.7026857142857141,
  "fwhm_y": 2.1032714285714285,
  "fwhm_z": 1.7999685714285716,
  "gcor": 0.0247878,
  "gsr_x": -0.015245099551975727,
  "gsr_y": 0.04143513739109039,
  "provenance": {
    "md5sum": "4ed94740e72c1280bb0f15f17e984502",
    "settings": {
      "fd_thres": 0.2,
      "testing": false
    },
    "software": "mriqc",
    "version": "22.0.6",
    "webapi_port": null,
    "webapi_url": "https://mriqc.nimh.nih.gov/api/v1"
  },
  "size_t": 442,
  "size_x": 64,
  "size_y": 64,
  "size_z": 45,
  "snr": 5.836719534775107,
  "spacing_tr": 2.450000047683716,
  "spacing_x": 3.5,
  "spacing_y": 3.5,
  "spacing_z": 3.5,
  "summary_bg_k": 35.834889247379955,
  "summary_bg_mad": 4541.386871474166,
  "summary_bg_mean": 31762.740234375,
  "summary_bg_median": 3239.26708984375,
  "summary_bg_n": 124217.0,
  "summary_bg_p05": 74.320166015625,
  "summary_bg_p95": 179279.97499999998,
  "summary_bg_stdv": 75628.0234375,
  "summary_fg_k": 1.1154762960914315,
  "summary_fg_mad": 139548.8218651759,
  "summary_fg_mean": 824093.0625,
  "summary_fg_median": 813456.625,
  "summary_fg_n": 25412.0,
  "summary_fg_p05": 624968.746875,
  "summary_fg_p95": 1051285.8249999997,
  "summary_fg_stdv": 139366.0625,
  "tsnr": 70.05598449707031
}