{
  "aor": 0.005235091743119266,
  "aqi": 0.01703945119266055,
  "bids_meta": {
    "EchoTime": 0.03603,
    "EchoTrainLength": 23,
    "FlipAngle": 80,
    "InstitutionName": "Univerity Medical Center Groningen",
    "InstitutionalDepartmentName": "Neuroimaging Center Groningen",
    "MagneticFieldStrength": 3,
    "Manufacturer": "Philips",
    "ManufacturersModelName": "Intera",
    "Modality": "MR",
    "PatientPosition": "HFS",
    "PhilipsRescaleIntercept": 0,
    "PhilipsRescaleSlope": 282.541,
    "PhilipsScaleSlope": 0.0011356,
    "ProtocolName": "WIPR-state_ME_descending-sso-DSSENSE4.2",
    "ReceiveCoilName": "SENSE-Head-32P",
    "ReconMatrixPE": 64,
    "RepetitionTime": 2.45,
    "SliceThickness": 3.5,
    "SliceTiming": [
      2.395555556,
      2.341111111,
      2.286666667,
      2.232222222,
      2.177777778,
      2.123333333,
      2.068888889,
      2.014444444,
      1.96,
      1.905555556,
      1.851111111,
      1.796666667,
      1.742222222,
      1.687777778,
      1.633333333,
      1.578888889,
      1.524444444,
      1.47,
      1.415555556,
      1.361111111,
      1.306666667,
      1.252222222,
      1.197777778,
      1.143333333,
      1.088888889,
      1.034444444,
      0.98,
      0.925555556,
      0.871111111,
      0.816666667,
      0.762222222,
      0.707777778,
      0.653333333,
      0.598888889,
      0.544444444,
      0.49,
      0.435555556,
      0.381111111,
      0.326666667,
      0.272222222,
      0.217777778,
      0.163333333,
      0.108888889,
      0.054444444,
      0
    ],
    "TaskName": "task-FlavorRun3",
    "UsePhilipsFloatNotDisplayScaling": 1,
    "dataset": "ds001491",
    "modality": "bold",
    "subject_id": "04",
    "task_id": "FlavorRun3"
  },
  "dummy_trs": 0,
  "dvars_nstd": 32.129823948663606,
  "dvars_std": 1.1250152763594472,
  "dvars_vstd": 0.9953156823963131,
  "efc": 0.4241126245903127,
  "fber": 23905.345703125,
  "fd_mean": 0.43363830187942065,
  "fd_num": 161,
  "fd_perc": 73.85321100917432,
  "fwhm_avg": 1.8803552380952382,
  "fwhm_x": 1.7280628571428571,
  "fwhm_y": 2.0651371428571426,
  "fwhm_z": 1.8478657142857142,
  "gcor": 0.022183,
  "gsr_x": -0.012268844060599804,
  "gsr_y": 0.027613626793026924,
  "provenance": {
    "md5sum": "f76bbcf1b5e71af77224d9c829fefa26",
    "settings": {
      "fd_thres": 0.2,
      "testing": false
    },
    "software": "mriqc",
    "version": "22.0.6",
    "webapi_port": null,
    "webapi_url": "https://mriqc.nimh.nih.gov/api/v1"
  },
  "size_t": 218,
  "size_x": 64,
  "size_y": 64,
  "size_z": 45,
  "snr": 4.34444831488253,
  "spacing_tr": 2.450000047683716,
  "spacing_x": 3.5,
  "spacing_y": 3.5,
  "spacing_z": 3.5,
  "summary_bg_k": 226.4144847842212,
  "summary_bg_mad": 3504.805405239141,
  "summary_bg_mean": 13410.3828125,
  "summary_bg_median": 3395.73095703125,
  "summary_bg_n": 123932.0,
  "summary_bg_p05": 562.992578125,
  "summary_bg_p95": 56997.33144531249,
  "summary_bg_stdv": 35098.80859375,
  "summary_fg_k": 4.555271212946486,
  "summary_fg_mad": 104367.38935548757,
  "summary_fg_mean": 538394.375,
  "summary_fg_median": 522048.25,
  "summary_fg_n": 25736.0,
  "summary_fg_p05": 384619.0,
  "summary_fg_p95": 732527.265625,
  "summary_fg_stdv": 120162.1171875,
  "tsnr": 35.16289520263672
}