{
  "aor": 0.006504495412844037,
  "aqi": 0.006856368532110093,
  "bids_meta": {
    "EchoTime": 0.00802,
    "EchoTrainLength": 23,
    "FlipAngle": 80,
    "InstitutionName": "Univerity Medical Center Groningen",
    "InstitutionalDepartmentName": "Neuroimaging Center Groningen",
    "MagneticFieldStrength": 3,
    "Manufacturer": "Philips",
    "ManufacturersModelName": "Intera",
    "Modality": "MR",
    "PatientPosition": "HFS",
    "PhilipsRescaleIntercept": 0,
    "PhilipsRescaleSlope": 282.541,
    "PhilipsScaleSlope": 0.0011356,
    "ProtocolName": "WIPR-state_ME_descending-sso-DSSENSE4.2",
    "ReceiveCoilName": "SENSE-Head-32P",
    "ReconMatrixPE": 64,
    "RepetitionTime": 2.45,
    "SliceThickness": 3.5,
    "SliceTiming": [
      2.395555556,
      2.341111111,
      2.286666667,
      2.232222222,
      2.177777778,
      2.123333333,
      2.068888889,
      2.014444444,
      1.96,
      1.905555556,
      1.851111111,
      1.796666667,
      1.742222222,
      1.687777778,
      1.633333333,
      1.578888889,
      1.524444444,
      1.47,
      1.415555556,
      1.361111111,
      1.306666667,
      1.252222222,
      1.197777778,
      1.143333333,
      1.088888889,
      1.034444444,
      0.98,
      0.925555556,
      0.871111111,
      0.816666667,
      0.762222222,
      0.707777778,
      0.653333333,
      0.598888889,
      0.544444444,
      0.49,
      0.435555556,
      0.381111111,
      0.326666667,
      0.272222222,
      0.217777778,
      0.163333333,
      0.108888889,
      0.054444444,
      0
    ],
    "TaskName": "task-FlavorRun3",
    "UsePhilipsFloatNotDisplayScaling": 1,
    "dataset": "ds001491",
    "modality": "bold",
    "subject_id": "04",
    "task_id": "FlavorRun3"
  },
  "dummy_trs": 0,
  "dvars_nstd": 19.91653718801843,
  "dvars_std": 1.2140223203225797,
  "dvars_vstd": 1.0166876157142852,
  "efc": 0.5100331939656824,
  "fber": 19934.125,
  "fd_mean": 0.4076357640685342,
  "fd_num": 157,
  "fd_perc": 72.01834862385321,
  "fwhm_avg": 2.222911428571429,
  "fwhm_x": 2.1020600000000003,
  "fwhm_y": 2.309897142857143,
  "fwhm_z": 2.256777142857143,
  "gcor": 0.0132114,
  "gsr_x": -0.02362971380352974,
  "gsr_y": 0.04828596115112305,
  "provenance": {
    "md5sum": "bbc4e4221dc73a8badcf612fb15b8369",
    "settings": {
      "fd_thres": 0.2,
      "testing": false
    },
    "software": "mriqc",
    "version": "22.0.6",
    "webapi_port": null,
    "webapi_url": "https://mriqc.nimh.nih.gov/api/v1"
  },
  "size_t": 218,
  "size_x": 64,
  "size_y": 64,
  "size_z": 45,
  "snr": 6.489825998521152,
  "spacing_tr": 2.450000047683716,
  "spacing_x": 3.5,
  "spacing_y": 3.5,
  "spacing_z": 3.5,
  "summary_bg_k": 9.719844436984767,
  "summary_bg_mad": 7966.498516361734,
  "summary_bg_mean": 64090.328125,
  "summary_bg_median": 6465.30078125,
  "summary_bg_n": 118054.0,
  "summary_bg_p05": 694.2258850097656,
  "summary_bg_p95": 412284.02812499995,
  "summary_bg_stdv": 140278.96875,
  "summary_fg_k": 0.20410806508259904,
  "summary_fg_mad": 140485.54847935546,
  "summary_fg_mean": 906332.6875,
  "summary_fg_median": 899459.3125,
  "summary_fg_n": 30477.0,
  "summary_fg_p05": 688654.375,
  "summary_fg_p95": 1135250.575,
  "summary_fg_stdv": 138593.015625,
  "tsnr": 65.5293197631836
}