{
  "aor": 0.0025031250000000006,
  "aqi": 0.004150537946428572,
  "bids_meta": {
    "EchoTime": 0.02203,
    "EchoTrainLength": 23,
    "FlipAngle": 80,
    "InstitutionName": "Univerity Medical Center Groningen",
    "InstitutionalDepartmentName": "Neuroimaging Center Groningen",
    "MagneticFieldStrength": 3,
    "Manufacturer": "Philips",
    "ManufacturersModelName": "Intera",
    "Modality": "MR",
    "PatientPosition": "HFS",
    "PhilipsRescaleIntercept": 0,
    "PhilipsRescaleSlope": 282.541,
    "PhilipsScaleSlope": 0.0011356,
    "ProtocolName": "WIPR-state_ME_descending-sso-DSSENSE4.2",
    "ReceiveCoilName": "SENSE-Head-32P",
    "ReconMatrixPE": 64,
    "RepetitionTime": 2.45,
    "SliceThickness": 3.5,
    "SliceTiming": [
      2.395555556,
      2.341111111,
      2.286666667,
      2.232222222,
      2.177777778,
      2.123333333,
      2.068888889,
      2.014444444,
      1.96,
      1.905555556,
      1.851111111,
      1.796666667,
      1.742222222,
      1.687777778,
      1.633333333,
      1.578888889,
      1.524444444,
      1.47,
      1.415555556,
      1.361111111,
      1.306666667,
      1.252222222,
      1.197777778,
      1.143333333,
      1.088888889,
      1.034444444,
      0.98,
      0.925555556,
      0.871111111,
      0.816666667,
      0.762222222,
      0.707777778,
      0.653333333,
      0.598888889,
      0.544444444,
      0.49,
      0.435555556,
      0.381111111,
      0.326666667,
      0.272222222,
      0.217777778,
      0.163333333,
      0.108888889,
      0.054444444,
      0
    ],
    "TaskName": "task-FlavorRun2",
    "UsePhilipsFloatNotDisplayScaling": 1,
    "dataset": "ds001491",
    "modality": "bold",
    "subject_id": "16",
    "task_id": "FlavorRun2"
  },
  "dummy_trs": 0,
  "dvars_nstd": 18.927258628251128,
  "dvars_std": 1.2186118947085194,
  "dvars_vstd": 1.0222820308520186,
  "efc": 0.4393599901721035,
  "fber": 77847.0234375,
  "fd_mean": 0.09793021976524595,
  "fd_num": 9,
  "fd_perc": 4.017857142857143,
  "fwhm_avg": 1.8839485714285713,
  "fwhm_x": 1.7262914285714286,
  "fwhm_y": 2.0972971428571427,
  "fwhm_z": 1.828257142857143,
  "gcor": 0.0265565,
  "gsr_x": -0.016174137592315674,
  "gsr_y": 0.03639601916074753,
  "provenance": {
    "md5sum": "e556e4dad50f1e81a5b145b0ee80130b",
    "settings": {
      "fd_thres": 0.2,
      "testing": false
    },
    "software": "mriqc",
    "version": "22.0.6",
    "webapi_port": null,
    "webapi_url": "https://mriqc.nimh.nih.gov/api/v1"
  },
  "size_t": 224,
  "size_x": 64,
  "size_y": 64,
  "size_z": 45,
  "snr": 6.073714692912185,
  "spacing_tr": 2.450000047683716,
  "spacing_x": 3.5,
  "spacing_y": 3.5,
  "spacing_z": 3.5,
  "summary_bg_k": 55.447228072219744,
  "summary_bg_mad": 3295.6402661237917,
  "summary_bg_mean": 20853.2109375,
  "summary_bg_median": 2601.841064453125,
  "summary_bg_n": 122749.0,
  "summary_bg_p05": 144.3280456542969,
  "summary_bg_p95": 105722.9390625,
  "summary_bg_stdv": 53867.1484375,
  "summary_fg_k": 0.9267994791195973,
  "summary_fg_mad": 118372.35106506711,
  "summary_fg_mean": 713152.1875,
  "summary_fg_median": 703812.375,
  "summary_fg_n": 26781.0,
  "summary_fg_p05": 546550.125,
  "summary_fg_p95": 903735.25,
  "summary_fg_stdv": 115876.2421875,
  "tsnr": 81.06449127197266
}