{
  "aor": 0.0026263839285714284,
  "aqi": 0.005303030223214287,
  "bids_meta": {
    "EchoTime": 0.03603,
    "EchoTrainLength": 23,
    "FlipAngle": 80,
    "InstitutionName": "Univerity Medical Center Groningen",
    "InstitutionalDepartmentName": "Neuroimaging Center Groningen",
    "MagneticFieldStrength": 3,
    "Manufacturer": "Philips",
    "ManufacturersModelName": "Intera",
    "Modality": "MR",
    "PatientPosition": "HFS",
    "PhilipsRescaleIntercept": 0,
    "PhilipsRescaleSlope": 282.541,
    "PhilipsScaleSlope": 0.0011356,
    "ProtocolName": "WIPR-state_ME_descending-sso-DSSENSE4.2",
    "ReceiveCoilName": "SENSE-Head-32P",
    "ReconMatrixPE": 64,
    "RepetitionTime": 2.45,
    "SliceThickness": 3.5,
    "SliceTiming": [
      2.395555556,
      2.341111111,
      2.286666667,
      2.232222222,
      2.177777778,
      2.123333333,
      2.068888889,
      2.014444444,
      1.96,
      1.905555556,
      1.851111111,
      1.796666667,
      1.742222222,
      1.687777778,
      1.633333333,
      1.578888889,
      1.524444444,
      1.47,
      1.415555556,
      1.361111111,
      1.306666667,
      1.252222222,
      1.197777778,
      1.143333333,
      1.088888889,
      1.034444444,
      0.98,
      0.925555556,
      0.871111111,
      0.816666667,
      0.762222222,
      0.707777778,
      0.653333333,
      0.598888889,
      0.544444444,
      0.49,
      0.435555556,
      0.381111111,
      0.326666667,
      0.272222222,
      0.217777778,
      0.163333333,
      0.108888889,
      0.054444444,
      0
    ],
    "TaskName": "task-FlavorRun2",
    "UsePhilipsFloatNotDisplayScaling": 1,
    "dataset": "ds001491",
    "modality": "bold",
    "subject_id": "16",
    "task_id": "FlavorRun2"
  },
  "dummy_trs": 0,
  "dvars_nstd": 24.11768128964126,
  "dvars_std": 1.194839918251121,
  "dvars_vstd": 1.0222115700896865,
  "efc": 0.40763107643722835,
  "fber": 58126.83203125,
  "fd_mean": 0.10185458605634196,
  "fd_num": 13,
  "fd_perc": 5.803571428571429,
  "fwhm_avg": 1.810814285714286,
  "fwhm_x": 1.6562485714285715,
  "fwhm_y": 2.053457142857143,
  "fwhm_z": 1.722737142857143,
  "gcor": 0.0345234,
  "gsr_x": -0.01192791759967804,
  "gsr_y": 0.03165266662836075,
  "provenance": {
    "md5sum": "1acbb1bab6d14a05f6f035812c7ae35b",
    "settings": {
      "fd_thres": 0.2,
      "testing": false
    },
    "software": "mriqc",
    "version": "22.0.6",
    "webapi_port": null,
    "webapi_url": "https://mriqc.nimh.nih.gov/api/v1"
  },
  "size_t": 224,
  "size_x": 64,
  "size_y": 64,
  "size_z": 45,
  "snr": 4.81182999321769,
  "spacing_tr": 2.450000047683716,
  "spacing_x": 3.5,
  "spacing_y": 3.5,
  "spacing_z": 3.5,
  "summary_bg_k": 167.48583583985427,
  "summary_bg_mad": 2709.301131669703,
  "summary_bg_mean": 10442.9501953125,
  "summary_bg_median": 2255.99560546875,
  "summary_bg_n": 125524.0,
  "summary_bg_p05": 137.55938339233398,
  "summary_bg_p95": 45555.689062499965,
  "summary_bg_stdv": 26756.232421875,
  "summary_fg_k": 3.1199778557129525,
  "summary_fg_mad": 102100.0967471782,
  "summary_fg_mean": 544020.0625,
  "summary_fg_median": 531546.125,
  "summary_fg_n": 24142.0,
  "summary_fg_p05": 392151.5265625,
  "summary_fg_p95": 723351.978125,
  "summary_fg_stdv": 110464.234375,
  "tsnr": 60.56863784790039
}