{
  "aor": 0.0022697787610619466,
  "aqi": 0.011893371106194692,
  "bids_meta": {
    "EchoTime": 0.03603,
    "EchoTrainLength": 23,
    "FlipAngle": 80,
    "InstitutionName": "Univerity Medical Center Groningen",
    "InstitutionalDepartmentName": "Neuroimaging Center Groningen",
    "MagneticFieldStrength": 3,
    "Manufacturer": "Philips",
    "ManufacturersModelName": "Intera",
    "Modality": "MR",
    "PatientPosition": "HFS",
    "PhilipsRescaleIntercept": 0,
    "PhilipsRescaleSlope": 282.541,
    "PhilipsScaleSlope": 0.0011356,
    "ProtocolName": "WIPR-state_ME_descending-sso-DSSENSE4.2",
    "ReceiveCoilName": "SENSE-Head-32P",
    "ReconMatrixPE": 64,
    "RepetitionTime": 2.45,
    "SliceThickness": 3.5,
    "SliceTiming": [
      2.395555556,
      2.341111111,
      2.286666667,
      2.232222222,
      2.177777778,
      2.123333333,
      2.068888889,
      2.014444444,
      1.96,
      1.905555556,
      1.851111111,
      1.796666667,
      1.742222222,
      1.687777778,
      1.633333333,
      1.578888889,
      1.524444444,
      1.47,
      1.415555556,
      1.361111111,
      1.306666667,
      1.252222222,
      1.197777778,
      1.143333333,
      1.088888889,
      1.034444444,
      0.98,
      0.925555556,
      0.871111111,
      0.816666667,
      0.762222222,
      0.707777778,
      0.653333333,
      0.598888889,
      0.544444444,
      0.49,
      0.435555556,
      0.381111111,
      0.326666667,
      0.272222222,
      0.217777778,
      0.163333333,
      0.108888889,
      0.054444444,
      0
    ],
    "TaskName": "task-images",
    "UsePhilipsFloatNotDisplayScaling": 1,
    "dataset": "ds001491",
    "modality": "bold",
    "subject_id": "16",
    "task_id": "images"
  },
  "dummy_trs": 1,
  "dvars_nstd": 24.35424458758315,
  "dvars_std": 1.1837612350554334,
  "dvars_vstd": 0.9382855931263863,
  "efc": 0.40843188335454483,
  "fber": 181231.796875,
  "fd_mean": 0.0835329804214888,
  "fd_num": 10,
  "fd_perc": 2.2123893805309733,
  "fwhm_avg": 1.806525714285714,
  "fwhm_x": 1.6217028571428571,
  "fwhm_y": 2.0572371428571428,
  "fwhm_z": 1.7406371428571428,
  "gcor": 0.0263341,
  "gsr_x": -0.013551425188779831,
  "gsr_y": 0.03151687607169151,
  "provenance": {
    "md5sum": "21105fd9e0d7fbcaf86748352c0718a8",
    "settings": {
      "fd_thres": 0.2,
      "testing": false
    },
    "software": "mriqc",
    "version": "22.0.6",
    "webapi_port": null,
    "webapi_url": "https://mriqc.nimh.nih.gov/api/v1"
  },
  "size_t": 452,
  "size_x": 64,
  "size_y": 64,
  "size_z": 45,
  "snr": 4.828656787492824,
  "spacing_tr": 2.450000047683716,
  "spacing_x": 3.5,
  "spacing_y": 3.5,
  "spacing_z": 3.5,
  "summary_bg_k": 193.31394421903977,
  "summary_bg_mad": 2506.011846752321,
  "summary_bg_mean": 13884.369140625,
  "summary_bg_median": 1764.9951171875,
  "summary_bg_n": 125005.0,
  "summary_bg_p05": 33.852073669433594,
  "summary_bg_p95": 63771.29687499996,
  "summary_bg_stdv": 37233.8984375,
  "summary_fg_k": 3.256897518967108,
  "summary_fg_mad": 136574.81447749233,
  "summary_fg_mean": 736392.0625,
  "summary_fg_median": 718808.1875,
  "summary_fg_n": 24424.0,
  "summary_fg_p05": 533949.246875,
  "summary_fg_p95": 980648.0437499998,
  "summary_fg_stdv": 148859.921875,
  "tsnr": 44.47679901123047
}