{
  "aor": 0.0026142857142857144,
  "aqi": 0.0028381658035714283,
  "bids_meta": {
    "EchoTime": 0.00802,
    "EchoTrainLength": 23,
    "FlipAngle": 80,
    "InstitutionName": "Univerity Medical Center Groningen",
    "InstitutionalDepartmentName": "Neuroimaging Center Groningen",
    "MagneticFieldStrength": 3,
    "Manufacturer": "Philips",
    "ManufacturersModelName": "Intera",
    "Modality": "MR",
    "PatientPosition": "HFS",
    "PhilipsRescaleIntercept": 0,
    "PhilipsRescaleSlope": 282.541,
    "PhilipsScaleSlope": 0.0011356,
    "ProtocolName": "WIPR-state_ME_descending-sso-DSSENSE4.2",
    "ReceiveCoilName": "SENSE-Head-32P",
    "ReconMatrixPE": 64,
    "RepetitionTime": 2.45,
    "SliceThickness": 3.5,
    "SliceTiming": [
      2.395555556,
      2.341111111,
      2.286666667,
      2.232222222,
      2.177777778,
      2.123333333,
      2.068888889,
      2.014444444,
      1.96,
      1.905555556,
      1.851111111,
      1.796666667,
      1.742222222,
      1.687777778,
      1.633333333,
      1.578888889,
      1.524444444,
      1.47,
      1.415555556,
      1.361111111,
      1.306666667,
      1.252222222,
      1.197777778,
      1.143333333,
      1.088888889,
      1.034444444,
      0.98,
      0.925555556,
      0.871111111,
      0.816666667,
      0.762222222,
      0.707777778,
      0.653333333,
      0.598888889,
      0.544444444,
      0.49,
      0.435555556,
      0.381111111,
      0.326666667,
      0.272222222,
      0.217777778,
      0.163333333,
      0.108888889,
      0.054444444,
      0
    ],
    "TaskName": "task-FlavorRun2",
    "UsePhilipsFloatNotDisplayScaling": 1,
    "dataset": "ds001491",
    "modality": "bold",
    "subject_id": "16",
    "task_id": "FlavorRun2"
  },
  "dummy_trs": 0,
  "dvars_nstd": 14.944586984798194,
  "dvars_std": 1.2702402872645735,
  "dvars_vstd": 1.0223504459192823,
  "efc": 0.4958929530929964,
  "fber": 78903.5234375,
  "fd_mean": 0.09452328097679187,
  "fd_num": 6,
  "fd_perc": 2.6785714285714284,
  "fwhm_avg": 2.2172733333333334,
  "fwhm_x": 2.039322857142857,
  "fwhm_y": 2.3668942857142854,
  "fwhm_z": 2.245602857142857,
  "gcor": 0.0189815,
  "gsr_x": -0.028539402410387993,
  "gsr_y": 0.073366180062294,
  "provenance": {
    "md5sum": "8dd73242acbd47f9aeea89d6843dc093",
    "settings": {
      "fd_thres": 0.2,
      "testing": false
    },
    "software": "mriqc",
    "version": "22.0.6",
    "webapi_port": null,
    "webapi_url": "https://mriqc.nimh.nih.gov/api/v1"
  },
  "size_t": 224,
  "size_x": 64,
  "size_y": 64,
  "size_z": 45,
  "snr": 6.8610633782611306,
  "spacing_tr": 2.450000047683716,
  "spacing_x": 3.5,
  "spacing_y": 3.5,
  "spacing_z": 3.5,
  "summary_bg_k": 14.09315264899762,
  "summary_bg_mad": 4514.456565887446,
  "summary_bg_mean": 54148.72265625,
  "summary_bg_median": 3381.5166015625,
  "summary_bg_n": 118287.0,
  "summary_bg_p05": 147.1248504638672,
  "summary_bg_p95": 340003.33749999973,
  "summary_bg_stdv": 123134.1640625,
  "summary_fg_k": 0.5320779380964611,
  "summary_fg_mad": 134949.51179545556,
  "summary_fg_mean": 935596.0,
  "summary_fg_median": 927741.875,
  "summary_fg_n": 29776.0,
  "summary_fg_p05": 727859.984375,
  "summary_fg_p95": 1161758.21875,
  "summary_fg_stdv": 135216.109375,
  "tsnr": 107.76988220214844
}