{
  "aor": 0.002992387387387388,
  "aqi": 0.005843083513513514,
  "bids_meta": {
    "EchoTime": 0.03603,
    "EchoTrainLength": 23,
    "FlipAngle": 80,
    "InstitutionName": "Univerity Medical Center Groningen",
    "InstitutionalDepartmentName": "Neuroimaging Center Groningen",
    "MagneticFieldStrength": 3,
    "Manufacturer": "Philips",
    "ManufacturersModelName": "Intera",
    "Modality": "MR",
    "PatientPosition": "HFS",
    "PhilipsRescaleIntercept": 0,
    "PhilipsRescaleSlope": 282.541,
    "PhilipsScaleSlope": 0.0011356,
    "ProtocolName": "WIPR-state_ME_descending-sso-DSSENSE4.2",
    "ReceiveCoilName": "SENSE-Head-32P",
    "ReconMatrixPE": 64,
    "RepetitionTime": 2.45,
    "SliceThickness": 3.5,
    "SliceTiming": [
      2.395555556,
      2.341111111,
      2.286666667,
      2.232222222,
      2.177777778,
      2.123333333,
      2.068888889,
      2.014444444,
      1.96,
      1.905555556,
      1.851111111,
      1.796666667,
      1.742222222,
      1.687777778,
      1.633333333,
      1.578888889,
      1.524444444,
      1.47,
      1.415555556,
      1.361111111,
      1.306666667,
      1.252222222,
      1.197777778,
      1.143333333,
      1.088888889,
      1.034444444,
      0.98,
      0.925555556,
      0.871111111,
      0.816666667,
      0.762222222,
      0.707777778,
      0.653333333,
      0.598888889,
      0.544444444,
      0.49,
      0.435555556,
      0.381111111,
      0.326666667,
      0.272222222,
      0.217777778,
      0.163333333,
      0.108888889,
      0.054444444,
      0
    ],
    "TaskName": "task-FlavorRun4",
    "UsePhilipsFloatNotDisplayScaling": 1,
    "dataset": "ds001491",
    "modality": "bold",
    "subject_id": "16",
    "task_id": "FlavorRun4"
  },
  "dummy_trs": 0,
  "dvars_nstd": 25.36924801452488,
  "dvars_std": 1.2320531421266974,
  "dvars_vstd": 1.0278912297285066,
  "efc": 0.41095418594324373,
  "fber": 29275.67578125,
  "fd_mean": 0.13223325802289168,
  "fd_num": 29,
  "fd_perc": 13.063063063063064,
  "fwhm_avg": 1.8167904761904765,
  "fwhm_x": 1.6591914285714287,
  "fwhm_y": 2.057417142857143,
  "fwhm_z": 1.7337628571428572,
  "gcor": 0.0176995,
  "gsr_x": -0.012084808200597763,
  "gsr_y": 0.03086405247449875,
  "provenance": {
    "md5sum": "b3d849859f59499647389ff85dd01890",
    "settings": {
      "fd_thres": 0.2,
      "testing": false
    },
    "software": "mriqc",
    "version": "22.0.6",
    "webapi_port": null,
    "webapi_url": "https://mriqc.nimh.nih.gov/api/v1"
  },
  "size_t": 222,
  "size_x": 64,
  "size_y": 64,
  "size_z": 45,
  "snr": 4.8362355946737035,
  "spacing_tr": 2.450000047683716,
  "spacing_x": 3.5,
  "spacing_y": 3.5,
  "spacing_z": 3.5,
  "summary_bg_k": 171.36662146785613,
  "summary_bg_mad": 3252.9050082494896,
  "summary_bg_mean": 11165.791015625,
  "summary_bg_median": 3173.127685546875,
  "summary_bg_n": 125487.0,
  "summary_bg_p05": 420.4297821044922,
  "summary_bg_p95": 46626.68398437498,
  "summary_bg_stdv": 26582.28515625,
  "summary_fg_k": 3.471458337390346,
  "summary_fg_mad": 101941.04132792415,
  "summary_fg_mean": 547476.4375,
  "summary_fg_median": 534773.9375,
  "summary_fg_n": 24219.0,
  "summary_fg_p05": 397442.278125,
  "summary_fg_p95": 725052.5187499999,
  "summary_fg_stdv": 110574.203125,
  "tsnr": 58.81332778930664
}