{
  "aor": 0.0018557727272727272,
  "aqi": 0.004535796909090909,
  "bids_meta": {
    "EchoTime": 0.02203,
    "EchoTrainLength": 23,
    "FlipAngle": 80,
    "InstitutionName": "Univerity Medical Center Groningen",
    "InstitutionalDepartmentName": "Neuroimaging Center Groningen",
    "MagneticFieldStrength": 3,
    "Manufacturer": "Philips",
    "ManufacturersModelName": "Intera",
    "Modality": "MR",
    "PatientPosition": "HFS",
    "PhilipsRescaleIntercept": 0,
    "PhilipsRescaleSlope": 282.541,
    "PhilipsScaleSlope": 0.0011356,
    "ProtocolName": "WIPR-state_ME_descending-sso-DSSENSE4.2",
    "ReceiveCoilName": "SENSE-Head-32P",
    "ReconMatrixPE": 64,
    "RepetitionTime": 2.45,
    "SliceThickness": 3.5,
    "SliceTiming": [
      2.395555556,
      2.341111111,
      2.286666667,
      2.232222222,
      2.177777778,
      2.123333333,
      2.068888889,
      2.014444444,
      1.96,
      1.905555556,
      1.851111111,
      1.796666667,
      1.742222222,
      1.687777778,
      1.633333333,
      1.578888889,
      1.524444444,
      1.47,
      1.415555556,
      1.361111111,
      1.306666667,
      1.252222222,
      1.197777778,
      1.143333333,
      1.088888889,
      1.034444444,
      0.98,
      0.925555556,
      0.871111111,
      0.816666667,
      0.762222222,
      0.707777778,
      0.653333333,
      0.598888889,
      0.544444444,
      0.49,
      0.435555556,
      0.381111111,
      0.326666667,
      0.272222222,
      0.217777778,
      0.163333333,
      0.108888889,
      0.054444444,
      0
    ],
    "TaskName": "task-FlavorRun3",
    "UsePhilipsFloatNotDisplayScaling": 1,
    "dataset": "ds001491",
    "modality": "bold",
    "subject_id": "16",
    "task_id": "FlavorRun3"
  },
  "dummy_trs": 0,
  "dvars_nstd": 19.25812146438356,
  "dvars_std": 1.2039516418264837,
  "dvars_vstd": 1.0112334665753422,
  "efc": 0.4454512632168338,
  "fber": 22036.57421875,
  "fd_mean": 0.131677873568811,
  "fd_num": 32,
  "fd_perc": 14.545454545454545,
  "fwhm_avg": 1.8839476190476192,
  "fwhm_x": 1.70724,
  "fwhm_y": 2.112894285714286,
  "fwhm_z": 1.8317085714285715,
  "gcor": 0.0175884,
  "gsr_x": -0.016815360635519028,
  "gsr_y": 0.035127654671669006,
  "provenance": {
    "md5sum": "048bfc378e87edaa16441d838c575712",
    "settings": {
      "fd_thres": 0.2,
      "testing": false
    },
    "software": "mriqc",
    "version": "22.0.6",
    "webapi_port": null,
    "webapi_url": "https://mriqc.nimh.nih.gov/api/v1"
  },
  "size_t": 220,
  "size_x": 64,
  "size_y": 64,
  "size_z": 45,
  "snr": 6.118680337469249,
  "spacing_tr": 2.450000047683716,
  "spacing_x": 3.5,
  "spacing_y": 3.5,
  "spacing_z": 3.5,
  "summary_bg_k": 53.56410829309438,
  "summary_bg_mad": 4938.662370286752,
  "summary_bg_mean": 22851.3359375,
  "summary_bg_median": 4815.205078125,
  "summary_bg_n": 122776.0,
  "summary_bg_p05": 707.0971069335938,
  "summary_bg_p95": 111006.97265625,
  "summary_bg_stdv": 53935.15625,
  "summary_fg_k": 1.0688335398962643,
  "summary_fg_mad": 116767.2951695768,
  "summary_fg_mean": 713873.1875,
  "summary_fg_median": 703639.0,
  "summary_fg_n": 26790.0,
  "summary_fg_p05": 548876.465625,
  "summary_fg_p95": 902554.625,
  "summary_fg_stdv": 114996.34375,
  "tsnr": 78.04856872558594
}