{
  "aor": 0.0008956034482758622,
  "aqi": 0.004120130431034483,
  "bids_meta": {
    "EchoTime": 0.00802,
    "EchoTrainLength": 23,
    "FlipAngle": 80,
    "InstitutionName": "Univerity Medical Center Groningen",
    "InstitutionalDepartmentName": "Neuroimaging Center Groningen",
    "MagneticFieldStrength": 3,
    "Manufacturer": "Philips",
    "ManufacturersModelName": "Intera",
    "Modality": "MR",
    "PatientPosition": "HFS",
    "PhilipsRescaleIntercept": 0,
    "PhilipsRescaleSlope": 282.541,
    "PhilipsScaleSlope": 0.0011356,
    "ProtocolName": "WIPR-state_ME_descending-sso-DSSENSE4.2",
    "ReceiveCoilName": "SENSE-Head-32P",
    "ReconMatrixPE": 64,
    "RepetitionTime": 2.45,
    "SliceThickness": 3.5,
    "SliceTiming": [
      2.395555556,
      2.341111111,
      2.286666667,
      2.232222222,
      2.177777778,
      2.123333333,
      2.068888889,
      2.014444444,
      1.96,
      1.905555556,
      1.851111111,
      1.796666667,
      1.742222222,
      1.687777778,
      1.633333333,
      1.578888889,
      1.524444444,
      1.47,
      1.415555556,
      1.361111111,
      1.306666667,
      1.252222222,
      1.197777778,
      1.143333333,
      1.088888889,
      1.034444444,
      0.98,
      0.925555556,
      0.871111111,
      0.816666667,
      0.762222222,
      0.707777778,
      0.653333333,
      0.598888889,
      0.544444444,
      0.49,
      0.435555556,
      0.381111111,
      0.326666667,
      0.272222222,
      0.217777778,
      0.163333333,
      0.108888889,
      0.054444444,
      0
    ],
    "TaskName": "task-FlavorRun1",
    "UsePhilipsFloatNotDisplayScaling": 1,
    "dataset": "ds001491",
    "modality": "bold",
    "subject_id": "16",
    "task_id": "FlavorRun1"
  },
  "dummy_trs": 0,
  "dvars_nstd": 15.870506901861475,
  "dvars_std": 1.1965269071861468,
  "dvars_vstd": 0.9575742257142863,
  "efc": 0.49100101433915866,
  "fber": 309613.53125,
  "fd_mean": 0.11747062446307552,
  "fd_num": 26,
  "fd_perc": 11.206896551724139,
  "fwhm_avg": 2.229822857142857,
  "fwhm_x": 2.063157142857143,
  "fwhm_y": 2.3881771428571428,
  "fwhm_z": 2.2381342857142856,
  "gcor": 0.0326753,
  "gsr_x": -0.025154566392302513,
  "gsr_y": 0.07488472014665604,
  "provenance": {
    "md5sum": "82c96f862b466e38be7c68b20f84e43f",
    "settings": {
      "fd_thres": 0.2,
      "testing": false
    },
    "software": "mriqc",
    "version": "22.0.6",
    "webapi_port": null,
    "webapi_url": "https://mriqc.nimh.nih.gov/api/v1"
  },
  "size_t": 232,
  "size_x": 64,
  "size_y": 64,
  "size_z": 45,
  "snr": 6.771248625050101,
  "spacing_tr": 2.450000047683716,
  "spacing_x": 3.5,
  "spacing_y": 3.5,
  "spacing_z": 3.5,
  "summary_bg_k": 15.807889928616678,
  "summary_bg_mad": 2462.5716990277797,
  "summary_bg_mean": 48488.94921875,
  "summary_bg_median": 1675.3304443359375,
  "summary_bg_n": 117759.0,
  "summary_bg_p05": 5.363086938858032,
  "summary_bg_p95": 314162.78124999994,
  "summary_bg_stdv": 114430.1015625,
  "summary_fg_k": 0.630061782671361,
  "summary_fg_mad": 132457.3501287863,
  "summary_fg_mean": 921275.0,
  "summary_fg_median": 912714.0,
  "summary_fg_n": 29863.0,
  "summary_fg_p05": 716107.10625,
  "summary_fg_p95": 1147211.7374999998,
  "summary_fg_stdv": 134790.3125,
  "tsnr": 89.97237396240234
}