{
  "aor": 0.0028374324324324323,
  "aqi": 0.004550677882882883,
  "bids_meta": {
    "EchoTime": 0.02203,
    "EchoTrainLength": 23,
    "FlipAngle": 80,
    "InstitutionName": "Univerity Medical Center Groningen",
    "InstitutionalDepartmentName": "Neuroimaging Center Groningen",
    "MagneticFieldStrength": 3,
    "Manufacturer": "Philips",
    "ManufacturersModelName": "Intera",
    "Modality": "MR",
    "PatientPosition": "HFS",
    "PhilipsRescaleIntercept": 0,
    "PhilipsRescaleSlope": 282.541,
    "PhilipsScaleSlope": 0.0011356,
    "ProtocolName": "WIPR-state_ME_descending-sso-DSSENSE4.2",
    "ReceiveCoilName": "SENSE-Head-32P",
    "ReconMatrixPE": 64,
    "RepetitionTime": 2.45,
    "SliceThickness": 3.5,
    "SliceTiming": [
      2.395555556,
      2.341111111,
      2.286666667,
      2.232222222,
      2.177777778,
      2.123333333,
      2.068888889,
      2.014444444,
      1.96,
      1.905555556,
      1.851111111,
      1.796666667,
      1.742222222,
      1.687777778,
      1.633333333,
      1.578888889,
      1.524444444,
      1.47,
      1.415555556,
      1.361111111,
      1.306666667,
      1.252222222,
      1.197777778,
      1.143333333,
      1.088888889,
      1.034444444,
      0.98,
      0.925555556,
      0.871111111,
      0.816666667,
      0.762222222,
      0.707777778,
      0.653333333,
      0.598888889,
      0.544444444,
      0.49,
      0.435555556,
      0.381111111,
      0.326666667,
      0.272222222,
      0.217777778,
      0.163333333,
      0.108888889,
      0.054444444,
      0
    ],
    "TaskName": "task-FlavorRun4",
    "UsePhilipsFloatNotDisplayScaling": 1,
    "dataset": "ds001491",
    "modality": "bold",
    "subject_id": "16",
    "task_id": "FlavorRun4"
  },
  "dummy_trs": 0,
  "dvars_nstd": 20.051980182307695,
  "dvars_std": 1.2633309568778286,
  "dvars_vstd": 1.0289517219457012,
  "efc": 0.4426618530145635,
  "fber": 37170.9375,
  "fd_mean": 0.12467599516217584,
  "fd_num": 22,
  "fd_perc": 9.90990990990991,
  "fwhm_avg": 1.8820666666666668,
  "fwhm_x": 1.7125685714285714,
  "fwhm_y": 2.0964057142857144,
  "fwhm_z": 1.8372257142857145,
  "gcor": 0.0131426,
  "gsr_x": -0.016879158094525337,
  "gsr_y": 0.03622017055749893,
  "provenance": {
    "md5sum": "0c66cf28d6e875ce9919ebd24d4646d9",
    "settings": {
      "fd_thres": 0.2,
      "testing": false
    },
    "software": "mriqc",
    "version": "22.0.6",
    "webapi_port": null,
    "webapi_url": "https://mriqc.nimh.nih.gov/api/v1"
  },
  "size_t": 222,
  "size_x": 64,
  "size_y": 64,
  "size_z": 45,
  "snr": 6.114893358092561,
  "spacing_tr": 2.450000047683716,
  "spacing_x": 3.5,
  "spacing_y": 3.5,
  "spacing_z": 3.5,
  "summary_bg_k": 54.93600571703427,
  "summary_bg_mad": 4276.914534328381,
  "summary_bg_mean": 22087.943359375,
  "summary_bg_median": 3783.65771484375,
  "summary_bg_n": 122798.0,
  "summary_bg_p05": 417.1186798095703,
  "summary_bg_p95": 109532.212890625,
  "summary_bg_stdv": 54015.828125,
  "summary_fg_k": 1.007453939107779,
  "summary_fg_mad": 117699.75930237818,
  "summary_fg_mean": 717151.3125,
  "summary_fg_median": 707799.375,
  "summary_fg_n": 26762.0,
  "summary_fg_p05": 551157.803125,
  "summary_fg_p95": 907605.7437499998,
  "summary_fg_stdv": 115747.9140625,
  "tsnr": 78.93087768554688
}