{
  "aor": 0.002010860927152318,
  "aqi": 0.005705207615894038,
  "bids_meta": {
    "EchoTime": 0.00802,
    "EchoTrainLength": 23,
    "FlipAngle": 80,
    "InstitutionName": "Univerity Medical Center Groningen",
    "InstitutionalDepartmentName": "Neuroimaging Center Groningen",
    "MagneticFieldStrength": 3,
    "Manufacturer": "Philips",
    "ManufacturersModelName": "Intera",
    "Modality": "MR",
    "PatientPosition": "HFS",
    "PhilipsRescaleIntercept": 0,
    "PhilipsRescaleSlope": 282.541,
    "PhilipsScaleSlope": 0.0011356,
    "ProtocolName": "WIPR-state_ME_descending-sso-DSSENSE4.2",
    "ReceiveCoilName": "SENSE-Head-32P",
    "ReconMatrixPE": 64,
    "RepetitionTime": 2.45,
    "SliceThickness": 3.5,
    "SliceTiming": [
      2.395555556,
      2.341111111,
      2.286666667,
      2.232222222,
      2.177777778,
      2.123333333,
      2.068888889,
      2.014444444,
      1.96,
      1.905555556,
      1.851111111,
      1.796666667,
      1.742222222,
      1.687777778,
      1.633333333,
      1.578888889,
      1.524444444,
      1.47,
      1.415555556,
      1.361111111,
      1.306666667,
      1.252222222,
      1.197777778,
      1.143333333,
      1.088888889,
      1.034444444,
      0.98,
      0.925555556,
      0.871111111,
      0.816666667,
      0.762222222,
      0.707777778,
      0.653333333,
      0.598888889,
      0.544444444,
      0.49,
      0.435555556,
      0.381111111,
      0.326666667,
      0.272222222,
      0.217777778,
      0.163333333,
      0.108888889,
      0.054444444,
      0
    ],
    "TaskName": "task-images",
    "UsePhilipsFloatNotDisplayScaling": 1,
    "dataset": "ds001491",
    "modality": "bold",
    "subject_id": "16",
    "task_id": "images"
  },
  "dummy_trs": 0,
  "dvars_nstd": 16.317304921393802,
  "dvars_std": 1.3002868919247794,
  "dvars_vstd": 0.942813143716813,
  "efc": 0.5011423329571111,
  "fber": 116047.4609375,
  "fd_mean": 0.07860570320343685,
  "fd_num": 9,
  "fd_perc": 1.9867549668874172,
  "fwhm_avg": 2.139987619047619,
  "fwhm_x": 1.9872314285714285,
  "fwhm_y": 2.2798085714285716,
  "fwhm_z": 2.1529228571428574,
  "gcor": 0.0448768,
  "gsr_x": -0.03269672393798828,
  "gsr_y": 0.07882874459028244,
  "provenance": {
    "md5sum": "d35d798f72a5a40e6685a43af472abb9",
    "settings": {
      "fd_thres": 0.2,
      "testing": false
    },
    "software": "mriqc",
    "version": "22.0.6",
    "webapi_port": null,
    "webapi_url": "https://mriqc.nimh.nih.gov/api/v1"
  },
  "size_t": 453,
  "size_x": 64,
  "size_y": 64,
  "size_z": 45,
  "snr": 6.5640043775102415,
  "spacing_tr": 2.450000047683716,
  "spacing_x": 3.5,
  "spacing_y": 3.5,
  "spacing_z": 3.5,
  "summary_bg_k": 11.11424654973966,
  "summary_bg_mad": 5510.685093134324,
  "summary_bg_mean": 78475.1015625,
  "summary_bg_median": 3822.43359375,
  "summary_bg_n": 117935.0,
  "summary_bg_p05": 51.691823196411136,
  "summary_bg_p95": 493305.06249999965,
  "summary_bg_stdv": 173676.65625,
  "summary_fg_k": 0.7884474119009242,
  "summary_fg_mad": 184488.71901140845,
  "summary_fg_mean": 1260321.875,
  "summary_fg_median": 1247905.125,
  "summary_fg_n": 30122.0,
  "summary_fg_p05": 977375.940625,
  "summary_fg_p95": 1588922.025,
  "summary_fg_stdv": 190110.234375,
  "tsnr": 78.02090454101562
}