{
  "aor": 0.0021217439293598228,
  "aqi": 0.008931350573951436,
  "bids_meta": {
    "EchoTime": 0.02203,
    "EchoTrainLength": 23,
    "FlipAngle": 80,
    "InstitutionName": "Univerity Medical Center Groningen",
    "InstitutionalDepartmentName": "Neuroimaging Center Groningen",
    "MagneticFieldStrength": 3,
    "Manufacturer": "Philips",
    "ManufacturersModelName": "Intera",
    "Modality": "MR",
    "PatientPosition": "HFS",
    "PhilipsRescaleIntercept": 0,
    "PhilipsRescaleSlope": 282.541,
    "PhilipsScaleSlope": 0.0011356,
    "ProtocolName": "WIPR-state_ME_descending-sso-DSSENSE4.2",
    "ReceiveCoilName": "SENSE-Head-32P",
    "ReconMatrixPE": 64,
    "RepetitionTime": 2.45,
    "SliceThickness": 3.5,
    "SliceTiming": [
      2.395555556,
      2.341111111,
      2.286666667,
      2.232222222,
      2.177777778,
      2.123333333,
      2.068888889,
      2.014444444,
      1.96,
      1.905555556,
      1.851111111,
      1.796666667,
      1.742222222,
      1.687777778,
      1.633333333,
      1.578888889,
      1.524444444,
      1.47,
      1.415555556,
      1.361111111,
      1.306666667,
      1.252222222,
      1.197777778,
      1.143333333,
      1.088888889,
      1.034444444,
      0.98,
      0.925555556,
      0.871111111,
      0.816666667,
      0.762222222,
      0.707777778,
      0.653333333,
      0.598888889,
      0.544444444,
      0.49,
      0.435555556,
      0.381111111,
      0.326666667,
      0.272222222,
      0.217777778,
      0.163333333,
      0.108888889,
      0.054444444,
      0
    ],
    "TaskName": "task-images",
    "UsePhilipsFloatNotDisplayScaling": 1,
    "dataset": "ds001491",
    "modality": "bold",
    "subject_id": "16",
    "task_id": "images"
  },
  "dummy_trs": 0,
  "dvars_nstd": 19.559551779358408,
  "dvars_std": 1.2266117194911508,
  "dvars_vstd": 0.9456357658185836,
  "efc": 0.4424180557581379,
  "fber": 176399.71875,
  "fd_mean": 0.0813333884072585,
  "fd_num": 10,
  "fd_perc": 2.207505518763797,
  "fwhm_avg": 1.8515657142857143,
  "fwhm_x": 1.6664485714285713,
  "fwhm_y": 2.077117142857143,
  "fwhm_z": 1.8111314285714286,
  "gcor": 0.0238088,
  "gsr_x": -0.018409861251711845,
  "gsr_y": 0.03732232004404068,
  "provenance": {
    "md5sum": "888bd9f341c6c4ae9642e4677f001024",
    "settings": {
      "fd_thres": 0.2,
      "testing": false
    },
    "software": "mriqc",
    "version": "22.0.6",
    "webapi_port": null,
    "webapi_url": "https://mriqc.nimh.nih.gov/api/v1"
  },
  "size_t": 453,
  "size_x": 64,
  "size_y": 64,
  "size_z": 45,
  "snr": 6.044658951057168,
  "spacing_tr": 2.450000047683716,
  "spacing_x": 3.5,
  "spacing_y": 3.5,
  "spacing_z": 3.5,
  "summary_bg_k": 50.01335381880613,
  "summary_bg_mad": 3446.872807255078,
  "summary_bg_mean": 29277.666015625,
  "summary_bg_median": 2407.4033203125,
  "summary_bg_n": 122374.0,
  "summary_bg_p05": 39.60968341827393,
  "summary_bg_p95": 151011.34296874993,
  "summary_bg_stdv": 74593.984375,
  "summary_fg_k": 0.9547518626343026,
  "summary_fg_mad": 159344.3413613854,
  "summary_fg_mean": 964629.375,
  "summary_fg_median": 949683.6875,
  "summary_fg_n": 27103.0,
  "summary_fg_p05": 738845.40625,
  "summary_fg_p95": 1226484.5625,
  "summary_fg_stdv": 157108.3125,
  "tsnr": 60.082496643066406
}