{
  "aor": 0.001963972602739726,
  "aqi": 0.002953305662100457,
  "bids_meta": {
    "EchoTime": 0.00802,
    "EchoTrainLength": 23,
    "FlipAngle": 80,
    "InstitutionName": "Univerity Medical Center Groningen",
    "InstitutionalDepartmentName": "Neuroimaging Center Groningen",
    "MagneticFieldStrength": 3,
    "Manufacturer": "Philips",
    "ManufacturersModelName": "Intera",
    "Modality": "MR",
    "PatientPosition": "HFS",
    "PhilipsRescaleIntercept": 0,
    "PhilipsRescaleSlope": 282.541,
    "PhilipsScaleSlope": 0.0011356,
    "ProtocolName": "WIPR-state_ME_descending-sso-DSSENSE4.2",
    "ReceiveCoilName": "SENSE-Head-32P",
    "ReconMatrixPE": 64,
    "RepetitionTime": 2.45,
    "SliceThickness": 3.5,
    "SliceTiming": [
      2.395555556,
      2.341111111,
      2.286666667,
      2.232222222,
      2.177777778,
      2.123333333,
      2.068888889,
      2.014444444,
      1.96,
      1.905555556,
      1.851111111,
      1.796666667,
      1.742222222,
      1.687777778,
      1.633333333,
      1.578888889,
      1.524444444,
      1.47,
      1.415555556,
      1.361111111,
      1.306666667,
      1.252222222,
      1.197777778,
      1.143333333,
      1.088888889,
      1.034444444,
      0.98,
      0.925555556,
      0.871111111,
      0.816666667,
      0.762222222,
      0.707777778,
      0.653333333,
      0.598888889,
      0.544444444,
      0.49,
      0.435555556,
      0.381111111,
      0.326666667,
      0.272222222,
      0.217777778,
      0.163333333,
      0.108888889,
      0.054444444,
      0
    ],
    "TaskName": "task-FlavorRun3",
    "UsePhilipsFloatNotDisplayScaling": 1,
    "dataset": "ds001491",
    "modality": "bold",
    "subject_id": "16",
    "task_id": "FlavorRun3"
  },
  "dummy_trs": 1,
  "dvars_nstd": 15.86148519252294,
  "dvars_std": 1.274927817568806,
  "dvars_vstd": 1.01897037912844,
  "efc": 0.5030632095705992,
  "fber": 21623.259765625,
  "fd_mean": 0.1250008570581801,
  "fd_num": 25,
  "fd_perc": 11.415525114155251,
  "fwhm_avg": 2.1907009523809524,
  "fwhm_x": 2.034814285714286,
  "fwhm_y": 2.3622885714285715,
  "fwhm_z": 2.175,
  "gcor": 0.0115226,
  "gsr_x": -0.02783660590648651,
  "gsr_y": 0.07266756147146225,
  "provenance": {
    "md5sum": "9cdde8449eff369f99a5ee4eab0e3cd5",
    "settings": {
      "fd_thres": 0.2,
      "testing": false
    },
    "software": "mriqc",
    "version": "22.0.6",
    "webapi_port": null,
    "webapi_url": "https://mriqc.nimh.nih.gov/api/v1"
  },
  "size_t": 219,
  "size_x": 64,
  "size_y": 64,
  "size_z": 45,
  "snr": 6.994507777993562,
  "spacing_tr": 2.450000047683716,
  "spacing_x": 3.5,
  "spacing_y": 3.5,
  "spacing_z": 3.5,
  "summary_bg_k": 13.169772292858529,
  "summary_bg_mad": 7304.30560111798,
  "summary_bg_mean": 56128.125,
  "summary_bg_median": 6354.390625,
  "summary_bg_n": 117740.0,
  "summary_bg_p05": 734.2251403808594,
  "summary_bg_p95": 342714.9156249998,
  "summary_bg_stdv": 121095.71875,
  "summary_fg_k": 0.6863076462915738,
  "summary_fg_mad": 131587.98925291008,
  "summary_fg_mean": 934591.5,
  "summary_fg_median": 927185.875,
  "summary_fg_n": 29788.0,
  "summary_fg_p05": 732442.6,
  "summary_fg_p95": 1154650.1312499999,
  "summary_fg_stdv": 132556.90625,
  "tsnr": 103.70689392089844
}