{
  "aor": 0.0018311818181818182,
  "aqi": 0.005749658318181818,
  "bids_meta": {
    "EchoTime": 0.03603,
    "EchoTrainLength": 23,
    "FlipAngle": 80,
    "InstitutionName": "Univerity Medical Center Groningen",
    "InstitutionalDepartmentName": "Neuroimaging Center Groningen",
    "MagneticFieldStrength": 3,
    "Manufacturer": "Philips",
    "ManufacturersModelName": "Intera",
    "Modality": "MR",
    "PatientPosition": "HFS",
    "PhilipsRescaleIntercept": 0,
    "PhilipsRescaleSlope": 282.541,
    "PhilipsScaleSlope": 0.0011356,
    "ProtocolName": "WIPR-state_ME_descending-sso-DSSENSE4.2",
    "ReceiveCoilName": "SENSE-Head-32P",
    "ReconMatrixPE": 64,
    "RepetitionTime": 2.45,
    "SliceThickness": 3.5,
    "SliceTiming": [
      2.395555556,
      2.341111111,
      2.286666667,
      2.232222222,
      2.177777778,
      2.123333333,
      2.068888889,
      2.014444444,
      1.96,
      1.905555556,
      1.851111111,
      1.796666667,
      1.742222222,
      1.687777778,
      1.633333333,
      1.578888889,
      1.524444444,
      1.47,
      1.415555556,
      1.361111111,
      1.306666667,
      1.252222222,
      1.197777778,
      1.143333333,
      1.088888889,
      1.034444444,
      0.98,
      0.925555556,
      0.871111111,
      0.816666667,
      0.762222222,
      0.707777778,
      0.653333333,
      0.598888889,
      0.544444444,
      0.49,
      0.435555556,
      0.381111111,
      0.326666667,
      0.272222222,
      0.217777778,
      0.163333333,
      0.108888889,
      0.054444444,
      0
    ],
    "TaskName": "task-FlavorRun3",
    "UsePhilipsFloatNotDisplayScaling": 1,
    "dataset": "ds001491",
    "modality": "bold",
    "subject_id": "16",
    "task_id": "FlavorRun3"
  },
  "dummy_trs": 0,
  "dvars_nstd": 24.62984784470321,
  "dvars_std": 1.1851206343835616,
  "dvars_vstd": 1.0093700878995435,
  "efc": 0.41405005464368355,
  "fber": 17328.380859375,
  "fd_mean": 0.1377700786364676,
  "fd_num": 41,
  "fd_perc": 18.636363636363637,
  "fwhm_avg": 1.8183857142857143,
  "fwhm_x": 1.6556657142857143,
  "fwhm_y": 2.0718285714285716,
  "fwhm_z": 1.7276628571428572,
  "gcor": 0.0226909,
  "gsr_x": -0.012231271713972092,
  "gsr_y": 0.02972525730729103,
  "provenance": {
    "md5sum": "e535a0dcf6b250e8f42c9e619d5477af",
    "settings": {
      "fd_thres": 0.2,
      "testing": false
    },
    "software": "mriqc",
    "version": "22.0.6",
    "webapi_port": null,
    "webapi_url": "https://mriqc.nimh.nih.gov/api/v1"
  },
  "size_t": 220,
  "size_x": 64,
  "size_y": 64,
  "size_z": 45,
  "snr": 4.848693944278089,
  "spacing_tr": 2.450000047683716,
  "spacing_x": 3.5,
  "spacing_y": 3.5,
  "spacing_z": 3.5,
  "summary_bg_k": 187.16255646229132,
  "summary_bg_mad": 3682.553973497577,
  "summary_bg_mean": 11673.5146484375,
  "summary_bg_median": 4029.879150390625,
  "summary_bg_n": 125396.0,
  "summary_bg_p05": 694.9129028320312,
  "summary_bg_p95": 46367.013671875,
  "summary_bg_stdv": 26213.818359375,
  "summary_fg_k": 3.5657351804021475,
  "summary_fg_mad": 100490.22239447777,
  "summary_fg_mean": 545436.1875,
  "summary_fg_median": 533228.875,
  "summary_fg_n": 24251.0,
  "summary_fg_p05": 395388.078125,
  "summary_fg_p95": 723796.46875,
  "summary_fg_stdv": 109971.4453125,
  "tsnr": 58.52851867675781
}