{
  "aor": 0.0013944196428571428,
  "aqi": 0.005406481294642857,
  "bids_meta": {
    "EchoTime": 0.03603,
    "EchoTrainLength": 23,
    "FlipAngle": 80,
    "InstitutionName": "Univerity Medical Center Groningen",
    "InstitutionalDepartmentName": "Neuroimaging Center Groningen",
    "MagneticFieldStrength": 3,
    "Manufacturer": "Philips",
    "ManufacturersModelName": "Intera",
    "Modality": "MR",
    "PatientPosition": "HFS",
    "PhilipsRescaleIntercept": 0,
    "PhilipsRescaleSlope": 282.541,
    "PhilipsScaleSlope": 0.0011356,
    "ProtocolName": "WIPR-state_ME_descending-sso-DSSENSE4.2",
    "ReceiveCoilName": "SENSE-Head-32P",
    "ReconMatrixPE": 64,
    "RepetitionTime": 2.45,
    "SliceThickness": 3.5,
    "SliceTiming": [
      2.395555556,
      2.341111111,
      2.286666667,
      2.232222222,
      2.177777778,
      2.123333333,
      2.068888889,
      2.014444444,
      1.96,
      1.905555556,
      1.851111111,
      1.796666667,
      1.742222222,
      1.687777778,
      1.633333333,
      1.578888889,
      1.524444444,
      1.47,
      1.415555556,
      1.361111111,
      1.306666667,
      1.252222222,
      1.197777778,
      1.143333333,
      1.088888889,
      1.034444444,
      0.98,
      0.925555556,
      0.871111111,
      0.816666667,
      0.762222222,
      0.707777778,
      0.653333333,
      0.598888889,
      0.544444444,
      0.49,
      0.435555556,
      0.381111111,
      0.326666667,
      0.272222222,
      0.217777778,
      0.163333333,
      0.108888889,
      0.054444444,
      0
    ],
    "TaskName": "task-FlavorRun3",
    "UsePhilipsFloatNotDisplayScaling": 1,
    "dataset": "ds001491",
    "modality": "bold",
    "subject_id": "19",
    "task_id": "FlavorRun3"
  },
  "dummy_trs": 0,
  "dvars_nstd": 26.90065888547085,
  "dvars_std": 1.3021455978026903,
  "dvars_vstd": 0.9966397721973097,
  "efc": 0.42957015609429217,
  "fber": 32445.169921875,
  "fd_mean": 0.1332485505398779,
  "fd_num": 45,
  "fd_perc": 20.089285714285715,
  "fwhm_avg": 1.7616790476190476,
  "fwhm_x": 1.64124,
  "fwhm_y": 1.91582,
  "fwhm_z": 1.7279771428571429,
  "gcor": 0.0371895,
  "gsr_x": -0.0041839792393147945,
  "gsr_y": 0.020256290212273598,
  "provenance": {
    "md5sum": "817a1ecd846f94826e7733c5bb823ba2",
    "settings": {
      "fd_thres": 0.2,
      "testing": false
    },
    "software": "mriqc",
    "version": "22.0.6",
    "webapi_port": null,
    "webapi_url": "https://mriqc.nimh.nih.gov/api/v1"
  },
  "size_t": 224,
  "size_x": 64,
  "size_y": 64,
  "size_z": 45,
  "snr": 4.76750082669318,
  "spacing_tr": 2.450000047683716,
  "spacing_x": 3.5,
  "spacing_y": 3.5,
  "spacing_z": 3.5,
  "summary_bg_k": 56.70495873870347,
  "summary_bg_mad": 3847.977913114966,
  "summary_bg_mean": 14164.61328125,
  "summary_bg_median": 3270.310546875,
  "summary_bg_n": 122454.0,
  "summary_bg_p05": 215.6202819824219,
  "summary_bg_p95": 61022.00117187499,
  "summary_bg_stdv": 34108.1640625,
  "summary_fg_k": 4.064769024010532,
  "summary_fg_mad": 106220.38730636325,
  "summary_fg_mean": 596364.875,
  "summary_fg_median": 580719.9375,
  "summary_fg_n": 26401.0,
  "summary_fg_p05": 436988.46875,
  "summary_fg_p95": 796977.6875,
  "summary_fg_stdv": 121805.734375,
  "tsnr": 63.562843322753906
}