{
  "aor": 0.0022908928571428572,
  "aqi": 0.0023426238839285712,
  "bids_meta": {
    "EchoTime": 0.00802,
    "EchoTrainLength": 23,
    "FlipAngle": 80,
    "InstitutionName": "Univerity Medical Center Groningen",
    "InstitutionalDepartmentName": "Neuroimaging Center Groningen",
    "MagneticFieldStrength": 3,
    "Manufacturer": "Philips",
    "ManufacturersModelName": "Intera",
    "Modality": "MR",
    "PatientPosition": "HFS",
    "PhilipsRescaleIntercept": 0,
    "PhilipsRescaleSlope": 282.541,
    "PhilipsScaleSlope": 0.0011356,
    "ProtocolName": "WIPR-state_ME_descending-sso-DSSENSE4.2",
    "ReceiveCoilName": "SENSE-Head-32P",
    "ReconMatrixPE": 64,
    "RepetitionTime": 2.45,
    "SliceThickness": 3.5,
    "SliceTiming": [
      2.395555556,
      2.341111111,
      2.286666667,
      2.232222222,
      2.177777778,
      2.123333333,
      2.068888889,
      2.014444444,
      1.96,
      1.905555556,
      1.851111111,
      1.796666667,
      1.742222222,
      1.687777778,
      1.633333333,
      1.578888889,
      1.524444444,
      1.47,
      1.415555556,
      1.361111111,
      1.306666667,
      1.252222222,
      1.197777778,
      1.143333333,
      1.088888889,
      1.034444444,
      0.98,
      0.925555556,
      0.871111111,
      0.816666667,
      0.762222222,
      0.707777778,
      0.653333333,
      0.598888889,
      0.544444444,
      0.49,
      0.435555556,
      0.381111111,
      0.326666667,
      0.272222222,
      0.217777778,
      0.163333333,
      0.108888889,
      0.054444444,
      0
    ],
    "TaskName": "task-FlavorRun3",
    "UsePhilipsFloatNotDisplayScaling": 1,
    "dataset": "ds001491",
    "modality": "bold",
    "subject_id": "19",
    "task_id": "FlavorRun3"
  },
  "dummy_trs": 0,
  "dvars_nstd": 16.908764548520175,
  "dvars_std": 1.4312108383408075,
  "dvars_vstd": 1.008418097892377,
  "efc": 0.5132180360011432,
  "fber": 23558.3203125,
  "fd_mean": 0.12148183438499323,
  "fd_num": 38,
  "fd_perc": 16.964285714285715,
  "fwhm_avg": 2.219045714285714,
  "fwhm_x": 2.0994371428571426,
  "fwhm_y": 2.278151428571429,
  "fwhm_z": 2.2795485714285713,
  "gcor": 0.0116769,
  "gsr_x": -0.0034864922054111958,
  "gsr_y": 0.05444255843758583,
  "provenance": {
    "md5sum": "56a11723c191e61b00e87fa00a359a2e",
    "settings": {
      "fd_thres": 0.2,
      "testing": false
    },
    "software": "mriqc",
    "version": "22.0.6",
    "webapi_port": null,
    "webapi_url": "https://mriqc.nimh.nih.gov/api/v1"
  },
  "size_t": 224,
  "size_x": 64,
  "size_y": 64,
  "size_z": 45,
  "snr": 6.695099846745845,
  "spacing_tr": 2.450000047683716,
  "spacing_x": 3.5,
  "spacing_y": 3.5,
  "spacing_z": 3.5,
  "summary_bg_k": 10.452462357404285,
  "summary_bg_mad": 8885.557785903926,
  "summary_bg_mean": 64478.76171875,
  "summary_bg_median": 6742.94775390625,
  "summary_bg_n": 115819.0,
  "summary_bg_p05": 311.919955444336,
  "summary_bg_p95": 388254.6656249996,
  "summary_bg_stdv": 137080.625,
  "summary_fg_k": 0.7049509024332372,
  "summary_fg_mad": 148942.1262084341,
  "summary_fg_mean": 1021728.9375,
  "summary_fg_median": 1013385.0,
  "summary_fg_n": 31371.0,
  "summary_fg_p05": 792163.375,
  "summary_fg_p95": 1274308.0625,
  "summary_fg_stdv": 151359.78125,
  "tsnr": 117.17842102050781
}