{
  "aor": 0.004750132743362831,
  "aqi": 0.009164999867256638,
  "bids_meta": {
    "EchoTime": 0.03603,
    "EchoTrainLength": 23,
    "FlipAngle": 80,
    "InstitutionName": "Univerity Medical Center Groningen",
    "InstitutionalDepartmentName": "Neuroimaging Center Groningen",
    "MagneticFieldStrength": 3,
    "Manufacturer": "Philips",
    "ManufacturersModelName": "Intera",
    "Modality": "MR",
    "PatientPosition": "HFS",
    "PhilipsRescaleIntercept": 0,
    "PhilipsRescaleSlope": 282.541,
    "PhilipsScaleSlope": 0.0011356,
    "ProtocolName": "WIPR-state_ME_descending-sso-DSSENSE4.2",
    "ReceiveCoilName": "SENSE-Head-32P",
    "ReconMatrixPE": 64,
    "RepetitionTime": 2.45,
    "SliceThickness": 3.5,
    "SliceTiming": [
      2.395555556,
      2.341111111,
      2.286666667,
      2.232222222,
      2.177777778,
      2.123333333,
      2.068888889,
      2.014444444,
      1.96,
      1.905555556,
      1.851111111,
      1.796666667,
      1.742222222,
      1.687777778,
      1.633333333,
      1.578888889,
      1.524444444,
      1.47,
      1.415555556,
      1.361111111,
      1.306666667,
      1.252222222,
      1.197777778,
      1.143333333,
      1.088888889,
      1.034444444,
      0.98,
      0.925555556,
      0.871111111,
      0.816666667,
      0.762222222,
      0.707777778,
      0.653333333,
      0.598888889,
      0.544444444,
      0.49,
      0.435555556,
      0.381111111,
      0.326666667,
      0.272222222,
      0.217777778,
      0.163333333,
      0.108888889,
      0.054444444,
      0
    ],
    "TaskName": "task-FlavorRun4",
    "UsePhilipsFloatNotDisplayScaling": 1,
    "dataset": "ds001491",
    "modality": "bold",
    "subject_id": "09",
    "task_id": "FlavorRun4"
  },
  "dummy_trs": 0,
  "dvars_nstd": 32.842884089333324,
  "dvars_std": 1.2779537717333338,
  "dvars_vstd": 1.0589331931999997,
  "efc": 0.42634877730185644,
  "fber": 25764.474609375,
  "fd_mean": 0.3239882609108209,
  "fd_num": 139,
  "fd_perc": 61.50442477876106,
  "fwhm_avg": 1.896264761904762,
  "fwhm_x": 1.7382971428571428,
  "fwhm_y": 2.1101114285714284,
  "fwhm_z": 1.8403857142857143,
  "gcor": 0.0381124,
  "gsr_x": -0.009294136427342892,
  "gsr_y": 0.027033347636461258,
  "provenance": {
    "md5sum": "ecc184d692a60ddaefaa9f3b9c85e030",
    "settings": {
      "fd_thres": 0.2,
      "testing": false
    },
    "software": "mriqc",
    "version": "22.0.6",
    "webapi_port": null,
    "webapi_url": "https://mriqc.nimh.nih.gov/api/v1"
  },
  "size_t": 226,
  "size_x": 64,
  "size_y": 64,
  "size_z": 45,
  "snr": 4.214036119666667,
  "spacing_tr": 2.450000047683716,
  "spacing_x": 3.5,
  "spacing_y": 3.5,
  "spacing_z": 3.5,
  "summary_bg_k": 104.94419113211492,
  "summary_bg_mad": 3533.433455059411,
  "summary_bg_mean": 13381.8310546875,
  "summary_bg_median": 3429.7353515625,
  "summary_bg_n": 122913.0,
  "summary_bg_p05": 545.0001708984375,
  "summary_bg_p95": 56738.521874999984,
  "summary_bg_stdv": 32232.888671875,
  "summary_fg_k": 5.87387065227985,
  "summary_fg_mad": 97570.6079756856,
  "summary_fg_mean": 559525.75,
  "summary_fg_median": 538757.4375,
  "summary_fg_n": 26231.0,
  "summary_fg_p05": 408519.34375,
  "summary_fg_p95": 767765.0625,
  "summary_fg_stdv": 127845.8828125,
  "tsnr": 49.838584899902344
}