{
  "aor": 0.0036555674518201284,
  "aqi": 0.017289997644539618,
  "bids_meta": {
    "EchoTime": 0.03603,
    "EchoTrainLength": 23,
    "FlipAngle": 80,
    "InstitutionName": "Univerity Medical Center Groningen",
    "InstitutionalDepartmentName": "Neuroimaging Center Groningen",
    "MagneticFieldStrength": 3,
    "Manufacturer": "Philips",
    "ManufacturersModelName": "Intera",
    "Modality": "MR",
    "PatientPosition": "HFS",
    "PhilipsRescaleIntercept": 0,
    "PhilipsRescaleSlope": 282.541,
    "PhilipsScaleSlope": 0.0011356,
    "ProtocolName": "WIPR-state_ME_descending-sso-DSSENSE4.2",
    "ReceiveCoilName": "SENSE-Head-32P",
    "ReconMatrixPE": 64,
    "RepetitionTime": 2.45,
    "SliceThickness": 3.5,
    "SliceTiming": [
      2.395555556,
      2.341111111,
      2.286666667,
      2.232222222,
      2.177777778,
      2.123333333,
      2.068888889,
      2.014444444,
      1.96,
      1.905555556,
      1.851111111,
      1.796666667,
      1.742222222,
      1.687777778,
      1.633333333,
      1.578888889,
      1.524444444,
      1.47,
      1.415555556,
      1.361111111,
      1.306666667,
      1.252222222,
      1.197777778,
      1.143333333,
      1.088888889,
      1.034444444,
      0.98,
      0.925555556,
      0.871111111,
      0.816666667,
      0.762222222,
      0.707777778,
      0.653333333,
      0.598888889,
      0.544444444,
      0.49,
      0.435555556,
      0.381111111,
      0.326666667,
      0.272222222,
      0.217777778,
      0.163333333,
      0.108888889,
      0.054444444,
      0
    ],
    "TaskName": "task-images",
    "UsePhilipsFloatNotDisplayScaling": 1,
    "dataset": "ds001491",
    "modality": "bold",
    "subject_id": "09",
    "task_id": "images"
  },
  "dummy_trs": 0,
  "dvars_nstd": 29.84385510068668,
  "dvars_std": 1.1344134386909879,
  "dvars_vstd": 0.9393119883476393,
  "efc": 0.4213200719455298,
  "fber": 229767.328125,
  "fd_mean": 0.21871057811913674,
  "fd_num": 132,
  "fd_perc": 28.265524625267666,
  "fwhm_avg": 1.8852447619047619,
  "fwhm_x": 1.72296,
  "fwhm_y": 2.121402857142857,
  "fwhm_z": 1.8113714285714286,
  "gcor": 0.0356152,
  "gsr_x": -0.009127005003392696,
  "gsr_y": 0.03174304589629173,
  "provenance": {
    "md5sum": "8bfe5bd9c4bba9c8b9532316cd058f6c",
    "settings": {
      "fd_thres": 0.2,
      "testing": false
    },
    "software": "mriqc",
    "version": "22.0.6",
    "webapi_port": null,
    "webapi_url": "https://mriqc.nimh.nih.gov/api/v1"
  },
  "size_t": 467,
  "size_x": 64,
  "size_y": 64,
  "size_z": 45,
  "snr": 4.310723701453381,
  "spacing_tr": 2.450000047683716,
  "spacing_x": 3.5,
  "spacing_y": 3.5,
  "spacing_z": 3.5,
  "summary_bg_k": 130.01976385493168,
  "summary_bg_mad": 2091.4314078775415,
  "summary_bg_mean": 14429.3798828125,
  "summary_bg_median": 1426.9892578125,
  "summary_bg_n": 122642.0,
  "summary_bg_p05": 9.744278049468994,
  "summary_bg_p95": 66706.4625,
  "summary_bg_stdv": 39125.02734375,
  "summary_fg_k": 5.432800996660429,
  "summary_fg_mad": 116689.22689650863,
  "summary_fg_mean": 666031.0625,
  "summary_fg_median": 641852.875,
  "summary_fg_n": 26344.0,
  "summary_fg_p05": 487267.5921875,
  "summary_fg_p95": 917100.496875,
  "summary_fg_stdv": 148893.953125,
  "tsnr": 36.985511779785156
}