{
  "aor": 0.002206367521367521,
  "aqi": 0.003259485042735043,
  "bids_meta": {
    "EchoTime": 0.00802,
    "EchoTrainLength": 23,
    "FlipAngle": 80,
    "InstitutionName": "Univerity Medical Center Groningen",
    "InstitutionalDepartmentName": "Neuroimaging Center Groningen",
    "MagneticFieldStrength": 3,
    "Manufacturer": "Philips",
    "ManufacturersModelName": "Intera",
    "Modality": "MR",
    "PatientPosition": "HFS",
    "PhilipsRescaleIntercept": 0,
    "PhilipsRescaleSlope": 282.541,
    "PhilipsScaleSlope": 0.0011356,
    "ProtocolName": "WIPR-state_ME_descending-sso-DSSENSE4.2",
    "ReceiveCoilName": "SENSE-Head-32P",
    "ReconMatrixPE": 64,
    "RepetitionTime": 2.45,
    "SliceThickness": 3.5,
    "SliceTiming": [
      2.395555556,
      2.341111111,
      2.286666667,
      2.232222222,
      2.177777778,
      2.123333333,
      2.068888889,
      2.014444444,
      1.96,
      1.905555556,
      1.851111111,
      1.796666667,
      1.742222222,
      1.687777778,
      1.633333333,
      1.578888889,
      1.524444444,
      1.47,
      1.415555556,
      1.361111111,
      1.306666667,
      1.252222222,
      1.197777778,
      1.143333333,
      1.088888889,
      1.034444444,
      0.98,
      0.925555556,
      0.871111111,
      0.816666667,
      0.762222222,
      0.707777778,
      0.653333333,
      0.598888889,
      0.544444444,
      0.49,
      0.435555556,
      0.381111111,
      0.326666667,
      0.272222222,
      0.217777778,
      0.163333333,
      0.108888889,
      0.054444444,
      0
    ],
    "TaskName": "task-FlavorRun1",
    "UsePhilipsFloatNotDisplayScaling": 1,
    "dataset": "ds001491",
    "modality": "bold",
    "subject_id": "09",
    "task_id": "FlavorRun1"
  },
  "dummy_trs": 0,
  "dvars_nstd": 17.094702769785407,
  "dvars_std": 1.324567493648069,
  "dvars_vstd": 1.0116582843776818,
  "efc": 0.5073210315666697,
  "fber": 29844.365234375,
  "fd_mean": 0.1363493503299555,
  "fd_num": 52,
  "fd_perc": 22.22222222222222,
  "fwhm_avg": 2.1730933333333335,
  "fwhm_x": 2.03566,
  "fwhm_y": 2.3177114285714286,
  "fwhm_z": 2.1659085714285715,
  "gcor": 0.0339521,
  "gsr_x": -0.009949971921741962,
  "gsr_y": 0.05657553672790527,
  "provenance": {
    "md5sum": "e673f7e1f0c439ce8e3dfd0ad1b2444a",
    "settings": {
      "fd_thres": 0.2,
      "testing": false
    },
    "software": "mriqc",
    "version": "22.0.6",
    "webapi_port": null,
    "webapi_url": "https://mriqc.nimh.nih.gov/api/v1"
  },
  "size_t": 234,
  "size_x": 64,
  "size_y": 64,
  "size_z": 45,
  "snr": 7.004633922278414,
  "spacing_tr": 2.450000047683716,
  "spacing_x": 3.5,
  "spacing_y": 3.5,
  "spacing_z": 3.5,
  "summary_bg_k": 12.493481968031807,
  "summary_bg_mad": 7356.7614322108475,
  "summary_bg_mean": 56878.1796875,
  "summary_bg_median": 5608.77294921875,
  "summary_bg_n": 116459.0,
  "summary_bg_p05": 334.9664672851563,
  "summary_bg_p95": 324437.9437499994,
  "summary_bg_stdv": 122109.40625,
  "summary_fg_k": 0.6504662682557352,
  "summary_fg_mad": 131453.628426858,
  "summary_fg_mean": 923635.9375,
  "summary_fg_median": 916002.3125,
  "summary_fg_n": 31375.0,
  "summary_fg_p05": 725472.14375,
  "summary_fg_p95": 1142017.1125,
  "summary_fg_stdv": 130768.8203125,
  "tsnr": 97.71955108642578
}