{
  "aor": 0.0042064,
  "aqi": 0.005573598666666666,
  "bids_meta": {
    "EchoTime": 0.02203,
    "EchoTrainLength": 23,
    "FlipAngle": 80,
    "InstitutionName": "Univerity Medical Center Groningen",
    "InstitutionalDepartmentName": "Neuroimaging Center Groningen",
    "MagneticFieldStrength": 3,
    "Manufacturer": "Philips",
    "ManufacturersModelName": "Intera",
    "Modality": "MR",
    "PatientPosition": "HFS",
    "PhilipsRescaleIntercept": 0,
    "PhilipsRescaleSlope": 282.541,
    "PhilipsScaleSlope": 0.0011356,
    "ProtocolName": "WIPR-state_ME_descending-sso-DSSENSE4.2",
    "ReceiveCoilName": "SENSE-Head-32P",
    "ReconMatrixPE": 64,
    "RepetitionTime": 2.45,
    "SliceThickness": 3.5,
    "SliceTiming": [
      2.395555556,
      2.341111111,
      2.286666667,
      2.232222222,
      2.177777778,
      2.123333333,
      2.068888889,
      2.014444444,
      1.96,
      1.905555556,
      1.851111111,
      1.796666667,
      1.742222222,
      1.687777778,
      1.633333333,
      1.578888889,
      1.524444444,
      1.47,
      1.415555556,
      1.361111111,
      1.306666667,
      1.252222222,
      1.197777778,
      1.143333333,
      1.088888889,
      1.034444444,
      0.98,
      0.925555556,
      0.871111111,
      0.816666667,
      0.762222222,
      0.707777778,
      0.653333333,
      0.598888889,
      0.544444444,
      0.49,
      0.435555556,
      0.381111111,
      0.326666667,
      0.272222222,
      0.217777778,
      0.163333333,
      0.108888889,
      0.054444444,
      0
    ],
    "TaskName": "task-FlavorRun3",
    "UsePhilipsFloatNotDisplayScaling": 1,
    "dataset": "ds001491",
    "modality": "bold",
    "subject_id": "09",
    "task_id": "FlavorRun3"
  },
  "dummy_trs": 0,
  "dvars_nstd": 22.368305798125014,
  "dvars_std": 1.2729962089732143,
  "dvars_vstd": 1.0424305088839287,
  "efc": 0.4589193497067119,
  "fber": 26395.048828125,
  "fd_mean": 0.19385636353403055,
  "fd_num": 77,
  "fd_perc": 34.22222222222222,
  "fwhm_avg": 1.9056857142857142,
  "fwhm_x": 1.752905714285714,
  "fwhm_y": 2.089877142857143,
  "fwhm_z": 1.8742742857142858,
  "gcor": 0.0306703,
  "gsr_x": -0.009915643371641636,
  "gsr_y": 0.030178437009453773,
  "provenance": {
    "md5sum": "aee1673f2da1f194b3d97edcb1e8dc61",
    "settings": {
      "fd_thres": 0.2,
      "testing": false
    },
    "software": "mriqc",
    "version": "22.0.6",
    "webapi_port": null,
    "webapi_url": "https://mriqc.nimh.nih.gov/api/v1"
  },
  "size_t": 225,
  "size_x": 64,
  "size_y": 64,
  "size_z": 45,
  "snr": 5.731733352142101,
  "spacing_tr": 2.450000047683716,
  "spacing_x": 3.5,
  "spacing_y": 3.5,
  "spacing_z": 3.5,
  "summary_bg_k": 37.47652506638137,
  "summary_bg_mad": 5137.936722879518,
  "summary_bg_mean": 26228.958984375,
  "summary_bg_median": 4506.6640625,
  "summary_bg_n": 120660.0,
  "summary_bg_p05": 593.4070739746094,
  "summary_bg_p95": 125311.80117187499,
  "summary_bg_stdv": 62440.5390625,
  "summary_fg_k": 1.8990143944736522,
  "summary_fg_mad": 114590.78878149125,
  "summary_fg_mean": 718088.125,
  "summary_fg_median": 702194.875,
  "summary_fg_n": 28516.0,
  "summary_fg_p05": 552786.46875,
  "summary_fg_p95": 923110.484375,
  "summary_fg_stdv": 122507.890625,
  "tsnr": 71.8878173828125
}