{
  "aor": 0.005486858407079646,
  "aqi": 0.00407122592920354,
  "bids_meta": {
    "EchoTime": 0.00802,
    "EchoTrainLength": 23,
    "FlipAngle": 80,
    "InstitutionName": "Univerity Medical Center Groningen",
    "InstitutionalDepartmentName": "Neuroimaging Center Groningen",
    "MagneticFieldStrength": 3,
    "Manufacturer": "Philips",
    "ManufacturersModelName": "Intera",
    "Modality": "MR",
    "PatientPosition": "HFS",
    "PhilipsRescaleIntercept": 0,
    "PhilipsRescaleSlope": 282.541,
    "PhilipsScaleSlope": 0.0011356,
    "ProtocolName": "WIPR-state_ME_descending-sso-DSSENSE4.2",
    "ReceiveCoilName": "SENSE-Head-32P",
    "ReconMatrixPE": 64,
    "RepetitionTime": 2.45,
    "SliceThickness": 3.5,
    "SliceTiming": [
      2.395555556,
      2.341111111,
      2.286666667,
      2.232222222,
      2.177777778,
      2.123333333,
      2.068888889,
      2.014444444,
      1.96,
      1.905555556,
      1.851111111,
      1.796666667,
      1.742222222,
      1.687777778,
      1.633333333,
      1.578888889,
      1.524444444,
      1.47,
      1.415555556,
      1.361111111,
      1.306666667,
      1.252222222,
      1.197777778,
      1.143333333,
      1.088888889,
      1.034444444,
      0.98,
      0.925555556,
      0.871111111,
      0.816666667,
      0.762222222,
      0.707777778,
      0.653333333,
      0.598888889,
      0.544444444,
      0.49,
      0.435555556,
      0.381111111,
      0.326666667,
      0.272222222,
      0.217777778,
      0.163333333,
      0.108888889,
      0.054444444,
      0
    ],
    "TaskName": "task-FlavorRun4",
    "UsePhilipsFloatNotDisplayScaling": 1,
    "dataset": "ds001491",
    "modality": "bold",
    "subject_id": "09",
    "task_id": "FlavorRun4"
  },
  "dummy_trs": 0,
  "dvars_nstd": 20.16018713617778,
  "dvars_std": 1.3401642614222211,
  "dvars_vstd": 1.0716185503555555,
  "efc": 0.5132250244180743,
  "fber": 17868.228515625,
  "fd_mean": 0.2912733135379838,
  "fd_num": 126,
  "fd_perc": 55.75221238938053,
  "fwhm_avg": 2.1408590476190477,
  "fwhm_x": 2.0076485714285712,
  "fwhm_y": 2.2808657142857145,
  "fwhm_z": 2.1340628571428573,
  "gcor": 0.0135025,
  "gsr_x": -0.009383151307702065,
  "gsr_y": 0.056188084185123444,
  "provenance": {
    "md5sum": "6105d455c95c5330312960e131afdb3e",
    "settings": {
      "fd_thres": 0.2,
      "testing": false
    },
    "software": "mriqc",
    "version": "22.0.6",
    "webapi_port": null,
    "webapi_url": "https://mriqc.nimh.nih.gov/api/v1"
  },
  "size_t": 226,
  "size_x": 64,
  "size_y": 64,
  "size_z": 45,
  "snr": 7.2064853014170644,
  "spacing_tr": 2.450000047683716,
  "spacing_x": 3.5,
  "spacing_y": 3.5,
  "spacing_z": 3.5,
  "summary_bg_k": 10.458659959335561,
  "summary_bg_mad": 8930.193668515556,
  "summary_bg_mean": 61052.9296875,
  "summary_bg_median": 7209.7685546875,
  "summary_bg_n": 116466.0,
  "summary_bg_p05": 708.8605194091797,
  "summary_bg_p95": 344284.875,
  "summary_bg_stdv": 125624.375,
  "summary_fg_k": 0.5099506117926875,
  "summary_fg_mad": 128738.98376477425,
  "summary_fg_mean": 927786.0625,
  "summary_fg_median": 920191.25,
  "summary_fg_n": 31226.0,
  "summary_fg_p05": 734514.453125,
  "summary_fg_p95": 1140693.75,
  "summary_fg_stdv": 127687.28125,
  "tsnr": 88.31878662109375
}