{
  "aor": 0.0037983725910064247,
  "aqi": 0.011572543554603854,
  "bids_meta": {
    "EchoTime": 0.02203,
    "EchoTrainLength": 23,
    "FlipAngle": 80,
    "InstitutionName": "Univerity Medical Center Groningen",
    "InstitutionalDepartmentName": "Neuroimaging Center Groningen",
    "MagneticFieldStrength": 3,
    "Manufacturer": "Philips",
    "ManufacturersModelName": "Intera",
    "Modality": "MR",
    "PatientPosition": "HFS",
    "PhilipsRescaleIntercept": 0,
    "PhilipsRescaleSlope": 282.541,
    "PhilipsScaleSlope": 0.0011356,
    "ProtocolName": "WIPR-state_ME_descending-sso-DSSENSE4.2",
    "ReceiveCoilName": "SENSE-Head-32P",
    "ReconMatrixPE": 64,
    "RepetitionTime": 2.45,
    "SliceThickness": 3.5,
    "SliceTiming": [
      2.395555556,
      2.341111111,
      2.286666667,
      2.232222222,
      2.177777778,
      2.123333333,
      2.068888889,
      2.014444444,
      1.96,
      1.905555556,
      1.851111111,
      1.796666667,
      1.742222222,
      1.687777778,
      1.633333333,
      1.578888889,
      1.524444444,
      1.47,
      1.415555556,
      1.361111111,
      1.306666667,
      1.252222222,
      1.197777778,
      1.143333333,
      1.088888889,
      1.034444444,
      0.98,
      0.925555556,
      0.871111111,
      0.816666667,
      0.762222222,
      0.707777778,
      0.653333333,
      0.598888889,
      0.544444444,
      0.49,
      0.435555556,
      0.381111111,
      0.326666667,
      0.272222222,
      0.217777778,
      0.163333333,
      0.108888889,
      0.054444444,
      0
    ],
    "TaskName": "task-images",
    "UsePhilipsFloatNotDisplayScaling": 1,
    "dataset": "ds001491",
    "modality": "bold",
    "subject_id": "09",
    "task_id": "images"
  },
  "dummy_trs": 0,
  "dvars_nstd": 23.030067235085824,
  "dvars_std": 1.1607693624892699,
  "dvars_vstd": 0.9556306879399145,
  "efc": 0.4545099400360036,
  "fber": 186871.765625,
  "fd_mean": 0.21004413934675786,
  "fd_num": 131,
  "fd_perc": 28.051391862955033,
  "fwhm_avg": 1.9031514285714286,
  "fwhm_x": 1.7437285714285713,
  "fwhm_y": 2.112817142857143,
  "fwhm_z": 1.8529085714285713,
  "gcor": 0.0277638,
  "gsr_x": -0.00930660218000412,
  "gsr_y": 0.03544902428984642,
  "provenance": {
    "md5sum": "a238e729cfa7d0d06793bea10ec47bcc",
    "settings": {
      "fd_thres": 0.2,
      "testing": false
    },
    "software": "mriqc",
    "version": "22.0.6",
    "webapi_port": null,
    "webapi_url": "https://mriqc.nimh.nih.gov/api/v1"
  },
  "size_t": 467,
  "size_x": 64,
  "size_y": 64,
  "size_z": 45,
  "snr": 5.716926124077859,
  "spacing_tr": 2.450000047683716,
  "spacing_x": 3.5,
  "spacing_y": 3.5,
  "spacing_z": 3.5,
  "summary_bg_k": 38.74317760769889,
  "summary_bg_mad": 3119.977192597867,
  "summary_bg_mean": 29862.5390625,
  "summary_bg_median": 2120.916015625,
  "summary_bg_n": 120508.0,
  "summary_bg_p05": 10.80248465538025,
  "summary_bg_p95": 147966.634375,
  "summary_bg_stdv": 74749.046875,
  "summary_fg_k": 1.8660080897109097,
  "summary_fg_mad": 137076.95331637244,
  "summary_fg_mean": 858189.1875,
  "summary_fg_median": 839057.8125,
  "summary_fg_n": 28601.0,
  "summary_fg_p05": 659207.3125,
  "summary_fg_p95": 1109180.375,
  "summary_fg_stdv": 146764.734375,
  "tsnr": 51.504581451416016
}