{
  "aor": 0.004750256959314776,
  "aqi": 0.007405769314775161,
  "bids_meta": {
    "EchoTime": 0.00802,
    "EchoTrainLength": 23,
    "FlipAngle": 80,
    "InstitutionName": "Univerity Medical Center Groningen",
    "InstitutionalDepartmentName": "Neuroimaging Center Groningen",
    "MagneticFieldStrength": 3,
    "Manufacturer": "Philips",
    "ManufacturersModelName": "Intera",
    "Modality": "MR",
    "PatientPosition": "HFS",
    "PhilipsRescaleIntercept": 0,
    "PhilipsRescaleSlope": 282.541,
    "PhilipsScaleSlope": 0.0011356,
    "ProtocolName": "WIPR-state_ME_descending-sso-DSSENSE4.2",
    "ReceiveCoilName": "SENSE-Head-32P",
    "ReconMatrixPE": 64,
    "RepetitionTime": 2.45,
    "SliceThickness": 3.5,
    "SliceTiming": [
      2.395555556,
      2.341111111,
      2.286666667,
      2.232222222,
      2.177777778,
      2.123333333,
      2.068888889,
      2.014444444,
      1.96,
      1.905555556,
      1.851111111,
      1.796666667,
      1.742222222,
      1.687777778,
      1.633333333,
      1.578888889,
      1.524444444,
      1.47,
      1.415555556,
      1.361111111,
      1.306666667,
      1.252222222,
      1.197777778,
      1.143333333,
      1.088888889,
      1.034444444,
      0.98,
      0.925555556,
      0.871111111,
      0.816666667,
      0.762222222,
      0.707777778,
      0.653333333,
      0.598888889,
      0.544444444,
      0.49,
      0.435555556,
      0.381111111,
      0.326666667,
      0.272222222,
      0.217777778,
      0.163333333,
      0.108888889,
      0.054444444,
      0
    ],
    "TaskName": "task-images",
    "UsePhilipsFloatNotDisplayScaling": 1,
    "dataset": "ds001491",
    "modality": "bold",
    "subject_id": "09",
    "task_id": "images"
  },
  "dummy_trs": 0,
  "dvars_nstd": 18.31741116107295,
  "dvars_std": 1.210168572446351,
  "dvars_vstd": 0.963924586309013,
  "efc": 0.5106148741454035,
  "fber": 88168.71875,
  "fd_mean": 0.20008620652876638,
  "fd_num": 135,
  "fd_perc": 28.907922912205567,
  "fwhm_avg": 2.0721428571428575,
  "fwhm_x": 1.9288885714285713,
  "fwhm_y": 2.225034285714286,
  "fwhm_z": 2.0625057142857144,
  "gcor": 0.0152392,
  "gsr_x": -0.015013325959444046,
  "gsr_y": 0.060924232006073,
  "provenance": {
    "md5sum": "45f2b0836033e5c62496b06ad15517a3",
    "settings": {
      "fd_thres": 0.2,
      "testing": false
    },
    "software": "mriqc",
    "version": "22.0.6",
    "webapi_port": null,
    "webapi_url": "https://mriqc.nimh.nih.gov/api/v1"
  },
  "size_t": 467,
  "size_x": 64,
  "size_y": 64,
  "size_z": 45,
  "snr": 7.091503775941731,
  "spacing_tr": 2.450000047683716,
  "spacing_x": 3.5,
  "spacing_y": 3.5,
  "spacing_z": 3.5,
  "summary_bg_k": 8.720893367435908,
  "summary_bg_mad": 5865.292071080429,
  "summary_bg_mean": 79083.7109375,
  "summary_bg_median": 3978.821044921875,
  "summary_bg_n": 117819.0,
  "summary_bg_p05": 13.453247928619385,
  "summary_bg_p95": 448825.0718749993,
  "summary_bg_stdv": 164199.53125,
  "summary_fg_k": 0.19429911904579944,
  "summary_fg_mad": 155855.7783412417,
  "summary_fg_mean": 1109885.25,
  "summary_fg_median": 1099198.375,
  "summary_fg_n": 31003.0,
  "summary_fg_p05": 873814.18125,
  "summary_fg_p95": 1377529.2,
  "summary_fg_stdv": 154999.65625,
  "tsnr": 70.57611846923828
}