{
  "aor": 0.002327920353982301,
  "aqi": 0.006017639115044248,
  "bids_meta": {
    "EchoTime": 0.03603,
    "EchoTrainLength": 23,
    "FlipAngle": 80,
    "InstitutionName": "Univerity Medical Center Groningen",
    "InstitutionalDepartmentName": "Neuroimaging Center Groningen",
    "MagneticFieldStrength": 3,
    "Manufacturer": "Philips",
    "ManufacturersModelName": "Intera",
    "Modality": "MR",
    "PatientPosition": "HFS",
    "PhilipsRescaleIntercept": 0,
    "PhilipsRescaleSlope": 282.541,
    "PhilipsScaleSlope": 0.0011356,
    "ProtocolName": "WIPR-state_ME_descending-sso-DSSENSE4.2",
    "ReceiveCoilName": "SENSE-Head-32P",
    "ReconMatrixPE": 64,
    "RepetitionTime": 2.45,
    "SliceThickness": 3.5,
    "SliceTiming": [
      2.395555556,
      2.341111111,
      2.286666667,
      2.232222222,
      2.177777778,
      2.123333333,
      2.068888889,
      2.014444444,
      1.96,
      1.905555556,
      1.851111111,
      1.796666667,
      1.742222222,
      1.687777778,
      1.633333333,
      1.578888889,
      1.524444444,
      1.47,
      1.415555556,
      1.361111111,
      1.306666667,
      1.252222222,
      1.197777778,
      1.143333333,
      1.088888889,
      1.034444444,
      0.98,
      0.925555556,
      0.871111111,
      0.816666667,
      0.762222222,
      0.707777778,
      0.653333333,
      0.598888889,
      0.544444444,
      0.49,
      0.435555556,
      0.381111111,
      0.326666667,
      0.272222222,
      0.217777778,
      0.163333333,
      0.108888889,
      0.054444444,
      0
    ],
    "TaskName": "task-FlavorRun2",
    "UsePhilipsFloatNotDisplayScaling": 1,
    "dataset": "ds001491",
    "modality": "bold",
    "subject_id": "20",
    "task_id": "FlavorRun2"
  },
  "dummy_trs": 0,
  "dvars_nstd": 29.129603449599998,
  "dvars_std": 1.2525266395111112,
  "dvars_vstd": 1.0132776731999995,
  "efc": 0.43052869486489054,
  "fber": 17971.7421875,
  "fd_mean": 0.28026308116905285,
  "fd_num": 141,
  "fd_perc": 62.389380530973455,
  "fwhm_avg": 1.924470476190476,
  "fwhm_x": 1.8828,
  "fwhm_y": 2.068154285714286,
  "fwhm_z": 1.8224571428571428,
  "gcor": 0.027959,
  "gsr_x": -0.006681864615529776,
  "gsr_y": 0.023497741669416428,
  "provenance": {
    "md5sum": "852fd8571bdce6f90fb4f712ebfb9d36",
    "settings": {
      "fd_thres": 0.2,
      "testing": false
    },
    "software": "mriqc",
    "version": "22.0.6",
    "webapi_port": null,
    "webapi_url": "https://mriqc.nimh.nih.gov/api/v1"
  },
  "size_t": 226,
  "size_x": 64,
  "size_y": 64,
  "size_z": 45,
  "snr": 4.422968372341464,
  "spacing_tr": 2.450000047683716,
  "spacing_x": 3.5,
  "spacing_y": 3.5,
  "spacing_z": 3.5,
  "summary_bg_k": 162.63202822301452,
  "summary_bg_mad": 4721.864010575778,
  "summary_bg_mean": 15750.34375,
  "summary_bg_median": 4363.15966796875,
  "summary_bg_n": 123285.0,
  "summary_bg_p05": 641.5428222656251,
  "summary_bg_p95": 61966.89140624999,
  "summary_bg_stdv": 34817.49609375,
  "summary_fg_k": 3.421658517105598,
  "summary_fg_mad": 114318.36062384085,
  "summary_fg_mean": 597862.8125,
  "summary_fg_median": 579194.5625,
  "summary_fg_n": 25999.0,
  "summary_fg_p05": 427900.559375,
  "summary_fg_p95": 823918.9624999999,
  "summary_fg_stdv": 130949.03125,
  "tsnr": 55.4594841003418
}