{
  "aor": 0.0019910454545454545,
  "aqi": 0.0027434865454545455,
  "bids_meta": {
    "EchoTime": 0.00802,
    "EchoTrainLength": 23,
    "FlipAngle": 80,
    "InstitutionName": "Univerity Medical Center Groningen",
    "InstitutionalDepartmentName": "Neuroimaging Center Groningen",
    "MagneticFieldStrength": 3,
    "Manufacturer": "Philips",
    "ManufacturersModelName": "Intera",
    "Modality": "MR",
    "PatientPosition": "HFS",
    "PhilipsRescaleIntercept": 0,
    "PhilipsRescaleSlope": 282.541,
    "PhilipsScaleSlope": 0.0011356,
    "ProtocolName": "WIPR-state_ME_descending-sso-DSSENSE4.2",
    "ReceiveCoilName": "SENSE-Head-32P",
    "ReconMatrixPE": 64,
    "RepetitionTime": 2.45,
    "SliceThickness": 3.5,
    "SliceTiming": [
      2.395555556,
      2.341111111,
      2.286666667,
      2.232222222,
      2.177777778,
      2.123333333,
      2.068888889,
      2.014444444,
      1.96,
      1.905555556,
      1.851111111,
      1.796666667,
      1.742222222,
      1.687777778,
      1.633333333,
      1.578888889,
      1.524444444,
      1.47,
      1.415555556,
      1.361111111,
      1.306666667,
      1.252222222,
      1.197777778,
      1.143333333,
      1.088888889,
      1.034444444,
      0.98,
      0.925555556,
      0.871111111,
      0.816666667,
      0.762222222,
      0.707777778,
      0.653333333,
      0.598888889,
      0.544444444,
      0.49,
      0.435555556,
      0.381111111,
      0.326666667,
      0.272222222,
      0.217777778,
      0.163333333,
      0.108888889,
      0.054444444,
      0
    ],
    "TaskName": "task-FlavorRun4",
    "UsePhilipsFloatNotDisplayScaling": 1,
    "dataset": "ds001491",
    "modality": "bold",
    "subject_id": "20",
    "task_id": "FlavorRun4"
  },
  "dummy_trs": 0,
  "dvars_nstd": 20.565444101187214,
  "dvars_std": 1.362148031780822,
  "dvars_vstd": 1.0083374703652968,
  "efc": 0.5356998670724735,
  "fber": 8196.015625,
  "fd_mean": 0.24337226455601693,
  "fd_num": 114,
  "fd_perc": 51.81818181818182,
  "fwhm_avg": 2.2533361904761904,
  "fwhm_x": 2.198082857142857,
  "fwhm_y": 2.310268571428572,
  "fwhm_z": 2.251657142857143,
  "gcor": 0.00874981,
  "gsr_x": -0.012277605012059212,
  "gsr_y": 0.053893446922302246,
  "provenance": {
    "md5sum": "db462720beabb90db0d4ba62ccb50011",
    "settings": {
      "fd_thres": 0.2,
      "testing": false
    },
    "software": "mriqc",
    "version": "22.0.6",
    "webapi_port": null,
    "webapi_url": "https://mriqc.nimh.nih.gov/api/v1"
  },
  "size_t": 220,
  "size_x": 64,
  "size_y": 64,
  "size_z": 45,
  "snr": 6.582204112308836,
  "spacing_tr": 2.450000047683716,
  "spacing_x": 3.5,
  "spacing_y": 3.5,
  "spacing_z": 3.5,
  "summary_bg_k": 5.4844056034090425,
  "summary_bg_mad": 13795.631107930232,
  "summary_bg_mean": 84293.09375,
  "summary_bg_median": 11023.435546875,
  "summary_bg_n": 116566.0,
  "summary_bg_p05": 1067.6088256835938,
  "summary_bg_p95": 463956.7421875,
  "summary_bg_stdv": 155336.546875,
  "summary_fg_k": 0.7704333631478857,
  "summary_fg_mad": 151927.4384380338,
  "summary_fg_mean": 981805.6875,
  "summary_fg_median": 978279.5,
  "summary_fg_n": 31228.0,
  "summary_fg_p05": 756314.73125,
  "summary_fg_p95": 1225835.4562499996,
  "summary_fg_stdv": 148622.53125,
  "tsnr": 99.95600128173828
}