{
  "aor": 0.019945360360360362,
  "aqi": 0.04553824342342343,
  "bids_meta": {
    "EchoTime": 0.02203,
    "EchoTrainLength": 23,
    "FlipAngle": 80,
    "InstitutionName": "Univerity Medical Center Groningen",
    "InstitutionalDepartmentName": "Neuroimaging Center Groningen",
    "MagneticFieldStrength": 3,
    "Manufacturer": "Philips",
    "ManufacturersModelName": "Intera",
    "Modality": "MR",
    "PatientPosition": "HFS",
    "PhilipsRescaleIntercept": 0,
    "PhilipsRescaleSlope": 282.541,
    "PhilipsScaleSlope": 0.0011356,
    "ProtocolName": "WIPR-state_ME_descending-sso-DSSENSE4.2",
    "ReceiveCoilName": "SENSE-Head-32P",
    "ReconMatrixPE": 64,
    "RepetitionTime": 2.45,
    "SliceThickness": 3.5,
    "SliceTiming": [
      2.395555556,
      2.341111111,
      2.286666667,
      2.232222222,
      2.177777778,
      2.123333333,
      2.068888889,
      2.014444444,
      1.96,
      1.905555556,
      1.851111111,
      1.796666667,
      1.742222222,
      1.687777778,
      1.633333333,
      1.578888889,
      1.524444444,
      1.47,
      1.415555556,
      1.361111111,
      1.306666667,
      1.252222222,
      1.197777778,
      1.143333333,
      1.088888889,
      1.034444444,
      0.98,
      0.925555556,
      0.871111111,
      0.816666667,
      0.762222222,
      0.707777778,
      0.653333333,
      0.598888889,
      0.544444444,
      0.49,
      0.435555556,
      0.381111111,
      0.326666667,
      0.272222222,
      0.217777778,
      0.163333333,
      0.108888889,
      0.054444444,
      0
    ],
    "TaskName": "task-FlavorRun3",
    "UsePhilipsFloatNotDisplayScaling": 1,
    "dataset": "ds001491",
    "modality": "bold",
    "subject_id": "17",
    "task_id": "FlavorRun3"
  },
  "dummy_trs": 0,
  "dvars_nstd": 66.83255255570134,
  "dvars_std": 1.157037088868779,
  "dvars_vstd": 1.0943308246153847,
  "efc": 0.4338784447790725,
  "fber": 36242.03125,
  "fd_mean": 2.8137617352699396,
  "fd_num": 201,
  "fd_perc": 90.54054054054055,
  "fwhm_avg": 2.0355352380952385,
  "fwhm_x": 1.8913200000000001,
  "fwhm_y": 2.27156,
  "fwhm_z": 1.9437257142857143,
  "gcor": 0.00612493,
  "gsr_x": -0.0061159199103713036,
  "gsr_y": 0.036787159740924835,
  "provenance": {
    "md5sum": "086567e1aa774fd36183620ab7b11836",
    "settings": {
      "fd_thres": 0.2,
      "testing": false
    },
    "software": "mriqc",
    "version": "22.0.6",
    "webapi_port": null,
    "webapi_url": "https://mriqc.nimh.nih.gov/api/v1"
  },
  "size_t": 222,
  "size_x": 64,
  "size_y": 64,
  "size_z": 45,
  "snr": 6.159767846637437,
  "spacing_tr": 2.450000047683716,
  "spacing_x": 3.5,
  "spacing_y": 3.5,
  "spacing_z": 3.5,
  "summary_bg_k": 50.33711749946464,
  "summary_bg_mad": 4888.037259743358,
  "summary_bg_mean": 27918.056640625,
  "summary_bg_median": 4094.281005859375,
  "summary_bg_n": 127199.0,
  "summary_bg_p05": 550.9933837890625,
  "summary_bg_p95": 133104.53125,
  "summary_bg_stdv": 64290.0390625,
  "summary_fg_k": 1.031424793504402,
  "summary_fg_mad": 118753.05551598775,
  "summary_fg_mean": 737139.625,
  "summary_fg_median": 727392.375,
  "summary_fg_n": 23588.0,
  "summary_fg_p05": 561432.34375,
  "summary_fg_p95": 929565.9749999999,
  "summary_fg_stdv": 118085.125,
  "tsnr": 22.496990203857422
}