{
  "aor": 0.012648873873873872,
  "aqi": 0.039535653153153154,
  "bids_meta": {
    "EchoTime": 0.03603,
    "EchoTrainLength": 23,
    "FlipAngle": 80,
    "InstitutionName": "Univerity Medical Center Groningen",
    "InstitutionalDepartmentName": "Neuroimaging Center Groningen",
    "MagneticFieldStrength": 3,
    "Manufacturer": "Philips",
    "ManufacturersModelName": "Intera",
    "Modality": "MR",
    "PatientPosition": "HFS",
    "PhilipsRescaleIntercept": 0,
    "PhilipsRescaleSlope": 282.541,
    "PhilipsScaleSlope": 0.0011356,
    "ProtocolName": "WIPR-state_ME_descending-sso-DSSENSE4.2",
    "ReceiveCoilName": "SENSE-Head-32P",
    "ReconMatrixPE": 64,
    "RepetitionTime": 2.45,
    "SliceThickness": 3.5,
    "SliceTiming": [
      2.395555556,
      2.341111111,
      2.286666667,
      2.232222222,
      2.177777778,
      2.123333333,
      2.068888889,
      2.014444444,
      1.96,
      1.905555556,
      1.851111111,
      1.796666667,
      1.742222222,
      1.687777778,
      1.633333333,
      1.578888889,
      1.524444444,
      1.47,
      1.415555556,
      1.361111111,
      1.306666667,
      1.252222222,
      1.197777778,
      1.143333333,
      1.088888889,
      1.034444444,
      0.98,
      0.925555556,
      0.871111111,
      0.816666667,
      0.762222222,
      0.707777778,
      0.653333333,
      0.598888889,
      0.544444444,
      0.49,
      0.435555556,
      0.381111111,
      0.326666667,
      0.272222222,
      0.217777778,
      0.163333333,
      0.108888889,
      0.054444444,
      0
    ],
    "TaskName": "task-FlavorRun2",
    "UsePhilipsFloatNotDisplayScaling": 1,
    "dataset": "ds001491",
    "modality": "bold",
    "subject_id": "17",
    "task_id": "FlavorRun2"
  },
  "dummy_trs": 0,
  "dvars_nstd": 62.23638231610859,
  "dvars_std": 1.0601797533484167,
  "dvars_vstd": 1.000740651266968,
  "efc": 0.40107819265803457,
  "fber": 18882.529296875,
  "fd_mean": 1.9426463238619553,
  "fd_num": 199,
  "fd_perc": 89.63963963963964,
  "fwhm_avg": 1.9387304761904762,
  "fwhm_x": 1.7963828571428573,
  "fwhm_y": 2.1950942857142857,
  "fwhm_z": 1.8247142857142857,
  "gcor": 0.00681551,
  "gsr_x": -0.00558782834559679,
  "gsr_y": 0.030515020713210106,
  "provenance": {
    "md5sum": "d40224c293d31ac70f3e821068b8a4f2",
    "settings": {
      "fd_thres": 0.2,
      "testing": false
    },
    "software": "mriqc",
    "version": "22.0.6",
    "webapi_port": null,
    "webapi_url": "https://mriqc.nimh.nih.gov/api/v1"
  },
  "size_t": 222,
  "size_x": 64,
  "size_y": 64,
  "size_z": 45,
  "snr": 4.869391365336587,
  "spacing_tr": 2.450000047683716,
  "spacing_x": 3.5,
  "spacing_y": 3.5,
  "spacing_z": 3.5,
  "summary_bg_k": 182.7762525091171,
  "summary_bg_mad": 3991.8930806793396,
  "summary_bg_mean": 14602.7158203125,
  "summary_bg_median": 4120.5595703125,
  "summary_bg_n": 129824.0,
  "summary_bg_p05": 939.7075012207031,
  "summary_bg_p95": 56854.12988281245,
  "summary_bg_stdv": 34834.64453125,
  "summary_fg_k": 3.460767953765469,
  "summary_fg_mad": 105496.32144790058,
  "summary_fg_mean": 565073.5625,
  "summary_fg_median": 552388.0,
  "summary_fg_n": 21195.0,
  "summary_fg_p05": 409769.978125,
  "summary_fg_p95": 748416.2812499999,
  "summary_fg_stdv": 113438.1953125,
  "tsnr": 21.415409088134766
}