{
  "aor": 0.01167986301369863,
  "aqi": 0.04804033561643835,
  "bids_meta": {
    "EchoTime": 0.03603,
    "EchoTrainLength": 23,
    "FlipAngle": 80,
    "InstitutionName": "Univerity Medical Center Groningen",
    "InstitutionalDepartmentName": "Neuroimaging Center Groningen",
    "MagneticFieldStrength": 3,
    "Manufacturer": "Philips",
    "ManufacturersModelName": "Intera",
    "Modality": "MR",
    "PatientPosition": "HFS",
    "PhilipsRescaleIntercept": 0,
    "PhilipsRescaleSlope": 282.541,
    "PhilipsScaleSlope": 0.0011356,
    "ProtocolName": "WIPR-state_ME_descending-sso-DSSENSE4.2",
    "ReceiveCoilName": "SENSE-Head-32P",
    "ReconMatrixPE": 64,
    "RepetitionTime": 2.45,
    "SliceThickness": 3.5,
    "SliceTiming": [
      2.395555556,
      2.341111111,
      2.286666667,
      2.232222222,
      2.177777778,
      2.123333333,
      2.068888889,
      2.014444444,
      1.96,
      1.905555556,
      1.851111111,
      1.796666667,
      1.742222222,
      1.687777778,
      1.633333333,
      1.578888889,
      1.524444444,
      1.47,
      1.415555556,
      1.361111111,
      1.306666667,
      1.252222222,
      1.197777778,
      1.143333333,
      1.088888889,
      1.034444444,
      0.98,
      0.925555556,
      0.871111111,
      0.816666667,
      0.762222222,
      0.707777778,
      0.653333333,
      0.598888889,
      0.544444444,
      0.49,
      0.435555556,
      0.381111111,
      0.326666667,
      0.272222222,
      0.217777778,
      0.163333333,
      0.108888889,
      0.054444444,
      0
    ],
    "TaskName": "task-FlavorRun4",
    "UsePhilipsFloatNotDisplayScaling": 1,
    "dataset": "ds001491",
    "modality": "bold",
    "subject_id": "17",
    "task_id": "FlavorRun4"
  },
  "dummy_trs": 0,
  "dvars_nstd": 74.31871092188067,
  "dvars_std": 1.0956543104587153,
  "dvars_vstd": 1.0027348219724768,
  "efc": 0.4027400757259317,
  "fber": 15217.4833984375,
  "fd_mean": 2.948505733421381,
  "fd_num": 182,
  "fd_perc": 83.10502283105023,
  "fwhm_avg": 1.9419314285714286,
  "fwhm_x": 1.8198857142857143,
  "fwhm_y": 2.1788342857142857,
  "fwhm_z": 1.8270742857142857,
  "gcor": 0.00633365,
  "gsr_x": -0.005210724659264088,
  "gsr_y": 0.030144495889544487,
  "provenance": {
    "md5sum": "4f6e0935cad0a0c9f4b5093c38b99637",
    "settings": {
      "fd_thres": 0.2,
      "testing": false
    },
    "software": "mriqc",
    "version": "22.0.6",
    "webapi_port": null,
    "webapi_url": "https://mriqc.nimh.nih.gov/api/v1"
  },
  "size_t": 219,
  "size_x": 64,
  "size_y": 64,
  "size_z": 45,
  "snr": 4.941562572764847,
  "spacing_tr": 2.450000047683716,
  "spacing_x": 3.5,
  "spacing_y": 3.5,
  "spacing_z": 3.5,
  "summary_bg_k": 178.23803234443074,
  "summary_bg_mad": 4082.0863143102565,
  "summary_bg_mean": 15063.18359375,
  "summary_bg_median": 4576.80712890625,
  "summary_bg_n": 129922.0,
  "summary_bg_p05": 1310.1085266113282,
  "summary_bg_p95": 57338.82675781244,
  "summary_bg_stdv": 34618.953125,
  "summary_fg_k": 3.3903905359821014,
  "summary_fg_mad": 104642.62055795733,
  "summary_fg_mean": 565897.0,
  "summary_fg_median": 552999.9375,
  "summary_fg_n": 21101.0,
  "summary_fg_p05": 409891.59375,
  "summary_fg_p95": 746436.375,
  "summary_fg_stdv": 111905.2578125,
  "tsnr": 19.57306671142578
}