{
  "bids_meta": {
    "EchoTime": 0.00351,
    "FlipAngle": 8,
    "InstitutionName": "Univerity Medical Center Groningen",
    "InstitutionalDepartmentName": "Neuroimaging Center Groningen",
    "MagneticFieldStrength": 3,
    "Manufacturer": "Philips",
    "ManufacturersModelName": "Intera",
    "Modality": "MR",
    "PatientPosition": "HFS",
    "PhilipsRescaleIntercept": 0,
    "PhilipsRescaleSlope": 12.7477,
    "PhilipsScaleSlope": 0.000299206,
    "ProtocolName": "T13DSENSEtool4.2",
    "ReceiveCoilName": "SENSE-Head-32P",
    "ReconMatrixPE": 256,
    "RepetitionTime": 0.009,
    "UsePhilipsFloatNotDisplayScaling": 1,
    "dataset": "ds001491",
    "modality": "T1w",
    "subject_id": "19"
  },
  "cjv": 0.3571743083510656,
  "cnr": 3.812525938482697,
  "efc": 0.77213823234468,
  "fber": -1.0,
  "fwhm_avg": 3.408633333333334,
  "fwhm_x": 3.39088,
  "fwhm_y": 3.51024,
  "fwhm_z": 3.32478,
  "icvs_csf": 0.20681078461423785,
  "icvs_gm": 0.3999132818685341,
  "icvs_wm": 0.39327593351722806,
  "inu_med": 0.7080487608909607,
  "inu_range": 0.4003181904554366,
  "provenance": {
    "md5sum": "c4514a29d4c0c7c2997c5795db57e1d7",
    "settings": {
      "testing": false
    },
    "software": "mriqc",
    "version": "22.0.6",
    "warnings": {
      "large_rot_frame": true,
      "small_air_mask": true
    },
    "webapi_port": null,
    "webapi_url": "https://mriqc.nimh.nih.gov/api/v1"
  },
  "qi_1": 0.0,
  "qi_2": 4.922154277834342e-06,
  "rpve_csf": 21.0211627026626,
  "rpve_gm": 10.82566972025713,
  "rpve_wm": 13.33059414185544,
  "size_x": 256,
  "size_y": 256,
  "size_z": 170,
  "snr_csf": 1.1980721135622847,
  "snr_gm": 8.759761330385594,
  "snr_total": 9.962796236423591,
  "snr_wm": 19.930555265322894,
  "snrd_csf": 19.57067658993923,
  "snrd_gm": 62.07569754308505,
  "snrd_total": 58.78190894216139,
  "snrd_wm": 94.6993526934599,
  "spacing_x": 1.0,
  "spacing_y": 1.0,
  "spacing_z": 1.0,
  "summary_bg_k": 45.148297498538945,
  "summary_bg_mad": 0.0,
  "summary_bg_mean": 1.9274599709351994,
  "summary_bg_median": 0.0,
  "summary_bg_n": 239550.0,
  "summary_bg_p05": 0.0,
  "summary_bg_p95": 13.968635123223066,
  "summary_bg_stdv": 6.918461671809122,
  "summary_csf_k": 12.010691685290224,
  "summary_csf_mad": 131.28994112858067,
  "summary_csf_mean": 239.4228509148615,
  "summary_csf_median": 206.67295524850488,
  "summary_csf_n": 25056.0,
  "summary_csf_p05": 49.16159723326564,
  "summary_csf_p95": 516.3181752422825,
  "summary_csf_stdv": 172.50116136332184,
  "summary_gm_k": 0.18324066268367956,
  "summary_gm_mad": 74.9411454280721,
  "summary_gm_mean": 656.6726157202295,
  "summary_gm_median": 655.5403335895389,
  "summary_gm_n": 28106.0,
  "summary_gm_p05": 536.0999335711822,
  "summary_gm_p95": 780.8295639585704,
  "summary_gm_stdv": 74.83407901574577,
  "summary_wm_k": 0.40083545723549996,
  "summary_wm_mad": 48.11141068453795,
  "summary_wm_mean": 1000.4014813321215,
  "summary_wm_median": 1000.057151388377,
  "summary_wm_n": 250120.0,
  "summary_wm_p05": 919.2447408288717,
  "summary_wm_p95": 1083.5261735357344,
  "summary_wm_stdv": 50.176983978547895,
  "tpm_overlap_csf": 0.1310572975585594,
  "tpm_overlap_gm": 0.43991453187371904,
  "tpm_overlap_wm": 0.5003074515598375,
  "wm2max": 0.6591294197386753
}