{
  "aor": 0.005150222222222222,
  "aqi": 0.003581286266666667,
  "bids_meta": {
    "EchoTime": 0.00802,
    "EchoTrainLength": 23,
    "FlipAngle": 80,
    "InstitutionName": "Univerity Medical Center Groningen",
    "InstitutionalDepartmentName": "Neuroimaging Center Groningen",
    "MagneticFieldStrength": 3,
    "Manufacturer": "Philips",
    "ManufacturersModelName": "Intera",
    "Modality": "MR",
    "PatientPosition": "HFS",
    "PhilipsRescaleIntercept": 0,
    "PhilipsRescaleSlope": 282.541,
    "PhilipsScaleSlope": 0.0011356,
    "ProtocolName": "WIPR-state_ME_descending-sso-DSSENSE4.2",
    "ReceiveCoilName": "SENSE-Head-32P",
    "ReconMatrixPE": 64,
    "RepetitionTime": 2.45,
    "SliceThickness": 3.5,
    "SliceTiming": [
      2.395555556,
      2.341111111,
      2.286666667,
      2.232222222,
      2.177777778,
      2.123333333,
      2.068888889,
      2.014444444,
      1.96,
      1.905555556,
      1.851111111,
      1.796666667,
      1.742222222,
      1.687777778,
      1.633333333,
      1.578888889,
      1.524444444,
      1.47,
      1.415555556,
      1.361111111,
      1.306666667,
      1.252222222,
      1.197777778,
      1.143333333,
      1.088888889,
      1.034444444,
      0.98,
      0.925555556,
      0.871111111,
      0.816666667,
      0.762222222,
      0.707777778,
      0.653333333,
      0.598888889,
      0.544444444,
      0.49,
      0.435555556,
      0.381111111,
      0.326666667,
      0.272222222,
      0.217777778,
      0.163333333,
      0.108888889,
      0.054444444,
      0
    ],
    "TaskName": "task-FlavorRun3",
    "UsePhilipsFloatNotDisplayScaling": 1,
    "dataset": "ds001491",
    "modality": "bold",
    "subject_id": "09",
    "task_id": "FlavorRun3"
  },
  "dummy_trs": 0,
  "dvars_nstd": 17.739668650089286,
  "dvars_std": 1.3323765842857138,
  "dvars_vstd": 1.055333627098214,
  "efc": 0.51303994862472,
  "fber": 18243.064453125,
  "fd_mean": 0.19017626635406598,
  "fd_num": 75,
  "fd_perc": 33.333333333333336,
  "fwhm_avg": 2.1209257142857143,
  "fwhm_x": 2.003457142857143,
  "fwhm_y": 2.258785714285714,
  "fwhm_z": 2.1005342857142857,
  "gcor": 0.0128605,
  "gsr_x": -0.01139366626739502,
  "gsr_y": 0.05564049258828163,
  "provenance": {
    "md5sum": "930ecb4871a518df7cda53b8b9b7ec8e",
    "settings": {
      "fd_thres": 0.2,
      "testing": false
    },
    "software": "mriqc",
    "version": "22.0.6",
    "webapi_port": null,
    "webapi_url": "https://mriqc.nimh.nih.gov/api/v1"
  },
  "size_t": 225,
  "size_x": 64,
  "size_y": 64,
  "size_z": 45,
  "snr": 7.245023176049293,
  "spacing_tr": 2.450000047683716,
  "spacing_x": 3.5,
  "spacing_y": 3.5,
  "spacing_z": 3.5,
  "summary_bg_k": 10.578765177379603,
  "summary_bg_mad": 8829.203699136557,
  "summary_bg_mean": 61450.625,
  "summary_bg_median": 7125.515625,
  "summary_bg_n": 116654.0,
  "summary_bg_p05": 698.8138031005859,
  "summary_bg_p95": 346141.0468749998,
  "summary_bg_stdv": 126851.6171875,
  "summary_fg_k": 0.5855220769968907,
  "summary_fg_mad": 128011.026075488,
  "summary_fg_mean": 924260.9375,
  "summary_fg_median": 916783.5,
  "summary_fg_n": 31222.0,
  "summary_fg_p05": 732310.390625,
  "summary_fg_p95": 1134755.78125,
  "summary_fg_stdv": 126537.734375,
  "tsnr": 96.92361450195312
}