{
  "aor": 0.001640128205128205,
  "aqi": 0.006768959829059828,
  "bids_meta": {
    "EchoTime": 0.03603,
    "EchoTrainLength": 23,
    "FlipAngle": 80,
    "InstitutionName": "Univerity Medical Center Groningen",
    "InstitutionalDepartmentName": "Neuroimaging Center Groningen",
    "MagneticFieldStrength": 3,
    "Manufacturer": "Philips",
    "ManufacturersModelName": "Intera",
    "Modality": "MR",
    "PatientPosition": "HFS",
    "PhilipsRescaleIntercept": 0,
    "PhilipsRescaleSlope": 282.541,
    "PhilipsScaleSlope": 0.0011356,
    "ProtocolName": "WIPR-state_ME_descending-sso-DSSENSE4.2",
    "ReceiveCoilName": "SENSE-Head-32P",
    "ReconMatrixPE": 64,
    "RepetitionTime": 2.45,
    "SliceThickness": 3.5,
    "SliceTiming": [
      2.395555556,
      2.341111111,
      2.286666667,
      2.232222222,
      2.177777778,
      2.123333333,
      2.068888889,
      2.014444444,
      1.96,
      1.905555556,
      1.851111111,
      1.796666667,
      1.742222222,
      1.687777778,
      1.633333333,
      1.578888889,
      1.524444444,
      1.47,
      1.415555556,
      1.361111111,
      1.306666667,
      1.252222222,
      1.197777778,
      1.143333333,
      1.088888889,
      1.034444444,
      0.98,
      0.925555556,
      0.871111111,
      0.816666667,
      0.762222222,
      0.707777778,
      0.653333333,
      0.598888889,
      0.544444444,
      0.49,
      0.435555556,
      0.381111111,
      0.326666667,
      0.272222222,
      0.217777778,
      0.163333333,
      0.108888889,
      0.054444444,
      0
    ],
    "TaskName": "task-FlavorRun1",
    "UsePhilipsFloatNotDisplayScaling": 1,
    "dataset": "ds001491",
    "modality": "bold",
    "subject_id": "09",
    "task_id": "FlavorRun1"
  },
  "dummy_trs": 0,
  "dvars_nstd": 27.25881912982834,
  "dvars_std": 1.2381819986266083,
  "dvars_vstd": 1.0063739086266088,
  "efc": 0.42393767965640206,
  "fber": 40152.13671875,
  "fd_mean": 0.14607492591593235,
  "fd_num": 48,
  "fd_perc": 20.512820512820515,
  "fwhm_avg": 1.8975009523809525,
  "fwhm_x": 1.7392314285714288,
  "fwhm_y": 2.1223,
  "fwhm_z": 1.8309714285714287,
  "gcor": 0.0581772,
  "gsr_x": -0.009400732815265656,
  "gsr_y": 0.02670055627822876,
  "provenance": {
    "md5sum": "b1ca31567caf55e4fc9233359d95ef57",
    "settings": {
      "fd_thres": 0.2,
      "testing": false
    },
    "software": "mriqc",
    "version": "22.0.6",
    "webapi_port": null,
    "webapi_url": "https://mriqc.nimh.nih.gov/api/v1"
  },
  "size_t": 234,
  "size_x": 64,
  "size_y": 64,
  "size_z": 45,
  "snr": 4.226603329013654,
  "spacing_tr": 2.450000047683716,
  "spacing_x": 3.5,
  "spacing_y": 3.5,
  "spacing_z": 3.5,
  "summary_bg_k": 102.37490980467838,
  "summary_bg_mad": 3182.1445506513337,
  "summary_bg_mean": 12771.83203125,
  "summary_bg_median": 2758.2275390625,
  "summary_bg_n": 122920.0,
  "summary_bg_p05": 258.3635375976564,
  "summary_bg_p95": 55075.53964843714,
  "summary_bg_stdv": 32775.484375,
  "summary_fg_k": 5.45866001630359,
  "summary_fg_mad": 98897.46746426912,
  "summary_fg_mean": 555367.75,
  "summary_fg_median": 535284.0,
  "summary_fg_n": 26206.0,
  "summary_fg_p05": 403947.3203125,
  "summary_fg_p95": 763362.0625,
  "summary_fg_stdv": 126643.9609375,
  "tsnr": 55.909549713134766
}