{
  "aor": 0.0016317567567567565,
  "aqi": 0.004817778513513513,
  "bids_meta": {
    "EchoTime": 0.02203,
    "EchoTrainLength": 23,
    "FlipAngle": 80,
    "InstitutionName": "Univerity Medical Center Groningen",
    "InstitutionalDepartmentName": "Neuroimaging Center Groningen",
    "MagneticFieldStrength": 3,
    "Manufacturer": "Philips",
    "ManufacturersModelName": "Intera",
    "Modality": "MR",
    "PatientPosition": "HFS",
    "PhilipsRescaleIntercept": 0,
    "PhilipsRescaleSlope": 282.541,
    "PhilipsScaleSlope": 0.0011356,
    "ProtocolName": "WIPR-state_ME_descending-sso-DSSENSE4.2",
    "ReceiveCoilName": "SENSE-Head-32P",
    "ReconMatrixPE": 64,
    "RepetitionTime": 2.45,
    "SliceThickness": 3.5,
    "SliceTiming": [
      2.395555556,
      2.341111111,
      2.286666667,
      2.232222222,
      2.177777778,
      2.123333333,
      2.068888889,
      2.014444444,
      1.96,
      1.905555556,
      1.851111111,
      1.796666667,
      1.742222222,
      1.687777778,
      1.633333333,
      1.578888889,
      1.524444444,
      1.47,
      1.415555556,
      1.361111111,
      1.306666667,
      1.252222222,
      1.197777778,
      1.143333333,
      1.088888889,
      1.034444444,
      0.98,
      0.925555556,
      0.871111111,
      0.816666667,
      0.762222222,
      0.707777778,
      0.653333333,
      0.598888889,
      0.544444444,
      0.49,
      0.435555556,
      0.381111111,
      0.326666667,
      0.272222222,
      0.217777778,
      0.163333333,
      0.108888889,
      0.054444444,
      0
    ],
    "TaskName": "task-FlavorRun2",
    "UsePhilipsFloatNotDisplayScaling": 1,
    "dataset": "ds001491",
    "modality": "bold",
    "subject_id": "09",
    "task_id": "FlavorRun2"
  },
  "dummy_trs": 0,
  "dvars_nstd": 21.889417009909508,
  "dvars_std": 1.283502140723982,
  "dvars_vstd": 1.0145257925339373,
  "efc": 0.458212300141376,
  "fber": 28617.408203125,
  "fd_mean": 0.15644708053738257,
  "fd_num": 64,
  "fd_perc": 28.82882882882883,
  "fwhm_avg": 1.9090076190476193,
  "fwhm_x": 1.7593685714285716,
  "fwhm_y": 2.1024228571428574,
  "fwhm_z": 1.8652314285714287,
  "gcor": 0.0433724,
  "gsr_x": -0.01019689254462719,
  "gsr_y": 0.030130431056022644,
  "provenance": {
    "md5sum": "d7fe820dd65c9a3dd929b19985a869cb",
    "settings": {
      "fd_thres": 0.2,
      "testing": false
    },
    "software": "mriqc",
    "version": "22.0.6",
    "webapi_port": null,
    "webapi_url": "https://mriqc.nimh.nih.gov/api/v1"
  },
  "size_t": 222,
  "size_x": 64,
  "size_y": 64,
  "size_z": 45,
  "snr": 5.704857688856764,
  "spacing_tr": 2.450000047683716,
  "spacing_x": 3.5,
  "spacing_y": 3.5,
  "spacing_z": 3.5,
  "summary_bg_k": 37.858778462288264,
  "summary_bg_mad": 5081.070095892082,
  "summary_bg_mean": 25965.388671875,
  "summary_bg_median": 4356.11865234375,
  "summary_bg_n": 120590.0,
  "summary_bg_p05": 493.3766510009766,
  "summary_bg_p95": 123154.51132812486,
  "summary_bg_stdv": 62908.94140625,
  "summary_fg_k": 1.875329016979184,
  "summary_fg_mad": 115210.33118354928,
  "summary_fg_mean": 718517.5,
  "summary_fg_median": 702632.8125,
  "summary_fg_n": 28589.0,
  "summary_fg_p05": 552313.55,
  "summary_fg_p95": 925670.9499999998,
  "summary_fg_stdv": 123161.796875,
  "tsnr": 76.46572875976562
}