{
  "aor": 0.004214977777777778,
  "aqi": 0.00783859928888889,
  "bids_meta": {
    "EchoTime": 0.03603,
    "EchoTrainLength": 23,
    "FlipAngle": 80,
    "InstitutionName": "Univerity Medical Center Groningen",
    "InstitutionalDepartmentName": "Neuroimaging Center Groningen",
    "MagneticFieldStrength": 3,
    "Manufacturer": "Philips",
    "ManufacturersModelName": "Intera",
    "Modality": "MR",
    "PatientPosition": "HFS",
    "PhilipsRescaleIntercept": 0,
    "PhilipsRescaleSlope": 282.541,
    "PhilipsScaleSlope": 0.0011356,
    "ProtocolName": "WIPR-state_ME_descending-sso-DSSENSE4.2",
    "ReceiveCoilName": "SENSE-Head-32P",
    "ReconMatrixPE": 64,
    "RepetitionTime": 2.45,
    "SliceThickness": 3.5,
    "SliceTiming": [
      2.395555556,
      2.341111111,
      2.286666667,
      2.232222222,
      2.177777778,
      2.123333333,
      2.068888889,
      2.014444444,
      1.96,
      1.905555556,
      1.851111111,
      1.796666667,
      1.742222222,
      1.687777778,
      1.633333333,
      1.578888889,
      1.524444444,
      1.47,
      1.415555556,
      1.361111111,
      1.306666667,
      1.252222222,
      1.197777778,
      1.143333333,
      1.088888889,
      1.034444444,
      0.98,
      0.925555556,
      0.871111111,
      0.816666667,
      0.762222222,
      0.707777778,
      0.653333333,
      0.598888889,
      0.544444444,
      0.49,
      0.435555556,
      0.381111111,
      0.326666667,
      0.272222222,
      0.217777778,
      0.163333333,
      0.108888889,
      0.054444444,
      0
    ],
    "TaskName": "task-FlavorRun3",
    "UsePhilipsFloatNotDisplayScaling": 1,
    "dataset": "ds001491",
    "modality": "bold",
    "subject_id": "09",
    "task_id": "FlavorRun3"
  },
  "dummy_trs": 0,
  "dvars_nstd": 28.931594465446445,
  "dvars_std": 1.2604211410714288,
  "dvars_vstd": 1.0389433683928566,
  "efc": 0.42683716915086756,
  "fber": 25368.7890625,
  "fd_mean": 0.19766832915192836,
  "fd_num": 78,
  "fd_perc": 34.666666666666664,
  "fwhm_avg": 1.8819780952380951,
  "fwhm_x": 1.724217142857143,
  "fwhm_y": 2.098945714285714,
  "fwhm_z": 1.8227714285714285,
  "gcor": 0.0353929,
  "gsr_x": -0.009538915008306503,
  "gsr_y": 0.027045726776123047,
  "provenance": {
    "md5sum": "cb199adc9c89a7a4f6d0f3239c715892",
    "settings": {
      "fd_thres": 0.2,
      "testing": false
    },
    "software": "mriqc",
    "version": "22.0.6",
    "webapi_port": null,
    "webapi_url": "https://mriqc.nimh.nih.gov/api/v1"
  },
  "size_t": 225,
  "size_x": 64,
  "size_y": 64,
  "size_z": 45,
  "snr": 4.270384086595426,
  "spacing_tr": 2.450000047683716,
  "spacing_x": 3.5,
  "spacing_y": 3.5,
  "spacing_z": 3.5,
  "summary_bg_k": 107.43288345322583,
  "summary_bg_mad": 3544.784447313128,
  "summary_bg_mean": 13405.615234375,
  "summary_bg_median": 3440.75634765625,
  "summary_bg_n": 122920.0,
  "summary_bg_p05": 541.6117340087891,
  "summary_bg_p95": 56874.38789062498,
  "summary_bg_stdv": 32386.833984375,
  "summary_fg_k": 5.5259633097009075,
  "summary_fg_mad": 97243.18454199251,
  "summary_fg_mean": 557360.0625,
  "summary_fg_median": 536933.125,
  "summary_fg_n": 26165.0,
  "summary_fg_p05": 408002.1625,
  "summary_fg_p95": 765222.1624999997,
  "summary_fg_stdv": 125731.75,
  "tsnr": 54.583152770996094
}