{
  "aor": 0.0015677027027027025,
  "aqi": 0.0065568635135135125,
  "bids_meta": {
    "EchoTime": 0.03603,
    "EchoTrainLength": 23,
    "FlipAngle": 80,
    "InstitutionName": "Univerity Medical Center Groningen",
    "InstitutionalDepartmentName": "Neuroimaging Center Groningen",
    "MagneticFieldStrength": 3,
    "Manufacturer": "Philips",
    "ManufacturersModelName": "Intera",
    "Modality": "MR",
    "PatientPosition": "HFS",
    "PhilipsRescaleIntercept": 0,
    "PhilipsRescaleSlope": 282.541,
    "PhilipsScaleSlope": 0.0011356,
    "ProtocolName": "WIPR-state_ME_descending-sso-DSSENSE4.2",
    "ReceiveCoilName": "SENSE-Head-32P",
    "ReconMatrixPE": 64,
    "RepetitionTime": 2.45,
    "SliceThickness": 3.5,
    "SliceTiming": [
      2.395555556,
      2.341111111,
      2.286666667,
      2.232222222,
      2.177777778,
      2.123333333,
      2.068888889,
      2.014444444,
      1.96,
      1.905555556,
      1.851111111,
      1.796666667,
      1.742222222,
      1.687777778,
      1.633333333,
      1.578888889,
      1.524444444,
      1.47,
      1.415555556,
      1.361111111,
      1.306666667,
      1.252222222,
      1.197777778,
      1.143333333,
      1.088888889,
      1.034444444,
      0.98,
      0.925555556,
      0.871111111,
      0.816666667,
      0.762222222,
      0.707777778,
      0.653333333,
      0.598888889,
      0.544444444,
      0.49,
      0.435555556,
      0.381111111,
      0.326666667,
      0.272222222,
      0.217777778,
      0.163333333,
      0.108888889,
      0.054444444,
      0
    ],
    "TaskName": "task-FlavorRun2",
    "UsePhilipsFloatNotDisplayScaling": 1,
    "dataset": "ds001491",
    "modality": "bold",
    "subject_id": "09",
    "task_id": "FlavorRun2"
  },
  "dummy_trs": 0,
  "dvars_nstd": 28.158847463619903,
  "dvars_std": 1.2633716849773755,
  "dvars_vstd": 1.0107230628959276,
  "efc": 0.4264644379471711,
  "fber": 27432.4453125,
  "fd_mean": 0.15914506207490733,
  "fd_num": 60,
  "fd_perc": 27.027027027027028,
  "fwhm_avg": 1.8851047619047618,
  "fwhm_x": 1.7294742857142857,
  "fwhm_y": 2.1065742857142857,
  "fwhm_z": 1.8192657142857143,
  "gcor": 0.0505825,
  "gsr_x": -0.009604698978364468,
  "gsr_y": 0.027555763721466064,
  "provenance": {
    "md5sum": "4c8a9fbd95ab928d4eb9c1475407079d",
    "settings": {
      "fd_thres": 0.2,
      "testing": false
    },
    "software": "mriqc",
    "version": "22.0.6",
    "webapi_port": null,
    "webapi_url": "https://mriqc.nimh.nih.gov/api/v1"
  },
  "size_t": 222,
  "size_x": 64,
  "size_y": 64,
  "size_z": 45,
  "snr": 4.243816775078418,
  "spacing_tr": 2.450000047683716,
  "spacing_x": 3.5,
  "spacing_y": 3.5,
  "spacing_z": 3.5,
  "summary_bg_k": 109.3227216611473,
  "summary_bg_mad": 3519.7340893026694,
  "summary_bg_mean": 13287.490234375,
  "summary_bg_median": 3321.0498046875,
  "summary_bg_n": 122832.0,
  "summary_bg_p05": 467.2001525878906,
  "summary_bg_p95": 56344.78457031249,
  "summary_bg_stdv": 32683.345703125,
  "summary_fg_k": 5.516437989837218,
  "summary_fg_mad": 98691.10776798087,
  "summary_fg_mean": 557194.5,
  "summary_fg_median": 536764.125,
  "summary_fg_n": 26250.0,
  "summary_fg_p05": 407358.53125,
  "summary_fg_p95": 765595.978125,
  "summary_fg_stdv": 126479.046875,
  "tsnr": 57.924652099609375
}