{
  "aor": 0.001755854700854701,
  "aqi": 0.00492193188034188,
  "bids_meta": {
    "EchoTime": 0.02203,
    "EchoTrainLength": 23,
    "FlipAngle": 80,
    "InstitutionName": "Univerity Medical Center Groningen",
    "InstitutionalDepartmentName": "Neuroimaging Center Groningen",
    "MagneticFieldStrength": 3,
    "Manufacturer": "Philips",
    "ManufacturersModelName": "Intera",
    "Modality": "MR",
    "PatientPosition": "HFS",
    "PhilipsRescaleIntercept": 0,
    "PhilipsRescaleSlope": 282.541,
    "PhilipsScaleSlope": 0.0011356,
    "ProtocolName": "WIPR-state_ME_descending-sso-DSSENSE4.2",
    "ReceiveCoilName": "SENSE-Head-32P",
    "ReconMatrixPE": 64,
    "RepetitionTime": 2.45,
    "SliceThickness": 3.5,
    "SliceTiming": [
      2.395555556,
      2.341111111,
      2.286666667,
      2.232222222,
      2.177777778,
      2.123333333,
      2.068888889,
      2.014444444,
      1.96,
      1.905555556,
      1.851111111,
      1.796666667,
      1.742222222,
      1.687777778,
      1.633333333,
      1.578888889,
      1.524444444,
      1.47,
      1.415555556,
      1.361111111,
      1.306666667,
      1.252222222,
      1.197777778,
      1.143333333,
      1.088888889,
      1.034444444,
      0.98,
      0.925555556,
      0.871111111,
      0.816666667,
      0.762222222,
      0.707777778,
      0.653333333,
      0.598888889,
      0.544444444,
      0.49,
      0.435555556,
      0.381111111,
      0.326666667,
      0.272222222,
      0.217777778,
      0.163333333,
      0.108888889,
      0.054444444,
      0
    ],
    "TaskName": "task-FlavorRun1",
    "UsePhilipsFloatNotDisplayScaling": 1,
    "dataset": "ds001491",
    "modality": "bold",
    "subject_id": "09",
    "task_id": "FlavorRun1"
  },
  "dummy_trs": 0,
  "dvars_nstd": 21.31220278922747,
  "dvars_std": 1.2645670512017166,
  "dvars_vstd": 1.01173836055794,
  "efc": 0.455003772531753,
  "fber": 43218.69140625,
  "fd_mean": 0.1436671577092652,
  "fd_num": 49,
  "fd_perc": 20.94017094017094,
  "fwhm_avg": 1.9138142857142857,
  "fwhm_x": 1.7584,
  "fwhm_y": 2.10208,
  "fwhm_z": 1.8809628571428572,
  "gcor": 0.048908,
  "gsr_x": -0.010351307690143585,
  "gsr_y": 0.029501575976610184,
  "provenance": {
    "md5sum": "a0ed9562d9a67275a5425b1a07f283fd",
    "settings": {
      "fd_thres": 0.2,
      "testing": false
    },
    "software": "mriqc",
    "version": "22.0.6",
    "webapi_port": null,
    "webapi_url": "https://mriqc.nimh.nih.gov/api/v1"
  },
  "size_t": 234,
  "size_x": 64,
  "size_y": 64,
  "size_z": 45,
  "snr": 5.694257553424933,
  "spacing_tr": 2.450000047683716,
  "spacing_x": 3.5,
  "spacing_y": 3.5,
  "spacing_z": 3.5,
  "summary_bg_k": 38.96178723663869,
  "summary_bg_mad": 4443.716106768922,
  "summary_bg_mean": 24819.859375,
  "summary_bg_median": 3576.905029296875,
  "summary_bg_n": 120637.0,
  "summary_bg_p05": 280.4445678710938,
  "summary_bg_p95": 117426.7390625,
  "summary_bg_stdv": 62708.15625,
  "summary_fg_k": 1.767675754467021,
  "summary_fg_mad": 116003.15271989515,
  "summary_fg_mean": 717695.5,
  "summary_fg_median": 701965.4375,
  "summary_fg_n": 28563.0,
  "summary_fg_p05": 549105.54375,
  "summary_fg_p95": 924218.0374999999,
  "summary_fg_stdv": 123273.8671875,
  "tsnr": 74.79916381835938
}