{
  "bids_meta": {
    "EchoTime": 0.00351,
    "FlipAngle": 8,
    "InstitutionName": "Univerity Medical Center Groningen",
    "InstitutionalDepartmentName": "Neuroimaging Center Groningen",
    "MagneticFieldStrength": 3,
    "Manufacturer": "Philips",
    "ManufacturersModelName": "Intera",
    "Modality": "MR",
    "PatientPosition": "HFS",
    "PhilipsRescaleIntercept": 0,
    "PhilipsRescaleSlope": 12.7477,
    "PhilipsScaleSlope": 0.000299206,
    "ProtocolName": "T13DSENSEtool4.2",
    "ReceiveCoilName": "SENSE-Head-32P",
    "ReconMatrixPE": 256,
    "RepetitionTime": 0.009,
    "UsePhilipsFloatNotDisplayScaling": 1,
    "dataset": "ds001491",
    "modality": "T1w",
    "subject_id": "12"
  },
  "cjv": 0.39226922602895464,
  "cnr": 3.45121756647827,
  "efc": 0.7762026631876067,
  "fber": -1.0,
  "fwhm_avg": 3.2651333333333334,
  "fwhm_x": 3.23049,
  "fwhm_y": 3.45495,
  "fwhm_z": 3.10996,
  "icvs_csf": 0.21416908159085524,
  "icvs_gm": 0.393571757708314,
  "icvs_wm": 0.3922591607008308,
  "inu_med": 0.7475690245628357,
  "inu_range": 0.4423203468322755,
  "provenance": {
    "md5sum": "bdeb373a196ab91f2e8be516424e0ea7",
    "settings": {
      "testing": false
    },
    "software": "mriqc",
    "version": "22.0.6",
    "warnings": {
      "large_rot_frame": true,
      "small_air_mask": true
    },
    "webapi_port": null,
    "webapi_url": "https://mriqc.nimh.nih.gov/api/v1"
  },
  "qi_1": 0.0,
  "qi_2": 4.860262487502206e-06,
  "rpve_csf": 23.180859397910364,
  "rpve_gm": 12.209456671748866,
  "rpve_wm": 14.49244397918946,
  "size_x": 256,
  "size_y": 256,
  "size_z": 170,
  "snr_csf": 1.2888928417616181,
  "snr_gm": 9.141738454415941,
  "snr_total": 9.104446769090105,
  "snr_wm": 16.882709011092754,
  "snrd_csf": 14.477556358449485,
  "snrd_gm": 46.826020758439164,
  "snrd_total": 43.64610656657954,
  "snrd_wm": 69.63474258284998,
  "spacing_x": 1.0,
  "spacing_y": 1.0,
  "spacing_z": 1.0,
  "summary_bg_k": 27.690130378227444,
  "summary_bg_mad": 0.0,
  "summary_bg_mean": 2.8560358821561658,
  "summary_bg_median": 0.0,
  "summary_bg_n": 208881.0,
  "summary_bg_p05": 0.0,
  "summary_bg_p95": 24.892152849584818,
  "summary_bg_stdv": 9.409005440735429,
  "summary_csf_k": 21.396909182575197,
  "summary_csf_mad": 101.18669153499619,
  "summary_csf_mean": 231.70500380248922,
  "summary_csf_median": 207.92526036594063,
  "summary_csf_n": 21818.0,
  "summary_csf_p05": 57.27089757202194,
  "summary_csf_p95": 476.8610707753337,
  "summary_csf_stdv": 161.31713093663333,
  "summary_gm_k": 0.3116783812851187,
  "summary_gm_mad": 70.7204871650742,
  "summary_gm_mean": 671.8820000010347,
  "summary_gm_median": 672.5107688782737,
  "summary_gm_n": 19832.0,
  "summary_gm_p05": 549.8717371281236,
  "summary_gm_p95": 792.0572275402025,
  "summary_gm_stdv": 73.56301176466509,
  "summary_wm_k": 0.30654487682396114,
  "summary_wm_mad": 57.77775211714282,
  "summary_wm_mean": 1000.8520617441319,
  "summary_wm_median": 1000.0874196980149,
  "summary_wm_n": 202010.0,
  "summary_wm_p05": 905.1241480540484,
  "summary_wm_p95": 1099.189667576924,
  "summary_wm_stdv": 59.237231637202235,
  "tpm_overlap_csf": 0.14261109271858766,
  "tpm_overlap_gm": 0.4426462714023763,
  "tpm_overlap_wm": 0.4903442169843482,
  "wm2max": 0.6041579452452822
}