{
  "aor": 0.005440745614035088,
  "aqi": 0.008836384210526316,
  "bids_meta": {
    "EchoTime": 0.03603,
    "EchoTrainLength": 23,
    "FlipAngle": 80,
    "InstitutionName": "Univerity Medical Center Groningen",
    "InstitutionalDepartmentName": "Neuroimaging Center Groningen",
    "MagneticFieldStrength": 3,
    "Manufacturer": "Philips",
    "ManufacturersModelName": "Intera",
    "Modality": "MR",
    "PatientPosition": "HFS",
    "PhilipsRescaleIntercept": 0,
    "PhilipsRescaleSlope": 282.541,
    "PhilipsScaleSlope": 0.0011356,
    "ProtocolName": "WIPR-state_ME_descending-sso-DSSENSE4.2",
    "ReceiveCoilName": "SENSE-Head-32P",
    "ReconMatrixPE": 64,
    "RepetitionTime": 2.45,
    "SliceThickness": 3.5,
    "SliceTiming": [
      2.395555556,
      2.341111111,
      2.286666667,
      2.232222222,
      2.177777778,
      2.123333333,
      2.068888889,
      2.014444444,
      1.96,
      1.905555556,
      1.851111111,
      1.796666667,
      1.742222222,
      1.687777778,
      1.633333333,
      1.578888889,
      1.524444444,
      1.47,
      1.415555556,
      1.361111111,
      1.306666667,
      1.252222222,
      1.197777778,
      1.143333333,
      1.088888889,
      1.034444444,
      0.98,
      0.925555556,
      0.871111111,
      0.816666667,
      0.762222222,
      0.707777778,
      0.653333333,
      0.598888889,
      0.544444444,
      0.49,
      0.435555556,
      0.381111111,
      0.326666667,
      0.272222222,
      0.217777778,
      0.163333333,
      0.108888889,
      0.054444444,
      0
    ],
    "TaskName": "task-FlavorRun1",
    "UsePhilipsFloatNotDisplayScaling": 1,
    "dataset": "ds001491",
    "modality": "bold",
    "subject_id": "13",
    "task_id": "FlavorRun1"
  },
  "dummy_trs": 0,
  "dvars_nstd": 28.519607401233475,
  "dvars_std": 1.170275743612334,
  "dvars_vstd": 1.0110350612334806,
  "efc": 0.43288777805144224,
  "fber": 51204.1328125,
  "fd_mean": 0.22849884460335917,
  "fd_num": 95,
  "fd_perc": 41.666666666666664,
  "fwhm_avg": 1.954158095238095,
  "fwhm_x": 1.7851857142857142,
  "fwhm_y": 2.209622857142857,
  "fwhm_z": 1.8676657142857143,
  "gcor": 0.0351157,
  "gsr_x": -0.005726903211325407,
  "gsr_y": 0.025824466720223427,
  "provenance": {
    "md5sum": "49c87dbbb850cde7f06d79e080db7a4b",
    "settings": {
      "fd_thres": 0.2,
      "testing": false
    },
    "software": "mriqc",
    "version": "22.0.6",
    "webapi_port": null,
    "webapi_url": "https://mriqc.nimh.nih.gov/api/v1"
  },
  "size_t": 228,
  "size_x": 64,
  "size_y": 64,
  "size_z": 45,
  "snr": 3.864274010590909,
  "spacing_tr": 2.450000047683716,
  "spacing_x": 3.5,
  "spacing_y": 3.5,
  "spacing_z": 3.5,
  "summary_bg_k": 69.10845306885962,
  "summary_bg_mad": 3144.6768787384563,
  "summary_bg_mean": 12240.98046875,
  "summary_bg_median": 2362.76904296875,
  "summary_bg_n": 120589.0,
  "summary_bg_p05": 86.2802703857422,
  "summary_bg_p95": 54526.575,
  "summary_bg_stdv": 30684.509765625,
  "summary_fg_k": 4.861406645137751,
  "summary_fg_mad": 113361.68837669045,
  "summary_fg_mean": 541871.6875,
  "summary_fg_median": 520676.875,
  "summary_fg_n": 27800.0,
  "summary_fg_p05": 375137.496875,
  "summary_fg_p95": 760770.8937499999,
  "summary_fg_stdv": 134738.765625,
  "tsnr": 42.67620849609375
}