{
  "aor": 0.0015819545454545455,
  "aqi": 0.008219320272727274,
  "bids_meta": {
    "EchoTime": 0.02203,
    "EchoTrainLength": 23,
    "FlipAngle": 80,
    "InstitutionName": "Univerity Medical Center Groningen",
    "InstitutionalDepartmentName": "Neuroimaging Center Groningen",
    "MagneticFieldStrength": 3,
    "Manufacturer": "Philips",
    "ManufacturersModelName": "Intera",
    "Modality": "MR",
    "PatientPosition": "HFS",
    "PhilipsRescaleIntercept": 0,
    "PhilipsRescaleSlope": 282.541,
    "PhilipsScaleSlope": 0.0011356,
    "ProtocolName": "WIPR-state_ME_descending-sso-DSSENSE4.2",
    "ReceiveCoilName": "SENSE-Head-32P",
    "ReconMatrixPE": 64,
    "RepetitionTime": 2.45,
    "SliceThickness": 3.5,
    "SliceTiming": [
      2.395555556,
      2.341111111,
      2.286666667,
      2.232222222,
      2.177777778,
      2.123333333,
      2.068888889,
      2.014444444,
      1.96,
      1.905555556,
      1.851111111,
      1.796666667,
      1.742222222,
      1.687777778,
      1.633333333,
      1.578888889,
      1.524444444,
      1.47,
      1.415555556,
      1.361111111,
      1.306666667,
      1.252222222,
      1.197777778,
      1.143333333,
      1.088888889,
      1.034444444,
      0.98,
      0.925555556,
      0.871111111,
      0.816666667,
      0.762222222,
      0.707777778,
      0.653333333,
      0.598888889,
      0.544444444,
      0.49,
      0.435555556,
      0.381111111,
      0.326666667,
      0.272222222,
      0.217777778,
      0.163333333,
      0.108888889,
      0.054444444,
      0
    ],
    "TaskName": "task-FlavorRun2",
    "UsePhilipsFloatNotDisplayScaling": 1,
    "dataset": "ds001491",
    "modality": "bold",
    "subject_id": "13",
    "task_id": "FlavorRun2"
  },
  "dummy_trs": 0,
  "dvars_nstd": 21.599841283242014,
  "dvars_std": 1.1306631288584474,
  "dvars_vstd": 0.9607021683561638,
  "efc": 0.47412689538263403,
  "fber": 18386.953125,
  "fd_mean": 0.20615823388202603,
  "fd_num": 88,
  "fd_perc": 40.0,
  "fwhm_avg": 1.9529790476190476,
  "fwhm_x": 1.7854114285714286,
  "fwhm_y": 2.171594285714286,
  "fwhm_z": 1.9019314285714286,
  "gcor": 0.0178672,
  "gsr_x": -0.005710612051188946,
  "gsr_y": 0.03480873629450798,
  "provenance": {
    "md5sum": "eb2e2e0c276b8f9db68a949f2aec8ed1",
    "settings": {
      "fd_thres": 0.2,
      "testing": false
    },
    "software": "mriqc",
    "version": "22.0.6",
    "webapi_port": null,
    "webapi_url": "https://mriqc.nimh.nih.gov/api/v1"
  },
  "size_t": 220,
  "size_x": 64,
  "size_y": 64,
  "size_z": 45,
  "snr": 5.258671695192913,
  "spacing_tr": 2.450000047683716,
  "spacing_x": 3.5,
  "spacing_y": 3.5,
  "spacing_z": 3.5,
  "summary_bg_k": 32.08407719125124,
  "summary_bg_mad": 5772.953152157193,
  "summary_bg_mean": 27017.47265625,
  "summary_bg_median": 5195.19921875,
  "summary_bg_n": 117919.0,
  "summary_bg_p05": 689.742431640625,
  "summary_bg_p95": 138477.6328125,
  "summary_bg_stdv": 61974.875,
  "summary_fg_k": 1.6693930991322627,
  "summary_fg_mad": 127097.09447041794,
  "summary_fg_mean": 703066.125,
  "summary_fg_median": 689018.25,
  "summary_fg_n": 30576.0,
  "summary_fg_p05": 522797.21875,
  "summary_fg_p95": 915839.03125,
  "summary_fg_stdv": 131023.0078125,
  "tsnr": 57.02419662475586
}