{
  "aor": 0.005271096491228071,
  "aqi": 0.006433936403508772,
  "bids_meta": {
    "EchoTime": 0.02203,
    "EchoTrainLength": 23,
    "FlipAngle": 80,
    "InstitutionName": "Univerity Medical Center Groningen",
    "InstitutionalDepartmentName": "Neuroimaging Center Groningen",
    "MagneticFieldStrength": 3,
    "Manufacturer": "Philips",
    "ManufacturersModelName": "Intera",
    "Modality": "MR",
    "PatientPosition": "HFS",
    "PhilipsRescaleIntercept": 0,
    "PhilipsRescaleSlope": 282.541,
    "PhilipsScaleSlope": 0.0011356,
    "ProtocolName": "WIPR-state_ME_descending-sso-DSSENSE4.2",
    "ReceiveCoilName": "SENSE-Head-32P",
    "ReconMatrixPE": 64,
    "RepetitionTime": 2.45,
    "SliceThickness": 3.5,
    "SliceTiming": [
      2.395555556,
      2.341111111,
      2.286666667,
      2.232222222,
      2.177777778,
      2.123333333,
      2.068888889,
      2.014444444,
      1.96,
      1.905555556,
      1.851111111,
      1.796666667,
      1.742222222,
      1.687777778,
      1.633333333,
      1.578888889,
      1.524444444,
      1.47,
      1.415555556,
      1.361111111,
      1.306666667,
      1.252222222,
      1.197777778,
      1.143333333,
      1.088888889,
      1.034444444,
      0.98,
      0.925555556,
      0.871111111,
      0.816666667,
      0.762222222,
      0.707777778,
      0.653333333,
      0.598888889,
      0.544444444,
      0.49,
      0.435555556,
      0.381111111,
      0.326666667,
      0.272222222,
      0.217777778,
      0.163333333,
      0.108888889,
      0.054444444,
      0
    ],
    "TaskName": "task-FlavorRun1",
    "UsePhilipsFloatNotDisplayScaling": 1,
    "dataset": "ds001491",
    "modality": "bold",
    "subject_id": "13",
    "task_id": "FlavorRun1"
  },
  "dummy_trs": 0,
  "dvars_nstd": 21.888854778590293,
  "dvars_std": 1.1878084827753301,
  "dvars_vstd": 1.0181780460352419,
  "efc": 0.46600213371735943,
  "fber": 52523.3046875,
  "fd_mean": 0.21904325005501207,
  "fd_num": 90,
  "fd_perc": 39.473684210526315,
  "fwhm_avg": 1.9522190476190477,
  "fwhm_x": 1.7725457142857142,
  "fwhm_y": 2.1711457142857142,
  "fwhm_z": 1.9129657142857144,
  "gcor": 0.0294872,
  "gsr_x": -0.005517744924873114,
  "gsr_y": 0.03253304585814476,
  "provenance": {
    "md5sum": "e4cf41cd9b3fe36da1a78454cc4a7bfc",
    "settings": {
      "fd_thres": 0.2,
      "testing": false
    },
    "software": "mriqc",
    "version": "22.0.6",
    "webapi_port": null,
    "webapi_url": "https://mriqc.nimh.nih.gov/api/v1"
  },
  "size_t": 228,
  "size_x": 64,
  "size_y": 64,
  "size_z": 45,
  "snr": 5.163673044473261,
  "spacing_tr": 2.450000047683716,
  "spacing_x": 3.5,
  "spacing_y": 3.5,
  "spacing_z": 3.5,
  "summary_bg_k": 34.25218827740418,
  "summary_bg_mad": 4305.079203087224,
  "summary_bg_mean": 24307.494140625,
  "summary_bg_median": 3135.753662109375,
  "summary_bg_n": 118098.0,
  "summary_bg_p05": 88.54112739562989,
  "summary_bg_p95": 129400.7695312499,
  "summary_bg_stdv": 60355.09375,
  "summary_fg_k": 1.7413476352599133,
  "summary_fg_mad": 128896.04693729719,
  "summary_fg_mean": 704013.75,
  "summary_fg_median": 689534.0,
  "summary_fg_n": 30481.0,
  "summary_fg_p05": 520310.21875,
  "summary_fg_p95": 922879.3125,
  "summary_fg_stdv": 133533.375,
  "tsnr": 58.62252426147461
}