{
  "aor": 0.003971393805309734,
  "aqi": 0.014950361415929205,
  "bids_meta": {
    "EchoTime": 0.03603,
    "EchoTrainLength": 23,
    "FlipAngle": 80,
    "InstitutionName": "Univerity Medical Center Groningen",
    "InstitutionalDepartmentName": "Neuroimaging Center Groningen",
    "MagneticFieldStrength": 3,
    "Manufacturer": "Philips",
    "ManufacturersModelName": "Intera",
    "Modality": "MR",
    "PatientPosition": "HFS",
    "PhilipsRescaleIntercept": 0,
    "PhilipsRescaleSlope": 282.541,
    "PhilipsScaleSlope": 0.0011356,
    "ProtocolName": "WIPR-state_ME_descending-sso-DSSENSE4.2",
    "ReceiveCoilName": "SENSE-Head-32P",
    "ReconMatrixPE": 64,
    "RepetitionTime": 2.45,
    "SliceThickness": 3.5,
    "SliceTiming": [
      2.395555556,
      2.341111111,
      2.286666667,
      2.232222222,
      2.177777778,
      2.123333333,
      2.068888889,
      2.014444444,
      1.96,
      1.905555556,
      1.851111111,
      1.796666667,
      1.742222222,
      1.687777778,
      1.633333333,
      1.578888889,
      1.524444444,
      1.47,
      1.415555556,
      1.361111111,
      1.306666667,
      1.252222222,
      1.197777778,
      1.143333333,
      1.088888889,
      1.034444444,
      0.98,
      0.925555556,
      0.871111111,
      0.816666667,
      0.762222222,
      0.707777778,
      0.653333333,
      0.598888889,
      0.544444444,
      0.49,
      0.435555556,
      0.381111111,
      0.326666667,
      0.272222222,
      0.217777778,
      0.163333333,
      0.108888889,
      0.054444444,
      0
    ],
    "TaskName": "task-images",
    "UsePhilipsFloatNotDisplayScaling": 1,
    "dataset": "ds001491",
    "modality": "bold",
    "subject_id": "13",
    "task_id": "images"
  },
  "dummy_trs": 0,
  "dvars_nstd": 28.606486144767178,
  "dvars_std": 1.0752492204656325,
  "dvars_vstd": 0.9482002587583148,
  "efc": 0.433647827020349,
  "fber": 127129.6875,
  "fd_mean": 0.2534322658006345,
  "fd_num": 153,
  "fd_perc": 33.849557522123895,
  "fwhm_avg": 2.0215561904761903,
  "fwhm_x": 1.8465885714285712,
  "fwhm_y": 2.2913714285714284,
  "fwhm_z": 1.9267085714285714,
  "gcor": 0.0386,
  "gsr_x": -0.005351946223527193,
  "gsr_y": 0.026379646733403206,
  "provenance": {
    "md5sum": "cebafa5fdf09adcbf09e1acedc4c7ea0",
    "settings": {
      "fd_thres": 0.2,
      "testing": false
    },
    "software": "mriqc",
    "version": "22.0.6",
    "webapi_port": null,
    "webapi_url": "https://mriqc.nimh.nih.gov/api/v1"
  },
  "size_t": 452,
  "size_x": 64,
  "size_y": 64,
  "size_z": 45,
  "snr": 3.856263460581064,
  "spacing_tr": 2.450000047683716,
  "spacing_x": 3.5,
  "spacing_y": 3.5,
  "spacing_z": 3.5,
  "summary_bg_k": 56.11829839417584,
  "summary_bg_mad": 2488.099860080169,
  "summary_bg_mean": 14385.03125,
  "summary_bg_median": 1730.5157470703125,
  "summary_bg_n": 120595.0,
  "summary_bg_p05": 23.318019294738768,
  "summary_bg_p95": 70672.57187499998,
  "summary_bg_stdv": 35492.37109375,
  "summary_fg_k": 4.661378191163733,
  "summary_fg_mad": 133713.5775210538,
  "summary_fg_mean": 627030.25,
  "summary_fg_median": 604535.5,
  "summary_fg_n": 27913.0,
  "summary_fg_p05": 429781.38125,
  "summary_fg_p95": 884960.1499999998,
  "summary_fg_stdv": 156764.359375,
  "tsnr": 33.57527542114258
}