{
  "aor": 0.0023944594594594595,
  "aqi": 0.0034008936036036036,
  "bids_meta": {
    "EchoTime": 0.00802,
    "EchoTrainLength": 23,
    "FlipAngle": 80,
    "InstitutionName": "Univerity Medical Center Groningen",
    "InstitutionalDepartmentName": "Neuroimaging Center Groningen",
    "MagneticFieldStrength": 3,
    "Manufacturer": "Philips",
    "ManufacturersModelName": "Intera",
    "Modality": "MR",
    "PatientPosition": "HFS",
    "PhilipsRescaleIntercept": 0,
    "PhilipsRescaleSlope": 282.541,
    "PhilipsScaleSlope": 0.0011356,
    "ProtocolName": "WIPR-state_ME_descending-sso-DSSENSE4.2",
    "ReceiveCoilName": "SENSE-Head-32P",
    "ReconMatrixPE": 64,
    "RepetitionTime": 2.45,
    "SliceThickness": 3.5,
    "SliceTiming": [
      2.395555556,
      2.341111111,
      2.286666667,
      2.232222222,
      2.177777778,
      2.123333333,
      2.068888889,
      2.014444444,
      1.96,
      1.905555556,
      1.851111111,
      1.796666667,
      1.742222222,
      1.687777778,
      1.633333333,
      1.578888889,
      1.524444444,
      1.47,
      1.415555556,
      1.361111111,
      1.306666667,
      1.252222222,
      1.197777778,
      1.143333333,
      1.088888889,
      1.034444444,
      0.98,
      0.925555556,
      0.871111111,
      0.816666667,
      0.762222222,
      0.707777778,
      0.653333333,
      0.598888889,
      0.544444444,
      0.49,
      0.435555556,
      0.381111111,
      0.326666667,
      0.272222222,
      0.217777778,
      0.163333333,
      0.108888889,
      0.054444444,
      0
    ],
    "TaskName": "task-FlavorRun3",
    "UsePhilipsFloatNotDisplayScaling": 1,
    "dataset": "ds001491",
    "modality": "bold",
    "subject_id": "13",
    "task_id": "FlavorRun3"
  },
  "dummy_trs": 0,
  "dvars_nstd": 19.862807670950232,
  "dvars_std": 1.3608696339819006,
  "dvars_vstd": 1.0145819565158372,
  "efc": 0.5334809274415585,
  "fber": 11727.8994140625,
  "fd_mean": 0.18457504454320478,
  "fd_num": 65,
  "fd_perc": 29.27927927927928,
  "fwhm_avg": 2.245027619047619,
  "fwhm_x": 2.0680885714285715,
  "fwhm_y": 2.4501,
  "fwhm_z": 2.2168942857142855,
  "gcor": 0.0185733,
  "gsr_x": -0.01960873417556286,
  "gsr_y": 0.0666847974061966,
  "provenance": {
    "md5sum": "59e66aa1d63f5e2bb5583cc51ae75a72",
    "settings": {
      "fd_thres": 0.2,
      "testing": false
    },
    "software": "mriqc",
    "version": "22.0.6",
    "webapi_port": null,
    "webapi_url": "https://mriqc.nimh.nih.gov/api/v1"
  },
  "size_t": 222,
  "size_x": 64,
  "size_y": 64,
  "size_z": 45,
  "snr": 6.1479223918278745,
  "spacing_tr": 2.450000047683716,
  "spacing_x": 3.5,
  "spacing_y": 3.5,
  "spacing_z": 3.5,
  "summary_bg_k": 7.963273442801013,
  "summary_bg_mad": 9832.916170997329,
  "summary_bg_mean": 63138.078125,
  "summary_bg_median": 8384.9462890625,
  "summary_bg_n": 111869.0,
  "summary_bg_p05": 1015.143359375,
  "summary_bg_p95": 398549.76874999976,
  "summary_bg_stdv": 131343.640625,
  "summary_fg_k": 1.3039647681744295,
  "summary_fg_mad": 142710.93440933237,
  "summary_fg_mean": 917890.25,
  "summary_fg_median": 910778.25,
  "summary_fg_n": 34221.0,
  "summary_fg_p05": 697685.5,
  "summary_fg_p95": 1160534.0,
  "summary_fg_stdv": 148141.90625,
  "tsnr": 91.41301727294922
}