{
  "aor": 0.002197027027027027,
  "aqi": 0.005806287612612613,
  "bids_meta": {
    "EchoTime": 0.02203,
    "EchoTrainLength": 23,
    "FlipAngle": 80,
    "InstitutionName": "Univerity Medical Center Groningen",
    "InstitutionalDepartmentName": "Neuroimaging Center Groningen",
    "MagneticFieldStrength": 3,
    "Manufacturer": "Philips",
    "ManufacturersModelName": "Intera",
    "Modality": "MR",
    "PatientPosition": "HFS",
    "PhilipsRescaleIntercept": 0,
    "PhilipsRescaleSlope": 282.541,
    "PhilipsScaleSlope": 0.0011356,
    "ProtocolName": "WIPR-state_ME_descending-sso-DSSENSE4.2",
    "ReceiveCoilName": "SENSE-Head-32P",
    "ReconMatrixPE": 64,
    "RepetitionTime": 2.45,
    "SliceThickness": 3.5,
    "SliceTiming": [
      2.395555556,
      2.341111111,
      2.286666667,
      2.232222222,
      2.177777778,
      2.123333333,
      2.068888889,
      2.014444444,
      1.96,
      1.905555556,
      1.851111111,
      1.796666667,
      1.742222222,
      1.687777778,
      1.633333333,
      1.578888889,
      1.524444444,
      1.47,
      1.415555556,
      1.361111111,
      1.306666667,
      1.252222222,
      1.197777778,
      1.143333333,
      1.088888889,
      1.034444444,
      0.98,
      0.925555556,
      0.871111111,
      0.816666667,
      0.762222222,
      0.707777778,
      0.653333333,
      0.598888889,
      0.544444444,
      0.49,
      0.435555556,
      0.381111111,
      0.326666667,
      0.272222222,
      0.217777778,
      0.163333333,
      0.108888889,
      0.054444444,
      0
    ],
    "TaskName": "task-FlavorRun3",
    "UsePhilipsFloatNotDisplayScaling": 1,
    "dataset": "ds001491",
    "modality": "bold",
    "subject_id": "13",
    "task_id": "FlavorRun3"
  },
  "dummy_trs": 0,
  "dvars_nstd": 22.67040964266967,
  "dvars_std": 1.2314871376470593,
  "dvars_vstd": 1.008757884615384,
  "efc": 0.47734048842197885,
  "fber": 15451.400390625,
  "fd_mean": 0.19595985644731537,
  "fd_num": 78,
  "fd_perc": 35.13513513513514,
  "fwhm_avg": 1.9217866666666668,
  "fwhm_x": 1.75688,
  "fwhm_y": 2.1391428571428572,
  "fwhm_z": 1.8693371428571428,
  "gcor": 0.0299034,
  "gsr_x": -0.008679437451064587,
  "gsr_y": 0.032822854816913605,
  "provenance": {
    "md5sum": "9de6502d6220fc7dc65710d29cc89291",
    "settings": {
      "fd_thres": 0.2,
      "testing": false
    },
    "software": "mriqc",
    "version": "22.0.6",
    "webapi_port": null,
    "webapi_url": "https://mriqc.nimh.nih.gov/api/v1"
  },
  "size_t": 222,
  "size_x": 64,
  "size_y": 64,
  "size_z": 45,
  "snr": 5.2208862330996135,
  "spacing_tr": 2.450000047683716,
  "spacing_x": 3.5,
  "spacing_y": 3.5,
  "spacing_z": 3.5,
  "summary_bg_k": 28.757813339687132,
  "summary_bg_mad": 6157.196519554966,
  "summary_bg_mean": 28826.318359375,
  "summary_bg_median": 5718.13671875,
  "summary_bg_n": 117982.0,
  "summary_bg_p05": 842.3920776367188,
  "summary_bg_p95": 148355.38828124997,
  "summary_bg_stdv": 64255.9765625,
  "summary_fg_k": 1.9339238362041264,
  "summary_fg_mad": 128776.04882023689,
  "summary_fg_mean": 705725.5625,
  "summary_fg_median": 691276.0,
  "summary_fg_n": 30509.0,
  "summary_fg_p05": 524042.3875,
  "summary_fg_p95": 921018.3875,
  "summary_fg_stdv": 132403.703125,
  "tsnr": 66.51207733154297
}