{
  "aor": 0.0015584545454545452,
  "aqi": 0.006876664227272728,
  "bids_meta": {
    "EchoTime": 0.03603,
    "EchoTrainLength": 23,
    "FlipAngle": 80,
    "InstitutionName": "Univerity Medical Center Groningen",
    "InstitutionalDepartmentName": "Neuroimaging Center Groningen",
    "MagneticFieldStrength": 3,
    "Manufacturer": "Philips",
    "ManufacturersModelName": "Intera",
    "Modality": "MR",
    "PatientPosition": "HFS",
    "PhilipsRescaleIntercept": 0,
    "PhilipsRescaleSlope": 282.541,
    "PhilipsScaleSlope": 0.0011356,
    "ProtocolName": "WIPR-state_ME_descending-sso-DSSENSE4.2",
    "ReceiveCoilName": "SENSE-Head-32P",
    "ReconMatrixPE": 64,
    "RepetitionTime": 2.45,
    "SliceThickness": 3.5,
    "SliceTiming": [
      2.395555556,
      2.341111111,
      2.286666667,
      2.232222222,
      2.177777778,
      2.123333333,
      2.068888889,
      2.014444444,
      1.96,
      1.905555556,
      1.851111111,
      1.796666667,
      1.742222222,
      1.687777778,
      1.633333333,
      1.578888889,
      1.524444444,
      1.47,
      1.415555556,
      1.361111111,
      1.306666667,
      1.252222222,
      1.197777778,
      1.143333333,
      1.088888889,
      1.034444444,
      0.98,
      0.925555556,
      0.871111111,
      0.816666667,
      0.762222222,
      0.707777778,
      0.653333333,
      0.598888889,
      0.544444444,
      0.49,
      0.435555556,
      0.381111111,
      0.326666667,
      0.272222222,
      0.217777778,
      0.163333333,
      0.108888889,
      0.054444444,
      0
    ],
    "TaskName": "task-FlavorRun3",
    "UsePhilipsFloatNotDisplayScaling": 1,
    "dataset": "ds001491",
    "modality": "bold",
    "subject_id": "13",
    "task_id": "FlavorRun3"
  },
  "dummy_trs": 2,
  "dvars_nstd": 29.11469021465753,
  "dvars_std": 1.2062138207305926,
  "dvars_vstd": 0.9938546186757992,
  "efc": 0.443109533817292,
  "fber": 14333.6728515625,
  "fd_mean": 0.182261904982452,
  "fd_num": 68,
  "fd_perc": 30.90909090909091,
  "fwhm_avg": 1.9157676190476192,
  "fwhm_x": 1.7516485714285714,
  "fwhm_y": 2.177422857142857,
  "fwhm_z": 1.8182314285714285,
  "gcor": 0.0286715,
  "gsr_x": -0.007126700598746538,
  "gsr_y": 0.025686562061309814,
  "provenance": {
    "md5sum": "d80c0c96bad27203dc1f1124a2fefa97",
    "settings": {
      "fd_thres": 0.2,
      "testing": false
    },
    "software": "mriqc",
    "version": "22.0.6",
    "webapi_port": null,
    "webapi_url": "https://mriqc.nimh.nih.gov/api/v1"
  },
  "size_t": 220,
  "size_x": 64,
  "size_y": 64,
  "size_z": 45,
  "snr": 3.909426274926804,
  "spacing_tr": 2.450000047683716,
  "spacing_x": 3.5,
  "spacing_y": 3.5,
  "spacing_z": 3.5,
  "summary_bg_k": 61.98957294097009,
  "summary_bg_mad": 4162.800630559065,
  "summary_bg_mean": 14658.708984375,
  "summary_bg_median": 4386.0224609375,
  "summary_bg_n": 120383.0,
  "summary_bg_p05": 837.1823181152344,
  "summary_bg_p95": 60862.80312499996,
  "summary_bg_stdv": 32186.4140625,
  "summary_fg_k": 4.922242653430797,
  "summary_fg_mad": 113249.10327072268,
  "summary_fg_mean": 544734.9375,
  "summary_fg_median": 524624.5,
  "summary_fg_n": 28012.0,
  "summary_fg_p05": 377605.671875,
  "summary_fg_p95": 760489.0343749995,
  "summary_fg_stdv": 134192.359375,
  "tsnr": 51.58098602294922
}