{
  "aor": 0.005455489749430524,
  "aqi": 0.015111775854214124,
  "bids_meta": {
    "EchoTime": 0.02203,
    "EchoTrainLength": 23,
    "FlipAngle": 80,
    "InstitutionName": "Univerity Medical Center Groningen",
    "InstitutionalDepartmentName": "Neuroimaging Center Groningen",
    "MagneticFieldStrength": 3,
    "Manufacturer": "Philips",
    "ManufacturersModelName": "Intera",
    "Modality": "MR",
    "PatientPosition": "HFS",
    "PhilipsRescaleIntercept": 0,
    "PhilipsRescaleSlope": 282.541,
    "PhilipsScaleSlope": 0.0011356,
    "ProtocolName": "WIPR-state_ME_descending-sso-DSSENSE4.2",
    "ReceiveCoilName": "SENSE-Head-32P",
    "ReconMatrixPE": 64,
    "RepetitionTime": 2.45,
    "SliceThickness": 3.5,
    "SliceTiming": [
      2.395555556,
      2.341111111,
      2.286666667,
      2.232222222,
      2.177777778,
      2.123333333,
      2.068888889,
      2.014444444,
      1.96,
      1.905555556,
      1.851111111,
      1.796666667,
      1.742222222,
      1.687777778,
      1.633333333,
      1.578888889,
      1.524444444,
      1.47,
      1.415555556,
      1.361111111,
      1.306666667,
      1.252222222,
      1.197777778,
      1.143333333,
      1.088888889,
      1.034444444,
      0.98,
      0.925555556,
      0.871111111,
      0.816666667,
      0.762222222,
      0.707777778,
      0.653333333,
      0.598888889,
      0.544444444,
      0.49,
      0.435555556,
      0.381111111,
      0.326666667,
      0.272222222,
      0.217777778,
      0.163333333,
      0.108888889,
      0.054444444,
      0
    ],
    "TaskName": "task-images",
    "UsePhilipsFloatNotDisplayScaling": 1,
    "dataset": "ds001491",
    "modality": "bold",
    "subject_id": "17",
    "task_id": "images"
  },
  "dummy_trs": 0,
  "dvars_nstd": 25.33874245646119,
  "dvars_std": 1.0113588005022829,
  "dvars_vstd": 0.9026185739954334,
  "efc": 0.42854065440546135,
  "fber": 132399.71875,
  "fd_mean": 0.5140564494245777,
  "fd_num": 194,
  "fd_perc": 44.19134396355353,
  "fwhm_avg": 2.0234285714285716,
  "fwhm_x": 1.8704114285714284,
  "fwhm_y": 2.248077142857143,
  "fwhm_z": 1.9517971428571428,
  "gcor": 0.0256256,
  "gsr_x": -0.006325111724436283,
  "gsr_y": 0.034102458506822586,
  "provenance": {
    "md5sum": "deaadf4198b058dbf31078f9eb1fe40d",
    "settings": {
      "fd_thres": 0.2,
      "testing": false
    },
    "software": "mriqc",
    "version": "22.0.6",
    "webapi_port": null,
    "webapi_url": "https://mriqc.nimh.nih.gov/api/v1"
  },
  "size_t": 439,
  "size_x": 64,
  "size_y": 64,
  "size_z": 45,
  "snr": 5.985576524893839,
  "spacing_tr": 2.450000047683716,
  "spacing_x": 3.5,
  "spacing_y": 3.5,
  "spacing_z": 3.5,
  "summary_bg_k": 42.36412062111352,
  "summary_bg_mad": 3796.1120852445088,
  "summary_bg_mean": 31317.904296875,
  "summary_bg_median": 2624.38623046875,
  "summary_bg_n": 126976.0,
  "summary_bg_p05": 48.15908432006836,
  "summary_bg_p95": 157376.1796875,
  "summary_bg_stdv": 75709.71875,
  "summary_fg_k": 0.7420410427116471,
  "summary_fg_mad": 149553.60696092903,
  "summary_fg_mean": 889741.5625,
  "summary_fg_median": 877457.375,
  "summary_fg_n": 23683.0,
  "summary_fg_p05": 670307.91875,
  "summary_fg_p95": 1128697.8,
  "summary_fg_stdv": 146592.203125,
  "tsnr": 42.55431365966797
}