{
  "aor": 0.006939248291571756,
  "aqi": 0.010520565170842823,
  "bids_meta": {
    "EchoTime": 0.00802,
    "EchoTrainLength": 23,
    "FlipAngle": 80,
    "InstitutionName": "Univerity Medical Center Groningen",
    "InstitutionalDepartmentName": "Neuroimaging Center Groningen",
    "MagneticFieldStrength": 3,
    "Manufacturer": "Philips",
    "ManufacturersModelName": "Intera",
    "Modality": "MR",
    "PatientPosition": "HFS",
    "PhilipsRescaleIntercept": 0,
    "PhilipsRescaleSlope": 282.541,
    "PhilipsScaleSlope": 0.0011356,
    "ProtocolName": "WIPR-state_ME_descending-sso-DSSENSE4.2",
    "ReceiveCoilName": "SENSE-Head-32P",
    "ReconMatrixPE": 64,
    "RepetitionTime": 2.45,
    "SliceThickness": 3.5,
    "SliceTiming": [
      2.395555556,
      2.341111111,
      2.286666667,
      2.232222222,
      2.177777778,
      2.123333333,
      2.068888889,
      2.014444444,
      1.96,
      1.905555556,
      1.851111111,
      1.796666667,
      1.742222222,
      1.687777778,
      1.633333333,
      1.578888889,
      1.524444444,
      1.47,
      1.415555556,
      1.361111111,
      1.306666667,
      1.252222222,
      1.197777778,
      1.143333333,
      1.088888889,
      1.034444444,
      0.98,
      0.925555556,
      0.871111111,
      0.816666667,
      0.762222222,
      0.707777778,
      0.653333333,
      0.598888889,
      0.544444444,
      0.49,
      0.435555556,
      0.381111111,
      0.326666667,
      0.272222222,
      0.217777778,
      0.163333333,
      0.108888889,
      0.054444444,
      0
    ],
    "TaskName": "task-images",
    "UsePhilipsFloatNotDisplayScaling": 1,
    "dataset": "ds001491",
    "modality": "bold",
    "subject_id": "17",
    "task_id": "images"
  },
  "dummy_trs": 0,
  "dvars_nstd": 20.633035953767116,
  "dvars_std": 1.0300553031735165,
  "dvars_vstd": 0.9146034248630145,
  "efc": 0.49212539903101926,
  "fber": 62747.84375,
  "fd_mean": 0.500611090890568,
  "fd_num": 192,
  "fd_perc": 43.735763097949885,
  "fwhm_avg": 2.296391428571429,
  "fwhm_x": 2.1440685714285714,
  "fwhm_y": 2.43794,
  "fwhm_z": 2.307165714285714,
  "gcor": 0.0214228,
  "gsr_x": -0.013257519342005253,
  "gsr_y": 0.06173919141292572,
  "provenance": {
    "md5sum": "fc60a5dbeeecf463e72e14583ddf1fb1",
    "settings": {
      "fd_thres": 0.2,
      "testing": false
    },
    "software": "mriqc",
    "version": "22.0.6",
    "webapi_port": null,
    "webapi_url": "https://mriqc.nimh.nih.gov/api/v1"
  },
  "size_t": 439,
  "size_x": 64,
  "size_y": 64,
  "size_z": 45,
  "snr": 6.577667762531206,
  "spacing_tr": 2.450000047683716,
  "spacing_x": 3.5,
  "spacing_y": 3.5,
  "spacing_z": 3.5,
  "summary_bg_k": 7.562398055936519,
  "summary_bg_mad": 7006.926987364418,
  "summary_bg_mean": 82018.1875,
  "summary_bg_median": 4827.3505859375,
  "summary_bg_n": 122439.0,
  "summary_bg_p05": 72.20264816284181,
  "summary_bg_p95": 497206.59999999887,
  "summary_bg_stdv": 171515.015625,
  "summary_fg_k": 0.22030588962400932,
  "summary_fg_mad": 175151.10491398285,
  "summary_fg_mean": 1152125.375,
  "summary_fg_median": 1143183.0,
  "summary_fg_n": 26912.0,
  "summary_fg_p05": 888804.1062500001,
  "summary_fg_p95": 1445547.9249999998,
  "summary_fg_stdv": 173794.390625,
  "tsnr": 55.86914825439453
}