{
  "aor": 0.014650585585585582,
  "aqi": 0.032044497747747744,
  "bids_meta": {
    "EchoTime": 0.02203,
    "EchoTrainLength": 23,
    "FlipAngle": 80,
    "InstitutionName": "Univerity Medical Center Groningen",
    "InstitutionalDepartmentName": "Neuroimaging Center Groningen",
    "MagneticFieldStrength": 3,
    "Manufacturer": "Philips",
    "ManufacturersModelName": "Intera",
    "Modality": "MR",
    "PatientPosition": "HFS",
    "PhilipsRescaleIntercept": 0,
    "PhilipsRescaleSlope": 282.541,
    "PhilipsScaleSlope": 0.0011356,
    "ProtocolName": "WIPR-state_ME_descending-sso-DSSENSE4.2",
    "ReceiveCoilName": "SENSE-Head-32P",
    "ReconMatrixPE": 64,
    "RepetitionTime": 2.45,
    "SliceThickness": 3.5,
    "SliceTiming": [
      2.395555556,
      2.341111111,
      2.286666667,
      2.232222222,
      2.177777778,
      2.123333333,
      2.068888889,
      2.014444444,
      1.96,
      1.905555556,
      1.851111111,
      1.796666667,
      1.742222222,
      1.687777778,
      1.633333333,
      1.578888889,
      1.524444444,
      1.47,
      1.415555556,
      1.361111111,
      1.306666667,
      1.252222222,
      1.197777778,
      1.143333333,
      1.088888889,
      1.034444444,
      0.98,
      0.925555556,
      0.871111111,
      0.816666667,
      0.762222222,
      0.707777778,
      0.653333333,
      0.598888889,
      0.544444444,
      0.49,
      0.435555556,
      0.381111111,
      0.326666667,
      0.272222222,
      0.217777778,
      0.163333333,
      0.108888889,
      0.054444444,
      0
    ],
    "TaskName": "task-FlavorRun2",
    "UsePhilipsFloatNotDisplayScaling": 1,
    "dataset": "ds001491",
    "modality": "bold",
    "subject_id": "17",
    "task_id": "FlavorRun2"
  },
  "dummy_trs": 0,
  "dvars_nstd": 49.86977388638011,
  "dvars_std": 1.076901775294118,
  "dvars_vstd": 1.0226490794570138,
  "efc": 0.43715235395380847,
  "fber": 19965.169921875,
  "fd_mean": 1.894635044811212,
  "fd_num": 197,
  "fd_perc": 88.73873873873873,
  "fwhm_avg": 1.9968619047619047,
  "fwhm_x": 1.8485285714285715,
  "fwhm_y": 2.2142685714285713,
  "fwhm_z": 1.9277885714285714,
  "gcor": 0.0057554,
  "gsr_x": -0.006868333555757999,
  "gsr_y": 0.03712562099099159,
  "provenance": {
    "md5sum": "865a9e320860ff93ebc60c42a31476ff",
    "settings": {
      "fd_thres": 0.2,
      "testing": false
    },
    "software": "mriqc",
    "version": "22.0.6",
    "webapi_port": null,
    "webapi_url": "https://mriqc.nimh.nih.gov/api/v1"
  },
  "size_t": 222,
  "size_x": 64,
  "size_y": 64,
  "size_z": 45,
  "snr": 6.069789274726757,
  "spacing_tr": 2.450000047683716,
  "spacing_x": 3.5,
  "spacing_y": 3.5,
  "spacing_z": 3.5,
  "summary_bg_k": 50.41342574364112,
  "summary_bg_mad": 5919.271349702862,
  "summary_bg_mean": 28550.171875,
  "summary_bg_median": 5432.58154296875,
  "summary_bg_n": 127064.0,
  "summary_bg_p05": 995.8431884765625,
  "summary_bg_p95": 130539.02070312494,
  "summary_bg_stdv": 63700.4375,
  "summary_fg_k": 0.8838517093705391,
  "summary_fg_mad": 121013.14360414156,
  "summary_fg_mean": 735425.25,
  "summary_fg_median": 725810.0,
  "summary_fg_n": 23678.0,
  "summary_fg_p05": 557701.65625,
  "summary_fg_p95": 928628.1874999999,
  "summary_fg_stdv": 119574.9375,
  "tsnr": 27.159597396850586
}