{
  "aor": 0.004236970387243737,
  "aqi": 0.021158980660592255,
  "bids_meta": {
    "EchoTime": 0.03603,
    "EchoTrainLength": 23,
    "FlipAngle": 80,
    "InstitutionName": "Univerity Medical Center Groningen",
    "InstitutionalDepartmentName": "Neuroimaging Center Groningen",
    "MagneticFieldStrength": 3,
    "Manufacturer": "Philips",
    "ManufacturersModelName": "Intera",
    "Modality": "MR",
    "PatientPosition": "HFS",
    "PhilipsRescaleIntercept": 0,
    "PhilipsRescaleSlope": 282.541,
    "PhilipsScaleSlope": 0.0011356,
    "ProtocolName": "WIPR-state_ME_descending-sso-DSSENSE4.2",
    "ReceiveCoilName": "SENSE-Head-32P",
    "ReconMatrixPE": 64,
    "RepetitionTime": 2.45,
    "SliceThickness": 3.5,
    "SliceTiming": [
      2.395555556,
      2.341111111,
      2.286666667,
      2.232222222,
      2.177777778,
      2.123333333,
      2.068888889,
      2.014444444,
      1.96,
      1.905555556,
      1.851111111,
      1.796666667,
      1.742222222,
      1.687777778,
      1.633333333,
      1.578888889,
      1.524444444,
      1.47,
      1.415555556,
      1.361111111,
      1.306666667,
      1.252222222,
      1.197777778,
      1.143333333,
      1.088888889,
      1.034444444,
      0.98,
      0.925555556,
      0.871111111,
      0.816666667,
      0.762222222,
      0.707777778,
      0.653333333,
      0.598888889,
      0.544444444,
      0.49,
      0.435555556,
      0.381111111,
      0.326666667,
      0.272222222,
      0.217777778,
      0.163333333,
      0.108888889,
      0.054444444,
      0
    ],
    "TaskName": "task-images",
    "UsePhilipsFloatNotDisplayScaling": 1,
    "dataset": "ds001491",
    "modality": "bold",
    "subject_id": "17",
    "task_id": "images"
  },
  "dummy_trs": 0,
  "dvars_nstd": 32.018162587990865,
  "dvars_std": 0.9854691906392693,
  "dvars_vstd": 0.882355050365297,
  "efc": 0.38975193870219504,
  "fber": 195712.09375,
  "fd_mean": 0.5298165785141221,
  "fd_num": 200,
  "fd_perc": 45.558086560364465,
  "fwhm_avg": 1.958765714285714,
  "fwhm_x": 1.838782857142857,
  "fwhm_y": 2.204837142857143,
  "fwhm_z": 1.832677142857143,
  "gcor": 0.0304788,
  "gsr_x": -0.006560200825333595,
  "gsr_y": 0.027580291032791138,
  "provenance": {
    "md5sum": "50e501542867adad1cd175cf5a21cb52",
    "settings": {
      "fd_thres": 0.2,
      "testing": false
    },
    "software": "mriqc",
    "version": "22.0.6",
    "webapi_port": null,
    "webapi_url": "https://mriqc.nimh.nih.gov/api/v1"
  },
  "size_t": 439,
  "size_x": 64,
  "size_y": 64,
  "size_z": 45,
  "snr": 4.830596396680851,
  "spacing_tr": 2.450000047683716,
  "spacing_x": 3.5,
  "spacing_y": 3.5,
  "spacing_z": 3.5,
  "summary_bg_k": 149.57089529910863,
  "summary_bg_mad": 2327.1261816828214,
  "summary_bg_mean": 14966.150390625,
  "summary_bg_median": 1621.9132080078125,
  "summary_bg_n": 129871.0,
  "summary_bg_p05": 38.583560943603516,
  "summary_bg_p95": 66442.140625,
  "summary_bg_stdv": 41024.2734375,
  "summary_fg_k": 3.364014713973188,
  "summary_fg_mad": 128493.70576025023,
  "summary_fg_mean": 684705.0625,
  "summary_fg_median": 669768.0,
  "summary_fg_n": 21131.0,
  "summary_fg_p05": 493284.34375,
  "summary_fg_p95": 908817.71875,
  "summary_fg_stdv": 138647.921875,
  "tsnr": 31.279178619384766
}