{
  "bids_meta": {
    "EchoTime": 0.00351,
    "FlipAngle": 8,
    "InstitutionName": "Univerity Medical Center Groningen",
    "InstitutionalDepartmentName": "Neuroimaging Center Groningen",
    "MagneticFieldStrength": 3,
    "Manufacturer": "Philips",
    "ManufacturersModelName": "Intera",
    "Modality": "MR",
    "PatientPosition": "HFS",
    "PhilipsRescaleIntercept": 0,
    "PhilipsRescaleSlope": 12.7477,
    "PhilipsScaleSlope": 0.000299206,
    "ProtocolName": "T13DSENSEtool4.2",
    "ReceiveCoilName": "SENSE-Head-32P",
    "ReconMatrixPE": 256,
    "RepetitionTime": 0.009,
    "UsePhilipsFloatNotDisplayScaling": 1,
    "dataset": "ds001491",
    "modality": "T1w",
    "subject_id": "21"
  },
  "cjv": 0.4066782371297987,
  "cnr": 3.3572386405753805,
  "efc": 0.7787057763459486,
  "fber": -1.0,
  "fwhm_avg": 3.256323333333333,
  "fwhm_x": 3.23184,
  "fwhm_y": 3.30271,
  "fwhm_z": 3.23442,
  "icvs_csf": 0.18972464392685262,
  "icvs_gm": 0.40834117437390904,
  "icvs_wm": 0.40193418169923834,
  "inu_med": 0.6885366439819336,
  "inu_range": 0.3925958007574081,
  "provenance": {
    "md5sum": "179472a52a352d437af0a7f083c8c488",
    "settings": {
      "testing": false
    },
    "software": "mriqc",
    "version": "22.0.6",
    "warnings": {
      "large_rot_frame": true,
      "small_air_mask": true
    },
    "webapi_port": null,
    "webapi_url": "https://mriqc.nimh.nih.gov/api/v1"
  },
  "qi_1": 0.0,
  "qi_2": 2.197605781046324e-06,
  "rpve_csf": 25.436923890306417,
  "rpve_gm": 11.948045841392439,
  "rpve_wm": 14.382276361799573,
  "size_x": 256,
  "size_y": 256,
  "size_z": 170,
  "snr_csf": 1.0884212806920264,
  "snr_gm": 9.25314839969789,
  "snr_total": 9.458942185616067,
  "snr_wm": 18.035256876458284,
  "snrd_csf": 13.378912032643239,
  "snrd_gm": 42.57326862389656,
  "snrd_total": 39.309880682491176,
  "snrd_wm": 61.97746139093371,
  "spacing_x": 1.0,
  "spacing_y": 1.0,
  "spacing_z": 1.0,
  "summary_bg_k": 61.556248394100436,
  "summary_bg_mad": 0.0,
  "summary_bg_mean": 2.971829905750478,
  "summary_bg_median": 0.0,
  "summary_bg_n": 160908.0,
  "summary_bg_p05": 0.0,
  "summary_bg_p95": 20.072831097990274,
  "summary_bg_stdv": 10.571497905059685,
  "summary_csf_k": 14.803555241371829,
  "summary_csf_mad": 103.89672066797186,
  "summary_csf_mean": 255.02077428827113,
  "summary_csf_median": 215.88655511289835,
  "summary_csf_n": 20592.0,
  "summary_csf_p05": 63.905913814995436,
  "summary_csf_p95": 556.6095403257759,
  "summary_csf_stdv": 198.34352458759193,
  "summary_gm_k": 0.10427250690139545,
  "summary_gm_mad": 73.08324457633002,
  "summary_gm_mean": 685.4189876201283,
  "summary_gm_median": 686.9763610586524,
  "summary_gm_n": 21697.0,
  "summary_gm_p05": 559.7181646108627,
  "summary_gm_p95": 804.3343293070793,
  "summary_gm_stdv": 74.24073407939913,
  "summary_wm_k": 0.2233110778999885,
  "summary_wm_mad": 54.25278696477111,
  "summary_wm_mean": 1000.4553583477594,
  "summary_wm_median": 1000.0888414308429,
  "summary_wm_n": 208221.0,
  "summary_wm_p05": 910.6196739114821,
  "summary_wm_p95": 1092.2817559428513,
  "summary_wm_stdv": 55.45174359148031,
  "tpm_overlap_csf": 0.15015943805487633,
  "tpm_overlap_gm": 0.4372461488417536,
  "tpm_overlap_wm": 0.48549356386015746,
  "wm2max": 0.6351959420117945
}