{
  "aor": 0.002155486725663717,
  "aqi": 0.0043005637168141595,
  "bids_meta": {
    "EchoTime": 0.02203,
    "EchoTrainLength": 23,
    "FlipAngle": 80,
    "InstitutionName": "Univerity Medical Center Groningen",
    "InstitutionalDepartmentName": "Neuroimaging Center Groningen",
    "MagneticFieldStrength": 3,
    "Manufacturer": "Philips",
    "ManufacturersModelName": "Intera",
    "Modality": "MR",
    "PatientPosition": "HFS",
    "PhilipsRescaleIntercept": 0,
    "PhilipsRescaleSlope": 282.541,
    "PhilipsScaleSlope": 0.0011356,
    "ProtocolName": "WIPR-state_ME_descending-sso-DSSENSE4.2",
    "ReceiveCoilName": "SENSE-Head-32P",
    "ReconMatrixPE": 64,
    "RepetitionTime": 2.45,
    "SliceThickness": 3.5,
    "SliceTiming": [
      2.395555556,
      2.341111111,
      2.286666667,
      2.232222222,
      2.177777778,
      2.123333333,
      2.068888889,
      2.014444444,
      1.96,
      1.905555556,
      1.851111111,
      1.796666667,
      1.742222222,
      1.687777778,
      1.633333333,
      1.578888889,
      1.524444444,
      1.47,
      1.415555556,
      1.361111111,
      1.306666667,
      1.252222222,
      1.197777778,
      1.143333333,
      1.088888889,
      1.034444444,
      0.98,
      0.925555556,
      0.871111111,
      0.816666667,
      0.762222222,
      0.707777778,
      0.653333333,
      0.598888889,
      0.544444444,
      0.49,
      0.435555556,
      0.381111111,
      0.326666667,
      0.272222222,
      0.217777778,
      0.163333333,
      0.108888889,
      0.054444444,
      0
    ],
    "TaskName": "task-FlavorRun2",
    "UsePhilipsFloatNotDisplayScaling": 1,
    "dataset": "ds001491",
    "modality": "bold",
    "subject_id": "20",
    "task_id": "FlavorRun2"
  },
  "dummy_trs": 0,
  "dvars_nstd": 23.194068472533335,
  "dvars_std": 1.2827922735555553,
  "dvars_vstd": 1.0158131543111109,
  "efc": 0.46821403802921635,
  "fber": 16295.2802734375,
  "fd_mean": 0.26814061725918725,
  "fd_num": 134,
  "fd_perc": 59.29203539823009,
  "fwhm_avg": 1.9830657142857142,
  "fwhm_x": 1.9307657142857142,
  "fwhm_y": 2.0961971428571426,
  "fwhm_z": 1.9222342857142858,
  "gcor": 0.0217423,
  "gsr_x": -0.0073152631521224976,
  "gsr_y": 0.028356026858091354,
  "provenance": {
    "md5sum": "a0c31111d7c6d8a5eb2ff32adeb9c8a8",
    "settings": {
      "fd_thres": 0.2,
      "testing": false
    },
    "software": "mriqc",
    "version": "22.0.6",
    "webapi_port": null,
    "webapi_url": "https://mriqc.nimh.nih.gov/api/v1"
  },
  "size_t": 226,
  "size_x": 64,
  "size_y": 64,
  "size_z": 45,
  "snr": 5.611067457822012,
  "spacing_tr": 2.450000047683716,
  "spacing_x": 3.5,
  "spacing_y": 3.5,
  "spacing_z": 3.5,
  "summary_bg_k": 38.06722008154262,
  "summary_bg_mad": 7295.678293201103,
  "summary_bg_mean": 32453.615234375,
  "summary_bg_median": 6128.72900390625,
  "summary_bg_n": 120850.0,
  "summary_bg_p05": 723.5870513916017,
  "summary_bg_p95": 151809.24765624988,
  "summary_bg_stdv": 67110.2109375,
  "summary_fg_k": 0.8950728700731219,
  "summary_fg_mad": 134460.62371390333,
  "summary_fg_mean": 773169.0625,
  "summary_fg_median": 758536.25,
  "summary_fg_n": 28327.0,
  "summary_fg_p05": 580278.29375,
  "summary_fg_p95": 1005557.9,
  "summary_fg_stdv": 135183.34375,
  "tsnr": 74.37551879882812
}