{
  "aor": 0.0009331428571428571,
  "aqi": 0.006655535758241759,
  "bids_meta": {
    "EchoTime": 0.03603,
    "EchoTrainLength": 23,
    "FlipAngle": 80,
    "InstitutionName": "Univerity Medical Center Groningen",
    "InstitutionalDepartmentName": "Neuroimaging Center Groningen",
    "MagneticFieldStrength": 3,
    "Manufacturer": "Philips",
    "ManufacturersModelName": "Intera",
    "Modality": "MR",
    "PatientPosition": "HFS",
    "PhilipsRescaleIntercept": 0,
    "PhilipsRescaleSlope": 282.541,
    "PhilipsScaleSlope": 0.0011356,
    "ProtocolName": "WIPR-state_ME_descending-sso-DSSENSE4.2",
    "ReceiveCoilName": "SENSE-Head-32P",
    "ReconMatrixPE": 64,
    "RepetitionTime": 2.45,
    "SliceThickness": 3.5,
    "SliceTiming": [
      2.395555556,
      2.341111111,
      2.286666667,
      2.232222222,
      2.177777778,
      2.123333333,
      2.068888889,
      2.014444444,
      1.96,
      1.905555556,
      1.851111111,
      1.796666667,
      1.742222222,
      1.687777778,
      1.633333333,
      1.578888889,
      1.524444444,
      1.47,
      1.415555556,
      1.361111111,
      1.306666667,
      1.252222222,
      1.197777778,
      1.143333333,
      1.088888889,
      1.034444444,
      0.98,
      0.925555556,
      0.871111111,
      0.816666667,
      0.762222222,
      0.707777778,
      0.653333333,
      0.598888889,
      0.544444444,
      0.49,
      0.435555556,
      0.381111111,
      0.326666667,
      0.272222222,
      0.217777778,
      0.163333333,
      0.108888889,
      0.054444444,
      0
    ],
    "TaskName": "task-images",
    "UsePhilipsFloatNotDisplayScaling": 1,
    "dataset": "ds001491",
    "modality": "bold",
    "subject_id": "20",
    "task_id": "images"
  },
  "dummy_trs": 0,
  "dvars_nstd": 25.819034080770944,
  "dvars_std": 1.2653729888326,
  "dvars_vstd": 0.9654332576872237,
  "efc": 0.4190524010046059,
  "fber": 405858.34375,
  "fd_mean": 0.11070220363769735,
  "fd_num": 22,
  "fd_perc": 4.835164835164835,
  "fwhm_avg": 1.896395238095238,
  "fwhm_x": 1.84322,
  "fwhm_y": 2.036314285714286,
  "fwhm_z": 1.8096514285714285,
  "gcor": 0.0433185,
  "gsr_x": -0.004052608739584684,
  "gsr_y": 0.02671332284808159,
  "provenance": {
    "md5sum": "ca8a023111c61df025c329bcce13e3a7",
    "settings": {
      "fd_thres": 0.2,
      "testing": false
    },
    "software": "mriqc",
    "version": "22.0.6",
    "webapi_port": null,
    "webapi_url": "https://mriqc.nimh.nih.gov/api/v1"
  },
  "size_t": 455,
  "size_x": 64,
  "size_y": 64,
  "size_z": 45,
  "snr": 4.439206448956423,
  "spacing_tr": 2.450000047683716,
  "spacing_x": 3.5,
  "spacing_y": 3.5,
  "spacing_z": 3.5,
  "summary_bg_k": 211.77225410256133,
  "summary_bg_mad": 1610.478120607456,
  "summary_bg_mean": 13796.7392578125,
  "summary_bg_median": 1089.8575439453125,
  "summary_bg_n": 123580.0,
  "summary_bg_p05": 2.5917173981666566,
  "summary_bg_p95": 62575.08183593735,
  "summary_bg_stdv": 36932.03125,
  "summary_fg_k": 3.87795642118516,
  "summary_fg_mad": 115383.14700464383,
  "summary_fg_mean": 629661.625,
  "summary_fg_median": 607345.5,
  "summary_fg_n": 25954.0,
  "summary_fg_p05": 454422.3125,
  "summary_fg_p95": 867356.7593749998,
  "summary_fg_stdv": 136811.34375,
  "tsnr": 54.63116455078125
}