{
  "aor": 0.001855318681318681,
  "aqi": 0.002815655208791209,
  "bids_meta": {
    "EchoTime": 0.00802,
    "EchoTrainLength": 23,
    "FlipAngle": 80,
    "InstitutionName": "Univerity Medical Center Groningen",
    "InstitutionalDepartmentName": "Neuroimaging Center Groningen",
    "MagneticFieldStrength": 3,
    "Manufacturer": "Philips",
    "ManufacturersModelName": "Intera",
    "Modality": "MR",
    "PatientPosition": "HFS",
    "PhilipsRescaleIntercept": 0,
    "PhilipsRescaleSlope": 282.541,
    "PhilipsScaleSlope": 0.0011356,
    "ProtocolName": "WIPR-state_ME_descending-sso-DSSENSE4.2",
    "ReceiveCoilName": "SENSE-Head-32P",
    "ReconMatrixPE": 64,
    "RepetitionTime": 2.45,
    "SliceThickness": 3.5,
    "SliceTiming": [
      2.395555556,
      2.341111111,
      2.286666667,
      2.232222222,
      2.177777778,
      2.123333333,
      2.068888889,
      2.014444444,
      1.96,
      1.905555556,
      1.851111111,
      1.796666667,
      1.742222222,
      1.687777778,
      1.633333333,
      1.578888889,
      1.524444444,
      1.47,
      1.415555556,
      1.361111111,
      1.306666667,
      1.252222222,
      1.197777778,
      1.143333333,
      1.088888889,
      1.034444444,
      0.98,
      0.925555556,
      0.871111111,
      0.816666667,
      0.762222222,
      0.707777778,
      0.653333333,
      0.598888889,
      0.544444444,
      0.49,
      0.435555556,
      0.381111111,
      0.326666667,
      0.272222222,
      0.217777778,
      0.163333333,
      0.108888889,
      0.054444444,
      0
    ],
    "TaskName": "task-images",
    "UsePhilipsFloatNotDisplayScaling": 1,
    "dataset": "ds001491",
    "modality": "bold",
    "subject_id": "20",
    "task_id": "images"
  },
  "dummy_trs": 0,
  "dvars_nstd": 17.02063187621146,
  "dvars_std": 1.3706546745814967,
  "dvars_vstd": 0.989119793722467,
  "efc": 0.5186360290120163,
  "fber": 120601.6484375,
  "fd_mean": 0.10805060292122992,
  "fd_num": 19,
  "fd_perc": 4.175824175824176,
  "fwhm_avg": 2.212547619047619,
  "fwhm_x": 2.159954285714286,
  "fwhm_y": 2.2457028571428572,
  "fwhm_z": 2.2319857142857145,
  "gcor": 0.0158323,
  "gsr_x": -0.002875358099117875,
  "gsr_y": 0.06389576941728592,
  "provenance": {
    "md5sum": "f2cba1caa2f26c96b0c06f76857b8d72",
    "settings": {
      "fd_thres": 0.2,
      "testing": false
    },
    "software": "mriqc",
    "version": "22.0.6",
    "webapi_port": null,
    "webapi_url": "https://mriqc.nimh.nih.gov/api/v1"
  },
  "size_t": 455,
  "size_x": 64,
  "size_y": 64,
  "size_z": 45,
  "snr": 6.394849261165581,
  "spacing_tr": 2.450000047683716,
  "spacing_x": 3.5,
  "spacing_y": 3.5,
  "spacing_z": 3.5,
  "summary_bg_k": 6.57508570202279,
  "summary_bg_mad": 4910.126748394475,
  "summary_bg_mean": 82896.2265625,
  "summary_bg_median": 3319.635498046875,
  "summary_bg_n": 117479.0,
  "summary_bg_p05": 4.748435258865357,
  "summary_bg_p95": 485389.98749999993,
  "summary_bg_stdv": 165994.28125,
  "summary_fg_k": 0.3810520090845775,
  "summary_fg_mad": 161794.80484065917,
  "summary_fg_mean": 1056241.375,
  "summary_fg_median": 1043326.625,
  "summary_fg_n": 30941.0,
  "summary_fg_p05": 810401.9375,
  "summary_fg_p95": 1339073.125,
  "summary_fg_stdv": 163148.453125,
  "tsnr": 97.74833679199219
}