{
  "aor": 0.0013464732142857143,
  "aqi": 0.0027663824553571426,
  "bids_meta": {
    "EchoTime": 0.00802,
    "EchoTrainLength": 23,
    "FlipAngle": 80,
    "InstitutionName": "Univerity Medical Center Groningen",
    "InstitutionalDepartmentName": "Neuroimaging Center Groningen",
    "MagneticFieldStrength": 3,
    "Manufacturer": "Philips",
    "ManufacturersModelName": "Intera",
    "Modality": "MR",
    "PatientPosition": "HFS",
    "PhilipsRescaleIntercept": 0,
    "PhilipsRescaleSlope": 282.541,
    "PhilipsScaleSlope": 0.0011356,
    "ProtocolName": "WIPR-state_ME_descending-sso-DSSENSE4.2",
    "ReceiveCoilName": "SENSE-Head-32P",
    "ReconMatrixPE": 64,
    "RepetitionTime": 2.45,
    "SliceThickness": 3.5,
    "SliceTiming": [
      2.395555556,
      2.341111111,
      2.286666667,
      2.232222222,
      2.177777778,
      2.123333333,
      2.068888889,
      2.014444444,
      1.96,
      1.905555556,
      1.851111111,
      1.796666667,
      1.742222222,
      1.687777778,
      1.633333333,
      1.578888889,
      1.524444444,
      1.47,
      1.415555556,
      1.361111111,
      1.306666667,
      1.252222222,
      1.197777778,
      1.143333333,
      1.088888889,
      1.034444444,
      0.98,
      0.925555556,
      0.871111111,
      0.816666667,
      0.762222222,
      0.707777778,
      0.653333333,
      0.598888889,
      0.544444444,
      0.49,
      0.435555556,
      0.381111111,
      0.326666667,
      0.272222222,
      0.217777778,
      0.163333333,
      0.108888889,
      0.054444444,
      0
    ],
    "TaskName": "task-FlavorRun3",
    "UsePhilipsFloatNotDisplayScaling": 1,
    "dataset": "ds001491",
    "modality": "bold",
    "subject_id": "20",
    "task_id": "FlavorRun3"
  },
  "dummy_trs": 0,
  "dvars_nstd": 19.82889274206277,
  "dvars_std": 1.3277686217937223,
  "dvars_vstd": 0.9968003881614345,
  "efc": 0.5343443017963648,
  "fber": 8708.4453125,
  "fd_mean": 0.23495019178613838,
  "fd_num": 113,
  "fd_perc": 50.44642857142857,
  "fwhm_avg": 2.258695238095238,
  "fwhm_x": 2.214362857142857,
  "fwhm_y": 2.318082857142857,
  "fwhm_z": 2.24364,
  "gcor": 0.00960267,
  "gsr_x": -0.00917911995202303,
  "gsr_y": 0.05343702435493469,
  "provenance": {
    "md5sum": "51d591e7c7d735ee9efce0e37262c5d2",
    "settings": {
      "fd_thres": 0.2,
      "testing": false
    },
    "software": "mriqc",
    "version": "22.0.6",
    "webapi_port": null,
    "webapi_url": "https://mriqc.nimh.nih.gov/api/v1"
  },
  "size_t": 224,
  "size_x": 64,
  "size_y": 64,
  "size_z": 45,
  "snr": 6.534866157712531,
  "spacing_tr": 2.450000047683716,
  "spacing_x": 3.5,
  "spacing_y": 3.5,
  "spacing_z": 3.5,
  "summary_bg_k": 5.702254123816234,
  "summary_bg_mad": 13566.96188598597,
  "summary_bg_mean": 83420.6953125,
  "summary_bg_median": 10779.994140625,
  "summary_bg_n": 116469.0,
  "summary_bg_p05": 1006.059912109375,
  "summary_bg_p95": 461212.50624999986,
  "summary_bg_stdv": 154321.84375,
  "summary_fg_k": 0.675470002309309,
  "summary_fg_mad": 155109.5661121401,
  "summary_fg_mean": 989441.25,
  "summary_fg_median": 984858.875,
  "summary_fg_n": 31277.0,
  "summary_fg_p05": 760623.375,
  "summary_fg_p95": 1236695.95,
  "summary_fg_stdv": 150705.9375,
  "tsnr": 99.63189697265625
}