{
  "aor": 0.0014981363636363636,
  "aqi": 0.005547696863636364,
  "bids_meta": {
    "EchoTime": 0.03603,
    "EchoTrainLength": 23,
    "FlipAngle": 80,
    "InstitutionName": "Univerity Medical Center Groningen",
    "InstitutionalDepartmentName": "Neuroimaging Center Groningen",
    "MagneticFieldStrength": 3,
    "Manufacturer": "Philips",
    "ManufacturersModelName": "Intera",
    "Modality": "MR",
    "PatientPosition": "HFS",
    "PhilipsRescaleIntercept": 0,
    "PhilipsRescaleSlope": 282.541,
    "PhilipsScaleSlope": 0.0011356,
    "ProtocolName": "WIPR-state_ME_descending-sso-DSSENSE4.2",
    "ReceiveCoilName": "SENSE-Head-32P",
    "ReconMatrixPE": 64,
    "RepetitionTime": 2.45,
    "SliceThickness": 3.5,
    "SliceTiming": [
      2.395555556,
      2.341111111,
      2.286666667,
      2.232222222,
      2.177777778,
      2.123333333,
      2.068888889,
      2.014444444,
      1.96,
      1.905555556,
      1.851111111,
      1.796666667,
      1.742222222,
      1.687777778,
      1.633333333,
      1.578888889,
      1.524444444,
      1.47,
      1.415555556,
      1.361111111,
      1.306666667,
      1.252222222,
      1.197777778,
      1.143333333,
      1.088888889,
      1.034444444,
      0.98,
      0.925555556,
      0.871111111,
      0.816666667,
      0.762222222,
      0.707777778,
      0.653333333,
      0.598888889,
      0.544444444,
      0.49,
      0.435555556,
      0.381111111,
      0.326666667,
      0.272222222,
      0.217777778,
      0.163333333,
      0.108888889,
      0.054444444,
      0
    ],
    "TaskName": "task-FlavorRun4",
    "UsePhilipsFloatNotDisplayScaling": 1,
    "dataset": "ds001491",
    "modality": "bold",
    "subject_id": "20",
    "task_id": "FlavorRun4"
  },
  "dummy_trs": 0,
  "dvars_nstd": 29.68730270716895,
  "dvars_std": 1.2545939135616437,
  "dvars_vstd": 1.0005970273515974,
  "efc": 0.43147147452079887,
  "fber": 16115.869140625,
  "fd_mean": 0.25771185265099456,
  "fd_num": 123,
  "fd_perc": 55.90909090909091,
  "fwhm_avg": 1.9270885714285715,
  "fwhm_x": 1.8778171428571429,
  "fwhm_y": 2.0782257142857143,
  "fwhm_z": 1.825222857142857,
  "gcor": 0.0250515,
  "gsr_x": -0.00662367744371295,
  "gsr_y": 0.023011960089206696,
  "provenance": {
    "md5sum": "61c448151fbbf482ee14249d2728e828",
    "settings": {
      "fd_thres": 0.2,
      "testing": false
    },
    "software": "mriqc",
    "version": "22.0.6",
    "webapi_port": null,
    "webapi_url": "https://mriqc.nimh.nih.gov/api/v1"
  },
  "size_t": 220,
  "size_x": 64,
  "size_y": 64,
  "size_z": 45,
  "snr": 4.421989702259389,
  "spacing_tr": 2.450000047683716,
  "spacing_x": 3.5,
  "spacing_y": 3.5,
  "spacing_z": 3.5,
  "summary_bg_k": 149.99194078864667,
  "summary_bg_mad": 4816.852354775458,
  "summary_bg_mean": 15925.166015625,
  "summary_bg_median": 4547.7080078125,
  "summary_bg_n": 123396.0,
  "summary_bg_p05": 715.976806640625,
  "summary_bg_p95": 62930.2978515625,
  "summary_bg_stdv": 34330.98046875,
  "summary_fg_k": 3.6125627175426294,
  "summary_fg_mad": 112120.12484699034,
  "summary_fg_mean": 591678.25,
  "summary_fg_median": 572766.625,
  "summary_fg_n": 25954.0,
  "summary_fg_p05": 424487.6734375,
  "summary_fg_p95": 817369.6906249999,
  "summary_fg_stdv": 129524.40625,
  "tsnr": 59.01328659057617
}