{
  "aor": 0.0014606818181818182,
  "aqi": 0.004045000272727273,
  "bids_meta": {
    "EchoTime": 0.02203,
    "EchoTrainLength": 23,
    "FlipAngle": 80,
    "InstitutionName": "Univerity Medical Center Groningen",
    "InstitutionalDepartmentName": "Neuroimaging Center Groningen",
    "MagneticFieldStrength": 3,
    "Manufacturer": "Philips",
    "ManufacturersModelName": "Intera",
    "Modality": "MR",
    "PatientPosition": "HFS",
    "PhilipsRescaleIntercept": 0,
    "PhilipsRescaleSlope": 282.541,
    "PhilipsScaleSlope": 0.0011356,
    "ProtocolName": "WIPR-state_ME_descending-sso-DSSENSE4.2",
    "ReceiveCoilName": "SENSE-Head-32P",
    "ReconMatrixPE": 64,
    "RepetitionTime": 2.45,
    "SliceThickness": 3.5,
    "SliceTiming": [
      2.395555556,
      2.341111111,
      2.286666667,
      2.232222222,
      2.177777778,
      2.123333333,
      2.068888889,
      2.014444444,
      1.96,
      1.905555556,
      1.851111111,
      1.796666667,
      1.742222222,
      1.687777778,
      1.633333333,
      1.578888889,
      1.524444444,
      1.47,
      1.415555556,
      1.361111111,
      1.306666667,
      1.252222222,
      1.197777778,
      1.143333333,
      1.088888889,
      1.034444444,
      0.98,
      0.925555556,
      0.871111111,
      0.816666667,
      0.762222222,
      0.707777778,
      0.653333333,
      0.598888889,
      0.544444444,
      0.49,
      0.435555556,
      0.381111111,
      0.326666667,
      0.272222222,
      0.217777778,
      0.163333333,
      0.108888889,
      0.054444444,
      0
    ],
    "TaskName": "task-FlavorRun4",
    "UsePhilipsFloatNotDisplayScaling": 1,
    "dataset": "ds001491",
    "modality": "bold",
    "subject_id": "20",
    "task_id": "FlavorRun4"
  },
  "dummy_trs": 0,
  "dvars_nstd": 23.68325505228311,
  "dvars_std": 1.2870579366666668,
  "dvars_vstd": 1.0012974774885843,
  "efc": 0.4701149812387066,
  "fber": 14460.939453125,
  "fd_mean": 0.24820875070314496,
  "fd_num": 117,
  "fd_perc": 53.18181818181818,
  "fwhm_avg": 1.9728152380952382,
  "fwhm_x": 1.9210028571428572,
  "fwhm_y": 2.095097142857143,
  "fwhm_z": 1.9023457142857143,
  "gcor": 0.0197035,
  "gsr_x": -0.007886957377195358,
  "gsr_y": 0.02732810005545616,
  "provenance": {
    "md5sum": "2bb9c557972330f9335f946d20a32619",
    "settings": {
      "fd_thres": 0.2,
      "testing": false
    },
    "software": "mriqc",
    "version": "22.0.6",
    "webapi_port": null,
    "webapi_url": "https://mriqc.nimh.nih.gov/api/v1"
  },
  "size_t": 220,
  "size_x": 64,
  "size_y": 64,
  "size_z": 45,
  "snr": 5.661798024107825,
  "spacing_tr": 2.450000047683716,
  "spacing_x": 3.5,
  "spacing_y": 3.5,
  "spacing_z": 3.5,
  "summary_bg_k": 34.78266337390196,
  "summary_bg_mad": 7497.854054175947,
  "summary_bg_mean": 33041.6953125,
  "summary_bg_median": 6413.95703125,
  "summary_bg_n": 120931.0,
  "summary_bg_p05": 831.3287963867188,
  "summary_bg_p95": 156357.140625,
  "summary_bg_stdv": 66848.03125,
  "summary_fg_k": 1.0063499916088174,
  "summary_fg_mad": 131969.6666615366,
  "summary_fg_mean": 765177.9375,
  "summary_fg_median": 750604.75,
  "summary_fg_n": 28249.0,
  "summary_fg_p05": 576484.325,
  "summary_fg_p95": 992889.6124999998,
  "summary_fg_stdv": 132571.21875,
  "tsnr": 77.57205200195312
}