{
  "aor": 0.0009356923076923077,
  "aqi": 0.004599506659340659,
  "bids_meta": {
    "EchoTime": 0.02203,
    "EchoTrainLength": 23,
    "FlipAngle": 80,
    "InstitutionName": "Univerity Medical Center Groningen",
    "InstitutionalDepartmentName": "Neuroimaging Center Groningen",
    "MagneticFieldStrength": 3,
    "Manufacturer": "Philips",
    "ManufacturersModelName": "Intera",
    "Modality": "MR",
    "PatientPosition": "HFS",
    "PhilipsRescaleIntercept": 0,
    "PhilipsRescaleSlope": 282.541,
    "PhilipsScaleSlope": 0.0011356,
    "ProtocolName": "WIPR-state_ME_descending-sso-DSSENSE4.2",
    "ReceiveCoilName": "SENSE-Head-32P",
    "ReconMatrixPE": 64,
    "RepetitionTime": 2.45,
    "SliceThickness": 3.5,
    "SliceTiming": [
      2.395555556,
      2.341111111,
      2.286666667,
      2.232222222,
      2.177777778,
      2.123333333,
      2.068888889,
      2.014444444,
      1.96,
      1.905555556,
      1.851111111,
      1.796666667,
      1.742222222,
      1.687777778,
      1.633333333,
      1.578888889,
      1.524444444,
      1.47,
      1.415555556,
      1.361111111,
      1.306666667,
      1.252222222,
      1.197777778,
      1.143333333,
      1.088888889,
      1.034444444,
      0.98,
      0.925555556,
      0.871111111,
      0.816666667,
      0.762222222,
      0.707777778,
      0.653333333,
      0.598888889,
      0.544444444,
      0.49,
      0.435555556,
      0.381111111,
      0.326666667,
      0.272222222,
      0.217777778,
      0.163333333,
      0.108888889,
      0.054444444,
      0
    ],
    "TaskName": "task-images",
    "UsePhilipsFloatNotDisplayScaling": 1,
    "dataset": "ds001491",
    "modality": "bold",
    "subject_id": "20",
    "task_id": "images"
  },
  "dummy_trs": 0,
  "dvars_nstd": 20.500453722246675,
  "dvars_std": 1.3004251423568287,
  "dvars_vstd": 0.9742632202202648,
  "efc": 0.4555895331965278,
  "fber": 284245.28125,
  "fd_mean": 0.10672436130239259,
  "fd_num": 20,
  "fd_perc": 4.395604395604396,
  "fwhm_avg": 1.9571571428571428,
  "fwhm_x": 1.9063485714285715,
  "fwhm_y": 2.05134,
  "fwhm_z": 1.9137828571428572,
  "gcor": 0.0305464,
  "gsr_x": -0.0022138115018606186,
  "gsr_y": 0.03331979364156723,
  "provenance": {
    "md5sum": "497dfe60b495aeebd24f4cd1444696ff",
    "settings": {
      "fd_thres": 0.2,
      "testing": false
    },
    "software": "mriqc",
    "version": "22.0.6",
    "webapi_port": null,
    "webapi_url": "https://mriqc.nimh.nih.gov/api/v1"
  },
  "size_t": 455,
  "size_x": 64,
  "size_y": 64,
  "size_z": 45,
  "snr": 5.56808925263268,
  "spacing_tr": 2.450000047683716,
  "spacing_x": 3.5,
  "spacing_y": 3.5,
  "spacing_z": 3.5,
  "summary_bg_k": 47.913804392498164,
  "summary_bg_mad": 2531.1620405693375,
  "summary_bg_mean": 29837.91015625,
  "summary_bg_median": 1711.60791015625,
  "summary_bg_n": 121194.0,
  "summary_bg_p05": 3.1480619788169864,
  "summary_bg_p95": 154766.48593749976,
  "summary_bg_stdv": 69416.5625,
  "summary_fg_k": 1.099775404548005,
  "summary_fg_mad": 139267.03478102118,
  "summary_fg_mean": 819775.5625,
  "summary_fg_median": 802217.875,
  "summary_fg_n": 28231.0,
  "summary_fg_p05": 617400.46875,
  "summary_fg_p95": 1073000.875,
  "summary_fg_stdv": 144071.625,
  "tsnr": 74.54905700683594
}