{
  "aor": 0.004030458715596329,
  "aqi": 0.011645150688073395,
  "bids_meta": {
    "EchoTime": 0.03603,
    "EchoTrainLength": 23,
    "FlipAngle": 80,
    "InstitutionName": "Univerity Medical Center Groningen",
    "InstitutionalDepartmentName": "Neuroimaging Center Groningen",
    "MagneticFieldStrength": 3,
    "Manufacturer": "Philips",
    "ManufacturersModelName": "Intera",
    "Modality": "MR",
    "PatientPosition": "HFS",
    "PhilipsRescaleIntercept": 0,
    "PhilipsRescaleSlope": 282.541,
    "PhilipsScaleSlope": 0.0011356,
    "ProtocolName": "WIPR-state_ME_descending-sso-DSSENSE4.2",
    "ReceiveCoilName": "SENSE-Head-32P",
    "ReconMatrixPE": 64,
    "RepetitionTime": 2.45,
    "SliceThickness": 3.5,
    "SliceTiming": [
      2.395555556,
      2.341111111,
      2.286666667,
      2.232222222,
      2.177777778,
      2.123333333,
      2.068888889,
      2.014444444,
      1.96,
      1.905555556,
      1.851111111,
      1.796666667,
      1.742222222,
      1.687777778,
      1.633333333,
      1.578888889,
      1.524444444,
      1.47,
      1.415555556,
      1.361111111,
      1.306666667,
      1.252222222,
      1.197777778,
      1.143333333,
      1.088888889,
      1.034444444,
      0.98,
      0.925555556,
      0.871111111,
      0.816666667,
      0.762222222,
      0.707777778,
      0.653333333,
      0.598888889,
      0.544444444,
      0.49,
      0.435555556,
      0.381111111,
      0.326666667,
      0.272222222,
      0.217777778,
      0.163333333,
      0.108888889,
      0.054444444,
      0
    ],
    "TaskName": "task-FlavorRun4",
    "UsePhilipsFloatNotDisplayScaling": 1,
    "dataset": "ds001491",
    "modality": "bold",
    "subject_id": "06",
    "task_id": "FlavorRun4"
  },
  "dummy_trs": 0,
  "dvars_nstd": 30.534399832442414,
  "dvars_std": 1.1877793043317968,
  "dvars_vstd": 1.0219595409216593,
  "efc": 0.4215605860530616,
  "fber": 35059.2109375,
  "fd_mean": 0.3622140859952858,
  "fd_num": 145,
  "fd_perc": 66.5137614678899,
  "fwhm_avg": 1.7384342857142858,
  "fwhm_x": 1.6056457142857143,
  "fwhm_y": 1.9657914285714286,
  "fwhm_z": 1.6438657142857143,
  "gcor": 0.0364711,
  "gsr_x": -0.0038673090748488903,
  "gsr_y": 0.02664952725172043,
  "provenance": {
    "md5sum": "5d8592406cc3c4b53012347b093dccf4",
    "settings": {
      "fd_thres": 0.2,
      "testing": false
    },
    "software": "mriqc",
    "version": "22.0.6",
    "webapi_port": null,
    "webapi_url": "https://mriqc.nimh.nih.gov/api/v1"
  },
  "size_t": 218,
  "size_x": 64,
  "size_y": 64,
  "size_z": 45,
  "snr": 4.760952963147615,
  "spacing_tr": 2.450000047683716,
  "spacing_x": 3.5,
  "spacing_y": 3.5,
  "spacing_z": 3.5,
  "summary_bg_k": 158.67235935919112,
  "summary_bg_mad": 3492.1900294711368,
  "summary_bg_mean": 13178.6259765625,
  "summary_bg_median": 2765.0546875,
  "summary_bg_n": 124839.0,
  "summary_bg_p05": 145.13568115234375,
  "summary_bg_p95": 61979.30117187485,
  "summary_bg_stdv": 33637.15234375,
  "summary_fg_k": 4.831000166689757,
  "summary_fg_mad": 93434.88908716422,
  "summary_fg_mean": 508015.40625,
  "summary_fg_median": 495585.78125,
  "summary_fg_n": 24861.0,
  "summary_fg_p05": 370496.875,
  "summary_fg_p95": 671047.1875,
  "summary_fg_stdv": 104091.7265625,
  "tsnr": 44.076995849609375
}