{
  "aor": 0.0023638356164383564,
  "aqi": 0.008761506438356163,
  "bids_meta": {
    "EchoTime": 0.03603,
    "EchoTrainLength": 23,
    "FlipAngle": 80,
    "InstitutionName": "Univerity Medical Center Groningen",
    "InstitutionalDepartmentName": "Neuroimaging Center Groningen",
    "MagneticFieldStrength": 3,
    "Manufacturer": "Philips",
    "ManufacturersModelName": "Intera",
    "Modality": "MR",
    "PatientPosition": "HFS",
    "PhilipsRescaleIntercept": 0,
    "PhilipsRescaleSlope": 282.541,
    "PhilipsScaleSlope": 0.0011356,
    "ProtocolName": "WIPR-state_ME_descending-sso-DSSENSE4.2",
    "ReceiveCoilName": "SENSE-Head-32P",
    "ReconMatrixPE": 64,
    "RepetitionTime": 2.45,
    "SliceThickness": 3.5,
    "SliceTiming": [
      2.395555556,
      2.341111111,
      2.286666667,
      2.232222222,
      2.177777778,
      2.123333333,
      2.068888889,
      2.014444444,
      1.96,
      1.905555556,
      1.851111111,
      1.796666667,
      1.742222222,
      1.687777778,
      1.633333333,
      1.578888889,
      1.524444444,
      1.47,
      1.415555556,
      1.361111111,
      1.306666667,
      1.252222222,
      1.197777778,
      1.143333333,
      1.088888889,
      1.034444444,
      0.98,
      0.925555556,
      0.871111111,
      0.816666667,
      0.762222222,
      0.707777778,
      0.653333333,
      0.598888889,
      0.544444444,
      0.49,
      0.435555556,
      0.381111111,
      0.326666667,
      0.272222222,
      0.217777778,
      0.163333333,
      0.108888889,
      0.054444444,
      0
    ],
    "TaskName": "task-FlavorRun3",
    "UsePhilipsFloatNotDisplayScaling": 1,
    "dataset": "ds001491",
    "modality": "bold",
    "subject_id": "06",
    "task_id": "FlavorRun3"
  },
  "dummy_trs": 0,
  "dvars_nstd": 27.543248237477066,
  "dvars_std": 1.1941827959633027,
  "dvars_vstd": 1.0055211140366969,
  "efc": 0.41707857188967407,
  "fber": 129023.8359375,
  "fd_mean": 0.26018471075095373,
  "fd_num": 106,
  "fd_perc": 48.401826484018265,
  "fwhm_avg": 1.7318485714285714,
  "fwhm_x": 1.60708,
  "fwhm_y": 1.9393057142857142,
  "fwhm_z": 1.64916,
  "gcor": 0.0302959,
  "gsr_x": -0.003881733864545822,
  "gsr_y": 0.026242051273584366,
  "provenance": {
    "md5sum": "9441320353cc852b018084de7a2a03a9",
    "settings": {
      "fd_thres": 0.2,
      "testing": false
    },
    "software": "mriqc",
    "version": "22.0.6",
    "webapi_port": null,
    "webapi_url": "https://mriqc.nimh.nih.gov/api/v1"
  },
  "size_t": 219,
  "size_x": 64,
  "size_y": 64,
  "size_z": 45,
  "snr": 4.764516840764906,
  "spacing_tr": 2.450000047683716,
  "spacing_x": 3.5,
  "spacing_y": 3.5,
  "spacing_z": 3.5,
  "summary_bg_k": 161.34841280163255,
  "summary_bg_mad": 2138.3643712287903,
  "summary_bg_mean": 12232.2197265625,
  "summary_bg_median": 1472.991455078125,
  "summary_bg_n": 124822.0,
  "summary_bg_p05": 13.174641227722168,
  "summary_bg_p95": 60802.44316406249,
  "summary_bg_stdv": 33698.453125,
  "summary_fg_k": 4.55983669917058,
  "summary_fg_mad": 93581.43505019964,
  "summary_fg_mean": 508433.71875,
  "summary_fg_median": 497022.96875,
  "summary_fg_n": 24821.0,
  "summary_fg_p05": 370344.5,
  "summary_fg_p95": 674859.75,
  "summary_fg_stdv": 104315.5,
  "tsnr": 52.274253845214844
}