{
  "aor": 0.0022714414414414423,
  "aqi": 0.003349637522522522,
  "bids_meta": {
    "EchoTime": 0.00802,
    "EchoTrainLength": 23,
    "FlipAngle": 80,
    "InstitutionName": "Univerity Medical Center Groningen",
    "InstitutionalDepartmentName": "Neuroimaging Center Groningen",
    "MagneticFieldStrength": 3,
    "Manufacturer": "Philips",
    "ManufacturersModelName": "Intera",
    "Modality": "MR",
    "PatientPosition": "HFS",
    "PhilipsRescaleIntercept": 0,
    "PhilipsRescaleSlope": 282.541,
    "PhilipsScaleSlope": 0.0011356,
    "ProtocolName": "WIPR-state_ME_descending-sso-DSSENSE4.2",
    "ReceiveCoilName": "SENSE-Head-32P",
    "ReconMatrixPE": 64,
    "RepetitionTime": 2.45,
    "SliceThickness": 3.5,
    "SliceTiming": [
      2.395555556,
      2.341111111,
      2.286666667,
      2.232222222,
      2.177777778,
      2.123333333,
      2.068888889,
      2.014444444,
      1.96,
      1.905555556,
      1.851111111,
      1.796666667,
      1.742222222,
      1.687777778,
      1.633333333,
      1.578888889,
      1.524444444,
      1.47,
      1.415555556,
      1.361111111,
      1.306666667,
      1.252222222,
      1.197777778,
      1.143333333,
      1.088888889,
      1.034444444,
      0.98,
      0.925555556,
      0.871111111,
      0.816666667,
      0.762222222,
      0.707777778,
      0.653333333,
      0.598888889,
      0.544444444,
      0.49,
      0.435555556,
      0.381111111,
      0.326666667,
      0.272222222,
      0.217777778,
      0.163333333,
      0.108888889,
      0.054444444,
      0
    ],
    "TaskName": "task-FlavorRun2",
    "UsePhilipsFloatNotDisplayScaling": 1,
    "dataset": "ds001491",
    "modality": "bold",
    "subject_id": "06",
    "task_id": "FlavorRun2"
  },
  "dummy_trs": 0,
  "dvars_nstd": 17.173709623212677,
  "dvars_std": 1.2690292264705871,
  "dvars_vstd": 1.001837231131222,
  "efc": 0.5104002500120054,
  "fber": 89718.8828125,
  "fd_mean": 0.2078592944302619,
  "fd_num": 70,
  "fd_perc": 31.53153153153153,
  "fwhm_avg": 2.267809523809524,
  "fwhm_x": 2.1027428571428572,
  "fwhm_y": 2.4424685714285714,
  "fwhm_z": 2.2582171428571427,
  "gcor": 0.0251645,
  "gsr_x": -0.0072180964052677155,
  "gsr_y": 0.06946714967489243,
  "provenance": {
    "md5sum": "84c5121d98752e7935c82f90c34f433e",
    "settings": {
      "fd_thres": 0.2,
      "testing": false
    },
    "software": "mriqc",
    "version": "22.0.6",
    "webapi_port": null,
    "webapi_url": "https://mriqc.nimh.nih.gov/api/v1"
  },
  "size_t": 222,
  "size_x": 64,
  "size_y": 64,
  "size_z": 45,
  "snr": 6.658744250936421,
  "spacing_tr": 2.450000047683716,
  "spacing_x": 3.5,
  "spacing_y": 3.5,
  "spacing_z": 3.5,
  "summary_bg_k": 9.37658998166096,
  "summary_bg_mad": 4394.888280402949,
  "summary_bg_mean": 58600.82421875,
  "summary_bg_median": 3011.6201171875,
  "summary_bg_n": 116179.0,
  "summary_bg_p05": 19.529026794433594,
  "summary_bg_p95": 387383.94374999957,
  "summary_bg_stdv": 132190.96875,
  "summary_fg_k": 0.9358397430181284,
  "summary_fg_mad": 129891.15101383041,
  "summary_fg_mean": 875624.4375,
  "summary_fg_median": 870184.875,
  "summary_fg_n": 30211.0,
  "summary_fg_p05": 682816.96875,
  "summary_fg_p95": 1093168.375,
  "summary_fg_stdv": 130680.8671875,
  "tsnr": 91.53845977783203
}