{
  "aor": 0.0016825675675675676,
  "aqi": 0.007975209414414415,
  "bids_meta": {
    "EchoTime": 0.03603,
    "EchoTrainLength": 23,
    "FlipAngle": 80,
    "InstitutionName": "Univerity Medical Center Groningen",
    "InstitutionalDepartmentName": "Neuroimaging Center Groningen",
    "MagneticFieldStrength": 3,
    "Manufacturer": "Philips",
    "ManufacturersModelName": "Intera",
    "Modality": "MR",
    "PatientPosition": "HFS",
    "PhilipsRescaleIntercept": 0,
    "PhilipsRescaleSlope": 282.541,
    "PhilipsScaleSlope": 0.0011356,
    "ProtocolName": "WIPR-state_ME_descending-sso-DSSENSE4.2",
    "ReceiveCoilName": "SENSE-Head-32P",
    "ReconMatrixPE": 64,
    "RepetitionTime": 2.45,
    "SliceThickness": 3.5,
    "SliceTiming": [
      2.395555556,
      2.341111111,
      2.286666667,
      2.232222222,
      2.177777778,
      2.123333333,
      2.068888889,
      2.014444444,
      1.96,
      1.905555556,
      1.851111111,
      1.796666667,
      1.742222222,
      1.687777778,
      1.633333333,
      1.578888889,
      1.524444444,
      1.47,
      1.415555556,
      1.361111111,
      1.306666667,
      1.252222222,
      1.197777778,
      1.143333333,
      1.088888889,
      1.034444444,
      0.98,
      0.925555556,
      0.871111111,
      0.816666667,
      0.762222222,
      0.707777778,
      0.653333333,
      0.598888889,
      0.544444444,
      0.49,
      0.435555556,
      0.381111111,
      0.326666667,
      0.272222222,
      0.217777778,
      0.163333333,
      0.108888889,
      0.054444444,
      0
    ],
    "TaskName": "task-FlavorRun2",
    "UsePhilipsFloatNotDisplayScaling": 1,
    "dataset": "ds001491",
    "modality": "bold",
    "subject_id": "06",
    "task_id": "FlavorRun2"
  },
  "dummy_trs": 0,
  "dvars_nstd": 25.881153024660637,
  "dvars_std": 1.1728751467873302,
  "dvars_vstd": 0.9932725349773756,
  "efc": 0.41719943867109166,
  "fber": 107434.046875,
  "fd_mean": 0.21445843664155523,
  "fd_num": 78,
  "fd_perc": 35.13513513513514,
  "fwhm_avg": 1.741137142857143,
  "fwhm_x": 1.6163114285714286,
  "fwhm_y": 1.9483457142857143,
  "fwhm_z": 1.6587542857142858,
  "gcor": 0.0374406,
  "gsr_x": -0.004123124293982983,
  "gsr_y": 0.0262827817350626,
  "provenance": {
    "md5sum": "c1ff39017c8d55ba3c2d3fa623f5ca39",
    "settings": {
      "fd_thres": 0.2,
      "testing": false
    },
    "software": "mriqc",
    "version": "22.0.6",
    "webapi_port": null,
    "webapi_url": "https://mriqc.nimh.nih.gov/api/v1"
  },
  "size_t": 222,
  "size_x": 64,
  "size_y": 64,
  "size_z": 45,
  "snr": 4.722991924622737,
  "spacing_tr": 2.450000047683716,
  "spacing_x": 3.5,
  "spacing_y": 3.5,
  "spacing_z": 3.5,
  "summary_bg_k": 165.12733752249665,
  "summary_bg_mad": 2334.189654869045,
  "summary_bg_mean": 12218.2578125,
  "summary_bg_median": 1618.183837890625,
  "summary_bg_n": 124736.0,
  "summary_bg_p05": 16.254408359527588,
  "summary_bg_p95": 59707.9873046875,
  "summary_bg_stdv": 33763.24609375,
  "summary_fg_k": 4.511401545777259,
  "summary_fg_mad": 95834.3186181979,
  "summary_fg_mean": 510869.40625,
  "summary_fg_median": 499190.125,
  "summary_fg_n": 24900.0,
  "summary_fg_p05": 369936.1984375,
  "summary_fg_p95": 678081.903125,
  "summary_fg_stdv": 105691.5,
  "tsnr": 53.31409454345703
}