{
  "aor": 0.0027780821917808216,
  "aqi": 0.003730928082191781,
  "bids_meta": {
    "EchoTime": 0.00802,
    "EchoTrainLength": 23,
    "FlipAngle": 80,
    "InstitutionName": "Univerity Medical Center Groningen",
    "InstitutionalDepartmentName": "Neuroimaging Center Groningen",
    "MagneticFieldStrength": 3,
    "Manufacturer": "Philips",
    "ManufacturersModelName": "Intera",
    "Modality": "MR",
    "PatientPosition": "HFS",
    "PhilipsRescaleIntercept": 0,
    "PhilipsRescaleSlope": 282.541,
    "PhilipsScaleSlope": 0.0011356,
    "ProtocolName": "WIPR-state_ME_descending-sso-DSSENSE4.2",
    "ReceiveCoilName": "SENSE-Head-32P",
    "ReconMatrixPE": 64,
    "RepetitionTime": 2.45,
    "SliceThickness": 3.5,
    "SliceTiming": [
      2.395555556,
      2.341111111,
      2.286666667,
      2.232222222,
      2.177777778,
      2.123333333,
      2.068888889,
      2.014444444,
      1.96,
      1.905555556,
      1.851111111,
      1.796666667,
      1.742222222,
      1.687777778,
      1.633333333,
      1.578888889,
      1.524444444,
      1.47,
      1.415555556,
      1.361111111,
      1.306666667,
      1.252222222,
      1.197777778,
      1.143333333,
      1.088888889,
      1.034444444,
      0.98,
      0.925555556,
      0.871111111,
      0.816666667,
      0.762222222,
      0.707777778,
      0.653333333,
      0.598888889,
      0.544444444,
      0.49,
      0.435555556,
      0.381111111,
      0.326666667,
      0.272222222,
      0.217777778,
      0.163333333,
      0.108888889,
      0.054444444,
      0
    ],
    "TaskName": "task-FlavorRun3",
    "UsePhilipsFloatNotDisplayScaling": 1,
    "dataset": "ds001491",
    "modality": "bold",
    "subject_id": "06",
    "task_id": "FlavorRun3"
  },
  "dummy_trs": 0,
  "dvars_nstd": 18.522694110642203,
  "dvars_std": 1.2889862454128442,
  "dvars_vstd": 1.0139288444036691,
  "efc": 0.5107297843566854,
  "fber": 108100.046875,
  "fd_mean": 0.2599562982805357,
  "fd_num": 107,
  "fd_perc": 48.858447488584474,
  "fwhm_avg": 2.265611428571429,
  "fwhm_x": 2.1072257142857143,
  "fwhm_y": 2.43722,
  "fwhm_z": 2.2523885714285714,
  "gcor": 0.0143298,
  "gsr_x": -0.006320812273770571,
  "gsr_y": 0.06934874504804611,
  "provenance": {
    "md5sum": "36ef1f0e890f0ca00f10da0af7ae2b5b",
    "settings": {
      "fd_thres": 0.2,
      "testing": false
    },
    "software": "mriqc",
    "version": "22.0.6",
    "webapi_port": null,
    "webapi_url": "https://mriqc.nimh.nih.gov/api/v1"
  },
  "size_t": 219,
  "size_x": 64,
  "size_y": 64,
  "size_z": 45,
  "snr": 6.762941867191864,
  "spacing_tr": 2.450000047683716,
  "spacing_x": 3.5,
  "spacing_y": 3.5,
  "spacing_z": 3.5,
  "summary_bg_k": 8.998236242175635,
  "summary_bg_mad": 3972.4475397799138,
  "summary_bg_mean": 59337.2734375,
  "summary_bg_median": 2717.167724609375,
  "summary_bg_n": 116327.0,
  "summary_bg_p05": 18.64086971282959,
  "summary_bg_p95": 395182.14375,
  "summary_bg_stdv": 133832.578125,
  "summary_fg_k": 0.9545420137492124,
  "summary_fg_mad": 127375.36037430372,
  "summary_fg_mean": 872096.1875,
  "summary_fg_median": 867346.25,
  "summary_fg_n": 30151.0,
  "summary_fg_p05": 681352.8125,
  "summary_fg_p95": 1083307.5,
  "summary_fg_stdv": 128247.71875,
  "tsnr": 90.0519027709961
}