{
  "aor": 0.0013529707112970714,
  "aqi": 0.01735111119246862,
  "bids_meta": {
    "EchoTime": 0.03603,
    "EchoTrainLength": 23,
    "FlipAngle": 80,
    "InstitutionName": "Univerity Medical Center Groningen",
    "InstitutionalDepartmentName": "Neuroimaging Center Groningen",
    "MagneticFieldStrength": 3,
    "Manufacturer": "Philips",
    "ManufacturersModelName": "Intera",
    "Modality": "MR",
    "PatientPosition": "HFS",
    "PhilipsRescaleIntercept": 0,
    "PhilipsRescaleSlope": 282.541,
    "PhilipsScaleSlope": 0.0011356,
    "ProtocolName": "WIPR-state_ME_descending-sso-DSSENSE4.2",
    "ReceiveCoilName": "SENSE-Head-32P",
    "ReconMatrixPE": 64,
    "RepetitionTime": 2.45,
    "SliceThickness": 3.5,
    "SliceTiming": [
      2.395555556,
      2.341111111,
      2.286666667,
      2.232222222,
      2.177777778,
      2.123333333,
      2.068888889,
      2.014444444,
      1.96,
      1.905555556,
      1.851111111,
      1.796666667,
      1.742222222,
      1.687777778,
      1.633333333,
      1.578888889,
      1.524444444,
      1.47,
      1.415555556,
      1.361111111,
      1.306666667,
      1.252222222,
      1.197777778,
      1.143333333,
      1.088888889,
      1.034444444,
      0.98,
      0.925555556,
      0.871111111,
      0.816666667,
      0.762222222,
      0.707777778,
      0.653333333,
      0.598888889,
      0.544444444,
      0.49,
      0.435555556,
      0.381111111,
      0.326666667,
      0.272222222,
      0.217777778,
      0.163333333,
      0.108888889,
      0.054444444,
      0
    ],
    "TaskName": "task-images",
    "UsePhilipsFloatNotDisplayScaling": 1,
    "dataset": "ds001491",
    "modality": "bold",
    "subject_id": "06",
    "task_id": "images"
  },
  "dummy_trs": 0,
  "dvars_nstd": 23.44274452702306,
  "dvars_std": 1.0044320333542975,
  "dvars_vstd": 0.92194040903564,
  "efc": 0.42058375545291227,
  "fber": 75724.3046875,
  "fd_mean": 0.21584443343232912,
  "fd_num": 157,
  "fd_perc": 32.84518828451883,
  "fwhm_avg": 1.8313371428571428,
  "fwhm_x": 1.7387171428571428,
  "fwhm_y": 2.029182857142857,
  "fwhm_z": 1.7261114285714285,
  "gcor": 0.0343171,
  "gsr_x": -0.005528721492737532,
  "gsr_y": 0.02878207340836525,
  "provenance": {
    "md5sum": "3bd537da59fe4d37eac95204ffa26cde",
    "settings": {
      "fd_thres": 0.2,
      "testing": false
    },
    "software": "mriqc",
    "version": "22.0.6",
    "webapi_port": null,
    "webapi_url": "https://mriqc.nimh.nih.gov/api/v1"
  },
  "size_t": 478,
  "size_x": 64,
  "size_y": 64,
  "size_z": 45,
  "snr": 4.597309027761029,
  "spacing_tr": 2.450000047683716,
  "spacing_x": 3.5,
  "spacing_y": 3.5,
  "spacing_z": 3.5,
  "summary_bg_k": 159.21314877652785,
  "summary_bg_mad": 3092.2860540157494,
  "summary_bg_mean": 14790.4453125,
  "summary_bg_median": 2179.68310546875,
  "summary_bg_n": 124712.0,
  "summary_bg_p05": 42.29944953918457,
  "summary_bg_p95": 71521.39609375,
  "summary_bg_stdv": 38372.08984375,
  "summary_fg_k": 4.046857567969774,
  "summary_fg_mad": 112462.95344436009,
  "summary_fg_mean": 576524.1875,
  "summary_fg_median": 563786.0,
  "summary_fg_n": 24838.0,
  "summary_fg_p05": 412020.6921875,
  "summary_fg_p95": 775173.415625,
  "summary_fg_stdv": 122631.4453125,
  "tsnr": 36.71285629272461
}