{
  "aor": 0.0046960352422907485,
  "aqi": 0.004687850132158591,
  "bids_meta": {
    "EchoTime": 0.00802,
    "EchoTrainLength": 23,
    "FlipAngle": 80,
    "InstitutionName": "Univerity Medical Center Groningen",
    "InstitutionalDepartmentName": "Neuroimaging Center Groningen",
    "MagneticFieldStrength": 3,
    "Manufacturer": "Philips",
    "ManufacturersModelName": "Intera",
    "Modality": "MR",
    "PatientPosition": "HFS",
    "PhilipsRescaleIntercept": 0,
    "PhilipsRescaleSlope": 282.541,
    "PhilipsScaleSlope": 0.0011356,
    "ProtocolName": "WIPR-state_ME_descending-sso-DSSENSE4.2",
    "ReceiveCoilName": "SENSE-Head-32P",
    "ReconMatrixPE": 64,
    "RepetitionTime": 2.45,
    "SliceThickness": 3.5,
    "SliceTiming": [
      2.395555556,
      2.341111111,
      2.286666667,
      2.232222222,
      2.177777778,
      2.123333333,
      2.068888889,
      2.014444444,
      1.96,
      1.905555556,
      1.851111111,
      1.796666667,
      1.742222222,
      1.687777778,
      1.633333333,
      1.578888889,
      1.524444444,
      1.47,
      1.415555556,
      1.361111111,
      1.306666667,
      1.252222222,
      1.197777778,
      1.143333333,
      1.088888889,
      1.034444444,
      0.98,
      0.925555556,
      0.871111111,
      0.816666667,
      0.762222222,
      0.707777778,
      0.653333333,
      0.598888889,
      0.544444444,
      0.49,
      0.435555556,
      0.381111111,
      0.326666667,
      0.272222222,
      0.217777778,
      0.163333333,
      0.108888889,
      0.054444444,
      0
    ],
    "TaskName": "task-FlavorRun1",
    "UsePhilipsFloatNotDisplayScaling": 1,
    "dataset": "ds001491",
    "modality": "bold",
    "subject_id": "06",
    "task_id": "FlavorRun1"
  },
  "dummy_trs": 0,
  "dvars_nstd": 17.581878658097345,
  "dvars_std": 1.2403984819911504,
  "dvars_vstd": 1.009565017123894,
  "efc": 0.5135668940221694,
  "fber": 45942.83203125,
  "fd_mean": 0.2658452504049989,
  "fd_num": 106,
  "fd_perc": 46.69603524229075,
  "fwhm_avg": 2.2311638095238098,
  "fwhm_x": 2.0748714285714285,
  "fwhm_y": 2.427634285714286,
  "fwhm_z": 2.190985714285714,
  "gcor": 0.0149788,
  "gsr_x": -0.008194872178137302,
  "gsr_y": 0.06775438040494919,
  "provenance": {
    "md5sum": "7360d03d7249e2ffd126c58d4461a9a0",
    "settings": {
      "fd_thres": 0.2,
      "testing": false
    },
    "software": "mriqc",
    "version": "22.0.6",
    "webapi_port": null,
    "webapi_url": "https://mriqc.nimh.nih.gov/api/v1"
  },
  "size_t": 227,
  "size_x": 64,
  "size_y": 64,
  "size_z": 45,
  "snr": 6.472741188854632,
  "spacing_tr": 2.450000047683716,
  "spacing_x": 3.5,
  "spacing_y": 3.5,
  "spacing_z": 3.5,
  "summary_bg_k": 9.384018058064065,
  "summary_bg_mad": 5994.064323130489,
  "summary_bg_mean": 59787.890625,
  "summary_bg_median": 4131.140625,
  "summary_bg_n": 115930.0,
  "summary_bg_p05": 33.131324195861815,
  "summary_bg_p95": 384562.81874999974,
  "summary_bg_stdv": 131698.578125,
  "summary_fg_k": 1.3038785434952267,
  "summary_fg_mad": 130928.2775969944,
  "summary_fg_mean": 871275.4375,
  "summary_fg_median": 865431.125,
  "summary_fg_n": 30474.0,
  "summary_fg_p05": 676563.321875,
  "summary_fg_p95": 1094171.375,
  "summary_fg_stdv": 133701.765625,
  "tsnr": 78.9202880859375
}