{
  "aor": 0.0012719916142557653,
  "aqi": 0.006315649433962264,
  "bids_meta": {
    "EchoTime": 0.00802,
    "EchoTrainLength": 23,
    "FlipAngle": 80,
    "InstitutionName": "Univerity Medical Center Groningen",
    "InstitutionalDepartmentName": "Neuroimaging Center Groningen",
    "MagneticFieldStrength": 3,
    "Manufacturer": "Philips",
    "ManufacturersModelName": "Intera",
    "Modality": "MR",
    "PatientPosition": "HFS",
    "PhilipsRescaleIntercept": 0,
    "PhilipsRescaleSlope": 282.541,
    "PhilipsScaleSlope": 0.0011356,
    "ProtocolName": "WIPR-state_ME_descending-sso-DSSENSE4.2",
    "ReceiveCoilName": "SENSE-Head-32P",
    "ReconMatrixPE": 64,
    "RepetitionTime": 2.45,
    "SliceThickness": 3.5,
    "SliceTiming": [
      2.395555556,
      2.341111111,
      2.286666667,
      2.232222222,
      2.177777778,
      2.123333333,
      2.068888889,
      2.014444444,
      1.96,
      1.905555556,
      1.851111111,
      1.796666667,
      1.742222222,
      1.687777778,
      1.633333333,
      1.578888889,
      1.524444444,
      1.47,
      1.415555556,
      1.361111111,
      1.306666667,
      1.252222222,
      1.197777778,
      1.143333333,
      1.088888889,
      1.034444444,
      0.98,
      0.925555556,
      0.871111111,
      0.816666667,
      0.762222222,
      0.707777778,
      0.653333333,
      0.598888889,
      0.544444444,
      0.49,
      0.435555556,
      0.381111111,
      0.326666667,
      0.272222222,
      0.217777778,
      0.163333333,
      0.108888889,
      0.054444444,
      0
    ],
    "TaskName": "task-images",
    "UsePhilipsFloatNotDisplayScaling": 1,
    "dataset": "ds001491",
    "modality": "bold",
    "subject_id": "06",
    "task_id": "images"
  },
  "dummy_trs": 1,
  "dvars_nstd": 15.27860940592437,
  "dvars_std": 1.0426819498109239,
  "dvars_vstd": 0.9107308956302518,
  "efc": 0.5158961005537878,
  "fber": 37664.359375,
  "fd_mean": 0.20426886456877272,
  "fd_num": 154,
  "fd_perc": 32.285115303983225,
  "fwhm_avg": 2.407137142857143,
  "fwhm_x": 2.2964942857142856,
  "fwhm_y": 2.584165714285714,
  "fwhm_z": 2.3407514285714286,
  "gcor": 0.0239661,
  "gsr_x": -0.007471947930753231,
  "gsr_y": 0.07204262912273407,
  "provenance": {
    "md5sum": "8a97596b1b81655fd12f1b633743ee76",
    "settings": {
      "fd_thres": 0.2,
      "testing": false
    },
    "software": "mriqc",
    "version": "22.0.6",
    "webapi_port": null,
    "webapi_url": "https://mriqc.nimh.nih.gov/api/v1"
  },
  "size_t": 477,
  "size_x": 64,
  "size_y": 64,
  "size_z": 45,
  "snr": 5.874668844566583,
  "spacing_tr": 2.450000047683716,
  "spacing_x": 3.5,
  "spacing_y": 3.5,
  "spacing_z": 3.5,
  "summary_bg_k": 8.503177740711735,
  "summary_bg_mad": 7495.902058909632,
  "summary_bg_mean": 71993.4765625,
  "summary_bg_median": 5182.18212890625,
  "summary_bg_n": 116044.0,
  "summary_bg_p05": 56.341302871704116,
  "summary_bg_p95": 458879.3359374999,
  "summary_bg_stdv": 156386.046875,
  "summary_fg_k": 0.8718840518922564,
  "summary_fg_mad": 165563.8576680164,
  "summary_fg_mean": 993767.875,
  "summary_fg_median": 986133.75,
  "summary_fg_n": 30527.0,
  "summary_fg_p05": 743171.15,
  "summary_fg_p95": 1273885.2625,
  "summary_fg_stdv": 167859.265625,
  "tsnr": 64.12982177734375
}