{
  "aor": 0.003922339449541285,
  "aqi": 0.008505229128440367,
  "bids_meta": {
    "EchoTime": 0.02203,
    "EchoTrainLength": 23,
    "FlipAngle": 80,
    "InstitutionName": "Univerity Medical Center Groningen",
    "InstitutionalDepartmentName": "Neuroimaging Center Groningen",
    "MagneticFieldStrength": 3,
    "Manufacturer": "Philips",
    "ManufacturersModelName": "Intera",
    "Modality": "MR",
    "PatientPosition": "HFS",
    "PhilipsRescaleIntercept": 0,
    "PhilipsRescaleSlope": 282.541,
    "PhilipsScaleSlope": 0.0011356,
    "ProtocolName": "WIPR-state_ME_descending-sso-DSSENSE4.2",
    "ReceiveCoilName": "SENSE-Head-32P",
    "ReconMatrixPE": 64,
    "RepetitionTime": 2.45,
    "SliceThickness": 3.5,
    "SliceTiming": [
      2.395555556,
      2.341111111,
      2.286666667,
      2.232222222,
      2.177777778,
      2.123333333,
      2.068888889,
      2.014444444,
      1.96,
      1.905555556,
      1.851111111,
      1.796666667,
      1.742222222,
      1.687777778,
      1.633333333,
      1.578888889,
      1.524444444,
      1.47,
      1.415555556,
      1.361111111,
      1.306666667,
      1.252222222,
      1.197777778,
      1.143333333,
      1.088888889,
      1.034444444,
      0.98,
      0.925555556,
      0.871111111,
      0.816666667,
      0.762222222,
      0.707777778,
      0.653333333,
      0.598888889,
      0.544444444,
      0.49,
      0.435555556,
      0.381111111,
      0.326666667,
      0.272222222,
      0.217777778,
      0.163333333,
      0.108888889,
      0.054444444,
      0
    ],
    "TaskName": "task-FlavorRun4",
    "UsePhilipsFloatNotDisplayScaling": 1,
    "dataset": "ds001491",
    "modality": "bold",
    "subject_id": "06",
    "task_id": "FlavorRun4"
  },
  "dummy_trs": 0,
  "dvars_nstd": 23.88870517912442,
  "dvars_std": 1.2024518229493084,
  "dvars_vstd": 1.0246380741474646,
  "efc": 0.4565150059675533,
  "fber": 36250.97265625,
  "fd_mean": 0.354250705988749,
  "fd_num": 142,
  "fd_perc": 65.13761467889908,
  "fwhm_avg": 1.791855238095238,
  "fwhm_x": 1.649622857142857,
  "fwhm_y": 1.9859799999999999,
  "fwhm_z": 1.7399628571428571,
  "gcor": 0.0346828,
  "gsr_x": -0.0047819726169109344,
  "gsr_y": 0.029028626158833504,
  "provenance": {
    "md5sum": "3766befd489bb81fb3dc1048dcb09d35",
    "settings": {
      "fd_thres": 0.2,
      "testing": false
    },
    "software": "mriqc",
    "version": "22.0.6",
    "webapi_port": null,
    "webapi_url": "https://mriqc.nimh.nih.gov/api/v1"
  },
  "size_t": 218,
  "size_x": 64,
  "size_y": 64,
  "size_z": 45,
  "snr": 6.176703026909343,
  "spacing_tr": 2.450000047683716,
  "spacing_x": 3.5,
  "spacing_y": 3.5,
  "spacing_z": 3.5,
  "summary_bg_k": 32.4517509307222,
  "summary_bg_mad": 4867.821398447634,
  "summary_bg_mean": 27667.06640625,
  "summary_bg_median": 3655.724609375,
  "summary_bg_n": 122712.0,
  "summary_bg_p05": 147.2710075378418,
  "summary_bg_p95": 157802.1171875,
  "summary_bg_stdv": 65596.28125,
  "summary_fg_k": 1.5585361735485508,
  "summary_fg_mad": 108575.68625573671,
  "summary_fg_mean": 665662.5,
  "summary_fg_median": 656390.9375,
  "summary_fg_n": 26897.0,
  "summary_fg_p05": 515509.09375,
  "summary_fg_p95": 837919.6625,
  "summary_fg_stdv": 106266.84375,
  "tsnr": 58.960628509521484
}