{
  "aor": 0.0015628378378378378,
  "aqi": 0.005865082657657658,
  "bids_meta": {
    "EchoTime": 0.03603,
    "EchoTrainLength": 23,
    "FlipAngle": 80,
    "InstitutionName": "Univerity Medical Center Groningen",
    "InstitutionalDepartmentName": "Neuroimaging Center Groningen",
    "MagneticFieldStrength": 3,
    "Manufacturer": "Philips",
    "ManufacturersModelName": "Intera",
    "Modality": "MR",
    "PatientPosition": "HFS",
    "PhilipsRescaleIntercept": 0,
    "PhilipsRescaleSlope": 282.541,
    "PhilipsScaleSlope": 0.0011356,
    "ProtocolName": "WIPR-state_ME_descending-sso-DSSENSE4.2",
    "ReceiveCoilName": "SENSE-Head-32P",
    "ReconMatrixPE": 64,
    "RepetitionTime": 2.45,
    "SliceThickness": 3.5,
    "SliceTiming": [
      2.395555556,
      2.341111111,
      2.286666667,
      2.232222222,
      2.177777778,
      2.123333333,
      2.068888889,
      2.014444444,
      1.96,
      1.905555556,
      1.851111111,
      1.796666667,
      1.742222222,
      1.687777778,
      1.633333333,
      1.578888889,
      1.524444444,
      1.47,
      1.415555556,
      1.361111111,
      1.306666667,
      1.252222222,
      1.197777778,
      1.143333333,
      1.088888889,
      1.034444444,
      0.98,
      0.925555556,
      0.871111111,
      0.816666667,
      0.762222222,
      0.707777778,
      0.653333333,
      0.598888889,
      0.544444444,
      0.49,
      0.435555556,
      0.381111111,
      0.326666667,
      0.272222222,
      0.217777778,
      0.163333333,
      0.108888889,
      0.054444444,
      0
    ],
    "TaskName": "task-FlavorRun4",
    "UsePhilipsFloatNotDisplayScaling": 1,
    "dataset": "ds001491",
    "modality": "bold",
    "subject_id": "01",
    "task_id": "FlavorRun4"
  },
  "dummy_trs": 0,
  "dvars_nstd": 26.118406688280558,
  "dvars_std": 1.1640011854298642,
  "dvars_vstd": 0.9900571562443442,
  "efc": 0.40442114176379373,
  "fber": 147833.375,
  "fd_mean": 0.18884865866638673,
  "fd_num": 73,
  "fd_perc": 32.88288288288288,
  "fwhm_avg": 1.8535857142857146,
  "fwhm_x": 1.7179628571428573,
  "fwhm_y": 2.0308885714285716,
  "fwhm_z": 1.8119057142857142,
  "gcor": 0.050209,
  "gsr_x": -0.0019848267547786236,
  "gsr_y": 0.022765686735510826,
  "provenance": {
    "md5sum": "33250685f79f08deecdbadad51921949",
    "settings": {
      "fd_thres": 0.2,
      "testing": false
    },
    "software": "mriqc",
    "version": "22.0.6",
    "webapi_port": null,
    "webapi_url": "https://mriqc.nimh.nih.gov/api/v1"
  },
  "size_t": 222,
  "size_x": 64,
  "size_y": 64,
  "size_z": 45,
  "snr": 4.072891679675378,
  "spacing_tr": 2.450000047683716,
  "spacing_x": 3.5,
  "spacing_y": 3.5,
  "spacing_z": 3.5,
  "summary_bg_k": 165.12514642152388,
  "summary_bg_mad": 2139.4713897269858,
  "summary_bg_mean": 11548.869140625,
  "summary_bg_median": 1490.7958984375,
  "summary_bg_n": 125612.0,
  "summary_bg_p05": 18.158954524993895,
  "summary_bg_p95": 53683.548828124985,
  "summary_bg_stdv": 30788.724609375,
  "summary_fg_k": 3.8709120670984287,
  "summary_fg_mad": 108684.56485615822,
  "summary_fg_mean": 563444.25,
  "summary_fg_median": 543444.875,
  "summary_fg_n": 24355.0,
  "summary_fg_p05": 394615.31875,
  "summary_fg_p95": 802673.1499999999,
  "summary_fg_stdv": 133427.0,
  "tsnr": 53.77460861206055
}