{
  "aor": 0.0017190540540540542,
  "aqi": 0.0043862833333333335,
  "bids_meta": {
    "EchoTime": 0.02203,
    "EchoTrainLength": 23,
    "FlipAngle": 80,
    "InstitutionName": "Univerity Medical Center Groningen",
    "InstitutionalDepartmentName": "Neuroimaging Center Groningen",
    "MagneticFieldStrength": 3,
    "Manufacturer": "Philips",
    "ManufacturersModelName": "Intera",
    "Modality": "MR",
    "PatientPosition": "HFS",
    "PhilipsRescaleIntercept": 0,
    "PhilipsRescaleSlope": 282.541,
    "PhilipsScaleSlope": 0.0011356,
    "ProtocolName": "WIPR-state_ME_descending-sso-DSSENSE4.2",
    "ReceiveCoilName": "SENSE-Head-32P",
    "ReconMatrixPE": 64,
    "RepetitionTime": 2.45,
    "SliceThickness": 3.5,
    "SliceTiming": [
      2.395555556,
      2.341111111,
      2.286666667,
      2.232222222,
      2.177777778,
      2.123333333,
      2.068888889,
      2.014444444,
      1.96,
      1.905555556,
      1.851111111,
      1.796666667,
      1.742222222,
      1.687777778,
      1.633333333,
      1.578888889,
      1.524444444,
      1.47,
      1.415555556,
      1.361111111,
      1.306666667,
      1.252222222,
      1.197777778,
      1.143333333,
      1.088888889,
      1.034444444,
      0.98,
      0.925555556,
      0.871111111,
      0.816666667,
      0.762222222,
      0.707777778,
      0.653333333,
      0.598888889,
      0.544444444,
      0.49,
      0.435555556,
      0.381111111,
      0.326666667,
      0.272222222,
      0.217777778,
      0.163333333,
      0.108888889,
      0.054444444,
      0
    ],
    "TaskName": "task-FlavorRun4",
    "UsePhilipsFloatNotDisplayScaling": 1,
    "dataset": "ds001491",
    "modality": "bold",
    "subject_id": "01",
    "task_id": "FlavorRun4"
  },
  "dummy_trs": 0,
  "dvars_nstd": 19.98694081153847,
  "dvars_std": 1.185275540588235,
  "dvars_vstd": 0.9964956705429869,
  "efc": 0.4382716263138202,
  "fber": 160403.0625,
  "fd_mean": 0.18876024265521268,
  "fd_num": 77,
  "fd_perc": 34.68468468468468,
  "fwhm_avg": 1.9017266666666668,
  "fwhm_x": 1.7581799999999999,
  "fwhm_y": 2.057617142857143,
  "fwhm_z": 1.8893828571428573,
  "gcor": 0.0439661,
  "gsr_x": -0.001842587604187429,
  "gsr_y": 0.02602805383503437,
  "provenance": {
    "md5sum": "16aadcb0c5f213d744e0f3c0e6c8b51d",
    "settings": {
      "fd_thres": 0.2,
      "testing": false
    },
    "software": "mriqc",
    "version": "22.0.6",
    "webapi_port": null,
    "webapi_url": "https://mriqc.nimh.nih.gov/api/v1"
  },
  "size_t": 222,
  "size_x": 64,
  "size_y": 64,
  "size_z": 45,
  "snr": 5.467290200393974,
  "spacing_tr": 2.450000047683716,
  "spacing_x": 3.5,
  "spacing_y": 3.5,
  "spacing_z": 3.5,
  "summary_bg_k": 39.27672870038347,
  "summary_bg_mad": 2768.3233809768108,
  "summary_bg_mean": 24129.431640625,
  "summary_bg_median": 1910.6019287109375,
  "summary_bg_n": 123513.0,
  "summary_bg_p05": 18.501123809814455,
  "summary_bg_p95": 132686.59999999986,
  "summary_bg_stdv": 60992.80859375,
  "summary_fg_k": 1.4005614592801896,
  "summary_fg_mad": 123441.55337541507,
  "summary_fg_mean": 730862.9375,
  "summary_fg_median": 715516.125,
  "summary_fg_n": 26541.0,
  "summary_fg_p05": 547240.1875,
  "summary_fg_p95": 958971.125,
  "summary_fg_stdv": 130869.703125,
  "tsnr": 73.94866943359375
}