{
  "bids_meta": {
    "EchoTime": 0.00351,
    "FlipAngle": 8,
    "InstitutionName": "Univerity Medical Center Groningen",
    "InstitutionalDepartmentName": "Neuroimaging Center Groningen",
    "MagneticFieldStrength": 3,
    "Manufacturer": "Philips",
    "ManufacturersModelName": "Intera",
    "Modality": "MR",
    "PatientPosition": "HFS",
    "PhilipsRescaleIntercept": 0,
    "PhilipsRescaleSlope": 12.7477,
    "PhilipsScaleSlope": 0.000299206,
    "ProtocolName": "T13DSENSEtool4.2",
    "ReceiveCoilName": "SENSE-Head-32P",
    "ReconMatrixPE": 256,
    "RepetitionTime": 0.009,
    "UsePhilipsFloatNotDisplayScaling": 1,
    "dataset": "ds001491",
    "modality": "T1w",
    "subject_id": "15"
  },
  "cjv": 0.3473701218362174,
  "cnr": 3.8985742061680764,
  "efc": 0.7698863418344071,
  "fber": -1.0,
  "fwhm_avg": 3.292403333333333,
  "fwhm_x": 3.22761,
  "fwhm_y": 3.48425,
  "fwhm_z": 3.16535,
  "icvs_csf": 0.19111752563432158,
  "icvs_gm": 0.4235424099349349,
  "icvs_wm": 0.3853400644307435,
  "inu_med": 0.6970816850662231,
  "inu_range": 0.3648365914821625,
  "provenance": {
    "md5sum": "4cd43ba0a45e08057db8914e5a8a736f",
    "settings": {
      "testing": false
    },
    "software": "mriqc",
    "version": "22.0.6",
    "warnings": {
      "large_rot_frame": true,
      "small_air_mask": true
    },
    "webapi_port": null,
    "webapi_url": "https://mriqc.nimh.nih.gov/api/v1"
  },
  "qi_1": 0.0,
  "qi_2": 7.016476217406619e-06,
  "rpve_csf": 24.146023302938197,
  "rpve_gm": 11.258709153630692,
  "rpve_wm": 14.581857490173512,
  "size_x": 256,
  "size_y": 256,
  "size_z": 170,
  "snr_csf": 1.4781948182003224,
  "snr_gm": 9.315308492129889,
  "snr_total": 10.04446126585489,
  "snr_wm": 19.339880487234456,
  "snrd_csf": 18.193431582252536,
  "snrd_gm": 55.581916599919126,
  "snrd_total": 52.76827676759704,
  "snrd_wm": 84.52948212061948,
  "spacing_x": 1.0,
  "spacing_y": 1.0,
  "spacing_z": 1.0,
  "summary_bg_k": 38.544649634991465,
  "summary_bg_mad": 0.0,
  "summary_bg_mean": 1.975018875707209,
  "summary_bg_median": 0.0,
  "summary_bg_n": 109458.0,
  "summary_bg_p05": 0.0,
  "summary_bg_p95": 13.793103888630867,
  "summary_bg_stdv": 7.750813835222693,
  "summary_csf_k": 15.913285905443281,
  "summary_csf_mad": 100.95003933789995,
  "summary_csf_mean": 235.01993390604724,
  "summary_csf_median": 215.2435755636543,
  "summary_csf_n": 14265.0,
  "summary_csf_p05": 56.39299577958882,
  "summary_csf_p95": 470.38315677978096,
  "summary_csf_stdv": 145.60735047688618,
  "summary_gm_k": 0.2826588021363201,
  "summary_gm_mad": 68.8959673616375,
  "summary_gm_mean": 657.7786818022001,
  "summary_gm_median": 657.5807544365525,
  "summary_gm_n": 30379.0,
  "summary_gm_p05": 542.0361420996487,
  "summary_gm_p95": 772.4138177633286,
  "summary_gm_stdv": 70.59024743557595,
  "summary_wm_k": 0.3940028262464317,
  "summary_wm_mad": 50.069271922415005,
  "summary_wm_mean": 999.7401475813475,
  "summary_wm_median": 1000.0547664649785,
  "summary_wm_n": 208292.0,
  "summary_wm_p05": 914.5867834407836,
  "summary_wm_p95": 1083.579673346132,
  "summary_wm_stdv": 51.70933535574198,
  "tpm_overlap_csf": 0.14568396504504807,
  "tpm_overlap_gm": 0.4499855764906761,
  "tpm_overlap_wm": 0.48665163441330533,
  "wm2max": 0.7341141491050084
}