{
  "aor": 0.005534495412844037,
  "aqi": 0.011860824036697247,
  "bids_meta": {
    "EchoTime": 0.02203,
    "EchoTrainLength": 23,
    "FlipAngle": 80,
    "InstitutionName": "Univerity Medical Center Groningen",
    "InstitutionalDepartmentName": "Neuroimaging Center Groningen",
    "MagneticFieldStrength": 3,
    "Manufacturer": "Philips",
    "ManufacturersModelName": "Intera",
    "Modality": "MR",
    "PatientPosition": "HFS",
    "PhilipsRescaleIntercept": 0,
    "PhilipsRescaleSlope": 282.541,
    "PhilipsScaleSlope": 0.0011356,
    "ProtocolName": "WIPR-state_ME_descending-sso-DSSENSE4.2",
    "ReceiveCoilName": "SENSE-Head-32P",
    "ReconMatrixPE": 64,
    "RepetitionTime": 2.45,
    "SliceThickness": 3.5,
    "SliceTiming": [
      2.395555556,
      2.341111111,
      2.286666667,
      2.232222222,
      2.177777778,
      2.123333333,
      2.068888889,
      2.014444444,
      1.96,
      1.905555556,
      1.851111111,
      1.796666667,
      1.742222222,
      1.687777778,
      1.633333333,
      1.578888889,
      1.524444444,
      1.47,
      1.415555556,
      1.361111111,
      1.306666667,
      1.252222222,
      1.197777778,
      1.143333333,
      1.088888889,
      1.034444444,
      0.98,
      0.925555556,
      0.871111111,
      0.816666667,
      0.762222222,
      0.707777778,
      0.653333333,
      0.598888889,
      0.544444444,
      0.49,
      0.435555556,
      0.381111111,
      0.326666667,
      0.272222222,
      0.217777778,
      0.163333333,
      0.108888889,
      0.054444444,
      0
    ],
    "TaskName": "task-FlavorRun3",
    "UsePhilipsFloatNotDisplayScaling": 1,
    "dataset": "ds001491",
    "modality": "bold",
    "subject_id": "04",
    "task_id": "FlavorRun3"
  },
  "dummy_trs": 0,
  "dvars_nstd": 25.031913265345615,
  "dvars_std": 1.1592493777880182,
  "dvars_vstd": 1.006538433824885,
  "efc": 0.4562947066767816,
  "fber": 26673.15234375,
  "fd_mean": 0.4196939562114061,
  "fd_num": 161,
  "fd_perc": 73.85321100917432,
  "fwhm_avg": 1.9100495238095239,
  "fwhm_x": 1.7651685714285714,
  "fwhm_y": 2.072402857142857,
  "fwhm_z": 1.8925771428571427,
  "gcor": 0.0210471,
  "gsr_x": -0.01514853723347187,
  "gsr_y": 0.025953402742743492,
  "provenance": {
    "md5sum": "2f4aab32f5e4fb9ac43f8dc89e747879",
    "settings": {
      "fd_thres": 0.2,
      "testing": false
    },
    "software": "mriqc",
    "version": "22.0.6",
    "webapi_port": null,
    "webapi_url": "https://mriqc.nimh.nih.gov/api/v1"
  },
  "size_t": 218,
  "size_x": 64,
  "size_y": 64,
  "size_z": 45,
  "snr": 5.587652390166239,
  "spacing_tr": 2.450000047683716,
  "spacing_x": 3.5,
  "spacing_y": 3.5,
  "spacing_z": 3.5,
  "summary_bg_k": 49.443291655405915,
  "summary_bg_mad": 4834.716788501698,
  "summary_bg_mean": 26497.056640625,
  "summary_bg_median": 4276.30615234375,
  "summary_bg_n": 121813.0,
  "summary_bg_p05": 600.4693969726563,
  "summary_bg_p95": 140675.13749999995,
  "summary_bg_stdv": 64249.28125,
  "summary_fg_k": 1.0703598735869715,
  "summary_fg_mad": 123986.64134731251,
  "summary_fg_mean": 698269.625,
  "summary_fg_median": 685401.625,
  "summary_fg_n": 27904.0,
  "summary_fg_p05": 525230.18125,
  "summary_fg_p95": 902806.2687499999,
  "summary_fg_stdv": 122661.4140625,
  "tsnr": 47.430782318115234
}