{
  "aor": 0.0014492857142857144,
  "aqi": 0.008396705714285715,
  "bids_meta": {
    "EchoTime": 0.02203,
    "EchoTrainLength": 23,
    "FlipAngle": 80,
    "InstitutionName": "Univerity Medical Center Groningen",
    "InstitutionalDepartmentName": "Neuroimaging Center Groningen",
    "MagneticFieldStrength": 3,
    "Manufacturer": "Philips",
    "ManufacturersModelName": "Intera",
    "Modality": "MR",
    "PatientPosition": "HFS",
    "PhilipsRescaleIntercept": 0,
    "PhilipsRescaleSlope": 282.541,
    "PhilipsScaleSlope": 0.0011356,
    "ProtocolName": "WIPR-state_ME_descending-sso-DSSENSE4.2",
    "ReceiveCoilName": "SENSE-Head-32P",
    "ReconMatrixPE": 64,
    "RepetitionTime": 2.45,
    "SliceThickness": 3.5,
    "SliceTiming": [
      2.395555556,
      2.341111111,
      2.286666667,
      2.232222222,
      2.177777778,
      2.123333333,
      2.068888889,
      2.014444444,
      1.96,
      1.905555556,
      1.851111111,
      1.796666667,
      1.742222222,
      1.687777778,
      1.633333333,
      1.578888889,
      1.524444444,
      1.47,
      1.415555556,
      1.361111111,
      1.306666667,
      1.252222222,
      1.197777778,
      1.143333333,
      1.088888889,
      1.034444444,
      0.98,
      0.925555556,
      0.871111111,
      0.816666667,
      0.762222222,
      0.707777778,
      0.653333333,
      0.598888889,
      0.544444444,
      0.49,
      0.435555556,
      0.381111111,
      0.326666667,
      0.272222222,
      0.217777778,
      0.163333333,
      0.108888889,
      0.054444444,
      0
    ],
    "TaskName": "task-FlavorRun1",
    "UsePhilipsFloatNotDisplayScaling": 1,
    "dataset": "ds001491",
    "modality": "bold",
    "subject_id": "04",
    "task_id": "FlavorRun1"
  },
  "dummy_trs": 0,
  "dvars_nstd": 21.8167036293722,
  "dvars_std": 1.1091301145291483,
  "dvars_vstd": 0.9396323432286996,
  "efc": 0.45221234553801937,
  "fber": 61859.4375,
  "fd_mean": 0.27674204219042076,
  "fd_num": 123,
  "fd_perc": 54.910714285714285,
  "fwhm_avg": 1.92718,
  "fwhm_x": 1.7816742857142855,
  "fwhm_y": 2.0910114285714285,
  "fwhm_z": 1.9088542857142858,
  "gcor": 0.0245014,
  "gsr_x": -0.014510155655443668,
  "gsr_y": 0.02350258268415928,
  "provenance": {
    "md5sum": "8a95cad1f40793e54cd05b86754842c4",
    "settings": {
      "fd_thres": 0.2,
      "testing": false
    },
    "software": "mriqc",
    "version": "22.0.6",
    "webapi_port": null,
    "webapi_url": "https://mriqc.nimh.nih.gov/api/v1"
  },
  "size_t": 224,
  "size_x": 64,
  "size_y": 64,
  "size_z": 45,
  "snr": 5.457276332524841,
  "spacing_tr": 2.450000047683716,
  "spacing_x": 3.5,
  "spacing_y": 3.5,
  "spacing_z": 3.5,
  "summary_bg_k": 49.69221256993971,
  "summary_bg_mad": 3845.5165957097215,
  "summary_bg_mean": 25194.47265625,
  "summary_bg_median": 2840.033203125,
  "summary_bg_n": 121622.0,
  "summary_bg_p05": 110.60505981445313,
  "summary_bg_p95": 136798.72499999986,
  "summary_bg_stdv": 64405.95703125,
  "summary_fg_k": 1.0768838730520134,
  "summary_fg_mad": 127679.84980492931,
  "summary_fg_mean": 699312.4375,
  "summary_fg_median": 686700.875,
  "summary_fg_n": 27999.0,
  "summary_fg_p05": 520915.1125,
  "summary_fg_p95": 907003.3749999999,
  "summary_fg_stdv": 125829.9140625,
  "tsnr": 55.81194305419922
}