{
  "aor": 0.0043821658986175115,
  "aqi": 0.01093973069124424,
  "bids_meta": {
    "EchoTime": 0.02203,
    "EchoTrainLength": 23,
    "FlipAngle": 80,
    "InstitutionName": "Univerity Medical Center Groningen",
    "InstitutionalDepartmentName": "Neuroimaging Center Groningen",
    "MagneticFieldStrength": 3,
    "Manufacturer": "Philips",
    "ManufacturersModelName": "Intera",
    "Modality": "MR",
    "PatientPosition": "HFS",
    "PhilipsRescaleIntercept": 0,
    "PhilipsRescaleSlope": 282.541,
    "PhilipsScaleSlope": 0.0011356,
    "ProtocolName": "WIPR-state_ME_descending-sso-DSSENSE4.2",
    "ReceiveCoilName": "SENSE-Head-32P",
    "ReconMatrixPE": 64,
    "RepetitionTime": 2.45,
    "SliceThickness": 3.5,
    "SliceTiming": [
      2.395555556,
      2.341111111,
      2.286666667,
      2.232222222,
      2.177777778,
      2.123333333,
      2.068888889,
      2.014444444,
      1.96,
      1.905555556,
      1.851111111,
      1.796666667,
      1.742222222,
      1.687777778,
      1.633333333,
      1.578888889,
      1.524444444,
      1.47,
      1.415555556,
      1.361111111,
      1.306666667,
      1.252222222,
      1.197777778,
      1.143333333,
      1.088888889,
      1.034444444,
      0.98,
      0.925555556,
      0.871111111,
      0.816666667,
      0.762222222,
      0.707777778,
      0.653333333,
      0.598888889,
      0.544444444,
      0.49,
      0.435555556,
      0.381111111,
      0.326666667,
      0.272222222,
      0.217777778,
      0.163333333,
      0.108888889,
      0.054444444,
      0
    ],
    "TaskName": "task-FlavorRun4",
    "UsePhilipsFloatNotDisplayScaling": 1,
    "dataset": "ds001491",
    "modality": "bold",
    "subject_id": "04",
    "task_id": "FlavorRun4"
  },
  "dummy_trs": 0,
  "dvars_nstd": 27.862282881064807,
  "dvars_std": 1.141940152361111,
  "dvars_vstd": 0.9825444343518519,
  "efc": 0.4561682116401175,
  "fber": 26643.43359375,
  "fd_mean": 0.5224533110469772,
  "fd_num": 171,
  "fd_perc": 78.80184331797236,
  "fwhm_avg": 1.9047619047619049,
  "fwhm_x": 1.7520085714285716,
  "fwhm_y": 2.066474285714286,
  "fwhm_z": 1.8958028571428571,
  "gcor": 0.0178389,
  "gsr_x": -0.014619361609220505,
  "gsr_y": 0.024284563958644867,
  "provenance": {
    "md5sum": "76b528b1a63c474720de40391b514195",
    "settings": {
      "fd_thres": 0.2,
      "testing": false
    },
    "software": "mriqc",
    "version": "22.0.6",
    "webapi_port": null,
    "webapi_url": "https://mriqc.nimh.nih.gov/api/v1"
  },
  "size_t": 217,
  "size_x": 64,
  "size_y": 64,
  "size_z": 45,
  "snr": 5.543819543198941,
  "spacing_tr": 2.450000047683716,
  "spacing_x": 3.5,
  "spacing_y": 3.5,
  "spacing_z": 3.5,
  "summary_bg_k": 47.62322326249946,
  "summary_bg_mad": 4857.49179913159,
  "summary_bg_mean": 26753.806640625,
  "summary_bg_median": 4290.970703125,
  "summary_bg_n": 121937.0,
  "summary_bg_p05": 595.6676391601562,
  "summary_bg_p95": 142495.790625,
  "summary_bg_stdv": 64597.15625,
  "summary_fg_k": 1.4023500746891093,
  "summary_fg_mad": 123711.29431654443,
  "summary_fg_mean": 700218.9375,
  "summary_fg_median": 686480.875,
  "summary_fg_n": 27787.0,
  "summary_fg_p05": 527489.99375,
  "summary_fg_p95": 904354.6312499999,
  "summary_fg_stdv": 123825.9140625,
  "tsnr": 49.562862396240234
}