{
  "aor": 0.002112056277056277,
  "aqi": 0.019114945173160175,
  "bids_meta": {
    "EchoTime": 0.03603,
    "EchoTrainLength": 23,
    "FlipAngle": 80,
    "InstitutionName": "Univerity Medical Center Groningen",
    "InstitutionalDepartmentName": "Neuroimaging Center Groningen",
    "MagneticFieldStrength": 3,
    "Manufacturer": "Philips",
    "ManufacturersModelName": "Intera",
    "Modality": "MR",
    "PatientPosition": "HFS",
    "PhilipsRescaleIntercept": 0,
    "PhilipsRescaleSlope": 282.541,
    "PhilipsScaleSlope": 0.0011356,
    "ProtocolName": "WIPR-state_ME_descending-sso-DSSENSE4.2",
    "ReceiveCoilName": "SENSE-Head-32P",
    "ReconMatrixPE": 64,
    "RepetitionTime": 2.45,
    "SliceThickness": 3.5,
    "SliceTiming": [
      2.395555556,
      2.341111111,
      2.286666667,
      2.232222222,
      2.177777778,
      2.123333333,
      2.068888889,
      2.014444444,
      1.96,
      1.905555556,
      1.851111111,
      1.796666667,
      1.742222222,
      1.687777778,
      1.633333333,
      1.578888889,
      1.524444444,
      1.47,
      1.415555556,
      1.361111111,
      1.306666667,
      1.252222222,
      1.197777778,
      1.143333333,
      1.088888889,
      1.034444444,
      0.98,
      0.925555556,
      0.871111111,
      0.816666667,
      0.762222222,
      0.707777778,
      0.653333333,
      0.598888889,
      0.544444444,
      0.49,
      0.435555556,
      0.381111111,
      0.326666667,
      0.272222222,
      0.217777778,
      0.163333333,
      0.108888889,
      0.054444444,
      0
    ],
    "TaskName": "task-images",
    "UsePhilipsFloatNotDisplayScaling": 1,
    "dataset": "ds001491",
    "modality": "bold",
    "subject_id": "04",
    "task_id": "images"
  },
  "dummy_trs": 0,
  "dvars_nstd": 26.040416045227786,
  "dvars_std": 1.0034909967028194,
  "dvars_vstd": 0.8982981433188721,
  "efc": 0.4223918793529631,
  "fber": 49909.3203125,
  "fd_mean": 0.29761467479917475,
  "fd_num": 229,
  "fd_perc": 49.56709956709957,
  "fwhm_avg": 1.9375180952380953,
  "fwhm_x": 1.7981057142857144,
  "fwhm_y": 2.1209,
  "fwhm_z": 1.8935485714285714,
  "gcor": 0.0313933,
  "gsr_x": -0.012047763913869858,
  "gsr_y": 0.023616235703229904,
  "provenance": {
    "md5sum": "b5a3764f6d82c1ad4dd0b1465eff0d10",
    "settings": {
      "fd_thres": 0.2,
      "testing": false
    },
    "software": "mriqc",
    "version": "22.0.6",
    "webapi_port": null,
    "webapi_url": "https://mriqc.nimh.nih.gov/api/v1"
  },
  "size_t": 462,
  "size_x": 64,
  "size_y": 64,
  "size_z": 45,
  "snr": 4.1546626190027,
  "spacing_tr": 2.450000047683716,
  "spacing_x": 3.5,
  "spacing_y": 3.5,
  "spacing_z": 3.5,
  "summary_bg_k": 182.6068251255953,
  "summary_bg_mad": 3865.0422719196413,
  "summary_bg_mean": 16470.328125,
  "summary_bg_median": 3009.3701171875,
  "summary_bg_n": 123756.0,
  "summary_bg_p05": 202.73801803588867,
  "summary_bg_p95": 74980.14453125,
  "summary_bg_stdv": 43577.76953125,
  "summary_fg_k": 4.923011191867577,
  "summary_fg_mad": 136758.7498152257,
  "summary_fg_mean": 678730.875,
  "summary_fg_median": 656509.9375,
  "summary_fg_n": 25895.0,
  "summary_fg_p05": 478976.375,
  "summary_fg_p95": 931925.6625,
  "summary_fg_stdv": 158014.578125,
  "tsnr": 31.722881317138672
}