{
  "aor": 0.0034551298701298704,
  "aqi": 0.006935074242424243,
  "bids_meta": {
    "EchoTime": 0.00802,
    "EchoTrainLength": 23,
    "FlipAngle": 80,
    "InstitutionName": "Univerity Medical Center Groningen",
    "InstitutionalDepartmentName": "Neuroimaging Center Groningen",
    "MagneticFieldStrength": 3,
    "Manufacturer": "Philips",
    "ManufacturersModelName": "Intera",
    "Modality": "MR",
    "PatientPosition": "HFS",
    "PhilipsRescaleIntercept": 0,
    "PhilipsRescaleSlope": 282.541,
    "PhilipsScaleSlope": 0.0011356,
    "ProtocolName": "WIPR-state_ME_descending-sso-DSSENSE4.2",
    "ReceiveCoilName": "SENSE-Head-32P",
    "ReconMatrixPE": 64,
    "RepetitionTime": 2.45,
    "SliceThickness": 3.5,
    "SliceTiming": [
      2.395555556,
      2.341111111,
      2.286666667,
      2.232222222,
      2.177777778,
      2.123333333,
      2.068888889,
      2.014444444,
      1.96,
      1.905555556,
      1.851111111,
      1.796666667,
      1.742222222,
      1.687777778,
      1.633333333,
      1.578888889,
      1.524444444,
      1.47,
      1.415555556,
      1.361111111,
      1.306666667,
      1.252222222,
      1.197777778,
      1.143333333,
      1.088888889,
      1.034444444,
      0.98,
      0.925555556,
      0.871111111,
      0.816666667,
      0.762222222,
      0.707777778,
      0.653333333,
      0.598888889,
      0.544444444,
      0.49,
      0.435555556,
      0.381111111,
      0.326666667,
      0.272222222,
      0.217777778,
      0.163333333,
      0.108888889,
      0.054444444,
      0
    ],
    "TaskName": "task-images",
    "UsePhilipsFloatNotDisplayScaling": 1,
    "dataset": "ds001491",
    "modality": "bold",
    "subject_id": "04",
    "task_id": "images"
  },
  "dummy_trs": 0,
  "dvars_nstd": 16.636029146268967,
  "dvars_std": 1.1041688496312363,
  "dvars_vstd": 0.9182037537527122,
  "efc": 0.5114580805855766,
  "fber": 28086.39453125,
  "fd_mean": 0.2752894117611651,
  "fd_num": 204,
  "fd_perc": 44.15584415584416,
  "fwhm_avg": 2.2653628571428572,
  "fwhm_x": 2.155277142857143,
  "fwhm_y": 2.365605714285714,
  "fwhm_z": 2.2752057142857143,
  "gcor": 0.0288942,
  "gsr_x": -0.022515058517456055,
  "gsr_y": 0.06160782650113106,
  "provenance": {
    "md5sum": "06623b8a8a59f783961dafe285bbfcad",
    "settings": {
      "fd_thres": 0.2,
      "testing": false
    },
    "software": "mriqc",
    "version": "22.0.6",
    "webapi_port": null,
    "webapi_url": "https://mriqc.nimh.nih.gov/api/v1"
  },
  "size_t": 462,
  "size_x": 64,
  "size_y": 64,
  "size_z": 45,
  "snr": 6.011117353671782,
  "spacing_tr": 2.450000047683716,
  "spacing_x": 3.5,
  "spacing_y": 3.5,
  "spacing_z": 3.5,
  "summary_bg_k": 8.89512771353613,
  "summary_bg_mad": 9358.025215370304,
  "summary_bg_mean": 80482.1171875,
  "summary_bg_median": 6821.23828125,
  "summary_bg_n": 117145.0,
  "summary_bg_p05": 294.6515075683594,
  "summary_bg_p95": 519327.1999999994,
  "summary_bg_stdv": 176007.0625,
  "summary_fg_k": 0.24509965963171076,
  "summary_fg_mad": 193113.01611645555,
  "summary_fg_mean": 1140469.625,
  "summary_fg_median": 1126194.25,
  "summary_fg_n": 30980.0,
  "summary_fg_p05": 861702.81875,
  "summary_fg_p95": 1459265.26875,
  "summary_fg_stdv": 187348.875,
  "tsnr": 62.58368682861328
}