{
  "aor": 0.005314884792626728,
  "aqi": 0.006515827419354839,
  "bids_meta": {
    "EchoTime": 0.00802,
    "EchoTrainLength": 23,
    "FlipAngle": 80,
    "InstitutionName": "Univerity Medical Center Groningen",
    "InstitutionalDepartmentName": "Neuroimaging Center Groningen",
    "MagneticFieldStrength": 3,
    "Manufacturer": "Philips",
    "ManufacturersModelName": "Intera",
    "Modality": "MR",
    "PatientPosition": "HFS",
    "PhilipsRescaleIntercept": 0,
    "PhilipsRescaleSlope": 282.541,
    "PhilipsScaleSlope": 0.0011356,
    "ProtocolName": "WIPR-state_ME_descending-sso-DSSENSE4.2",
    "ReceiveCoilName": "SENSE-Head-32P",
    "ReconMatrixPE": 64,
    "RepetitionTime": 2.45,
    "SliceThickness": 3.5,
    "SliceTiming": [
      2.395555556,
      2.341111111,
      2.286666667,
      2.232222222,
      2.177777778,
      2.123333333,
      2.068888889,
      2.014444444,
      1.96,
      1.905555556,
      1.851111111,
      1.796666667,
      1.742222222,
      1.687777778,
      1.633333333,
      1.578888889,
      1.524444444,
      1.47,
      1.415555556,
      1.361111111,
      1.306666667,
      1.252222222,
      1.197777778,
      1.143333333,
      1.088888889,
      1.034444444,
      0.98,
      0.925555556,
      0.871111111,
      0.816666667,
      0.762222222,
      0.707777778,
      0.653333333,
      0.598888889,
      0.544444444,
      0.49,
      0.435555556,
      0.381111111,
      0.326666667,
      0.272222222,
      0.217777778,
      0.163333333,
      0.108888889,
      0.054444444,
      0
    ],
    "TaskName": "task-FlavorRun4",
    "UsePhilipsFloatNotDisplayScaling": 1,
    "dataset": "ds001491",
    "modality": "bold",
    "subject_id": "04",
    "task_id": "FlavorRun4"
  },
  "dummy_trs": 0,
  "dvars_nstd": 21.862756715648143,
  "dvars_std": 1.2151168796296294,
  "dvars_vstd": 0.9990478194444444,
  "efc": 0.509571583231219,
  "fber": 19221.6640625,
  "fd_mean": 0.4862748882186184,
  "fd_num": 165,
  "fd_perc": 76.036866359447,
  "fwhm_avg": 2.101877142857143,
  "fwhm_x": 1.9653428571428573,
  "fwhm_y": 2.1892885714285715,
  "fwhm_z": 2.1510000000000002,
  "gcor": 0.00700669,
  "gsr_x": -0.02750691957771778,
  "gsr_y": 0.033943358808755875,
  "provenance": {
    "md5sum": "b5eedd5d0d9124dadca674ff92ad6c88",
    "settings": {
      "fd_thres": 0.2,
      "testing": false
    },
    "software": "mriqc",
    "version": "22.0.6",
    "webapi_port": null,
    "webapi_url": "https://mriqc.nimh.nih.gov/api/v1"
  },
  "size_t": 217,
  "size_x": 64,
  "size_y": 64,
  "size_z": 45,
  "snr": 6.648148916477857,
  "spacing_tr": 2.450000047683716,
  "spacing_x": 3.5,
  "spacing_y": 3.5,
  "spacing_z": 3.5,
  "summary_bg_k": 8.173135874208091,
  "summary_bg_mad": 8330.247242752805,
  "summary_bg_mean": 69574.5859375,
  "summary_bg_median": 6716.07666015625,
  "summary_bg_n": 119738.0,
  "summary_bg_p05": 689.9070617675782,
  "summary_bg_p95": 442775.5203124998,
  "summary_bg_stdv": 148848.015625,
  "summary_fg_k": 0.17874710153404694,
  "summary_fg_mad": 137046.46730825442,
  "summary_fg_mean": 911830.5625,
  "summary_fg_median": 903382.625,
  "summary_fg_n": 30092.0,
  "summary_fg_p05": 699882.984375,
  "summary_fg_p95": 1138531.35625,
  "summary_fg_stdv": 135882.578125,
  "tsnr": 69.28888702392578
}