{
  "aor": 0.0023324675324675323,
  "aqi": 0.01267109673160173,
  "bids_meta": {
    "EchoTime": 0.02203,
    "EchoTrainLength": 23,
    "FlipAngle": 80,
    "InstitutionName": "Univerity Medical Center Groningen",
    "InstitutionalDepartmentName": "Neuroimaging Center Groningen",
    "MagneticFieldStrength": 3,
    "Manufacturer": "Philips",
    "ManufacturersModelName": "Intera",
    "Modality": "MR",
    "PatientPosition": "HFS",
    "PhilipsRescaleIntercept": 0,
    "PhilipsRescaleSlope": 282.541,
    "PhilipsScaleSlope": 0.0011356,
    "ProtocolName": "WIPR-state_ME_descending-sso-DSSENSE4.2",
    "ReceiveCoilName": "SENSE-Head-32P",
    "ReconMatrixPE": 64,
    "RepetitionTime": 2.45,
    "SliceThickness": 3.5,
    "SliceTiming": [
      2.395555556,
      2.341111111,
      2.286666667,
      2.232222222,
      2.177777778,
      2.123333333,
      2.068888889,
      2.014444444,
      1.96,
      1.905555556,
      1.851111111,
      1.796666667,
      1.742222222,
      1.687777778,
      1.633333333,
      1.578888889,
      1.524444444,
      1.47,
      1.415555556,
      1.361111111,
      1.306666667,
      1.252222222,
      1.197777778,
      1.143333333,
      1.088888889,
      1.034444444,
      0.98,
      0.925555556,
      0.871111111,
      0.816666667,
      0.762222222,
      0.707777778,
      0.653333333,
      0.598888889,
      0.544444444,
      0.49,
      0.435555556,
      0.381111111,
      0.326666667,
      0.272222222,
      0.217777778,
      0.163333333,
      0.108888889,
      0.054444444,
      0
    ],
    "TaskName": "task-images",
    "UsePhilipsFloatNotDisplayScaling": 1,
    "dataset": "ds001491",
    "modality": "bold",
    "subject_id": "04",
    "task_id": "images"
  },
  "dummy_trs": 0,
  "dvars_nstd": 20.405710007353584,
  "dvars_std": 1.0487337808676782,
  "dvars_vstd": 0.9098084309327554,
  "efc": 0.45695710541716233,
  "fber": 45517.75390625,
  "fd_mean": 0.2872150691024939,
  "fd_num": 222,
  "fd_perc": 48.05194805194805,
  "fwhm_avg": 1.9555057142857144,
  "fwhm_x": 1.7995542857142859,
  "fwhm_y": 2.1161914285714287,
  "fwhm_z": 1.9507714285714286,
  "gcor": 0.0311469,
  "gsr_x": -0.014849076047539711,
  "gsr_y": 0.023525653406977654,
  "provenance": {
    "md5sum": "0000b3dc2723d8890951c227e04d1979",
    "settings": {
      "fd_thres": 0.2,
      "testing": false
    },
    "software": "mriqc",
    "version": "22.0.6",
    "webapi_port": null,
    "webapi_url": "https://mriqc.nimh.nih.gov/api/v1"
  },
  "size_t": 462,
  "size_x": 64,
  "size_y": 64,
  "size_z": 45,
  "snr": 5.3623023289594105,
  "spacing_tr": 2.450000047683716,
  "spacing_x": 3.5,
  "spacing_y": 3.5,
  "spacing_z": 3.5,
  "summary_bg_k": 37.90646450707362,
  "summary_bg_mad": 5574.815749327845,
  "summary_bg_mean": 34126.58203125,
  "summary_bg_median": 4183.3212890625,
  "summary_bg_n": 121640.0,
  "summary_bg_p05": 235.00888366699218,
  "summary_bg_p95": 185791.06640624924,
  "summary_bg_stdv": 82713.328125,
  "summary_fg_k": 1.1889170590799791,
  "summary_fg_mad": 160698.00351820033,
  "summary_fg_mean": 881488.75,
  "summary_fg_median": 863567.0,
  "summary_fg_n": 28072.0,
  "summary_fg_p05": 656496.053125,
  "summary_fg_p95": 1153998.93125,
  "summary_fg_stdv": 161041.203125,
  "tsnr": 44.34743118286133
}