{
  "aor": 0.0034564573991031394,
  "aqi": 0.010956767219730941,
  "bids_meta": {
    "EchoTime": 0.03603,
    "EchoTrainLength": 23,
    "FlipAngle": 80,
    "InstitutionName": "Univerity Medical Center Groningen",
    "InstitutionalDepartmentName": "Neuroimaging Center Groningen",
    "MagneticFieldStrength": 3,
    "Manufacturer": "Philips",
    "ManufacturersModelName": "Intera",
    "Modality": "MR",
    "PatientPosition": "HFS",
    "PhilipsRescaleIntercept": 0,
    "PhilipsRescaleSlope": 282.541,
    "PhilipsScaleSlope": 0.0011356,
    "ProtocolName": "WIPR-state_ME_descending-sso-DSSENSE4.2",
    "ReceiveCoilName": "SENSE-Head-32P",
    "ReconMatrixPE": 64,
    "RepetitionTime": 2.45,
    "SliceThickness": 3.5,
    "SliceTiming": [
      2.395555556,
      2.341111111,
      2.286666667,
      2.232222222,
      2.177777778,
      2.123333333,
      2.068888889,
      2.014444444,
      1.96,
      1.905555556,
      1.851111111,
      1.796666667,
      1.742222222,
      1.687777778,
      1.633333333,
      1.578888889,
      1.524444444,
      1.47,
      1.415555556,
      1.361111111,
      1.306666667,
      1.252222222,
      1.197777778,
      1.143333333,
      1.088888889,
      1.034444444,
      0.98,
      0.925555556,
      0.871111111,
      0.816666667,
      0.762222222,
      0.707777778,
      0.653333333,
      0.598888889,
      0.544444444,
      0.49,
      0.435555556,
      0.381111111,
      0.326666667,
      0.272222222,
      0.217777778,
      0.163333333,
      0.108888889,
      0.054444444,
      0
    ],
    "TaskName": "task-FlavorRun2",
    "UsePhilipsFloatNotDisplayScaling": 1,
    "dataset": "ds001491",
    "modality": "bold",
    "subject_id": "04",
    "task_id": "FlavorRun2"
  },
  "dummy_trs": 0,
  "dvars_nstd": 28.43657125887388,
  "dvars_std": 1.1210609877477475,
  "dvars_vstd": 0.9804970330630629,
  "efc": 0.4250548414206963,
  "fber": 22328.533203125,
  "fd_mean": 0.3223402741311783,
  "fd_num": 136,
  "fd_perc": 60.98654708520179,
  "fwhm_avg": 1.8710352380952384,
  "fwhm_x": 1.7306742857142858,
  "fwhm_y": 2.0527657142857145,
  "fwhm_z": 1.8296657142857142,
  "gcor": 0.0227119,
  "gsr_x": -0.012217451818287373,
  "gsr_y": 0.02606957033276558,
  "provenance": {
    "md5sum": "bf27e571ec663dcf1df9953eb78248e8",
    "settings": {
      "fd_thres": 0.2,
      "testing": false
    },
    "software": "mriqc",
    "version": "22.0.6",
    "webapi_port": null,
    "webapi_url": "https://mriqc.nimh.nih.gov/api/v1"
  },
  "size_t": 223,
  "size_x": 64,
  "size_y": 64,
  "size_z": 45,
  "snr": 4.274791974078098,
  "spacing_tr": 2.450000047683716,
  "spacing_x": 3.5,
  "spacing_y": 3.5,
  "spacing_z": 3.5,
  "summary_bg_k": 220.13187484726438,
  "summary_bg_mad": 3532.8722307577036,
  "summary_bg_mean": 13564.0908203125,
  "summary_bg_median": 3498.14794921875,
  "summary_bg_n": 123811.0,
  "summary_bg_p05": 590.7078552246094,
  "summary_bg_p95": 58133.77734375,
  "summary_bg_stdv": 34557.87109375,
  "summary_fg_k": 4.272136411531718,
  "summary_fg_mad": 106324.44744957461,
  "summary_fg_mean": 539102.1875,
  "summary_fg_median": 522369.6875,
  "summary_fg_n": 25827.0,
  "summary_fg_p05": 381042.01875,
  "summary_fg_p95": 737949.6999999996,
  "summary_fg_stdv": 122195.3203125,
  "tsnr": 42.14109802246094
}