{
  "aor": 0.004448384955752211,
  "aqi": 0.005471510508849558,
  "bids_meta": {
    "EchoTime": 0.00802,
    "EchoTrainLength": 23,
    "FlipAngle": 80,
    "InstitutionName": "Univerity Medical Center Groningen",
    "InstitutionalDepartmentName": "Neuroimaging Center Groningen",
    "MagneticFieldStrength": 3,
    "Manufacturer": "Philips",
    "ManufacturersModelName": "Intera",
    "Modality": "MR",
    "PatientPosition": "HFS",
    "PhilipsRescaleIntercept": 0,
    "PhilipsRescaleSlope": 282.541,
    "PhilipsScaleSlope": 0.0011356,
    "ProtocolName": "WIPR-state_ME_descending-sso-DSSENSE4.2",
    "ReceiveCoilName": "SENSE-Head-32P",
    "ReconMatrixPE": 64,
    "RepetitionTime": 2.45,
    "SliceThickness": 3.5,
    "SliceTiming": [
      2.395555556,
      2.341111111,
      2.286666667,
      2.232222222,
      2.177777778,
      2.123333333,
      2.068888889,
      2.014444444,
      1.96,
      1.905555556,
      1.851111111,
      1.796666667,
      1.742222222,
      1.687777778,
      1.633333333,
      1.578888889,
      1.524444444,
      1.47,
      1.415555556,
      1.361111111,
      1.306666667,
      1.252222222,
      1.197777778,
      1.143333333,
      1.088888889,
      1.034444444,
      0.98,
      0.925555556,
      0.871111111,
      0.816666667,
      0.762222222,
      0.707777778,
      0.653333333,
      0.598888889,
      0.544444444,
      0.49,
      0.435555556,
      0.381111111,
      0.326666667,
      0.272222222,
      0.217777778,
      0.163333333,
      0.108888889,
      0.054444444,
      0
    ],
    "TaskName": "task-images",
    "UsePhilipsFloatNotDisplayScaling": 1,
    "dataset": "ds001491",
    "modality": "bold",
    "subject_id": "13",
    "task_id": "images"
  },
  "dummy_trs": 0,
  "dvars_nstd": 18.041901675299318,
  "dvars_std": 1.191520669002217,
  "dvars_vstd": 0.9715724452993343,
  "efc": 0.5226616385770435,
  "fber": 78950.8671875,
  "fd_mean": 0.23893042169312792,
  "fd_num": 149,
  "fd_perc": 32.9646017699115,
  "fwhm_avg": 2.2771114285714287,
  "fwhm_x": 2.0679057142857142,
  "fwhm_y": 2.4594457142857142,
  "fwhm_z": 2.303982857142857,
  "gcor": 0.0241947,
  "gsr_x": -0.01824944093823433,
  "gsr_y": 0.07314292341470718,
  "provenance": {
    "md5sum": "a9e93c18e1214b158724f61cb52667f5",
    "settings": {
      "fd_thres": 0.2,
      "testing": false
    },
    "software": "mriqc",
    "version": "22.0.6",
    "webapi_port": null,
    "webapi_url": "https://mriqc.nimh.nih.gov/api/v1"
  },
  "size_t": 452,
  "size_x": 64,
  "size_y": 64,
  "size_z": 45,
  "snr": 6.0178256888881885,
  "spacing_tr": 2.450000047683716,
  "spacing_x": 3.5,
  "spacing_y": 3.5,
  "spacing_z": 3.5,
  "summary_bg_k": 7.119471376506841,
  "summary_bg_mad": 5456.686709629484,
  "summary_bg_mean": 72433.7421875,
  "summary_bg_median": 3768.241943359375,
  "summary_bg_n": 113309.0,
  "summary_bg_p05": 38.32941207885743,
  "summary_bg_p95": 494568.00624999986,
  "summary_bg_stdv": 161326.609375,
  "summary_fg_k": 0.6430243218879546,
  "summary_fg_mad": 173649.78484246862,
  "summary_fg_mean": 1065634.375,
  "summary_fg_median": 1055738.25,
  "summary_fg_n": 33893.0,
  "summary_fg_p05": 802537.6125,
  "summary_fg_p95": 1359091.6749999998,
  "summary_fg_stdv": 175432.578125,
  "tsnr": 67.04232788085938
}