{
  "aor": 0.0017034545454545453,
  "aqi": 0.011309948863636364,
  "bids_meta": {
    "EchoTime": 0.03603,
    "EchoTrainLength": 23,
    "FlipAngle": 80,
    "InstitutionName": "Univerity Medical Center Groningen",
    "InstitutionalDepartmentName": "Neuroimaging Center Groningen",
    "MagneticFieldStrength": 3,
    "Manufacturer": "Philips",
    "ManufacturersModelName": "Intera",
    "Modality": "MR",
    "PatientPosition": "HFS",
    "PhilipsRescaleIntercept": 0,
    "PhilipsRescaleSlope": 282.541,
    "PhilipsScaleSlope": 0.0011356,
    "ProtocolName": "WIPR-state_ME_descending-sso-DSSENSE4.2",
    "ReceiveCoilName": "SENSE-Head-32P",
    "ReconMatrixPE": 64,
    "RepetitionTime": 2.45,
    "SliceThickness": 3.5,
    "SliceTiming": [
      2.395555556,
      2.341111111,
      2.286666667,
      2.232222222,
      2.177777778,
      2.123333333,
      2.068888889,
      2.014444444,
      1.96,
      1.905555556,
      1.851111111,
      1.796666667,
      1.742222222,
      1.687777778,
      1.633333333,
      1.578888889,
      1.524444444,
      1.47,
      1.415555556,
      1.361111111,
      1.306666667,
      1.252222222,
      1.197777778,
      1.143333333,
      1.088888889,
      1.034444444,
      0.98,
      0.925555556,
      0.871111111,
      0.816666667,
      0.762222222,
      0.707777778,
      0.653333333,
      0.598888889,
      0.544444444,
      0.49,
      0.435555556,
      0.381111111,
      0.326666667,
      0.272222222,
      0.217777778,
      0.163333333,
      0.108888889,
      0.054444444,
      0
    ],
    "TaskName": "task-FlavorRun2",
    "UsePhilipsFloatNotDisplayScaling": 1,
    "dataset": "ds001491",
    "modality": "bold",
    "subject_id": "13",
    "task_id": "FlavorRun2"
  },
  "dummy_trs": 0,
  "dvars_nstd": 28.1525257844749,
  "dvars_std": 1.1142571189954338,
  "dvars_vstd": 0.9547297155707758,
  "efc": 0.44126684304960256,
  "fber": 16783.580078125,
  "fd_mean": 0.21572328042106761,
  "fd_num": 88,
  "fd_perc": 40.0,
  "fwhm_avg": 1.9389219047619048,
  "fwhm_x": 1.7693428571428573,
  "fwhm_y": 2.1902742857142856,
  "fwhm_z": 1.8571485714285714,
  "gcor": 0.0212199,
  "gsr_x": -0.0065469760447740555,
  "gsr_y": 0.026146747171878815,
  "provenance": {
    "md5sum": "ba75433377ea2a84bccc51ee9d216b61",
    "settings": {
      "fd_thres": 0.2,
      "testing": false
    },
    "software": "mriqc",
    "version": "22.0.6",
    "webapi_port": null,
    "webapi_url": "https://mriqc.nimh.nih.gov/api/v1"
  },
  "size_t": 220,
  "size_x": 64,
  "size_y": 64,
  "size_z": 45,
  "snr": 3.956264039590627,
  "spacing_tr": 2.450000047683716,
  "spacing_x": 3.5,
  "spacing_y": 3.5,
  "spacing_z": 3.5,
  "summary_bg_k": 68.20827663110481,
  "summary_bg_mad": 4029.6056887222794,
  "summary_bg_mean": 14038.427734375,
  "summary_bg_median": 4036.0009765625,
  "summary_bg_n": 120415.0,
  "summary_bg_p05": 651.9453796386719,
  "summary_bg_p95": 58191.17226562497,
  "summary_bg_stdv": 31637.462890625,
  "summary_fg_k": 4.576201352505306,
  "summary_fg_mad": 112164.57974788583,
  "summary_fg_mean": 541989.9375,
  "summary_fg_median": 522215.21875,
  "summary_fg_n": 28012.0,
  "summary_fg_p05": 377457.971875,
  "summary_fg_p95": 756022.04375,
  "summary_fg_stdv": 131994.703125,
  "tsnr": 41.9378662109375
}