{
  "aor": 0.0038374279379157434,
  "aqi": 0.010464476984478936,
  "bids_meta": {
    "EchoTime": 0.02203,
    "EchoTrainLength": 23,
    "FlipAngle": 80,
    "InstitutionName": "Univerity Medical Center Groningen",
    "InstitutionalDepartmentName": "Neuroimaging Center Groningen",
    "MagneticFieldStrength": 3,
    "Manufacturer": "Philips",
    "ManufacturersModelName": "Intera",
    "Modality": "MR",
    "PatientPosition": "HFS",
    "PhilipsRescaleIntercept": 0,
    "PhilipsRescaleSlope": 282.541,
    "PhilipsScaleSlope": 0.0011356,
    "ProtocolName": "WIPR-state_ME_descending-sso-DSSENSE4.2",
    "ReceiveCoilName": "SENSE-Head-32P",
    "ReconMatrixPE": 64,
    "RepetitionTime": 2.45,
    "SliceThickness": 3.5,
    "SliceTiming": [
      2.395555556,
      2.341111111,
      2.286666667,
      2.232222222,
      2.177777778,
      2.123333333,
      2.068888889,
      2.014444444,
      1.96,
      1.905555556,
      1.851111111,
      1.796666667,
      1.742222222,
      1.687777778,
      1.633333333,
      1.578888889,
      1.524444444,
      1.47,
      1.415555556,
      1.361111111,
      1.306666667,
      1.252222222,
      1.197777778,
      1.143333333,
      1.088888889,
      1.034444444,
      0.98,
      0.925555556,
      0.871111111,
      0.816666667,
      0.762222222,
      0.707777778,
      0.653333333,
      0.598888889,
      0.544444444,
      0.49,
      0.435555556,
      0.381111111,
      0.326666667,
      0.272222222,
      0.217777778,
      0.163333333,
      0.108888889,
      0.054444444,
      0
    ],
    "TaskName": "task-images",
    "UsePhilipsFloatNotDisplayScaling": 1,
    "dataset": "ds001491",
    "modality": "bold",
    "subject_id": "13",
    "task_id": "images"
  },
  "dummy_trs": 1,
  "dvars_nstd": 21.959111311244445,
  "dvars_std": 1.0940168681777782,
  "dvars_vstd": 0.9610060863555562,
  "efc": 0.4693034806364219,
  "fber": 110437.75,
  "fd_mean": 0.2462628526090598,
  "fd_num": 151,
  "fd_perc": 33.48115299334812,
  "fwhm_avg": 2.0206304761904765,
  "fwhm_x": 1.8465942857142856,
  "fwhm_y": 2.2423314285714286,
  "fwhm_z": 1.9729657142857142,
  "gcor": 0.0342844,
  "gsr_x": -0.005588001571595669,
  "gsr_y": 0.03702271357178688,
  "provenance": {
    "md5sum": "1d48f07e79c38e98536dfff208efb046",
    "settings": {
      "fd_thres": 0.2,
      "testing": false
    },
    "software": "mriqc",
    "version": "22.0.6",
    "webapi_port": null,
    "webapi_url": "https://mriqc.nimh.nih.gov/api/v1"
  },
  "size_t": 451,
  "size_x": 64,
  "size_y": 64,
  "size_z": 45,
  "snr": 5.0526621075879605,
  "spacing_tr": 2.450000047683716,
  "spacing_x": 3.5,
  "spacing_y": 3.5,
  "spacing_z": 3.5,
  "summary_bg_k": 25.52087654463798,
  "summary_bg_mad": 3620.9561394542056,
  "summary_bg_mean": 30475.72265625,
  "summary_bg_median": 2501.5712890625,
  "summary_bg_n": 118173.0,
  "summary_bg_p05": 27.66598434448242,
  "summary_bg_p95": 175896.39687499983,
  "summary_bg_stdv": 73208.421875,
  "summary_fg_k": 1.7921309557181937,
  "summary_fg_mad": 152546.51752689853,
  "summary_fg_mean": 816199.6875,
  "summary_fg_median": 800323.875,
  "summary_fg_n": 30627.0,
  "summary_fg_p05": 598263.2625,
  "summary_fg_p95": 1074204.7374999998,
  "summary_fg_stdv": 158393.890625,
  "tsnr": 45.996707916259766
}