{
  "aor": 0.0026471493212669684,
  "aqi": 0.0024716888687782803,
  "bids_meta": {
    "EchoTime": 0.00802,
    "EchoTrainLength": 23,
    "FlipAngle": 80,
    "InstitutionName": "Univerity Medical Center Groningen",
    "InstitutionalDepartmentName": "Neuroimaging Center Groningen",
    "MagneticFieldStrength": 3,
    "Manufacturer": "Philips",
    "ManufacturersModelName": "Intera",
    "Modality": "MR",
    "PatientPosition": "HFS",
    "PhilipsRescaleIntercept": 0,
    "PhilipsRescaleSlope": 282.541,
    "PhilipsScaleSlope": 0.0011356,
    "ProtocolName": "WIPR-state_ME_descending-sso-DSSENSE4.2",
    "ReceiveCoilName": "SENSE-Head-32P",
    "ReconMatrixPE": 64,
    "RepetitionTime": 2.45,
    "SliceThickness": 3.5,
    "SliceTiming": [
      2.395555556,
      2.341111111,
      2.286666667,
      2.232222222,
      2.177777778,
      2.123333333,
      2.068888889,
      2.014444444,
      1.96,
      1.905555556,
      1.851111111,
      1.796666667,
      1.742222222,
      1.687777778,
      1.633333333,
      1.578888889,
      1.524444444,
      1.47,
      1.415555556,
      1.361111111,
      1.306666667,
      1.252222222,
      1.197777778,
      1.143333333,
      1.088888889,
      1.034444444,
      0.98,
      0.925555556,
      0.871111111,
      0.816666667,
      0.762222222,
      0.707777778,
      0.653333333,
      0.598888889,
      0.544444444,
      0.49,
      0.435555556,
      0.381111111,
      0.326666667,
      0.272222222,
      0.217777778,
      0.163333333,
      0.108888889,
      0.054444444,
      0
    ],
    "TaskName": "task-FlavorRun4",
    "UsePhilipsFloatNotDisplayScaling": 1,
    "dataset": "ds001491",
    "modality": "bold",
    "subject_id": "18",
    "task_id": "FlavorRun4"
  },
  "dummy_trs": 0,
  "dvars_nstd": 18.193519900136362,
  "dvars_std": 1.3747121164090914,
  "dvars_vstd": 1.0319654421363642,
  "efc": 0.5112164408269956,
  "fber": 38185.62890625,
  "fd_mean": 0.19902755708434144,
  "fd_num": 85,
  "fd_perc": 38.46153846153846,
  "fwhm_avg": 2.4464466666666667,
  "fwhm_x": 2.278082857142857,
  "fwhm_y": 2.5602742857142857,
  "fwhm_z": 2.500982857142857,
  "gcor": 0.0204051,
  "gsr_x": 0.003099667839705944,
  "gsr_y": 0.054818931967020035,
  "provenance": {
    "md5sum": "efe2736e05a91d4b0a32c964daae1235",
    "settings": {
      "fd_thres": 0.2,
      "testing": false
    },
    "software": "mriqc",
    "version": "22.0.6",
    "webapi_port": null,
    "webapi_url": "https://mriqc.nimh.nih.gov/api/v1"
  },
  "size_t": 221,
  "size_x": 64,
  "size_y": 64,
  "size_z": 45,
  "snr": 7.315203853919809,
  "spacing_tr": 2.450000047683716,
  "spacing_x": 3.5,
  "spacing_y": 3.5,
  "spacing_z": 3.5,
  "summary_bg_k": 6.73328076850189,
  "summary_bg_mad": 6562.875316165293,
  "summary_bg_mean": 61541.49609375,
  "summary_bg_median": 4650.125,
  "summary_bg_n": 117557.0,
  "summary_bg_p05": 96.3990463256836,
  "summary_bg_p95": 379636.16874999995,
  "summary_bg_stdv": 127434.21875,
  "summary_fg_k": 0.6229398928535557,
  "summary_fg_mad": 117198.03744537201,
  "summary_fg_mean": 868331.25,
  "summary_fg_median": 867718.0,
  "summary_fg_n": 29413.0,
  "summary_fg_p05": 680964.7125,
  "summary_fg_p95": 1062403.575,
  "summary_fg_stdv": 118616.4140625,
  "tsnr": 112.46063995361328
}