{
  "aor": 0.0026231696428571432,
  "aqi": 0.005219125714285714,
  "bids_meta": {
    "EchoTime": 0.02203,
    "EchoTrainLength": 23,
    "FlipAngle": 80,
    "InstitutionName": "Univerity Medical Center Groningen",
    "InstitutionalDepartmentName": "Neuroimaging Center Groningen",
    "MagneticFieldStrength": 3,
    "Manufacturer": "Philips",
    "ManufacturersModelName": "Intera",
    "Modality": "MR",
    "PatientPosition": "HFS",
    "PhilipsRescaleIntercept": 0,
    "PhilipsRescaleSlope": 282.541,
    "PhilipsScaleSlope": 0.0011356,
    "ProtocolName": "WIPR-state_ME_descending-sso-DSSENSE4.2",
    "ReceiveCoilName": "SENSE-Head-32P",
    "ReconMatrixPE": 64,
    "RepetitionTime": 2.45,
    "SliceThickness": 3.5,
    "SliceTiming": [
      2.395555556,
      2.341111111,
      2.286666667,
      2.232222222,
      2.177777778,
      2.123333333,
      2.068888889,
      2.014444444,
      1.96,
      1.905555556,
      1.851111111,
      1.796666667,
      1.742222222,
      1.687777778,
      1.633333333,
      1.578888889,
      1.524444444,
      1.47,
      1.415555556,
      1.361111111,
      1.306666667,
      1.252222222,
      1.197777778,
      1.143333333,
      1.088888889,
      1.034444444,
      0.98,
      0.925555556,
      0.871111111,
      0.816666667,
      0.762222222,
      0.707777778,
      0.653333333,
      0.598888889,
      0.544444444,
      0.49,
      0.435555556,
      0.381111111,
      0.326666667,
      0.272222222,
      0.217777778,
      0.163333333,
      0.108888889,
      0.054444444,
      0
    ],
    "TaskName": "task-FlavorRun2",
    "UsePhilipsFloatNotDisplayScaling": 1,
    "dataset": "ds001491",
    "modality": "bold",
    "subject_id": "18",
    "task_id": "FlavorRun2"
  },
  "dummy_trs": 0,
  "dvars_nstd": 20.88545593139014,
  "dvars_std": 1.2774890949775781,
  "dvars_vstd": 1.02282129309417,
  "efc": 0.4526557113450589,
  "fber": 52852.09765625,
  "fd_mean": 0.17846662772498503,
  "fd_num": 63,
  "fd_perc": 28.125,
  "fwhm_avg": 1.9553495238095238,
  "fwhm_x": 1.8519400000000001,
  "fwhm_y": 2.11826,
  "fwhm_z": 1.8958485714285713,
  "gcor": 0.0311092,
  "gsr_x": 0.003534481395035982,
  "gsr_y": 0.02684365026652813,
  "provenance": {
    "md5sum": "9dd7384302bbc2aac1573d2f8fb01193",
    "settings": {
      "fd_thres": 0.2,
      "testing": false
    },
    "software": "mriqc",
    "version": "22.0.6",
    "webapi_port": null,
    "webapi_url": "https://mriqc.nimh.nih.gov/api/v1"
  },
  "size_t": 224,
  "size_x": 64,
  "size_y": 64,
  "size_z": 45,
  "snr": 6.743892360255334,
  "spacing_tr": 2.450000047683716,
  "spacing_x": 3.5,
  "spacing_y": 3.5,
  "spacing_z": 3.5,
  "summary_bg_k": 25.058044083299627,
  "summary_bg_mad": 4255.5383653165,
  "summary_bg_mean": 26191.2890625,
  "summary_bg_median": 3092.217041015625,
  "summary_bg_n": 122912.0,
  "summary_bg_p05": 91.76806373596192,
  "summary_bg_p95": 138930.34609375,
  "summary_bg_stdv": 61072.7890625,
  "summary_fg_k": 1.2356886855482507,
  "summary_fg_mad": 96298.81326012377,
  "summary_fg_mean": 668481.125,
  "summary_fg_median": 662251.6875,
  "summary_fg_n": 26782.0,
  "summary_fg_p05": 522466.628125,
  "summary_fg_p95": 832835.7312499998,
  "summary_fg_stdv": 98198.3828125,
  "tsnr": 78.74891662597656
}