{
  "aor": 0.003293839285714286,
  "aqi": 0.0025262879910714284,
  "bids_meta": {
    "EchoTime": 0.00802,
    "EchoTrainLength": 23,
    "FlipAngle": 80,
    "InstitutionName": "Univerity Medical Center Groningen",
    "InstitutionalDepartmentName": "Neuroimaging Center Groningen",
    "MagneticFieldStrength": 3,
    "Manufacturer": "Philips",
    "ManufacturersModelName": "Intera",
    "Modality": "MR",
    "PatientPosition": "HFS",
    "PhilipsRescaleIntercept": 0,
    "PhilipsRescaleSlope": 282.541,
    "PhilipsScaleSlope": 0.0011356,
    "ProtocolName": "WIPR-state_ME_descending-sso-DSSENSE4.2",
    "ReceiveCoilName": "SENSE-Head-32P",
    "ReconMatrixPE": 64,
    "RepetitionTime": 2.45,
    "SliceThickness": 3.5,
    "SliceTiming": [
      2.395555556,
      2.341111111,
      2.286666667,
      2.232222222,
      2.177777778,
      2.123333333,
      2.068888889,
      2.014444444,
      1.96,
      1.905555556,
      1.851111111,
      1.796666667,
      1.742222222,
      1.687777778,
      1.633333333,
      1.578888889,
      1.524444444,
      1.47,
      1.415555556,
      1.361111111,
      1.306666667,
      1.252222222,
      1.197777778,
      1.143333333,
      1.088888889,
      1.034444444,
      0.98,
      0.925555556,
      0.871111111,
      0.816666667,
      0.762222222,
      0.707777778,
      0.653333333,
      0.598888889,
      0.544444444,
      0.49,
      0.435555556,
      0.381111111,
      0.326666667,
      0.272222222,
      0.217777778,
      0.163333333,
      0.108888889,
      0.054444444,
      0
    ],
    "TaskName": "task-FlavorRun2",
    "UsePhilipsFloatNotDisplayScaling": 1,
    "dataset": "ds001491",
    "modality": "bold",
    "subject_id": "18",
    "task_id": "FlavorRun2"
  },
  "dummy_trs": 0,
  "dvars_nstd": 17.447754547264573,
  "dvars_std": 1.3532822950672652,
  "dvars_vstd": 1.0270892186547087,
  "efc": 0.509716323195307,
  "fber": 39741.83984375,
  "fd_mean": 0.1730692914935995,
  "fd_num": 68,
  "fd_perc": 30.357142857142858,
  "fwhm_avg": 2.463702857142857,
  "fwhm_x": 2.30518,
  "fwhm_y": 2.5542971428571426,
  "fwhm_z": 2.5316314285714285,
  "gcor": 0.0138272,
  "gsr_x": 0.003990760538727045,
  "gsr_y": 0.056694429367780685,
  "provenance": {
    "md5sum": "f6f7c535883a8b6964b169f858d80e73",
    "settings": {
      "fd_thres": 0.2,
      "testing": false
    },
    "software": "mriqc",
    "version": "22.0.6",
    "webapi_port": null,
    "webapi_url": "https://mriqc.nimh.nih.gov/api/v1"
  },
  "size_t": 224,
  "size_x": 64,
  "size_y": 64,
  "size_z": 45,
  "snr": 7.0914259017317045,
  "spacing_tr": 2.450000047683716,
  "spacing_x": 3.5,
  "spacing_y": 3.5,
  "spacing_z": 3.5,
  "summary_bg_k": 7.251301759589811,
  "summary_bg_mad": 6444.210830748415,
  "summary_bg_mean": 59949.078125,
  "summary_bg_median": 4560.3642578125,
  "summary_bg_n": 117465.0,
  "summary_bg_p05": 94.74026184082031,
  "summary_bg_p95": 369930.16874999995,
  "summary_bg_stdv": 125107.109375,
  "summary_fg_k": 0.5123914135928258,
  "summary_fg_mad": 120115.52062347507,
  "summary_fg_mean": 870623.625,
  "summary_fg_median": 868896.4375,
  "summary_fg_n": 29415.0,
  "summary_fg_p05": 680489.7,
  "summary_fg_p95": 1076106.1,
  "summary_fg_stdv": 122525.6640625,
  "tsnr": 105.64391326904297
}