{
  "aor": 0.0020835426008968608,
  "aqi": 0.0028217696412556055,
  "bids_meta": {
    "EchoTime": 0.00802,
    "EchoTrainLength": 23,
    "FlipAngle": 80,
    "InstitutionName": "Univerity Medical Center Groningen",
    "InstitutionalDepartmentName": "Neuroimaging Center Groningen",
    "MagneticFieldStrength": 3,
    "Manufacturer": "Philips",
    "ManufacturersModelName": "Intera",
    "Modality": "MR",
    "PatientPosition": "HFS",
    "PhilipsRescaleIntercept": 0,
    "PhilipsRescaleSlope": 282.541,
    "PhilipsScaleSlope": 0.0011356,
    "ProtocolName": "WIPR-state_ME_descending-sso-DSSENSE4.2",
    "ReceiveCoilName": "SENSE-Head-32P",
    "ReconMatrixPE": 64,
    "RepetitionTime": 2.45,
    "SliceThickness": 3.5,
    "SliceTiming": [
      2.395555556,
      2.341111111,
      2.286666667,
      2.232222222,
      2.177777778,
      2.123333333,
      2.068888889,
      2.014444444,
      1.96,
      1.905555556,
      1.851111111,
      1.796666667,
      1.742222222,
      1.687777778,
      1.633333333,
      1.578888889,
      1.524444444,
      1.47,
      1.415555556,
      1.361111111,
      1.306666667,
      1.252222222,
      1.197777778,
      1.143333333,
      1.088888889,
      1.034444444,
      0.98,
      0.925555556,
      0.871111111,
      0.816666667,
      0.762222222,
      0.707777778,
      0.653333333,
      0.598888889,
      0.544444444,
      0.49,
      0.435555556,
      0.381111111,
      0.326666667,
      0.272222222,
      0.217777778,
      0.163333333,
      0.108888889,
      0.054444444,
      0
    ],
    "TaskName": "task-FlavorRun3",
    "UsePhilipsFloatNotDisplayScaling": 1,
    "dataset": "ds001491",
    "modality": "bold",
    "subject_id": "18",
    "task_id": "FlavorRun3"
  },
  "dummy_trs": 0,
  "dvars_nstd": 18.28343311905405,
  "dvars_std": 1.3519254176576585,
  "dvars_vstd": 0.9984306521171173,
  "efc": 0.5107813297943175,
  "fber": 38428.2421875,
  "fd_mean": 0.18021761073920356,
  "fd_num": 73,
  "fd_perc": 32.73542600896861,
  "fwhm_avg": 2.4629590476190475,
  "fwhm_x": 2.2965400000000002,
  "fwhm_y": 2.5809085714285716,
  "fwhm_z": 2.511428571428571,
  "gcor": 0.0120647,
  "gsr_x": 0.003151501063257456,
  "gsr_y": 0.056725241243839264,
  "provenance": {
    "md5sum": "b65059dc75c90a0e60d8639838868cfb",
    "settings": {
      "fd_thres": 0.2,
      "testing": false
    },
    "software": "mriqc",
    "version": "22.0.6",
    "webapi_port": null,
    "webapi_url": "https://mriqc.nimh.nih.gov/api/v1"
  },
  "size_t": 223,
  "size_x": 64,
  "size_y": 64,
  "size_z": 45,
  "snr": 7.056418720445743,
  "spacing_tr": 2.450000047683716,
  "spacing_x": 3.5,
  "spacing_y": 3.5,
  "spacing_z": 3.5,
  "summary_bg_k": 6.978962080098569,
  "summary_bg_mad": 6520.6787051236115,
  "summary_bg_mean": 60912.2890625,
  "summary_bg_median": 4620.15625,
  "summary_bg_n": 117461.0,
  "summary_bg_p05": 95.60383605957031,
  "summary_bg_p95": 376026.53125,
  "summary_bg_stdv": 126545.3203125,
  "summary_fg_k": 0.833651417744707,
  "summary_fg_mad": 120118.5321592314,
  "summary_fg_mean": 870236.3125,
  "summary_fg_median": 869447.4375,
  "summary_fg_n": 29512.0,
  "summary_fg_p05": 676865.109375,
  "summary_fg_p95": 1072326.8624999998,
  "summary_fg_stdv": 123211.609375,
  "tsnr": 106.34362030029297
}