{
  "aor": 0.0032507894736842104,
  "aqi": 0.0032901833333333335,
  "bids_meta": {
    "EchoTime": 0.00802,
    "EchoTrainLength": 23,
    "FlipAngle": 80,
    "InstitutionName": "Univerity Medical Center Groningen",
    "InstitutionalDepartmentName": "Neuroimaging Center Groningen",
    "MagneticFieldStrength": 3,
    "Manufacturer": "Philips",
    "ManufacturersModelName": "Intera",
    "Modality": "MR",
    "PatientPosition": "HFS",
    "PhilipsRescaleIntercept": 0,
    "PhilipsRescaleSlope": 282.541,
    "PhilipsScaleSlope": 0.0011356,
    "ProtocolName": "WIPR-state_ME_descending-sso-DSSENSE4.2",
    "ReceiveCoilName": "SENSE-Head-32P",
    "ReconMatrixPE": 64,
    "RepetitionTime": 2.45,
    "SliceThickness": 3.5,
    "SliceTiming": [
      2.395555556,
      2.341111111,
      2.286666667,
      2.232222222,
      2.177777778,
      2.123333333,
      2.068888889,
      2.014444444,
      1.96,
      1.905555556,
      1.851111111,
      1.796666667,
      1.742222222,
      1.687777778,
      1.633333333,
      1.578888889,
      1.524444444,
      1.47,
      1.415555556,
      1.361111111,
      1.306666667,
      1.252222222,
      1.197777778,
      1.143333333,
      1.088888889,
      1.034444444,
      0.98,
      0.925555556,
      0.871111111,
      0.816666667,
      0.762222222,
      0.707777778,
      0.653333333,
      0.598888889,
      0.544444444,
      0.49,
      0.435555556,
      0.381111111,
      0.326666667,
      0.272222222,
      0.217777778,
      0.163333333,
      0.108888889,
      0.054444444,
      0
    ],
    "TaskName": "task-FlavorRun1",
    "UsePhilipsFloatNotDisplayScaling": 1,
    "dataset": "ds001491",
    "modality": "bold",
    "subject_id": "18",
    "task_id": "FlavorRun1"
  },
  "dummy_trs": 0,
  "dvars_nstd": 17.984120717929528,
  "dvars_std": 1.3235515323348022,
  "dvars_vstd": 0.9872787373568288,
  "efc": 0.5057865346758508,
  "fber": 86374.8828125,
  "fd_mean": 0.16035486907376342,
  "fd_num": 58,
  "fd_perc": 25.43859649122807,
  "fwhm_avg": 2.4750457142857143,
  "fwhm_x": 2.312097142857143,
  "fwhm_y": 2.572505714285714,
  "fwhm_z": 2.540534285714286,
  "gcor": 0.0232195,
  "gsr_x": 0.0049994755536317825,
  "gsr_y": 0.056236520409584045,
  "provenance": {
    "md5sum": "3a2b6bb88263b933cb2618192d452be2",
    "settings": {
      "fd_thres": 0.2,
      "testing": false
    },
    "software": "mriqc",
    "version": "22.0.6",
    "webapi_port": null,
    "webapi_url": "https://mriqc.nimh.nih.gov/api/v1"
  },
  "size_t": 228,
  "size_x": 64,
  "size_y": 64,
  "size_z": 45,
  "snr": 6.842019358203912,
  "spacing_tr": 2.450000047683716,
  "spacing_x": 3.5,
  "spacing_y": 3.5,
  "spacing_z": 3.5,
  "summary_bg_k": 7.587477958511375,
  "summary_bg_mad": 4551.970105354004,
  "summary_bg_mean": 57874.80859375,
  "summary_bg_median": 3097.1943359375,
  "summary_bg_n": 117409.0,
  "summary_bg_p05": 15.947578430175785,
  "summary_bg_p95": 363959.0374999995,
  "summary_bg_stdv": 123542.9609375,
  "summary_fg_k": 0.8850059218750457,
  "summary_fg_mad": 124262.45169127389,
  "summary_fg_mean": 875709.375,
  "summary_fg_median": 872795.4375,
  "summary_fg_n": 29527.0,
  "summary_fg_p05": 681228.7875,
  "summary_fg_p95": 1091199.2,
  "summary_fg_stdv": 127561.8515625,
  "tsnr": 90.91542053222656
}