{
  "aor": 0.003328245614035088,
  "aqi": 0.010660432631578946,
  "bids_meta": {
    "EchoTime": 0.03603,
    "EchoTrainLength": 23,
    "FlipAngle": 80,
    "InstitutionName": "Univerity Medical Center Groningen",
    "InstitutionalDepartmentName": "Neuroimaging Center Groningen",
    "MagneticFieldStrength": 3,
    "Manufacturer": "Philips",
    "ManufacturersModelName": "Intera",
    "Modality": "MR",
    "PatientPosition": "HFS",
    "PhilipsRescaleIntercept": 0,
    "PhilipsRescaleSlope": 282.541,
    "PhilipsScaleSlope": 0.0011356,
    "ProtocolName": "WIPR-state_ME_descending-sso-DSSENSE4.2",
    "ReceiveCoilName": "SENSE-Head-32P",
    "ReconMatrixPE": 64,
    "RepetitionTime": 2.45,
    "SliceThickness": 3.5,
    "SliceTiming": [
      2.395555556,
      2.341111111,
      2.286666667,
      2.232222222,
      2.177777778,
      2.123333333,
      2.068888889,
      2.014444444,
      1.96,
      1.905555556,
      1.851111111,
      1.796666667,
      1.742222222,
      1.687777778,
      1.633333333,
      1.578888889,
      1.524444444,
      1.47,
      1.415555556,
      1.361111111,
      1.306666667,
      1.252222222,
      1.197777778,
      1.143333333,
      1.088888889,
      1.034444444,
      0.98,
      0.925555556,
      0.871111111,
      0.816666667,
      0.762222222,
      0.707777778,
      0.653333333,
      0.598888889,
      0.544444444,
      0.49,
      0.435555556,
      0.381111111,
      0.326666667,
      0.272222222,
      0.217777778,
      0.163333333,
      0.108888889,
      0.054444444,
      0
    ],
    "TaskName": "task-FlavorRun1",
    "UsePhilipsFloatNotDisplayScaling": 1,
    "dataset": "ds001491",
    "modality": "bold",
    "subject_id": "18",
    "task_id": "FlavorRun1"
  },
  "dummy_trs": 0,
  "dvars_nstd": 27.43039069784142,
  "dvars_std": 1.211965675198237,
  "dvars_vstd": 0.9686776183700443,
  "efc": 0.41587937830516264,
  "fber": 118984.890625,
  "fd_mean": 0.1671485684321049,
  "fd_num": 58,
  "fd_perc": 25.43859649122807,
  "fwhm_avg": 1.8617533333333334,
  "fwhm_x": 1.7717457142857143,
  "fwhm_y": 2.0445942857142856,
  "fwhm_z": 1.76892,
  "gcor": 0.0249895,
  "gsr_x": 0.0034654659684747458,
  "gsr_y": 0.022264687344431877,
  "provenance": {
    "md5sum": "97cfaeab4c323a6c84279c53cc038f20",
    "settings": {
      "fd_thres": 0.2,
      "testing": false
    },
    "software": "mriqc",
    "version": "22.0.6",
    "webapi_port": null,
    "webapi_url": "https://mriqc.nimh.nih.gov/api/v1"
  },
  "size_t": 228,
  "size_x": 64,
  "size_y": 64,
  "size_z": 45,
  "snr": 5.420174912972139,
  "spacing_tr": 2.450000047683716,
  "spacing_x": 3.5,
  "spacing_y": 3.5,
  "spacing_z": 3.5,
  "summary_bg_k": 58.25659674294829,
  "summary_bg_mad": 2329.6183395036296,
  "summary_bg_mean": 11900.5,
  "summary_bg_median": 1601.2943115234375,
  "summary_bg_n": 125015.0,
  "summary_bg_p05": 14.441944217681884,
  "summary_bg_p95": 54397.03437499988,
  "summary_bg_stdv": 30782.697265625,
  "summary_fg_k": 3.7503503202259276,
  "summary_fg_mad": 83334.93946151077,
  "summary_fg_mean": 519505.875,
  "summary_fg_median": 510953.8125,
  "summary_fg_n": 24676.0,
  "summary_fg_p05": 390764.3203125,
  "summary_fg_p95": 672132.203125,
  "summary_fg_stdv": 94266.96875,
  "tsnr": 50.059749603271484
}