{
  "aor": 0.001519641255605381,
  "aqi": 0.007907610403587444,
  "bids_meta": {
    "EchoTime": 0.03603,
    "EchoTrainLength": 23,
    "FlipAngle": 80,
    "InstitutionName": "Univerity Medical Center Groningen",
    "InstitutionalDepartmentName": "Neuroimaging Center Groningen",
    "MagneticFieldStrength": 3,
    "Manufacturer": "Philips",
    "ManufacturersModelName": "Intera",
    "Modality": "MR",
    "PatientPosition": "HFS",
    "PhilipsRescaleIntercept": 0,
    "PhilipsRescaleSlope": 282.541,
    "PhilipsScaleSlope": 0.0011356,
    "ProtocolName": "WIPR-state_ME_descending-sso-DSSENSE4.2",
    "ReceiveCoilName": "SENSE-Head-32P",
    "ReconMatrixPE": 64,
    "RepetitionTime": 2.45,
    "SliceThickness": 3.5,
    "SliceTiming": [
      2.395555556,
      2.341111111,
      2.286666667,
      2.232222222,
      2.177777778,
      2.123333333,
      2.068888889,
      2.014444444,
      1.96,
      1.905555556,
      1.851111111,
      1.796666667,
      1.742222222,
      1.687777778,
      1.633333333,
      1.578888889,
      1.524444444,
      1.47,
      1.415555556,
      1.361111111,
      1.306666667,
      1.252222222,
      1.197777778,
      1.143333333,
      1.088888889,
      1.034444444,
      0.98,
      0.925555556,
      0.871111111,
      0.816666667,
      0.762222222,
      0.707777778,
      0.653333333,
      0.598888889,
      0.544444444,
      0.49,
      0.435555556,
      0.381111111,
      0.326666667,
      0.272222222,
      0.217777778,
      0.163333333,
      0.108888889,
      0.054444444,
      0
    ],
    "TaskName": "task-FlavorRun3",
    "UsePhilipsFloatNotDisplayScaling": 1,
    "dataset": "ds001491",
    "modality": "bold",
    "subject_id": "18",
    "task_id": "FlavorRun3"
  },
  "dummy_trs": 0,
  "dvars_nstd": 27.042168986936925,
  "dvars_std": 1.209923284369369,
  "dvars_vstd": 0.9875831818018018,
  "efc": 0.41933887919665047,
  "fber": 49996.95703125,
  "fd_mean": 0.18987324250404816,
  "fd_num": 74,
  "fd_perc": 33.18385650224215,
  "fwhm_avg": 1.8595314285714286,
  "fwhm_x": 1.7599,
  "fwhm_y": 2.0541542857142856,
  "fwhm_z": 1.76454,
  "gcor": 0.0378636,
  "gsr_x": 0.003216759068891406,
  "gsr_y": 0.02241791971027851,
  "provenance": {
    "md5sum": "f440d76e3dc8bedf913b6e29ebfb926c",
    "settings": {
      "fd_thres": 0.2,
      "testing": false
    },
    "software": "mriqc",
    "version": "22.0.6",
    "webapi_port": null,
    "webapi_url": "https://mriqc.nimh.nih.gov/api/v1"
  },
  "size_t": 223,
  "size_x": 64,
  "size_y": 64,
  "size_z": 45,
  "snr": 5.402187496379089,
  "spacing_tr": 2.450000047683716,
  "spacing_x": 3.5,
  "spacing_y": 3.5,
  "spacing_z": 3.5,
  "summary_bg_k": 61.24370918977576,
  "summary_bg_mad": 3142.4171636536194,
  "summary_bg_mean": 12544.05859375,
  "summary_bg_median": 2391.940673828125,
  "summary_bg_n": 124973.0,
  "summary_bg_p05": 80.83447265625001,
  "summary_bg_p95": 56039.95859374995,
  "summary_bg_stdv": 30549.220703125,
  "summary_fg_k": 3.9518172607761928,
  "summary_fg_mad": 81818.33005461821,
  "summary_fg_mean": 517235.25,
  "summary_fg_median": 508564.46875,
  "summary_fg_n": 24781.0,
  "summary_fg_p05": 387957.125,
  "summary_fg_p95": 669544.4375,
  "summary_fg_stdv": 94138.5703125,
  "tsnr": 57.77748489379883
}