{
  "aor": 0.0028961605206073754,
  "aqi": 0.003096188459869848,
  "bids_meta": {
    "EchoTime": 0.00802,
    "EchoTrainLength": 23,
    "FlipAngle": 80,
    "InstitutionName": "Univerity Medical Center Groningen",
    "InstitutionalDepartmentName": "Neuroimaging Center Groningen",
    "MagneticFieldStrength": 3,
    "Manufacturer": "Philips",
    "ManufacturersModelName": "Intera",
    "Modality": "MR",
    "PatientPosition": "HFS",
    "PhilipsRescaleIntercept": 0,
    "PhilipsRescaleSlope": 282.541,
    "PhilipsScaleSlope": 0.0011356,
    "ProtocolName": "WIPR-state_ME_descending-sso-DSSENSE4.2",
    "ReceiveCoilName": "SENSE-Head-32P",
    "ReconMatrixPE": 64,
    "RepetitionTime": 2.45,
    "SliceThickness": 3.5,
    "SliceTiming": [
      2.395555556,
      2.341111111,
      2.286666667,
      2.232222222,
      2.177777778,
      2.123333333,
      2.068888889,
      2.014444444,
      1.96,
      1.905555556,
      1.851111111,
      1.796666667,
      1.742222222,
      1.687777778,
      1.633333333,
      1.578888889,
      1.524444444,
      1.47,
      1.415555556,
      1.361111111,
      1.306666667,
      1.252222222,
      1.197777778,
      1.143333333,
      1.088888889,
      1.034444444,
      0.98,
      0.925555556,
      0.871111111,
      0.816666667,
      0.762222222,
      0.707777778,
      0.653333333,
      0.598888889,
      0.544444444,
      0.49,
      0.435555556,
      0.381111111,
      0.326666667,
      0.272222222,
      0.217777778,
      0.163333333,
      0.108888889,
      0.054444444,
      0
    ],
    "TaskName": "task-images",
    "UsePhilipsFloatNotDisplayScaling": 1,
    "dataset": "ds001491",
    "modality": "bold",
    "subject_id": "18",
    "task_id": "images"
  },
  "dummy_trs": 0,
  "dvars_nstd": 15.221216232608695,
  "dvars_std": 1.3471776252826082,
  "dvars_vstd": 1.014551527173913,
  "efc": 0.5062951882437492,
  "fber": 64584.3828125,
  "fd_mean": 0.14497893934751144,
  "fd_num": 74,
  "fd_perc": 16.052060737527114,
  "fwhm_avg": 2.237413333333333,
  "fwhm_x": 2.1287942857142856,
  "fwhm_y": 2.3550857142857144,
  "fwhm_z": 2.22836,
  "gcor": 0.0259743,
  "gsr_x": 0.001725600566715002,
  "gsr_y": 0.0570293553173542,
  "provenance": {
    "md5sum": "ab71d239c53040070b2c944500a81043",
    "settings": {
      "fd_thres": 0.2,
      "testing": false
    },
    "software": "mriqc",
    "version": "22.0.6",
    "webapi_port": null,
    "webapi_url": "https://mriqc.nimh.nih.gov/api/v1"
  },
  "size_t": 461,
  "size_x": 64,
  "size_y": 64,
  "size_z": 45,
  "snr": 7.84628789885271,
  "spacing_tr": 2.450000047683716,
  "spacing_x": 3.5,
  "spacing_y": 3.5,
  "spacing_z": 3.5,
  "summary_bg_k": 6.246736209804265,
  "summary_bg_mad": 6696.459702376789,
  "summary_bg_mean": 78179.984375,
  "summary_bg_median": 4575.9306640625,
  "summary_bg_n": 119224.0,
  "summary_bg_p05": 24.27246971130371,
  "summary_bg_p95": 487947.6,
  "summary_bg_stdv": 164228.9375,
  "summary_fg_k": 1.6098180547125667,
  "summary_fg_mad": 130489.14935240078,
  "summary_fg_mean": 1075621.625,
  "summary_fg_median": 1070284.25,
  "summary_fg_n": 29380.0,
  "summary_fg_p05": 870143.671875,
  "summary_fg_p95": 1303013.625,
  "summary_fg_stdv": 136404.125,
  "tsnr": 101.73301696777344
}