{
  "aor": 0.002624034707158352,
  "aqi": 0.00896084223427332,
  "bids_meta": {
    "EchoTime": 0.03603,
    "EchoTrainLength": 23,
    "FlipAngle": 80,
    "InstitutionName": "Univerity Medical Center Groningen",
    "InstitutionalDepartmentName": "Neuroimaging Center Groningen",
    "MagneticFieldStrength": 3,
    "Manufacturer": "Philips",
    "ManufacturersModelName": "Intera",
    "Modality": "MR",
    "PatientPosition": "HFS",
    "PhilipsRescaleIntercept": 0,
    "PhilipsRescaleSlope": 282.541,
    "PhilipsScaleSlope": 0.0011356,
    "ProtocolName": "WIPR-state_ME_descending-sso-DSSENSE4.2",
    "ReceiveCoilName": "SENSE-Head-32P",
    "ReconMatrixPE": 64,
    "RepetitionTime": 2.45,
    "SliceThickness": 3.5,
    "SliceTiming": [
      2.395555556,
      2.341111111,
      2.286666667,
      2.232222222,
      2.177777778,
      2.123333333,
      2.068888889,
      2.014444444,
      1.96,
      1.905555556,
      1.851111111,
      1.796666667,
      1.742222222,
      1.687777778,
      1.633333333,
      1.578888889,
      1.524444444,
      1.47,
      1.415555556,
      1.361111111,
      1.306666667,
      1.252222222,
      1.197777778,
      1.143333333,
      1.088888889,
      1.034444444,
      0.98,
      0.925555556,
      0.871111111,
      0.816666667,
      0.762222222,
      0.707777778,
      0.653333333,
      0.598888889,
      0.544444444,
      0.49,
      0.435555556,
      0.381111111,
      0.326666667,
      0.272222222,
      0.217777778,
      0.163333333,
      0.108888889,
      0.054444444,
      0
    ],
    "TaskName": "task-images",
    "UsePhilipsFloatNotDisplayScaling": 1,
    "dataset": "ds001491",
    "modality": "bold",
    "subject_id": "18",
    "task_id": "images"
  },
  "dummy_trs": 0,
  "dvars_nstd": 24.24819273332607,
  "dvars_std": 1.2613021535652182,
  "dvars_vstd": 1.0097216559130442,
  "efc": 0.4139470575726734,
  "fber": 134358.296875,
  "fd_mean": 0.15156919407429845,
  "fd_num": 81,
  "fd_perc": 17.570498915401302,
  "fwhm_avg": 1.8308771428571429,
  "fwhm_x": 1.7368171428571428,
  "fwhm_y": 2.0299428571428573,
  "fwhm_z": 1.7258714285714285,
  "gcor": 0.0508283,
  "gsr_x": 0.002998857758939266,
  "gsr_y": 0.021436696872115135,
  "provenance": {
    "md5sum": "2dee96a195d524c56197286ae1a4e228",
    "settings": {
      "fd_thres": 0.2,
      "testing": false
    },
    "software": "mriqc",
    "version": "22.0.6",
    "webapi_port": null,
    "webapi_url": "https://mriqc.nimh.nih.gov/api/v1"
  },
  "size_t": 461,
  "size_x": 64,
  "size_y": 64,
  "size_z": 45,
  "snr": 5.720852883470516,
  "spacing_tr": 2.450000047683716,
  "spacing_x": 3.5,
  "spacing_y": 3.5,
  "spacing_z": 3.5,
  "summary_bg_k": 56.78228891465641,
  "summary_bg_mad": 2647.2183486344534,
  "summary_bg_mean": 13725.6484375,
  "summary_bg_median": 1838.585205078125,
  "summary_bg_n": 125008.0,
  "summary_bg_p05": 20.87026586532593,
  "summary_bg_p95": 65301.47187499996,
  "summary_bg_stdv": 35693.70703125,
  "summary_fg_k": 4.324683790609247,
  "summary_fg_mad": 95815.39227425228,
  "summary_fg_mean": 641736.625,
  "summary_fg_median": 631406.875,
  "summary_fg_n": 24771.0,
  "summary_fg_p05": 491113.0,
  "summary_fg_p95": 817333.0,
  "summary_fg_stdv": 110367.1328125,
  "tsnr": 54.98849868774414
}