{
  "aor": 0.002847223427331887,
  "aqi": 0.006511150086767895,
  "bids_meta": {
    "EchoTime": 0.02203,
    "EchoTrainLength": 23,
    "FlipAngle": 80,
    "InstitutionName": "Univerity Medical Center Groningen",
    "InstitutionalDepartmentName": "Neuroimaging Center Groningen",
    "MagneticFieldStrength": 3,
    "Manufacturer": "Philips",
    "ManufacturersModelName": "Intera",
    "Modality": "MR",
    "PatientPosition": "HFS",
    "PhilipsRescaleIntercept": 0,
    "PhilipsRescaleSlope": 282.541,
    "PhilipsScaleSlope": 0.0011356,
    "ProtocolName": "WIPR-state_ME_descending-sso-DSSENSE4.2",
    "ReceiveCoilName": "SENSE-Head-32P",
    "ReconMatrixPE": 64,
    "RepetitionTime": 2.45,
    "SliceThickness": 3.5,
    "SliceTiming": [
      2.395555556,
      2.341111111,
      2.286666667,
      2.232222222,
      2.177777778,
      2.123333333,
      2.068888889,
      2.014444444,
      1.96,
      1.905555556,
      1.851111111,
      1.796666667,
      1.742222222,
      1.687777778,
      1.633333333,
      1.578888889,
      1.524444444,
      1.47,
      1.415555556,
      1.361111111,
      1.306666667,
      1.252222222,
      1.197777778,
      1.143333333,
      1.088888889,
      1.034444444,
      0.98,
      0.925555556,
      0.871111111,
      0.816666667,
      0.762222222,
      0.707777778,
      0.653333333,
      0.598888889,
      0.544444444,
      0.49,
      0.435555556,
      0.381111111,
      0.326666667,
      0.272222222,
      0.217777778,
      0.163333333,
      0.108888889,
      0.054444444,
      0
    ],
    "TaskName": "task-images",
    "UsePhilipsFloatNotDisplayScaling": 1,
    "dataset": "ds001491",
    "modality": "bold",
    "subject_id": "18",
    "task_id": "images"
  },
  "dummy_trs": 0,
  "dvars_nstd": 19.35845944152173,
  "dvars_std": 1.3016997952173905,
  "dvars_vstd": 1.0180704623043468,
  "efc": 0.448294657767343,
  "fber": 115604.46875,
  "fd_mean": 0.14734448282408505,
  "fd_num": 78,
  "fd_perc": 16.919739696312366,
  "fwhm_avg": 1.8936057142857143,
  "fwhm_x": 1.7893457142857143,
  "fwhm_y": 2.0749257142857145,
  "fwhm_z": 1.8165457142857144,
  "gcor": 0.0429073,
  "gsr_x": 0.004485285375267267,
  "gsr_y": 0.0269482284784317,
  "provenance": {
    "md5sum": "34edb89d2decc87fd89f64f3fad61571",
    "settings": {
      "fd_thres": 0.2,
      "testing": false
    },
    "software": "mriqc",
    "version": "22.0.6",
    "webapi_port": null,
    "webapi_url": "https://mriqc.nimh.nih.gov/api/v1"
  },
  "size_t": 461,
  "size_x": 64,
  "size_y": 64,
  "size_z": 45,
  "snr": 7.253765268400883,
  "spacing_tr": 2.450000047683716,
  "spacing_x": 3.5,
  "spacing_y": 3.5,
  "spacing_z": 3.5,
  "summary_bg_k": 24.54049635172503,
  "summary_bg_mad": 3879.1408946535144,
  "summary_bg_mean": 30212.19140625,
  "summary_bg_median": 2665.22265625,
  "summary_bg_n": 122888.0,
  "summary_bg_p05": 21.54276914596558,
  "summary_bg_p95": 167618.53984374992,
  "summary_bg_stdv": 72519.2734375,
  "summary_fg_k": 1.3665034590105423,
  "summary_fg_mad": 111675.66850067394,
  "summary_fg_mean": 831405.3125,
  "summary_fg_median": 823365.0,
  "summary_fg_n": 26868.0,
  "summary_fg_p05": 665074.209375,
  "summary_fg_p95": 1016107.2249999999,
  "summary_fg_stdv": 113506.5234375,
  "tsnr": 73.99099731445312
}