{
  "aor": 0.001582017937219731,
  "aqi": 0.005739514484304934,
  "bids_meta": {
    "EchoTime": 0.02203,
    "EchoTrainLength": 23,
    "FlipAngle": 80,
    "InstitutionName": "Univerity Medical Center Groningen",
    "InstitutionalDepartmentName": "Neuroimaging Center Groningen",
    "MagneticFieldStrength": 3,
    "Manufacturer": "Philips",
    "ManufacturersModelName": "Intera",
    "Modality": "MR",
    "PatientPosition": "HFS",
    "PhilipsRescaleIntercept": 0,
    "PhilipsRescaleSlope": 282.541,
    "PhilipsScaleSlope": 0.0011356,
    "ProtocolName": "WIPR-state_ME_descending-sso-DSSENSE4.2",
    "ReceiveCoilName": "SENSE-Head-32P",
    "ReconMatrixPE": 64,
    "RepetitionTime": 2.45,
    "SliceThickness": 3.5,
    "SliceTiming": [
      2.395555556,
      2.341111111,
      2.286666667,
      2.232222222,
      2.177777778,
      2.123333333,
      2.068888889,
      2.014444444,
      1.96,
      1.905555556,
      1.851111111,
      1.796666667,
      1.742222222,
      1.687777778,
      1.633333333,
      1.578888889,
      1.524444444,
      1.47,
      1.415555556,
      1.361111111,
      1.306666667,
      1.252222222,
      1.197777778,
      1.143333333,
      1.088888889,
      1.034444444,
      0.98,
      0.925555556,
      0.871111111,
      0.816666667,
      0.762222222,
      0.707777778,
      0.653333333,
      0.598888889,
      0.544444444,
      0.49,
      0.435555556,
      0.381111111,
      0.326666667,
      0.272222222,
      0.217777778,
      0.163333333,
      0.108888889,
      0.054444444,
      0
    ],
    "TaskName": "task-FlavorRun3",
    "UsePhilipsFloatNotDisplayScaling": 1,
    "dataset": "ds001491",
    "modality": "bold",
    "subject_id": "18",
    "task_id": "FlavorRun3"
  },
  "dummy_trs": 0,
  "dvars_nstd": 21.333722200000018,
  "dvars_std": 1.2416767906306299,
  "dvars_vstd": 0.9914432832882878,
  "efc": 0.4532532444437242,
  "fber": 52422.66796875,
  "fd_mean": 0.1847281941137653,
  "fd_num": 72,
  "fd_perc": 32.28699551569507,
  "fwhm_avg": 1.9566980952380952,
  "fwhm_x": 1.8535114285714285,
  "fwhm_y": 2.1265,
  "fwhm_z": 1.8900828571428572,
  "gcor": 0.0328319,
  "gsr_x": 0.0033651937264949083,
  "gsr_y": 0.027489308267831802,
  "provenance": {
    "md5sum": "e2c85cd16f713e22297c97c6420f8449",
    "settings": {
      "fd_thres": 0.2,
      "testing": false
    },
    "software": "mriqc",
    "version": "22.0.6",
    "webapi_port": null,
    "webapi_url": "https://mriqc.nimh.nih.gov/api/v1"
  },
  "size_t": 223,
  "size_x": 64,
  "size_y": 64,
  "size_z": 45,
  "snr": 6.763436231896677,
  "spacing_tr": 2.450000047683716,
  "spacing_x": 3.5,
  "spacing_y": 3.5,
  "spacing_z": 3.5,
  "summary_bg_k": 24.341716828229693,
  "summary_bg_mad": 4281.314946396987,
  "summary_bg_mean": 26515.04296875,
  "summary_bg_median": 3112.43994140625,
  "summary_bg_n": 122953.0,
  "summary_bg_p05": 86.52010955810547,
  "summary_bg_p95": 141812.8031249995,
  "summary_bg_stdv": 61353.140625,
  "summary_fg_k": 1.1969446952480656,
  "summary_fg_mad": 95780.2268028821,
  "summary_fg_mean": 669481.8125,
  "summary_fg_median": 663137.75,
  "summary_fg_n": 26702.0,
  "summary_fg_p05": 524093.20156250003,
  "summary_fg_p95": 833086.4812499998,
  "summary_fg_stdv": 98045.625,
  "tsnr": 77.12325286865234
}