{
  "aor": 0.003075438596491228,
  "aqi": 0.00737259355263158,
  "bids_meta": {
    "EchoTime": 0.02203,
    "EchoTrainLength": 23,
    "FlipAngle": 80,
    "InstitutionName": "Univerity Medical Center Groningen",
    "InstitutionalDepartmentName": "Neuroimaging Center Groningen",
    "MagneticFieldStrength": 3,
    "Manufacturer": "Philips",
    "ManufacturersModelName": "Intera",
    "Modality": "MR",
    "PatientPosition": "HFS",
    "PhilipsRescaleIntercept": 0,
    "PhilipsRescaleSlope": 282.541,
    "PhilipsScaleSlope": 0.0011356,
    "ProtocolName": "WIPR-state_ME_descending-sso-DSSENSE4.2",
    "ReceiveCoilName": "SENSE-Head-32P",
    "ReconMatrixPE": 64,
    "RepetitionTime": 2.45,
    "SliceThickness": 3.5,
    "SliceTiming": [
      2.395555556,
      2.341111111,
      2.286666667,
      2.232222222,
      2.177777778,
      2.123333333,
      2.068888889,
      2.014444444,
      1.96,
      1.905555556,
      1.851111111,
      1.796666667,
      1.742222222,
      1.687777778,
      1.633333333,
      1.578888889,
      1.524444444,
      1.47,
      1.415555556,
      1.361111111,
      1.306666667,
      1.252222222,
      1.197777778,
      1.143333333,
      1.088888889,
      1.034444444,
      0.98,
      0.925555556,
      0.871111111,
      0.816666667,
      0.762222222,
      0.707777778,
      0.653333333,
      0.598888889,
      0.544444444,
      0.49,
      0.435555556,
      0.381111111,
      0.326666667,
      0.272222222,
      0.217777778,
      0.163333333,
      0.108888889,
      0.054444444,
      0
    ],
    "TaskName": "task-FlavorRun1",
    "UsePhilipsFloatNotDisplayScaling": 1,
    "dataset": "ds001491",
    "modality": "bold",
    "subject_id": "18",
    "task_id": "FlavorRun1"
  },
  "dummy_trs": 0,
  "dvars_nstd": 21.89110406797357,
  "dvars_std": 1.2443594038325985,
  "dvars_vstd": 0.9771324197797354,
  "efc": 0.4492925005204125,
  "fber": 121762.671875,
  "fd_mean": 0.1619759635777622,
  "fd_num": 57,
  "fd_perc": 25.0,
  "fwhm_avg": 1.962377142857143,
  "fwhm_x": 1.8694171428571429,
  "fwhm_y": 2.1241685714285716,
  "fwhm_z": 1.8935457142857144,
  "gcor": 0.0172173,
  "gsr_x": 0.004024724941700697,
  "gsr_y": 0.026101216673851013,
  "provenance": {
    "md5sum": "b5121e5af9649d3b30ed5196eefa12f7",
    "settings": {
      "fd_thres": 0.2,
      "testing": false
    },
    "software": "mriqc",
    "version": "22.0.6",
    "webapi_port": null,
    "webapi_url": "https://mriqc.nimh.nih.gov/api/v1"
  },
  "size_t": 228,
  "size_x": 64,
  "size_y": 64,
  "size_z": 45,
  "snr": 6.685596320909427,
  "spacing_tr": 2.450000047683716,
  "spacing_x": 3.5,
  "spacing_y": 3.5,
  "spacing_z": 3.5,
  "summary_bg_k": 25.68066603670573,
  "summary_bg_mad": 3049.407382270614,
  "summary_bg_mean": 25247.734375,
  "summary_bg_median": 2083.1884765625,
  "summary_bg_n": 122861.0,
  "summary_bg_p05": 15.14725112915039,
  "summary_bg_p95": 135393.359375,
  "summary_bg_stdv": 61089.70703125,
  "summary_fg_k": 1.1756572277544315,
  "summary_fg_mad": 98054.16795551506,
  "summary_fg_mean": 672330.3125,
  "summary_fg_median": 666981.625,
  "summary_fg_n": 26822.0,
  "summary_fg_p05": 524015.584375,
  "summary_fg_p95": 838330.1375,
  "summary_fg_stdv": 99762.109375,
  "tsnr": 67.64108276367188
}