{
  "aor": 0.0017997737556561086,
  "aqi": 0.005114277466063348,
  "bids_meta": {
    "EchoTime": 0.02203,
    "EchoTrainLength": 23,
    "FlipAngle": 80,
    "InstitutionName": "Univerity Medical Center Groningen",
    "InstitutionalDepartmentName": "Neuroimaging Center Groningen",
    "MagneticFieldStrength": 3,
    "Manufacturer": "Philips",
    "ManufacturersModelName": "Intera",
    "Modality": "MR",
    "PatientPosition": "HFS",
    "PhilipsRescaleIntercept": 0,
    "PhilipsRescaleSlope": 282.541,
    "PhilipsScaleSlope": 0.0011356,
    "ProtocolName": "WIPR-state_ME_descending-sso-DSSENSE4.2",
    "ReceiveCoilName": "SENSE-Head-32P",
    "ReconMatrixPE": 64,
    "RepetitionTime": 2.45,
    "SliceThickness": 3.5,
    "SliceTiming": [
      2.395555556,
      2.341111111,
      2.286666667,
      2.232222222,
      2.177777778,
      2.123333333,
      2.068888889,
      2.014444444,
      1.96,
      1.905555556,
      1.851111111,
      1.796666667,
      1.742222222,
      1.687777778,
      1.633333333,
      1.578888889,
      1.524444444,
      1.47,
      1.415555556,
      1.361111111,
      1.306666667,
      1.252222222,
      1.197777778,
      1.143333333,
      1.088888889,
      1.034444444,
      0.98,
      0.925555556,
      0.871111111,
      0.816666667,
      0.762222222,
      0.707777778,
      0.653333333,
      0.598888889,
      0.544444444,
      0.49,
      0.435555556,
      0.381111111,
      0.326666667,
      0.272222222,
      0.217777778,
      0.163333333,
      0.108888889,
      0.054444444,
      0
    ],
    "TaskName": "task-FlavorRun4",
    "UsePhilipsFloatNotDisplayScaling": 1,
    "dataset": "ds001491",
    "modality": "bold",
    "subject_id": "18",
    "task_id": "FlavorRun4"
  },
  "dummy_trs": 0,
  "dvars_nstd": 20.985824571863635,
  "dvars_std": 1.2475800994545445,
  "dvars_vstd": 1.018397109272727,
  "efc": 0.4529380621499227,
  "fber": 51087.484375,
  "fd_mean": 0.2008116729080487,
  "fd_num": 78,
  "fd_perc": 35.294117647058826,
  "fwhm_avg": 1.9430561904761905,
  "fwhm_x": 1.8393342857142856,
  "fwhm_y": 2.1180485714285715,
  "fwhm_z": 1.8717857142857142,
  "gcor": 0.0427977,
  "gsr_x": 0.0028525369707494974,
  "gsr_y": 0.02656267024576664,
  "provenance": {
    "md5sum": "5a86ce9a7e656dffc6b77e670e59d486",
    "settings": {
      "fd_thres": 0.2,
      "testing": false
    },
    "software": "mriqc",
    "version": "22.0.6",
    "webapi_port": null,
    "webapi_url": "https://mriqc.nimh.nih.gov/api/v1"
  },
  "size_t": 221,
  "size_x": 64,
  "size_y": 64,
  "size_z": 45,
  "snr": 6.88406519538688,
  "spacing_tr": 2.450000047683716,
  "spacing_x": 3.5,
  "spacing_y": 3.5,
  "spacing_z": 3.5,
  "summary_bg_k": 23.775176377570897,
  "summary_bg_mad": 4375.636101500168,
  "summary_bg_mean": 26421.646484375,
  "summary_bg_median": 3177.703857421875,
  "summary_bg_n": 123040.0,
  "summary_bg_p05": 86.2153919219971,
  "summary_bg_p95": 142044.5164062499,
  "summary_bg_stdv": 60735.6171875,
  "summary_fg_k": 1.2703494212016517,
  "summary_fg_mad": 93520.92634715687,
  "summary_fg_mean": 668487.0625,
  "summary_fg_median": 661637.6875,
  "summary_fg_n": 26708.0,
  "summary_fg_p05": 525936.5125,
  "summary_fg_p95": 827986.4249999996,
  "summary_fg_stdv": 96109.6796875,
  "tsnr": 81.0728988647461
}