{
  "aor": 0.0017331674208144801,
  "aqi": 0.006717742714932127,
  "bids_meta": {
    "EchoTime": 0.03603,
    "EchoTrainLength": 23,
    "FlipAngle": 80,
    "InstitutionName": "Univerity Medical Center Groningen",
    "InstitutionalDepartmentName": "Neuroimaging Center Groningen",
    "MagneticFieldStrength": 3,
    "Manufacturer": "Philips",
    "ManufacturersModelName": "Intera",
    "Modality": "MR",
    "PatientPosition": "HFS",
    "PhilipsRescaleIntercept": 0,
    "PhilipsRescaleSlope": 282.541,
    "PhilipsScaleSlope": 0.0011356,
    "ProtocolName": "WIPR-state_ME_descending-sso-DSSENSE4.2",
    "ReceiveCoilName": "SENSE-Head-32P",
    "ReconMatrixPE": 64,
    "RepetitionTime": 2.45,
    "SliceThickness": 3.5,
    "SliceTiming": [
      2.395555556,
      2.341111111,
      2.286666667,
      2.232222222,
      2.177777778,
      2.123333333,
      2.068888889,
      2.014444444,
      1.96,
      1.905555556,
      1.851111111,
      1.796666667,
      1.742222222,
      1.687777778,
      1.633333333,
      1.578888889,
      1.524444444,
      1.47,
      1.415555556,
      1.361111111,
      1.306666667,
      1.252222222,
      1.197777778,
      1.143333333,
      1.088888889,
      1.034444444,
      0.98,
      0.925555556,
      0.871111111,
      0.816666667,
      0.762222222,
      0.707777778,
      0.653333333,
      0.598888889,
      0.544444444,
      0.49,
      0.435555556,
      0.381111111,
      0.326666667,
      0.272222222,
      0.217777778,
      0.163333333,
      0.108888889,
      0.054444444,
      0
    ],
    "TaskName": "task-FlavorRun4",
    "UsePhilipsFloatNotDisplayScaling": 1,
    "dataset": "ds001491",
    "modality": "bold",
    "subject_id": "18",
    "task_id": "FlavorRun4"
  },
  "dummy_trs": 0,
  "dvars_nstd": 26.840987404500005,
  "dvars_std": 1.2242254229545455,
  "dvars_vstd": 1.0153426372272734,
  "efc": 0.41865598422674727,
  "fber": 47911.34375,
  "fd_mean": 0.2028707714353953,
  "fd_num": 77,
  "fd_perc": 34.841628959276015,
  "fwhm_avg": 1.8444161904761904,
  "fwhm_x": 1.736542857142857,
  "fwhm_y": 2.046954285714286,
  "fwhm_z": 1.7497514285714286,
  "gcor": 0.0501007,
  "gsr_x": 0.003448979463428259,
  "gsr_y": 0.02189638279378414,
  "provenance": {
    "md5sum": "e01920e9746dac81e4f7252df1fd283b",
    "settings": {
      "fd_thres": 0.2,
      "testing": false
    },
    "software": "mriqc",
    "version": "22.0.6",
    "webapi_port": null,
    "webapi_url": "https://mriqc.nimh.nih.gov/api/v1"
  },
  "size_t": 221,
  "size_x": 64,
  "size_y": 64,
  "size_z": 45,
  "snr": 5.448217866916688,
  "spacing_tr": 2.450000047683716,
  "spacing_x": 3.5,
  "spacing_y": 3.5,
  "spacing_z": 3.5,
  "summary_bg_k": 62.28682263050915,
  "summary_bg_mad": 3207.323134207668,
  "summary_bg_mean": 12380.97265625,
  "summary_bg_median": 2437.677490234375,
  "summary_bg_n": 125055.0,
  "summary_bg_p05": 79.79997024536135,
  "summary_bg_p95": 56138.40664062479,
  "summary_bg_stdv": 30034.453125,
  "summary_fg_k": 4.2334537798709935,
  "summary_fg_mad": 80002.62881580179,
  "summary_fg_mean": 515773.1875,
  "summary_fg_median": 506638.0625,
  "summary_fg_n": 24736.0,
  "summary_fg_p05": 387455.6015625,
  "summary_fg_p95": 664282.40625,
  "summary_fg_stdv": 92989.640625,
  "tsnr": 60.86555480957031
}