{
  "aor": 0.003670633484162897,
  "aqi": 0.008904374705882352,
  "bids_meta": {
    "EchoTime": 0.02203,
    "EchoTrainLength": 23,
    "FlipAngle": 80,
    "InstitutionName": "Univerity Medical Center Groningen",
    "InstitutionalDepartmentName": "Neuroimaging Center Groningen",
    "MagneticFieldStrength": 3,
    "Manufacturer": "Philips",
    "ManufacturersModelName": "Intera",
    "Modality": "MR",
    "PatientPosition": "HFS",
    "PhilipsRescaleIntercept": 0,
    "PhilipsRescaleSlope": 282.541,
    "PhilipsScaleSlope": 0.0011356,
    "ProtocolName": "WIPR-state_ME_descending-sso-DSSENSE4.2",
    "ReceiveCoilName": "SENSE-Head-32P",
    "ReconMatrixPE": 64,
    "RepetitionTime": 2.45,
    "SliceThickness": 3.5,
    "SliceTiming": [
      2.395555556,
      2.341111111,
      2.286666667,
      2.232222222,
      2.177777778,
      2.123333333,
      2.068888889,
      2.014444444,
      1.96,
      1.905555556,
      1.851111111,
      1.796666667,
      1.742222222,
      1.687777778,
      1.633333333,
      1.578888889,
      1.524444444,
      1.47,
      1.415555556,
      1.361111111,
      1.306666667,
      1.252222222,
      1.197777778,
      1.143333333,
      1.088888889,
      1.034444444,
      0.98,
      0.925555556,
      0.871111111,
      0.816666667,
      0.762222222,
      0.707777778,
      0.653333333,
      0.598888889,
      0.544444444,
      0.49,
      0.435555556,
      0.381111111,
      0.326666667,
      0.272222222,
      0.217777778,
      0.163333333,
      0.108888889,
      0.054444444,
      0
    ],
    "TaskName": "task-FlavorRun2",
    "UsePhilipsFloatNotDisplayScaling": 1,
    "dataset": "ds001491",
    "modality": "bold",
    "subject_id": "15",
    "task_id": "FlavorRun2"
  },
  "dummy_trs": 0,
  "dvars_nstd": 21.031088105,
  "dvars_std": 1.1241413328181817,
  "dvars_vstd": 0.9668330640454543,
  "efc": 0.43956528078221796,
  "fber": 127999.2734375,
  "fd_mean": 0.266733163429761,
  "fd_num": 115,
  "fd_perc": 52.036199095022624,
  "fwhm_avg": 1.8850561904761907,
  "fwhm_x": 1.720602857142857,
  "fwhm_y": 2.1326285714285715,
  "fwhm_z": 1.801937142857143,
  "gcor": 0.0162445,
  "gsr_x": -0.013791230507194996,
  "gsr_y": 0.03819206357002258,
  "provenance": {
    "md5sum": "c06b16652f5df16ebb70649edbdccc04",
    "settings": {
      "fd_thres": 0.2,
      "testing": false
    },
    "software": "mriqc",
    "version": "22.0.6",
    "webapi_port": null,
    "webapi_url": "https://mriqc.nimh.nih.gov/api/v1"
  },
  "size_t": 221,
  "size_x": 64,
  "size_y": 64,
  "size_z": 45,
  "snr": 5.815347560832797,
  "spacing_tr": 2.450000047683716,
  "spacing_x": 3.5,
  "spacing_y": 3.5,
  "spacing_z": 3.5,
  "summary_bg_k": 35.63891989798204,
  "summary_bg_mad": 2872.5653938458436,
  "summary_bg_mean": 25727.763671875,
  "summary_bg_median": 2077.164794921875,
  "summary_bg_n": 124421.0,
  "summary_bg_p05": 70.86449432373047,
  "summary_bg_p95": 146660.75,
  "summary_bg_stdv": 63614.77734375,
  "summary_fg_k": 0.9471251838675983,
  "summary_fg_mad": 120967.92423647713,
  "summary_fg_mean": 702094.5,
  "summary_fg_median": 694716.9375,
  "summary_fg_n": 25270.0,
  "summary_fg_p05": 528054.853125,
  "summary_fg_p95": 897745.490625,
  "summary_fg_stdv": 119460.3046875,
  "tsnr": 58.763755798339844
}