{
  "aor": 0.0023697747747747746,
  "aqi": 0.005521533693693694,
  "bids_meta": {
    "EchoTime": 0.02203,
    "EchoTrainLength": 23,
    "FlipAngle": 80,
    "InstitutionName": "Univerity Medical Center Groningen",
    "InstitutionalDepartmentName": "Neuroimaging Center Groningen",
    "MagneticFieldStrength": 3,
    "Manufacturer": "Philips",
    "ManufacturersModelName": "Intera",
    "Modality": "MR",
    "PatientPosition": "HFS",
    "PhilipsRescaleIntercept": 0,
    "PhilipsRescaleSlope": 282.541,
    "PhilipsScaleSlope": 0.0011356,
    "ProtocolName": "WIPR-state_ME_descending-sso-DSSENSE4.2",
    "ReceiveCoilName": "SENSE-Head-32P",
    "ReconMatrixPE": 64,
    "RepetitionTime": 2.45,
    "SliceThickness": 3.5,
    "SliceTiming": [
      2.395555556,
      2.341111111,
      2.286666667,
      2.232222222,
      2.177777778,
      2.123333333,
      2.068888889,
      2.014444444,
      1.96,
      1.905555556,
      1.851111111,
      1.796666667,
      1.742222222,
      1.687777778,
      1.633333333,
      1.578888889,
      1.524444444,
      1.47,
      1.415555556,
      1.361111111,
      1.306666667,
      1.252222222,
      1.197777778,
      1.143333333,
      1.088888889,
      1.034444444,
      0.98,
      0.925555556,
      0.871111111,
      0.816666667,
      0.762222222,
      0.707777778,
      0.653333333,
      0.598888889,
      0.544444444,
      0.49,
      0.435555556,
      0.381111111,
      0.326666667,
      0.272222222,
      0.217777778,
      0.163333333,
      0.108888889,
      0.054444444,
      0
    ],
    "TaskName": "task-FlavorRun4",
    "UsePhilipsFloatNotDisplayScaling": 1,
    "dataset": "ds001491",
    "modality": "bold",
    "subject_id": "15",
    "task_id": "FlavorRun4"
  },
  "dummy_trs": 0,
  "dvars_nstd": 20.703922241855203,
  "dvars_std": 1.1860806500000003,
  "dvars_vstd": 1.0153408277828058,
  "efc": 0.44956317269563995,
  "fber": 19801.080078125,
  "fd_mean": 0.2643734754251982,
  "fd_num": 116,
  "fd_perc": 52.252252252252255,
  "fwhm_avg": 1.8603666666666665,
  "fwhm_x": 1.6963571428571427,
  "fwhm_y": 2.1031685714285713,
  "fwhm_z": 1.7815742857142856,
  "gcor": 0.0253045,
  "gsr_x": -0.015594950877130032,
  "gsr_y": 0.0375869944691658,
  "provenance": {
    "md5sum": "3bca5737492f932156750a27534168b7",
    "settings": {
      "fd_thres": 0.2,
      "testing": false
    },
    "software": "mriqc",
    "version": "22.0.6",
    "webapi_port": null,
    "webapi_url": "https://mriqc.nimh.nih.gov/api/v1"
  },
  "size_t": 222,
  "size_x": 64,
  "size_y": 64,
  "size_z": 45,
  "snr": 5.863426681669056,
  "spacing_tr": 2.450000047683716,
  "spacing_x": 3.5,
  "spacing_y": 3.5,
  "spacing_z": 3.5,
  "summary_bg_k": 30.246300939501587,
  "summary_bg_mad": 5314.151652075501,
  "summary_bg_mean": 29124.46484375,
  "summary_bg_median": 5044.9658203125,
  "summary_bg_n": 124592.0,
  "summary_bg_p05": 754.6953094482423,
  "summary_bg_p95": 158934.45468749997,
  "summary_bg_stdv": 65373.86328125,
  "summary_fg_k": 1.020095974654203,
  "summary_fg_mad": 120631.18820759904,
  "summary_fg_mean": 701397.5625,
  "summary_fg_median": 694261.4375,
  "summary_fg_n": 25309.0,
  "summary_fg_p05": 529825.7,
  "summary_fg_p95": 892843.8624999999,
  "summary_fg_stdv": 118403.0703125,
  "tsnr": 70.73701477050781
}