{
  "aor": 0.0028053424657534247,
  "aqi": 0.006553004383561643,
  "bids_meta": {
    "EchoTime": 0.03603,
    "EchoTrainLength": 23,
    "FlipAngle": 80,
    "InstitutionName": "Univerity Medical Center Groningen",
    "InstitutionalDepartmentName": "Neuroimaging Center Groningen",
    "MagneticFieldStrength": 3,
    "Manufacturer": "Philips",
    "ManufacturersModelName": "Intera",
    "Modality": "MR",
    "PatientPosition": "HFS",
    "PhilipsRescaleIntercept": 0,
    "PhilipsRescaleSlope": 282.541,
    "PhilipsScaleSlope": 0.0011356,
    "ProtocolName": "WIPR-state_ME_descending-sso-DSSENSE4.2",
    "ReceiveCoilName": "SENSE-Head-32P",
    "ReconMatrixPE": 64,
    "RepetitionTime": 2.45,
    "SliceThickness": 3.5,
    "SliceTiming": [
      2.395555556,
      2.341111111,
      2.286666667,
      2.232222222,
      2.177777778,
      2.123333333,
      2.068888889,
      2.014444444,
      1.96,
      1.905555556,
      1.851111111,
      1.796666667,
      1.742222222,
      1.687777778,
      1.633333333,
      1.578888889,
      1.524444444,
      1.47,
      1.415555556,
      1.361111111,
      1.306666667,
      1.252222222,
      1.197777778,
      1.143333333,
      1.088888889,
      1.034444444,
      0.98,
      0.925555556,
      0.871111111,
      0.816666667,
      0.762222222,
      0.707777778,
      0.653333333,
      0.598888889,
      0.544444444,
      0.49,
      0.435555556,
      0.381111111,
      0.326666667,
      0.272222222,
      0.217777778,
      0.163333333,
      0.108888889,
      0.054444444,
      0
    ],
    "TaskName": "task-FlavorRun3",
    "UsePhilipsFloatNotDisplayScaling": 1,
    "dataset": "ds001491",
    "modality": "bold",
    "subject_id": "15",
    "task_id": "FlavorRun3"
  },
  "dummy_trs": 0,
  "dvars_nstd": 25.949415818990825,
  "dvars_std": 1.1822782218807337,
  "dvars_vstd": 1.0145079306422022,
  "efc": 0.4092056746466783,
  "fber": 34085.78125,
  "fd_mean": 0.25844354009815484,
  "fd_num": 114,
  "fd_perc": 52.054794520547944,
  "fwhm_avg": 1.810575238095238,
  "fwhm_x": 1.67278,
  "fwhm_y": 2.07726,
  "fwhm_z": 1.6816857142857145,
  "gcor": 0.0258143,
  "gsr_x": -0.011029335670173168,
  "gsr_y": 0.03257039189338684,
  "provenance": {
    "md5sum": "ac0bb465c3eb6587d87cdf423f5dec44",
    "settings": {
      "fd_thres": 0.2,
      "testing": false
    },
    "software": "mriqc",
    "version": "22.0.6",
    "webapi_port": null,
    "webapi_url": "https://mriqc.nimh.nih.gov/api/v1"
  },
  "size_t": 219,
  "size_x": 64,
  "size_y": 64,
  "size_z": 45,
  "snr": 4.554027389309685,
  "spacing_tr": 2.450000047683716,
  "spacing_x": 3.5,
  "spacing_y": 3.5,
  "spacing_z": 3.5,
  "summary_bg_k": 167.38909865470538,
  "summary_bg_mad": 3180.7226225531595,
  "summary_bg_mean": 13345.4892578125,
  "summary_bg_median": 2917.6767578125,
  "summary_bg_n": 126854.0,
  "summary_bg_p05": 337.50960540771484,
  "summary_bg_p95": 60830.7943359375,
  "summary_bg_stdv": 33538.6015625,
  "summary_fg_k": 3.473270966689535,
  "summary_fg_mad": 106658.93640946528,
  "summary_fg_mean": 540250.4375,
  "summary_fg_median": 529567.3125,
  "summary_fg_n": 22978.0,
  "summary_fg_p05": 384297.20625,
  "summary_fg_p95": 724517.5999999996,
  "summary_fg_stdv": 116282.9609375,
  "tsnr": 56.468048095703125
}