{
  "aor": 0.0039720361990950226,
  "aqi": 0.005048679592760181,
  "bids_meta": {
    "EchoTime": 0.00802,
    "EchoTrainLength": 23,
    "FlipAngle": 80,
    "InstitutionName": "Univerity Medical Center Groningen",
    "InstitutionalDepartmentName": "Neuroimaging Center Groningen",
    "MagneticFieldStrength": 3,
    "Manufacturer": "Philips",
    "ManufacturersModelName": "Intera",
    "Modality": "MR",
    "PatientPosition": "HFS",
    "PhilipsRescaleIntercept": 0,
    "PhilipsRescaleSlope": 282.541,
    "PhilipsScaleSlope": 0.0011356,
    "ProtocolName": "WIPR-state_ME_descending-sso-DSSENSE4.2",
    "ReceiveCoilName": "SENSE-Head-32P",
    "ReconMatrixPE": 64,
    "RepetitionTime": 2.45,
    "SliceThickness": 3.5,
    "SliceTiming": [
      2.395555556,
      2.341111111,
      2.286666667,
      2.232222222,
      2.177777778,
      2.123333333,
      2.068888889,
      2.014444444,
      1.96,
      1.905555556,
      1.851111111,
      1.796666667,
      1.742222222,
      1.687777778,
      1.633333333,
      1.578888889,
      1.524444444,
      1.47,
      1.415555556,
      1.361111111,
      1.306666667,
      1.252222222,
      1.197777778,
      1.143333333,
      1.088888889,
      1.034444444,
      0.98,
      0.925555556,
      0.871111111,
      0.816666667,
      0.762222222,
      0.707777778,
      0.653333333,
      0.598888889,
      0.544444444,
      0.49,
      0.435555556,
      0.381111111,
      0.326666667,
      0.272222222,
      0.217777778,
      0.163333333,
      0.108888889,
      0.054444444,
      0
    ],
    "TaskName": "task-FlavorRun2",
    "UsePhilipsFloatNotDisplayScaling": 1,
    "dataset": "ds001491",
    "modality": "bold",
    "subject_id": "15",
    "task_id": "FlavorRun2"
  },
  "dummy_trs": 0,
  "dvars_nstd": 16.554096586090907,
  "dvars_std": 1.1780115270454545,
  "dvars_vstd": 0.9760095176818177,
  "efc": 0.4947209627421762,
  "fber": 113105.390625,
  "fd_mean": 0.26250893985226675,
  "fd_num": 112,
  "fd_perc": 50.678733031674206,
  "fwhm_avg": 2.1521609523809526,
  "fwhm_x": 1.9549742857142858,
  "fwhm_y": 2.357625714285714,
  "fwhm_z": 2.143882857142857,
  "gcor": 0.00836669,
  "gsr_x": -0.02768830582499504,
  "gsr_y": 0.06536512076854706,
  "provenance": {
    "md5sum": "6e3f9986cfa2c628bbb7ffadff068404",
    "settings": {
      "fd_thres": 0.2,
      "testing": false
    },
    "software": "mriqc",
    "version": "22.0.6",
    "webapi_port": null,
    "webapi_url": "https://mriqc.nimh.nih.gov/api/v1"
  },
  "size_t": 221,
  "size_x": 64,
  "size_y": 64,
  "size_z": 45,
  "snr": 6.69317428159666,
  "spacing_tr": 2.450000047683716,
  "spacing_x": 3.5,
  "spacing_y": 3.5,
  "spacing_z": 3.5,
  "summary_bg_k": 7.6735162059863296,
  "summary_bg_mad": 4076.900984538811,
  "summary_bg_mean": 66247.8515625,
  "summary_bg_median": 2887.04345703125,
  "summary_bg_n": 121068.0,
  "summary_bg_p05": 75.04853553771973,
  "summary_bg_p95": 432505.9484374998,
  "summary_bg_stdv": 146154.953125,
  "summary_fg_k": 0.35590542002315706,
  "summary_fg_mad": 138866.2688688314,
  "summary_fg_mean": 919423.0,
  "summary_fg_median": 913003.625,
  "summary_fg_n": 28055.0,
  "summary_fg_p05": 710191.95625,
  "summary_fg_p95": 1148622.8625,
  "summary_fg_stdv": 136405.734375,
  "tsnr": 81.68546295166016
}