{
  "aor": 0.0015963555555555558,
  "aqi": 0.0071971476,
  "bids_meta": {
    "EchoTime": 0.03603,
    "EchoTrainLength": 23,
    "FlipAngle": 80,
    "InstitutionName": "Univerity Medical Center Groningen",
    "InstitutionalDepartmentName": "Neuroimaging Center Groningen",
    "MagneticFieldStrength": 3,
    "Manufacturer": "Philips",
    "ManufacturersModelName": "Intera",
    "Modality": "MR",
    "PatientPosition": "HFS",
    "PhilipsRescaleIntercept": 0,
    "PhilipsRescaleSlope": 282.541,
    "PhilipsScaleSlope": 0.0011356,
    "ProtocolName": "WIPR-state_ME_descending-sso-DSSENSE4.2",
    "ReceiveCoilName": "SENSE-Head-32P",
    "ReconMatrixPE": 64,
    "RepetitionTime": 2.45,
    "SliceThickness": 3.5,
    "SliceTiming": [
      2.395555556,
      2.341111111,
      2.286666667,
      2.232222222,
      2.177777778,
      2.123333333,
      2.068888889,
      2.014444444,
      1.96,
      1.905555556,
      1.851111111,
      1.796666667,
      1.742222222,
      1.687777778,
      1.633333333,
      1.578888889,
      1.524444444,
      1.47,
      1.415555556,
      1.361111111,
      1.306666667,
      1.252222222,
      1.197777778,
      1.143333333,
      1.088888889,
      1.034444444,
      0.98,
      0.925555556,
      0.871111111,
      0.816666667,
      0.762222222,
      0.707777778,
      0.653333333,
      0.598888889,
      0.544444444,
      0.49,
      0.435555556,
      0.381111111,
      0.326666667,
      0.272222222,
      0.217777778,
      0.163333333,
      0.108888889,
      0.054444444,
      0
    ],
    "TaskName": "task-FlavorRun1",
    "UsePhilipsFloatNotDisplayScaling": 1,
    "dataset": "ds001491",
    "modality": "bold",
    "subject_id": "21",
    "task_id": "FlavorRun1"
  },
  "dummy_trs": 0,
  "dvars_nstd": 23.741088815982135,
  "dvars_std": 1.1459873548214283,
  "dvars_vstd": 0.9811290215624998,
  "efc": 0.40853464591491967,
  "fber": 68336.6953125,
  "fd_mean": 0.2202713832764296,
  "fd_num": 97,
  "fd_perc": 43.111111111111114,
  "fwhm_avg": 1.9230285714285713,
  "fwhm_x": 1.8280399999999999,
  "fwhm_y": 2.1535342857142856,
  "fwhm_z": 1.7875114285714286,
  "gcor": 0.0488027,
  "gsr_x": -0.003089692909270525,
  "gsr_y": 0.014890636317431927,
  "provenance": {
    "md5sum": "cf64c134f57d6808258c2758526bbe4c",
    "settings": {
      "fd_thres": 0.2,
      "testing": false
    },
    "software": "mriqc",
    "version": "22.0.6",
    "webapi_port": null,
    "webapi_url": "https://mriqc.nimh.nih.gov/api/v1"
  },
  "size_t": 225,
  "size_x": 64,
  "size_y": 64,
  "size_z": 45,
  "snr": 4.970056196936393,
  "spacing_tr": 2.450000047683716,
  "spacing_x": 3.5,
  "spacing_y": 3.5,
  "spacing_z": 3.5,
  "summary_bg_k": 52.06842451719877,
  "summary_bg_mad": 3256.731487706509,
  "summary_bg_mean": 15833.4423828125,
  "summary_bg_median": 2285.759765625,
  "summary_bg_n": 127864.0,
  "summary_bg_p05": 35.98317165374756,
  "summary_bg_p95": 80055.27460937496,
  "summary_bg_stdv": 40784.109375,
  "summary_fg_k": 8.376150169521797,
  "summary_fg_mad": 91734.6686617736,
  "summary_fg_mean": 580935.0625,
  "summary_fg_median": 567189.3125,
  "summary_fg_n": 22516.0,
  "summary_fg_p05": 440967.34375,
  "summary_fg_p95": 748919.671875,
  "summary_fg_stdv": 114118.7734375,
  "tsnr": 58.125328063964844
}