{
  "aor": 0.005692403628117915,
  "aqi": 0.005770078820861679,
  "bids_meta": {
    "EchoTime": 0.00802,
    "EchoTrainLength": 23,
    "FlipAngle": 80,
    "InstitutionName": "Univerity Medical Center Groningen",
    "InstitutionalDepartmentName": "Neuroimaging Center Groningen",
    "MagneticFieldStrength": 3,
    "Manufacturer": "Philips",
    "ManufacturersModelName": "Intera",
    "Modality": "MR",
    "PatientPosition": "HFS",
    "PhilipsRescaleIntercept": 0,
    "PhilipsRescaleSlope": 282.541,
    "PhilipsScaleSlope": 0.0011356,
    "ProtocolName": "WIPR-state_ME_descending-sso-DSSENSE4.2",
    "ReceiveCoilName": "SENSE-Head-32P",
    "ReconMatrixPE": 64,
    "RepetitionTime": 2.45,
    "SliceThickness": 3.5,
    "SliceTiming": [
      2.395555556,
      2.341111111,
      2.286666667,
      2.232222222,
      2.177777778,
      2.123333333,
      2.068888889,
      2.014444444,
      1.96,
      1.905555556,
      1.851111111,
      1.796666667,
      1.742222222,
      1.687777778,
      1.633333333,
      1.578888889,
      1.524444444,
      1.47,
      1.415555556,
      1.361111111,
      1.306666667,
      1.252222222,
      1.197777778,
      1.143333333,
      1.088888889,
      1.034444444,
      0.98,
      0.925555556,
      0.871111111,
      0.816666667,
      0.762222222,
      0.707777778,
      0.653333333,
      0.598888889,
      0.544444444,
      0.49,
      0.435555556,
      0.381111111,
      0.326666667,
      0.272222222,
      0.217777778,
      0.163333333,
      0.108888889,
      0.054444444,
      0
    ],
    "TaskName": "task-images",
    "UsePhilipsFloatNotDisplayScaling": 1,
    "dataset": "ds001491",
    "modality": "bold",
    "subject_id": "21",
    "task_id": "images"
  },
  "dummy_trs": 0,
  "dvars_nstd": 17.89086969115909,
  "dvars_std": 1.401475076,
  "dvars_vstd": 0.995305568181818,
  "efc": 0.507482562492243,
  "fber": 31802.31640625,
  "fd_mean": 0.1232593441709708,
  "fd_num": 40,
  "fd_perc": 9.070294784580499,
  "fwhm_avg": 2.410403809523809,
  "fwhm_x": 2.190714285714286,
  "fwhm_y": 2.579088571428571,
  "fwhm_z": 2.461408571428571,
  "gcor": 0.00599872,
  "gsr_x": -0.002411934081465006,
  "gsr_y": 0.05552367866039276,
  "provenance": {
    "md5sum": "6a9b5f456870bdcda3d129be2935158c",
    "settings": {
      "fd_thres": 0.2,
      "testing": false
    },
    "software": "mriqc",
    "version": "22.0.6",
    "webapi_port": null,
    "webapi_url": "https://mriqc.nimh.nih.gov/api/v1"
  },
  "size_t": 441,
  "size_x": 64,
  "size_y": 64,
  "size_z": 45,
  "snr": 6.432441539672068,
  "spacing_tr": 2.450000047683716,
  "spacing_x": 3.5,
  "spacing_y": 3.5,
  "spacing_z": 3.5,
  "summary_bg_k": 9.780478451813032,
  "summary_bg_mad": 7684.541196280282,
  "summary_bg_mean": 65447.484375,
  "summary_bg_median": 5425.00439453125,
  "summary_bg_n": 117503.0,
  "summary_bg_p05": 122.7113525390625,
  "summary_bg_p95": 371390.8937499999,
  "summary_bg_stdv": 134463.515625,
  "summary_fg_k": 1.8677604851522185,
  "summary_fg_mad": 145111.3600637316,
  "summary_fg_mean": 984799.8125,
  "summary_fg_median": 980525.75,
  "summary_fg_n": 28292.0,
  "summary_fg_p05": 760563.5625,
  "summary_fg_p95": 1231373.4,
  "summary_fg_stdv": 152431.765625,
  "tsnr": 74.73326110839844
}