{
  "aor": 0.0045547321428571425,
  "aqi": 0.003884852142857143,
  "bids_meta": {
    "EchoTime": 0.00802,
    "EchoTrainLength": 23,
    "FlipAngle": 80,
    "InstitutionName": "Univerity Medical Center Groningen",
    "InstitutionalDepartmentName": "Neuroimaging Center Groningen",
    "MagneticFieldStrength": 3,
    "Manufacturer": "Philips",
    "ManufacturersModelName": "Intera",
    "Modality": "MR",
    "PatientPosition": "HFS",
    "PhilipsRescaleIntercept": 0,
    "PhilipsRescaleSlope": 282.541,
    "PhilipsScaleSlope": 0.0011356,
    "ProtocolName": "WIPR-state_ME_descending-sso-DSSENSE4.2",
    "ReceiveCoilName": "SENSE-Head-32P",
    "ReconMatrixPE": 64,
    "RepetitionTime": 2.45,
    "SliceThickness": 3.5,
    "SliceTiming": [
      2.395555556,
      2.341111111,
      2.286666667,
      2.232222222,
      2.177777778,
      2.123333333,
      2.068888889,
      2.014444444,
      1.96,
      1.905555556,
      1.851111111,
      1.796666667,
      1.742222222,
      1.687777778,
      1.633333333,
      1.578888889,
      1.524444444,
      1.47,
      1.415555556,
      1.361111111,
      1.306666667,
      1.252222222,
      1.197777778,
      1.143333333,
      1.088888889,
      1.034444444,
      0.98,
      0.925555556,
      0.871111111,
      0.816666667,
      0.762222222,
      0.707777778,
      0.653333333,
      0.598888889,
      0.544444444,
      0.49,
      0.435555556,
      0.381111111,
      0.326666667,
      0.272222222,
      0.217777778,
      0.163333333,
      0.108888889,
      0.054444444,
      0
    ],
    "TaskName": "task-FlavorRun4",
    "UsePhilipsFloatNotDisplayScaling": 1,
    "dataset": "ds001491",
    "modality": "bold",
    "subject_id": "21",
    "task_id": "FlavorRun4"
  },
  "dummy_trs": 1,
  "dvars_nstd": 20.228839168744393,
  "dvars_std": 1.3699879389686096,
  "dvars_vstd": 1.0216166398654714,
  "efc": 0.516931183595738,
  "fber": 12216.66796875,
  "fd_mean": 0.27181020292167213,
  "fd_num": 117,
  "fd_perc": 52.232142857142854,
  "fwhm_avg": 2.4735980952380956,
  "fwhm_x": 2.2778,
  "fwhm_y": 2.594054285714286,
  "fwhm_z": 2.5489400000000004,
  "gcor": 0.00983612,
  "gsr_x": -0.0050432439893484116,
  "gsr_y": 0.05372139811515808,
  "provenance": {
    "md5sum": "64fdca69afc20057b4843954b4ac6ea7",
    "settings": {
      "fd_thres": 0.2,
      "testing": false
    },
    "software": "mriqc",
    "version": "22.0.6",
    "webapi_port": null,
    "webapi_url": "https://mriqc.nimh.nih.gov/api/v1"
  },
  "size_t": 224,
  "size_x": 64,
  "size_y": 64,
  "size_z": 45,
  "snr": 6.5990175380717435,
  "spacing_tr": 2.450000047683716,
  "spacing_x": 3.5,
  "spacing_y": 3.5,
  "spacing_z": 3.5,
  "summary_bg_k": 9.848536521458783,
  "summary_bg_mad": 11095.158581091167,
  "summary_bg_mean": 65757.296875,
  "summary_bg_median": 8596.8115234375,
  "summary_bg_n": 115804.0,
  "summary_bg_p05": 573.1791687011719,
  "summary_bg_p95": 360497.9296874993,
  "summary_bg_stdv": 130717.078125,
  "summary_fg_k": 2.628204768588711,
  "summary_fg_mad": 133236.55025724965,
  "summary_fg_mean": 984138.0625,
  "summary_fg_median": 980067.5,
  "summary_fg_n": 28846.0,
  "summary_fg_p05": 767123.75,
  "summary_fg_p95": 1218108.21875,
  "summary_fg_stdv": 148514.609375,
  "tsnr": 91.70793151855469
}