{
  "aor": 0.0017516444444444445,
  "aqi": 0.005137455466666666,
  "bids_meta": {
    "EchoTime": 0.02203,
    "EchoTrainLength": 23,
    "FlipAngle": 80,
    "InstitutionName": "Univerity Medical Center Groningen",
    "InstitutionalDepartmentName": "Neuroimaging Center Groningen",
    "MagneticFieldStrength": 3,
    "Manufacturer": "Philips",
    "ManufacturersModelName": "Intera",
    "Modality": "MR",
    "PatientPosition": "HFS",
    "PhilipsRescaleIntercept": 0,
    "PhilipsRescaleSlope": 282.541,
    "PhilipsScaleSlope": 0.0011356,
    "ProtocolName": "WIPR-state_ME_descending-sso-DSSENSE4.2",
    "ReceiveCoilName": "SENSE-Head-32P",
    "ReconMatrixPE": 64,
    "RepetitionTime": 2.45,
    "SliceThickness": 3.5,
    "SliceTiming": [
      2.395555556,
      2.341111111,
      2.286666667,
      2.232222222,
      2.177777778,
      2.123333333,
      2.068888889,
      2.014444444,
      1.96,
      1.905555556,
      1.851111111,
      1.796666667,
      1.742222222,
      1.687777778,
      1.633333333,
      1.578888889,
      1.524444444,
      1.47,
      1.415555556,
      1.361111111,
      1.306666667,
      1.252222222,
      1.197777778,
      1.143333333,
      1.088888889,
      1.034444444,
      0.98,
      0.925555556,
      0.871111111,
      0.816666667,
      0.762222222,
      0.707777778,
      0.653333333,
      0.598888889,
      0.544444444,
      0.49,
      0.435555556,
      0.381111111,
      0.326666667,
      0.272222222,
      0.217777778,
      0.163333333,
      0.108888889,
      0.054444444,
      0
    ],
    "TaskName": "task-FlavorRun1",
    "UsePhilipsFloatNotDisplayScaling": 1,
    "dataset": "ds001491",
    "modality": "bold",
    "subject_id": "21",
    "task_id": "FlavorRun1"
  },
  "dummy_trs": 0,
  "dvars_nstd": 19.40116164924108,
  "dvars_std": 1.1970142572767857,
  "dvars_vstd": 0.9866568551339286,
  "efc": 0.4430195286354758,
  "fber": 65212.421875,
  "fd_mean": 0.2159753310932313,
  "fd_num": 97,
  "fd_perc": 43.111111111111114,
  "fwhm_avg": 1.9686238095238096,
  "fwhm_x": 1.8508914285714284,
  "fwhm_y": 2.168614285714286,
  "fwhm_z": 1.8863657142857144,
  "gcor": 0.0336343,
  "gsr_x": -0.005647486541420221,
  "gsr_y": 0.015873320400714874,
  "provenance": {
    "md5sum": "9d4bf82f06a48c59e81ba8cac64872cf",
    "settings": {
      "fd_thres": 0.2,
      "testing": false
    },
    "software": "mriqc",
    "version": "22.0.6",
    "webapi_port": null,
    "webapi_url": "https://mriqc.nimh.nih.gov/api/v1"
  },
  "size_t": 225,
  "size_x": 64,
  "size_y": 64,
  "size_z": 45,
  "snr": 6.426757607950872,
  "spacing_tr": 2.450000047683716,
  "spacing_x": 3.5,
  "spacing_y": 3.5,
  "spacing_z": 3.5,
  "summary_bg_k": 21.713462323977836,
  "summary_bg_mad": 4561.77470498996,
  "summary_bg_mean": 32378.388671875,
  "summary_bg_median": 3163.9404296875,
  "summary_bg_n": 125670.0,
  "summary_bg_p05": 42.86487941741943,
  "summary_bg_p95": 182351.4374999994,
  "summary_bg_stdv": 79709.328125,
  "summary_fg_k": 2.9110552021565903,
  "summary_fg_mad": 107463.64192921887,
  "summary_fg_mean": 766170.1875,
  "summary_fg_median": 752676.125,
  "summary_fg_n": 24687.0,
  "summary_fg_p05": 605700.08125,
  "summary_fg_p95": 956135.1874999999,
  "summary_fg_stdv": 117113.625,
  "tsnr": 76.77326965332031
}