{
  "aor": 0.0031341964285714293,
  "aqi": 0.010615781160714285,
  "bids_meta": {
    "EchoTime": 0.03603,
    "EchoTrainLength": 23,
    "FlipAngle": 80,
    "InstitutionName": "Univerity Medical Center Groningen",
    "InstitutionalDepartmentName": "Neuroimaging Center Groningen",
    "MagneticFieldStrength": 3,
    "Manufacturer": "Philips",
    "ManufacturersModelName": "Intera",
    "Modality": "MR",
    "PatientPosition": "HFS",
    "PhilipsRescaleIntercept": 0,
    "PhilipsRescaleSlope": 282.541,
    "PhilipsScaleSlope": 0.0011356,
    "ProtocolName": "WIPR-state_ME_descending-sso-DSSENSE4.2",
    "ReceiveCoilName": "SENSE-Head-32P",
    "ReconMatrixPE": 64,
    "RepetitionTime": 2.45,
    "SliceThickness": 3.5,
    "SliceTiming": [
      2.395555556,
      2.341111111,
      2.286666667,
      2.232222222,
      2.177777778,
      2.123333333,
      2.068888889,
      2.014444444,
      1.96,
      1.905555556,
      1.851111111,
      1.796666667,
      1.742222222,
      1.687777778,
      1.633333333,
      1.578888889,
      1.524444444,
      1.47,
      1.415555556,
      1.361111111,
      1.306666667,
      1.252222222,
      1.197777778,
      1.143333333,
      1.088888889,
      1.034444444,
      0.98,
      0.925555556,
      0.871111111,
      0.816666667,
      0.762222222,
      0.707777778,
      0.653333333,
      0.598888889,
      0.544444444,
      0.49,
      0.435555556,
      0.381111111,
      0.326666667,
      0.272222222,
      0.217777778,
      0.163333333,
      0.108888889,
      0.054444444,
      0
    ],
    "TaskName": "task-FlavorRun3",
    "UsePhilipsFloatNotDisplayScaling": 1,
    "dataset": "ds001491",
    "modality": "bold",
    "subject_id": "21",
    "task_id": "FlavorRun3"
  },
  "dummy_trs": 0,
  "dvars_nstd": 26.378066143991056,
  "dvars_std": 1.153003466905829,
  "dvars_vstd": 0.9926894501793719,
  "efc": 0.41506670514970156,
  "fber": 23457.80859375,
  "fd_mean": 0.34202400792766696,
  "fd_num": 141,
  "fd_perc": 62.94642857142857,
  "fwhm_avg": 1.9164304761904762,
  "fwhm_x": 1.810117142857143,
  "fwhm_y": 2.1544942857142857,
  "fwhm_z": 1.78468,
  "gcor": 0.0334713,
  "gsr_x": -0.0036987317726016045,
  "gsr_y": 0.015523809008300304,
  "provenance": {
    "md5sum": "43ff9d6aef445a6e7173843283fda417",
    "settings": {
      "fd_thres": 0.2,
      "testing": false
    },
    "software": "mriqc",
    "version": "22.0.6",
    "webapi_port": null,
    "webapi_url": "https://mriqc.nimh.nih.gov/api/v1"
  },
  "size_t": 224,
  "size_x": 64,
  "size_y": 64,
  "size_z": 45,
  "snr": 5.132242390613766,
  "spacing_tr": 2.450000047683716,
  "spacing_x": 3.5,
  "spacing_y": 3.5,
  "spacing_z": 3.5,
  "summary_bg_k": 55.31771178924563,
  "summary_bg_mad": 4265.158097785112,
  "summary_bg_mean": 17002.73828125,
  "summary_bg_median": 3813.184814453125,
  "summary_bg_n": 127731.0,
  "summary_bg_p05": 515.1129150390625,
  "summary_bg_p95": 80221.49609375,
  "summary_bg_stdv": 40610.7421875,
  "summary_fg_k": 8.159591631697065,
  "summary_fg_mad": 89198.63123570045,
  "summary_fg_mean": 583226.3125,
  "summary_fg_median": 570071.375,
  "summary_fg_n": 22688.0,
  "summary_fg_p05": 446251.6890625,
  "summary_fg_p95": 748593.1593749998,
  "summary_fg_stdv": 111074.0234375,
  "tsnr": 50.081153869628906
}