{
  "aor": 0.004058125,
  "aqi": 0.0046282391964285715,
  "bids_meta": {
    "EchoTime": 0.00802,
    "EchoTrainLength": 23,
    "FlipAngle": 80,
    "InstitutionName": "Univerity Medical Center Groningen",
    "InstitutionalDepartmentName": "Neuroimaging Center Groningen",
    "MagneticFieldStrength": 3,
    "Manufacturer": "Philips",
    "ManufacturersModelName": "Intera",
    "Modality": "MR",
    "PatientPosition": "HFS",
    "PhilipsRescaleIntercept": 0,
    "PhilipsRescaleSlope": 282.541,
    "PhilipsScaleSlope": 0.0011356,
    "ProtocolName": "WIPR-state_ME_descending-sso-DSSENSE4.2",
    "ReceiveCoilName": "SENSE-Head-32P",
    "ReconMatrixPE": 64,
    "RepetitionTime": 2.45,
    "SliceThickness": 3.5,
    "SliceTiming": [
      2.395555556,
      2.341111111,
      2.286666667,
      2.232222222,
      2.177777778,
      2.123333333,
      2.068888889,
      2.014444444,
      1.96,
      1.905555556,
      1.851111111,
      1.796666667,
      1.742222222,
      1.687777778,
      1.633333333,
      1.578888889,
      1.524444444,
      1.47,
      1.415555556,
      1.361111111,
      1.306666667,
      1.252222222,
      1.197777778,
      1.143333333,
      1.088888889,
      1.034444444,
      0.98,
      0.925555556,
      0.871111111,
      0.816666667,
      0.762222222,
      0.707777778,
      0.653333333,
      0.598888889,
      0.544444444,
      0.49,
      0.435555556,
      0.381111111,
      0.326666667,
      0.272222222,
      0.217777778,
      0.163333333,
      0.108888889,
      0.054444444,
      0
    ],
    "TaskName": "task-FlavorRun3",
    "UsePhilipsFloatNotDisplayScaling": 1,
    "dataset": "ds001491",
    "modality": "bold",
    "subject_id": "21",
    "task_id": "FlavorRun3"
  },
  "dummy_trs": 0,
  "dvars_nstd": 20.27492219986547,
  "dvars_std": 1.3288827367264573,
  "dvars_vstd": 1.0133655626905829,
  "efc": 0.511522852423038,
  "fber": 15321.666015625,
  "fd_mean": 0.32122616024772066,
  "fd_num": 141,
  "fd_perc": 62.94642857142857,
  "fwhm_avg": 2.4814780952380953,
  "fwhm_x": 2.2565257142857145,
  "fwhm_y": 2.5920742857142858,
  "fwhm_z": 2.5958342857142855,
  "gcor": 0.0249186,
  "gsr_x": -0.003431502962484956,
  "gsr_y": 0.05408302694559097,
  "provenance": {
    "md5sum": "9b43ee077836df49580c528b7c1670e8",
    "settings": {
      "fd_thres": 0.2,
      "testing": false
    },
    "software": "mriqc",
    "version": "22.0.6",
    "webapi_port": null,
    "webapi_url": "https://mriqc.nimh.nih.gov/api/v1"
  },
  "size_t": 224,
  "size_x": 64,
  "size_y": 64,
  "size_z": 45,
  "snr": 6.661327025577443,
  "spacing_tr": 2.450000047683716,
  "spacing_x": 3.5,
  "spacing_y": 3.5,
  "spacing_z": 3.5,
  "summary_bg_k": 10.205458390605413,
  "summary_bg_mad": 9908.013448213587,
  "summary_bg_mean": 64412.21875,
  "summary_bg_median": 7804.8037109375,
  "summary_bg_n": 116669.0,
  "summary_bg_p05": 711.5932739257813,
  "summary_bg_p95": 356527.98124999995,
  "summary_bg_stdv": 129563.59375,
  "summary_fg_k": 2.3086257944515403,
  "summary_fg_mad": 135310.57176698098,
  "summary_fg_mean": 989959.9375,
  "summary_fg_median": 985464.625,
  "summary_fg_n": 28554.0,
  "summary_fg_p05": 773253.134375,
  "summary_fg_p95": 1226013.325,
  "summary_fg_stdv": 147935.59375,
  "tsnr": 82.16935729980469
}