{
  "aor": 0.006221065759637188,
  "aqi": 0.015062858321995465,
  "bids_meta": {
    "EchoTime": 0.03603,
    "EchoTrainLength": 23,
    "FlipAngle": 80,
    "InstitutionName": "Univerity Medical Center Groningen",
    "InstitutionalDepartmentName": "Neuroimaging Center Groningen",
    "MagneticFieldStrength": 3,
    "Manufacturer": "Philips",
    "ManufacturersModelName": "Intera",
    "Modality": "MR",
    "PatientPosition": "HFS",
    "PhilipsRescaleIntercept": 0,
    "PhilipsRescaleSlope": 282.541,
    "PhilipsScaleSlope": 0.0011356,
    "ProtocolName": "WIPR-state_ME_descending-sso-DSSENSE4.2",
    "ReceiveCoilName": "SENSE-Head-32P",
    "ReconMatrixPE": 64,
    "RepetitionTime": 2.45,
    "SliceThickness": 3.5,
    "SliceTiming": [
      2.395555556,
      2.341111111,
      2.286666667,
      2.232222222,
      2.177777778,
      2.123333333,
      2.068888889,
      2.014444444,
      1.96,
      1.905555556,
      1.851111111,
      1.796666667,
      1.742222222,
      1.687777778,
      1.633333333,
      1.578888889,
      1.524444444,
      1.47,
      1.415555556,
      1.361111111,
      1.306666667,
      1.252222222,
      1.197777778,
      1.143333333,
      1.088888889,
      1.034444444,
      0.98,
      0.925555556,
      0.871111111,
      0.816666667,
      0.762222222,
      0.707777778,
      0.653333333,
      0.598888889,
      0.544444444,
      0.49,
      0.435555556,
      0.381111111,
      0.326666667,
      0.272222222,
      0.217777778,
      0.163333333,
      0.108888889,
      0.054444444,
      0
    ],
    "TaskName": "task-images",
    "UsePhilipsFloatNotDisplayScaling": 1,
    "dataset": "ds001491",
    "modality": "bold",
    "subject_id": "21",
    "task_id": "images"
  },
  "dummy_trs": 0,
  "dvars_nstd": 24.447770157704532,
  "dvars_std": 1.225953744954546,
  "dvars_vstd": 0.9932807354090911,
  "efc": 0.41284026117845796,
  "fber": 66999.0703125,
  "fd_mean": 0.13606513746466609,
  "fd_num": 61,
  "fd_perc": 13.832199546485262,
  "fwhm_avg": 1.923410476190476,
  "fwhm_x": 1.7970400000000002,
  "fwhm_y": 2.162325714285714,
  "fwhm_z": 1.8108657142857143,
  "gcor": 0.0158307,
  "gsr_x": -0.0021206014789640903,
  "gsr_y": 0.018142927438020706,
  "provenance": {
    "md5sum": "39c69a13025b1cc57dba1d4a5a911bdc",
    "settings": {
      "fd_thres": 0.2,
      "testing": false
    },
    "software": "mriqc",
    "version": "22.0.6",
    "webapi_port": null,
    "webapi_url": "https://mriqc.nimh.nih.gov/api/v1"
  },
  "size_t": 441,
  "size_x": 64,
  "size_y": 64,
  "size_z": 45,
  "snr": 4.936297934118473,
  "spacing_tr": 2.450000047683716,
  "spacing_x": 3.5,
  "spacing_y": 3.5,
  "spacing_z": 3.5,
  "summary_bg_k": 58.718373505649,
  "summary_bg_mad": 3217.393827867437,
  "summary_bg_mean": 16173.150390625,
  "summary_bg_median": 2336.25439453125,
  "summary_bg_n": 127216.0,
  "summary_bg_p05": 91.01839637756348,
  "summary_bg_p95": 78421.6484375,
  "summary_bg_stdv": 40510.8828125,
  "summary_fg_k": 6.948868563868638,
  "summary_fg_mad": 94715.20876548247,
  "summary_fg_mean": 581719.25,
  "summary_fg_median": 568535.125,
  "summary_fg_n": 23218.0,
  "summary_fg_p05": 434407.5375,
  "summary_fg_p95": 757708.4968749997,
  "summary_fg_stdv": 115171.9140625,
  "tsnr": 41.329444885253906
}