{
  "aor": 0.009167050997782705,
  "aqi": 0.020150284079822615,
  "bids_meta": {
    "EchoTime": 0.02203,
    "EchoTrainLength": 23,
    "FlipAngle": 80,
    "InstitutionName": "Univerity Medical Center Groningen",
    "InstitutionalDepartmentName": "Neuroimaging Center Groningen",
    "MagneticFieldStrength": 3,
    "Manufacturer": "Philips",
    "ManufacturersModelName": "Intera",
    "Modality": "MR",
    "PatientPosition": "HFS",
    "PhilipsRescaleIntercept": 0,
    "PhilipsRescaleSlope": 282.541,
    "PhilipsScaleSlope": 0.0011356,
    "ProtocolName": "WIPR-state_ME_descending-sso-DSSENSE4.2",
    "ReceiveCoilName": "SENSE-Head-32P",
    "ReconMatrixPE": 64,
    "RepetitionTime": 2.45,
    "SliceThickness": 3.5,
    "SliceTiming": [
      2.395555556,
      2.341111111,
      2.286666667,
      2.232222222,
      2.177777778,
      2.123333333,
      2.068888889,
      2.014444444,
      1.96,
      1.905555556,
      1.851111111,
      1.796666667,
      1.742222222,
      1.687777778,
      1.633333333,
      1.578888889,
      1.524444444,
      1.47,
      1.415555556,
      1.361111111,
      1.306666667,
      1.252222222,
      1.197777778,
      1.143333333,
      1.088888889,
      1.034444444,
      0.98,
      0.925555556,
      0.871111111,
      0.816666667,
      0.762222222,
      0.707777778,
      0.653333333,
      0.598888889,
      0.544444444,
      0.49,
      0.435555556,
      0.381111111,
      0.326666667,
      0.272222222,
      0.217777778,
      0.163333333,
      0.108888889,
      0.054444444,
      0
    ],
    "TaskName": "task-images",
    "UsePhilipsFloatNotDisplayScaling": 1,
    "dataset": "ds001491",
    "modality": "bold",
    "subject_id": "08",
    "task_id": "images"
  },
  "dummy_trs": 0,
  "dvars_nstd": 36.32602288568888,
  "dvars_std": 1.1323521404444443,
  "dvars_vstd": 0.9605332601333335,
  "efc": 0.44848039019047603,
  "fber": 149734.125,
  "fd_mean": 1.0912127831468528,
  "fd_num": 376,
  "fd_perc": 83.37028824833703,
  "fwhm_avg": 2.1206076190476186,
  "fwhm_x": 1.9807371428571428,
  "fwhm_y": 2.312425714285714,
  "fwhm_z": 2.06866,
  "gcor": 0.0113404,
  "gsr_x": 0.005803580395877361,
  "gsr_y": 0.025789199396967888,
  "provenance": {
    "md5sum": "fc10f4728b8888a02c07d17b4b8dc52c",
    "settings": {
      "fd_thres": 0.2,
      "testing": false
    },
    "software": "mriqc",
    "version": "22.0.6",
    "webapi_port": null,
    "webapi_url": "https://mriqc.nimh.nih.gov/api/v1"
  },
  "size_t": 451,
  "size_x": 64,
  "size_y": 64,
  "size_z": 45,
  "snr": 6.011584151768194,
  "spacing_tr": 2.450000047683716,
  "spacing_x": 3.5,
  "spacing_y": 3.5,
  "spacing_z": 3.5,
  "summary_bg_k": 30.988515631591305,
  "summary_bg_mad": 2556.5035624595725,
  "summary_bg_mean": 25247.640625,
  "summary_bg_median": 1824.2392578125,
  "summary_bg_n": 122887.0,
  "summary_bg_p05": 60.31888885498047,
  "summary_bg_p95": 133690.06718749998,
  "summary_bg_stdv": 62215.03125,
  "summary_fg_k": 0.9780504757456416,
  "summary_fg_mad": 109786.04564186922,
  "summary_fg_mean": 668525.0,
  "summary_fg_median": 659666.25,
  "summary_fg_n": 26406.0,
  "summary_fg_p05": 509101.6328125,
  "summary_fg_p95": 854127.6875,
  "summary_fg_stdv": 109730.4375,
  "tsnr": 33.75042724609375
}