{
  "aor": 0.007564533333333332,
  "aqi": 0.026259977777777777,
  "bids_meta": {
    "EchoTime": 0.03603,
    "EchoTrainLength": 23,
    "FlipAngle": 80,
    "InstitutionName": "Univerity Medical Center Groningen",
    "InstitutionalDepartmentName": "Neuroimaging Center Groningen",
    "MagneticFieldStrength": 3,
    "Manufacturer": "Philips",
    "ManufacturersModelName": "Intera",
    "Modality": "MR",
    "PatientPosition": "HFS",
    "PhilipsRescaleIntercept": 0,
    "PhilipsRescaleSlope": 282.541,
    "PhilipsScaleSlope": 0.0011356,
    "ProtocolName": "WIPR-state_ME_descending-sso-DSSENSE4.2",
    "ReceiveCoilName": "SENSE-Head-32P",
    "ReconMatrixPE": 64,
    "RepetitionTime": 2.45,
    "SliceThickness": 3.5,
    "SliceTiming": [
      2.395555556,
      2.341111111,
      2.286666667,
      2.232222222,
      2.177777778,
      2.123333333,
      2.068888889,
      2.014444444,
      1.96,
      1.905555556,
      1.851111111,
      1.796666667,
      1.742222222,
      1.687777778,
      1.633333333,
      1.578888889,
      1.524444444,
      1.47,
      1.415555556,
      1.361111111,
      1.306666667,
      1.252222222,
      1.197777778,
      1.143333333,
      1.088888889,
      1.034444444,
      0.98,
      0.925555556,
      0.871111111,
      0.816666667,
      0.762222222,
      0.707777778,
      0.653333333,
      0.598888889,
      0.544444444,
      0.49,
      0.435555556,
      0.381111111,
      0.326666667,
      0.272222222,
      0.217777778,
      0.163333333,
      0.108888889,
      0.054444444,
      0
    ],
    "TaskName": "task-FlavorRun1",
    "UsePhilipsFloatNotDisplayScaling": 1,
    "dataset": "ds001491",
    "modality": "bold",
    "subject_id": "08",
    "task_id": "FlavorRun1"
  },
  "dummy_trs": 0,
  "dvars_nstd": 39.83222872026785,
  "dvars_std": 1.007287772455357,
  "dvars_vstd": 0.8989631493303573,
  "efc": 0.4086965051553823,
  "fber": 209371.234375,
  "fd_mean": 0.8757251297652852,
  "fd_num": 177,
  "fd_perc": 78.66666666666667,
  "fwhm_avg": 1.9732285714285716,
  "fwhm_x": 1.8521114285714284,
  "fwhm_y": 2.1883828571428574,
  "fwhm_z": 1.8791914285714284,
  "gcor": 0.0143802,
  "gsr_x": 0.0027420073747634888,
  "gsr_y": 0.019971376284956932,
  "provenance": {
    "md5sum": "d4506bc7dd89c5e87268b4d6a5f54fb7",
    "settings": {
      "fd_thres": 0.2,
      "testing": false
    },
    "software": "mriqc",
    "version": "22.0.6",
    "webapi_port": null,
    "webapi_url": "https://mriqc.nimh.nih.gov/api/v1"
  },
  "size_t": 225,
  "size_x": 64,
  "size_y": 64,
  "size_z": 45,
  "snr": 5.071477987898737,
  "spacing_tr": 2.450000047683716,
  "spacing_x": 3.5,
  "spacing_y": 3.5,
  "spacing_z": 3.5,
  "summary_bg_k": 86.86244379139275,
  "summary_bg_mad": 1817.8753382381672,
  "summary_bg_mean": 12559.1279296875,
  "summary_bg_median": 1281.04296875,
  "summary_bg_n": 126056.0,
  "summary_bg_p05": 27.61038827896118,
  "summary_bg_p95": 58813.5693359375,
  "summary_bg_stdv": 34694.234375,
  "summary_fg_k": 2.3465243370418882,
  "summary_fg_mad": 103179.10684301498,
  "summary_fg_mean": 566034.0625,
  "summary_fg_median": 555059.25,
  "summary_fg_n": 23805.0,
  "summary_fg_p05": 414840.975,
  "summary_fg_p95": 748567.7999999999,
  "summary_fg_stdv": 109444.9375,
  "tsnr": 26.848697662353516
}