{
  "aor": 0.005919406392694063,
  "aqi": 0.01306733785388128,
  "bids_meta": {
    "EchoTime": 0.02203,
    "EchoTrainLength": 23,
    "FlipAngle": 80,
    "InstitutionName": "Univerity Medical Center Groningen",
    "InstitutionalDepartmentName": "Neuroimaging Center Groningen",
    "MagneticFieldStrength": 3,
    "Manufacturer": "Philips",
    "ManufacturersModelName": "Intera",
    "Modality": "MR",
    "PatientPosition": "HFS",
    "PhilipsRescaleIntercept": 0,
    "PhilipsRescaleSlope": 282.541,
    "PhilipsScaleSlope": 0.0011356,
    "ProtocolName": "WIPR-state_ME_descending-sso-DSSENSE4.2",
    "ReceiveCoilName": "SENSE-Head-32P",
    "ReconMatrixPE": 64,
    "RepetitionTime": 2.45,
    "SliceThickness": 3.5,
    "SliceTiming": [
      2.395555556,
      2.341111111,
      2.286666667,
      2.232222222,
      2.177777778,
      2.123333333,
      2.068888889,
      2.014444444,
      1.96,
      1.905555556,
      1.851111111,
      1.796666667,
      1.742222222,
      1.687777778,
      1.633333333,
      1.578888889,
      1.524444444,
      1.47,
      1.415555556,
      1.361111111,
      1.306666667,
      1.252222222,
      1.197777778,
      1.143333333,
      1.088888889,
      1.034444444,
      0.98,
      0.925555556,
      0.871111111,
      0.816666667,
      0.762222222,
      0.707777778,
      0.653333333,
      0.598888889,
      0.544444444,
      0.49,
      0.435555556,
      0.381111111,
      0.326666667,
      0.272222222,
      0.217777778,
      0.163333333,
      0.108888889,
      0.054444444,
      0
    ],
    "TaskName": "task-FlavorRun4",
    "UsePhilipsFloatNotDisplayScaling": 1,
    "dataset": "ds001491",
    "modality": "bold",
    "subject_id": "08",
    "task_id": "FlavorRun4"
  },
  "dummy_trs": 0,
  "dvars_nstd": 26.71384469293579,
  "dvars_std": 1.0525869445871558,
  "dvars_vstd": 0.9409535556422018,
  "efc": 0.4529322931882951,
  "fber": 20839.001953125,
  "fd_mean": 0.7399656968672107,
  "fd_num": 168,
  "fd_perc": 76.71232876712328,
  "fwhm_avg": 2.0197828571428573,
  "fwhm_x": 1.9081771428571428,
  "fwhm_y": 2.214242857142857,
  "fwhm_z": 1.9369285714285716,
  "gcor": 0.00836796,
  "gsr_x": 0.008859453722834587,
  "gsr_y": 0.026340145617723465,
  "provenance": {
    "md5sum": "3b7795ddc9356c725ed8b43345ee13e9",
    "settings": {
      "fd_thres": 0.2,
      "testing": false
    },
    "software": "mriqc",
    "version": "22.0.6",
    "webapi_port": null,
    "webapi_url": "https://mriqc.nimh.nih.gov/api/v1"
  },
  "size_t": 219,
  "size_x": 64,
  "size_y": 64,
  "size_z": 45,
  "snr": 6.185305645331437,
  "spacing_tr": 2.450000047683716,
  "spacing_x": 3.5,
  "spacing_y": 3.5,
  "spacing_z": 3.5,
  "summary_bg_k": 29.456613216001088,
  "summary_bg_mad": 5671.622937151878,
  "summary_bg_mean": 29240.068359375,
  "summary_bg_median": 5157.07958984375,
  "summary_bg_n": 123393.0,
  "summary_bg_p05": 730.610009765625,
  "summary_bg_p95": 148327.265625,
  "summary_bg_stdv": 67049.765625,
  "summary_fg_k": 0.2773637131355575,
  "summary_fg_mad": 119934.64315281739,
  "summary_fg_mean": 726328.0,
  "summary_fg_median": 717677.375,
  "summary_fg_n": 26176.0,
  "summary_fg_p05": 552057.375,
  "summary_fg_p95": 919498.09375,
  "summary_fg_stdv": 116027.1953125,
  "tsnr": 43.0299072265625
}