{
  "bids_meta": {
    "EchoTime": 0.00351,
    "FlipAngle": 8,
    "InstitutionName": "Univerity Medical Center Groningen",
    "InstitutionalDepartmentName": "Neuroimaging Center Groningen",
    "MagneticFieldStrength": 3,
    "Manufacturer": "Philips",
    "ManufacturersModelName": "Intera",
    "Modality": "MR",
    "PatientPosition": "HFS",
    "PhilipsRescaleIntercept": 0,
    "PhilipsRescaleSlope": 12.7477,
    "PhilipsScaleSlope": 0.000299206,
    "ProtocolName": "T13DSENSEtool4.2",
    "ReceiveCoilName": "SENSE-Head-32P",
    "ReconMatrixPE": 256,
    "RepetitionTime": 0.009,
    "UsePhilipsFloatNotDisplayScaling": 1,
    "dataset": "ds001491",
    "modality": "T1w",
    "subject_id": "16"
  },
  "cjv": 0.37080956387334446,
  "cnr": 3.656734857161732,
  "efc": 0.779237732130891,
  "fber": -1.0,
  "fwhm_avg": 3.2493366666666668,
  "fwhm_x": 3.17795,
  "fwhm_y": 3.44531,
  "fwhm_z": 3.12475,
  "icvs_csf": 0.19388230494575687,
  "icvs_gm": 0.4167388601056728,
  "icvs_wm": 0.38937883494857034,
  "inu_med": 0.7082565128803253,
  "inu_range": 0.3737807869911194,
  "provenance": {
    "md5sum": "30627f4ef1c60773e31ff4956ac813d0",
    "settings": {
      "testing": false
    },
    "software": "mriqc",
    "version": "22.0.6",
    "warnings": {
      "large_rot_frame": true,
      "small_air_mask": true
    },
    "webapi_port": null,
    "webapi_url": "https://mriqc.nimh.nih.gov/api/v1"
  },
  "qi_1": 0.0,
  "qi_2": 8.222373822350219e-07,
  "rpve_csf": 22.96198090632634,
  "rpve_gm": 11.106588554589,
  "rpve_wm": 14.164266030940388,
  "size_x": 256,
  "size_y": 256,
  "size_z": 170,
  "snr_csf": 0.9664939407595179,
  "snr_gm": 9.05678739455351,
  "snr_total": 9.438330804875847,
  "snr_wm": 18.291711079314513,
  "snrd_csf": 24.67235418354747,
  "snrd_gm": 72.04888865812427,
  "snrd_total": 68.37454817415222,
  "snrd_wm": 108.40240168078493,
  "spacing_x": 1.0,
  "spacing_y": 1.0,
  "spacing_z": 1.0,
  "summary_bg_k": 64.74973083711976,
  "summary_bg_mad": 0.0,
  "summary_bg_mean": 1.1810567903608682,
  "summary_bg_median": 0.0,
  "summary_bg_n": 90395.0,
  "summary_bg_p05": 0.0,
  "summary_bg_p95": 12.891344785690308,
  "summary_bg_stdv": 6.043907827008757,
  "summary_csf_k": 11.764674511488435,
  "summary_csf_mad": 115.40167835851256,
  "summary_csf_mean": 277.20546815668683,
  "summary_csf_median": 227.6128063723445,
  "summary_csf_n": 16529.0,
  "summary_csf_p05": 63.17334451451898,
  "summary_csf_p95": 643.9514473684111,
  "summary_csf_stdv": 235.49648002234696,
  "summary_gm_k": 0.18567538532039407,
  "summary_gm_mad": 71.67276142044403,
  "summary_gm_mean": 664.417243893297,
  "summary_gm_median": 664.6811901889741,
  "summary_gm_n": 29387.0,
  "summary_gm_p05": 543.093939614296,
  "summary_gm_p95": 784.2138826884329,
  "summary_gm_stdv": 73.38914474132184,
  "summary_wm_k": 0.2750704730036131,
  "summary_wm_mad": 52.68801211562403,
  "summary_wm_mean": 1000.6264074834457,
  "summary_wm_median": 1000.0575818791986,
  "summary_wm_n": 232908.0,
  "summary_wm_p05": 911.9763176180422,
  "summary_wm_p95": 1091.8508628308773,
  "summary_wm_stdv": 54.67260174002036,
  "tpm_overlap_csf": 0.1463888173835464,
  "tpm_overlap_gm": 0.436955025437359,
  "tpm_overlap_wm": 0.4930441227258267,
  "wm2max": 0.6683661984055017
}