{
  "aor": 0.0036440434782608697,
  "aqi": 0.012877422782608698,
  "bids_meta": {
    "EchoTime": 0.03603,
    "EchoTrainLength": 23,
    "FlipAngle": 80,
    "InstitutionName": "Univerity Medical Center Groningen",
    "InstitutionalDepartmentName": "Neuroimaging Center Groningen",
    "MagneticFieldStrength": 3,
    "Manufacturer": "Philips",
    "ManufacturersModelName": "Intera",
    "Modality": "MR",
    "PatientPosition": "HFS",
    "PhilipsRescaleIntercept": 0,
    "PhilipsRescaleSlope": 282.541,
    "PhilipsScaleSlope": 0.0011356,
    "ProtocolName": "WIPR-state_ME_descending-sso-DSSENSE4.2",
    "ReceiveCoilName": "SENSE-Head-32P",
    "ReconMatrixPE": 64,
    "RepetitionTime": 2.45,
    "SliceThickness": 3.5,
    "SliceTiming": [
      2.395555556,
      2.341111111,
      2.286666667,
      2.232222222,
      2.177777778,
      2.123333333,
      2.068888889,
      2.014444444,
      1.96,
      1.905555556,
      1.851111111,
      1.796666667,
      1.742222222,
      1.687777778,
      1.633333333,
      1.578888889,
      1.524444444,
      1.47,
      1.415555556,
      1.361111111,
      1.306666667,
      1.252222222,
      1.197777778,
      1.143333333,
      1.088888889,
      1.034444444,
      0.98,
      0.925555556,
      0.871111111,
      0.816666667,
      0.762222222,
      0.707777778,
      0.653333333,
      0.598888889,
      0.544444444,
      0.49,
      0.435555556,
      0.381111111,
      0.326666667,
      0.272222222,
      0.217777778,
      0.163333333,
      0.108888889,
      0.054444444,
      0
    ],
    "TaskName": "task-FlavorRun2",
    "UsePhilipsFloatNotDisplayScaling": 1,
    "dataset": "ds001491",
    "modality": "bold",
    "subject_id": "14",
    "task_id": "FlavorRun2"
  },
  "dummy_trs": 0,
  "dvars_nstd": 32.89577636550218,
  "dvars_std": 1.1238345637117895,
  "dvars_vstd": 0.9663358890393018,
  "efc": 0.40396984949728215,
  "fber": 165933.484375,
  "fd_mean": 0.3943291047713414,
  "fd_num": 161,
  "fd_perc": 70.0,
  "fwhm_avg": 1.88906,
  "fwhm_x": 1.7784857142857144,
  "fwhm_y": 2.0540714285714285,
  "fwhm_z": 1.834622857142857,
  "gcor": 0.0190403,
  "gsr_x": -0.0048677497543394566,
  "gsr_y": 0.02118845470249653,
  "provenance": {
    "md5sum": "28e1e0a398a122ca5e4b192a27201fb0",
    "settings": {
      "fd_thres": 0.2,
      "testing": false
    },
    "software": "mriqc",
    "version": "22.0.6",
    "webapi_port": null,
    "webapi_url": "https://mriqc.nimh.nih.gov/api/v1"
  },
  "size_t": 230,
  "size_x": 64,
  "size_y": 64,
  "size_z": 45,
  "snr": 4.288096336670917,
  "spacing_tr": 2.450000047683716,
  "spacing_x": 3.5,
  "spacing_y": 3.5,
  "spacing_z": 3.5,
  "summary_bg_k": 120.78236171721255,
  "summary_bg_mad": 2062.5957211277673,
  "summary_bg_mean": 11026.7001953125,
  "summary_bg_median": 1481.69580078125,
  "summary_bg_n": 125370.0,
  "summary_bg_p05": 42.33735866546631,
  "summary_bg_p95": 49535.837499999994,
  "summary_bg_stdv": 30245.734375,
  "summary_fg_k": 3.5934257026417207,
  "summary_fg_mad": 111959.26250628247,
  "summary_fg_mean": 593995.3125,
  "summary_fg_median": 573785.0625,
  "summary_fg_n": 24643.0,
  "summary_fg_p05": 425227.359375,
  "summary_fg_p95": 826645.8624999999,
  "summary_fg_stdv": 133806.09375,
  "tsnr": 38.58074951171875
}