{
  "aor": 0.0045212173913043475,
  "aqi": 0.004975549217391305,
  "bids_meta": {
    "EchoTime": 0.00802,
    "EchoTrainLength": 23,
    "FlipAngle": 80,
    "InstitutionName": "Univerity Medical Center Groningen",
    "InstitutionalDepartmentName": "Neuroimaging Center Groningen",
    "MagneticFieldStrength": 3,
    "Manufacturer": "Philips",
    "ManufacturersModelName": "Intera",
    "Modality": "MR",
    "PatientPosition": "HFS",
    "PhilipsRescaleIntercept": 0,
    "PhilipsRescaleSlope": 282.541,
    "PhilipsScaleSlope": 0.0011356,
    "ProtocolName": "WIPR-state_ME_descending-sso-DSSENSE4.2",
    "ReceiveCoilName": "SENSE-Head-32P",
    "ReconMatrixPE": 64,
    "RepetitionTime": 2.45,
    "SliceThickness": 3.5,
    "SliceTiming": [
      2.395555556,
      2.341111111,
      2.286666667,
      2.232222222,
      2.177777778,
      2.123333333,
      2.068888889,
      2.014444444,
      1.96,
      1.905555556,
      1.851111111,
      1.796666667,
      1.742222222,
      1.687777778,
      1.633333333,
      1.578888889,
      1.524444444,
      1.47,
      1.415555556,
      1.361111111,
      1.306666667,
      1.252222222,
      1.197777778,
      1.143333333,
      1.088888889,
      1.034444444,
      0.98,
      0.925555556,
      0.871111111,
      0.816666667,
      0.762222222,
      0.707777778,
      0.653333333,
      0.598888889,
      0.544444444,
      0.49,
      0.435555556,
      0.381111111,
      0.326666667,
      0.272222222,
      0.217777778,
      0.163333333,
      0.108888889,
      0.054444444,
      0
    ],
    "TaskName": "task-FlavorRun2",
    "UsePhilipsFloatNotDisplayScaling": 1,
    "dataset": "ds001491",
    "modality": "bold",
    "subject_id": "14",
    "task_id": "FlavorRun2"
  },
  "dummy_trs": 0,
  "dvars_nstd": 20.56490613248907,
  "dvars_std": 1.2258216203493446,
  "dvars_vstd": 0.9911810774672488,
  "efc": 0.49400457965355654,
  "fber": 155502.984375,
  "fd_mean": 0.37038546573379016,
  "fd_num": 138,
  "fd_perc": 60.0,
  "fwhm_avg": 2.2683704761904764,
  "fwhm_x": 2.141997142857143,
  "fwhm_y": 2.3937685714285712,
  "fwhm_z": 2.269345714285714,
  "gcor": 0.0215304,
  "gsr_x": -0.007312831934541464,
  "gsr_y": 0.0595674067735672,
  "provenance": {
    "md5sum": "cba21ec26b0bfb4f00ae7bb4f32770c8",
    "settings": {
      "fd_thres": 0.2,
      "testing": false
    },
    "software": "mriqc",
    "version": "22.0.6",
    "webapi_port": null,
    "webapi_url": "https://mriqc.nimh.nih.gov/api/v1"
  },
  "size_t": 230,
  "size_x": 64,
  "size_y": 64,
  "size_z": 45,
  "snr": 6.517433646224783,
  "spacing_tr": 2.450000047683716,
  "spacing_x": 3.5,
  "spacing_y": 3.5,
  "spacing_z": 3.5,
  "summary_bg_k": 9.654668403580242,
  "summary_bg_mad": 3651.734325585877,
  "summary_bg_mean": 56739.9609375,
  "summary_bg_median": 2540.6162109375,
  "summary_bg_n": 118185.0,
  "summary_bg_p05": 37.84988021850586,
  "summary_bg_p95": 398682.9687499994,
  "summary_bg_stdv": 133822.46875,
  "summary_fg_k": 0.8920963804998285,
  "summary_fg_mad": 142812.4926613,
  "summary_fg_mean": 968903.3125,
  "summary_fg_median": 962445.6875,
  "summary_fg_n": 29594.0,
  "summary_fg_p05": 742767.871875,
  "summary_fg_p95": 1217086.7687499996,
  "summary_fg_stdv": 147670.0,
  "tsnr": 71.15257263183594
}