{
  "aor": 0.00874169642857143,
  "aqi": 0.01641401388392857,
  "bids_meta": {
    "EchoTime": 0.03603,
    "EchoTrainLength": 23,
    "FlipAngle": 80,
    "InstitutionName": "Univerity Medical Center Groningen",
    "InstitutionalDepartmentName": "Neuroimaging Center Groningen",
    "MagneticFieldStrength": 3,
    "Manufacturer": "Philips",
    "ManufacturersModelName": "Intera",
    "Modality": "MR",
    "PatientPosition": "HFS",
    "PhilipsRescaleIntercept": 0,
    "PhilipsRescaleSlope": 282.541,
    "PhilipsScaleSlope": 0.0011356,
    "ProtocolName": "WIPR-state_ME_descending-sso-DSSENSE4.2",
    "ReceiveCoilName": "SENSE-Head-32P",
    "ReconMatrixPE": 64,
    "RepetitionTime": 2.45,
    "SliceThickness": 3.5,
    "SliceTiming": [
      2.395555556,
      2.341111111,
      2.286666667,
      2.232222222,
      2.177777778,
      2.123333333,
      2.068888889,
      2.014444444,
      1.96,
      1.905555556,
      1.851111111,
      1.796666667,
      1.742222222,
      1.687777778,
      1.633333333,
      1.578888889,
      1.524444444,
      1.47,
      1.415555556,
      1.361111111,
      1.306666667,
      1.252222222,
      1.197777778,
      1.143333333,
      1.088888889,
      1.034444444,
      0.98,
      0.925555556,
      0.871111111,
      0.816666667,
      0.762222222,
      0.707777778,
      0.653333333,
      0.598888889,
      0.544444444,
      0.49,
      0.435555556,
      0.381111111,
      0.326666667,
      0.272222222,
      0.217777778,
      0.163333333,
      0.108888889,
      0.054444444,
      0
    ],
    "TaskName": "task-FlavorRun4",
    "UsePhilipsFloatNotDisplayScaling": 1,
    "dataset": "ds001491",
    "modality": "bold",
    "subject_id": "14",
    "task_id": "FlavorRun4"
  },
  "dummy_trs": 0,
  "dvars_nstd": 35.88521001995517,
  "dvars_std": 1.1708958389686095,
  "dvars_vstd": 1.0098889505381163,
  "efc": 0.4024315535341718,
  "fber": 175794.546875,
  "fd_mean": 0.5253843800583083,
  "fd_num": 156,
  "fd_perc": 69.64285714285714,
  "fwhm_avg": 1.882941904761905,
  "fwhm_x": 1.7703457142857142,
  "fwhm_y": 2.050317142857143,
  "fwhm_z": 1.8281628571428572,
  "gcor": 0.0127826,
  "gsr_x": -0.003534899093210697,
  "gsr_y": 0.022138018161058426,
  "provenance": {
    "md5sum": "ef68709e02883e5fa23faca946a2fd20",
    "settings": {
      "fd_thres": 0.2,
      "testing": false
    },
    "software": "mriqc",
    "version": "22.0.6",
    "webapi_port": null,
    "webapi_url": "https://mriqc.nimh.nih.gov/api/v1"
  },
  "size_t": 224,
  "size_x": 64,
  "size_y": 64,
  "size_z": 45,
  "snr": 4.301927306277754,
  "spacing_tr": 2.450000047683716,
  "spacing_x": 3.5,
  "spacing_y": 3.5,
  "spacing_z": 3.5,
  "summary_bg_k": 119.67177623398194,
  "summary_bg_mad": 1962.9481836281354,
  "summary_bg_mean": 10801.083984375,
  "summary_bg_median": 1444.738037109375,
  "summary_bg_n": 125576.0,
  "summary_bg_p05": 66.07808494567871,
  "summary_bg_p95": 48847.0390625,
  "summary_bg_stdv": 29718.212890625,
  "summary_fg_k": 3.911309238750052,
  "summary_fg_mad": 111166.81162049124,
  "summary_fg_mean": 595213.375,
  "summary_fg_median": 575210.125,
  "summary_fg_n": 24528.0,
  "summary_fg_p05": 428404.8578125,
  "summary_fg_p95": 827182.028125,
  "summary_fg_stdv": 133707.140625,
  "tsnr": 34.1840934753418
}