{
  "aor": 0.005312907488986784,
  "aqi": 0.005135989559471366,
  "bids_meta": {
    "EchoTime": 0.00802,
    "EchoTrainLength": 23,
    "FlipAngle": 80,
    "InstitutionName": "Univerity Medical Center Groningen",
    "InstitutionalDepartmentName": "Neuroimaging Center Groningen",
    "MagneticFieldStrength": 3,
    "Manufacturer": "Philips",
    "ManufacturersModelName": "Intera",
    "Modality": "MR",
    "PatientPosition": "HFS",
    "PhilipsRescaleIntercept": 0,
    "PhilipsRescaleSlope": 282.541,
    "PhilipsScaleSlope": 0.0011356,
    "ProtocolName": "WIPR-state_ME_descending-sso-DSSENSE4.2",
    "ReceiveCoilName": "SENSE-Head-32P",
    "ReconMatrixPE": 64,
    "RepetitionTime": 2.45,
    "SliceThickness": 3.5,
    "SliceTiming": [
      2.395555556,
      2.341111111,
      2.286666667,
      2.232222222,
      2.177777778,
      2.123333333,
      2.068888889,
      2.014444444,
      1.96,
      1.905555556,
      1.851111111,
      1.796666667,
      1.742222222,
      1.687777778,
      1.633333333,
      1.578888889,
      1.524444444,
      1.47,
      1.415555556,
      1.361111111,
      1.306666667,
      1.252222222,
      1.197777778,
      1.143333333,
      1.088888889,
      1.034444444,
      0.98,
      0.925555556,
      0.871111111,
      0.816666667,
      0.762222222,
      0.707777778,
      0.653333333,
      0.598888889,
      0.544444444,
      0.49,
      0.435555556,
      0.381111111,
      0.326666667,
      0.272222222,
      0.217777778,
      0.163333333,
      0.108888889,
      0.054444444,
      0
    ],
    "TaskName": "task-FlavorRun1",
    "UsePhilipsFloatNotDisplayScaling": 1,
    "dataset": "ds001491",
    "modality": "bold",
    "subject_id": "14",
    "task_id": "FlavorRun1"
  },
  "dummy_trs": 0,
  "dvars_nstd": 19.97543862884954,
  "dvars_std": 1.2053894495575221,
  "dvars_vstd": 0.9848979901769908,
  "efc": 0.49470895579765045,
  "fber": 154641.703125,
  "fd_mean": 0.33238048200626524,
  "fd_num": 130,
  "fd_perc": 57.268722466960355,
  "fwhm_avg": 2.3006457142857144,
  "fwhm_x": 2.151354285714286,
  "fwhm_y": 2.4011228571428576,
  "fwhm_z": 2.34946,
  "gcor": 0.028763,
  "gsr_x": -0.007189237978309393,
  "gsr_y": 0.0585152693092823,
  "provenance": {
    "md5sum": "1148e4f7d2969c7852bbf91c3728a345",
    "settings": {
      "fd_thres": 0.2,
      "testing": false
    },
    "software": "mriqc",
    "version": "22.0.6",
    "webapi_port": null,
    "webapi_url": "https://mriqc.nimh.nih.gov/api/v1"
  },
  "size_t": 227,
  "size_x": 64,
  "size_y": 64,
  "size_z": 45,
  "snr": 6.3447165663664356,
  "spacing_tr": 2.450000047683716,
  "spacing_x": 3.5,
  "spacing_y": 3.5,
  "spacing_z": 3.5,
  "summary_bg_k": 9.844500458658963,
  "summary_bg_mad": 3649.1169114504737,
  "summary_bg_mean": 56631.57421875,
  "summary_bg_median": 2562.923583984375,
  "summary_bg_n": 118035.0,
  "summary_bg_p05": 49.76706619262696,
  "summary_bg_p95": 395591.3999999993,
  "summary_bg_stdv": 133325.65625,
  "summary_fg_k": 1.1015919766216697,
  "summary_fg_mad": 144781.48107011413,
  "summary_fg_mean": 965233.25,
  "summary_fg_median": 957757.375,
  "summary_fg_n": 29627.0,
  "summary_fg_p05": 737280.10625,
  "summary_fg_p95": 1217337.125,
  "summary_fg_stdv": 150950.984375,
  "tsnr": 68.85215759277344
}