{
  "aor": 0.009532286995515695,
  "aqi": 0.006421897757847533,
  "bids_meta": {
    "EchoTime": 0.00802,
    "EchoTrainLength": 23,
    "FlipAngle": 80,
    "InstitutionName": "Univerity Medical Center Groningen",
    "InstitutionalDepartmentName": "Neuroimaging Center Groningen",
    "MagneticFieldStrength": 3,
    "Manufacturer": "Philips",
    "ManufacturersModelName": "Intera",
    "Modality": "MR",
    "PatientPosition": "HFS",
    "PhilipsRescaleIntercept": 0,
    "PhilipsRescaleSlope": 282.541,
    "PhilipsScaleSlope": 0.0011356,
    "ProtocolName": "WIPR-state_ME_descending-sso-DSSENSE4.2",
    "ReceiveCoilName": "SENSE-Head-32P",
    "ReconMatrixPE": 64,
    "RepetitionTime": 2.45,
    "SliceThickness": 3.5,
    "SliceTiming": [
      2.395555556,
      2.341111111,
      2.286666667,
      2.232222222,
      2.177777778,
      2.123333333,
      2.068888889,
      2.014444444,
      1.96,
      1.905555556,
      1.851111111,
      1.796666667,
      1.742222222,
      1.687777778,
      1.633333333,
      1.578888889,
      1.524444444,
      1.47,
      1.415555556,
      1.361111111,
      1.306666667,
      1.252222222,
      1.197777778,
      1.143333333,
      1.088888889,
      1.034444444,
      0.98,
      0.925555556,
      0.871111111,
      0.816666667,
      0.762222222,
      0.707777778,
      0.653333333,
      0.598888889,
      0.544444444,
      0.49,
      0.435555556,
      0.381111111,
      0.326666667,
      0.272222222,
      0.217777778,
      0.163333333,
      0.108888889,
      0.054444444,
      0
    ],
    "TaskName": "task-FlavorRun3",
    "UsePhilipsFloatNotDisplayScaling": 1,
    "dataset": "ds001491",
    "modality": "bold",
    "subject_id": "14",
    "task_id": "FlavorRun3"
  },
  "dummy_trs": 0,
  "dvars_nstd": 23.524084684009008,
  "dvars_std": 1.215140014234235,
  "dvars_vstd": 1.005073899594594,
  "efc": 0.49292109361648684,
  "fber": 172690.21875,
  "fd_mean": 0.507685630001397,
  "fd_num": 148,
  "fd_perc": 66.3677130044843,
  "fwhm_avg": 2.2997857142857145,
  "fwhm_x": 2.1300057142857143,
  "fwhm_y": 2.411642857142857,
  "fwhm_z": 2.3577085714285713,
  "gcor": 0.0172865,
  "gsr_x": -0.007370108272880316,
  "gsr_y": 0.06083446368575096,
  "provenance": {
    "md5sum": "942e45567a23304972b1945a8524dd7a",
    "settings": {
      "fd_thres": 0.2,
      "testing": false
    },
    "software": "mriqc",
    "version": "22.0.6",
    "webapi_port": null,
    "webapi_url": "https://mriqc.nimh.nih.gov/api/v1"
  },
  "size_t": 223,
  "size_x": 64,
  "size_y": 64,
  "size_z": 45,
  "snr": 6.628088607034854,
  "spacing_tr": 2.450000047683716,
  "spacing_x": 3.5,
  "spacing_y": 3.5,
  "spacing_z": 3.5,
  "summary_bg_k": 9.457500513107243,
  "summary_bg_mad": 3454.7024835035577,
  "summary_bg_mean": 57213.19921875,
  "summary_bg_median": 2431.622802734375,
  "summary_bg_n": 118573.0,
  "summary_bg_p05": 53.01143493652344,
  "summary_bg_p95": 404148.9124999998,
  "summary_bg_stdv": 135287.03125,
  "summary_fg_k": 1.0896778603798145,
  "summary_fg_mad": 139957.27877637418,
  "summary_fg_mean": 969991.6875,
  "summary_fg_median": 962959.875,
  "summary_fg_n": 29444.0,
  "summary_fg_p05": 749157.49375,
  "summary_fg_p95": 1212679.5874999997,
  "summary_fg_stdv": 145282.234375,
  "tsnr": 63.671539306640625
}