{
  "aor": 0.0036815652173913045,
  "aqi": 0.008734729173913044,
  "bids_meta": {
    "EchoTime": 0.02203,
    "EchoTrainLength": 23,
    "FlipAngle": 80,
    "InstitutionName": "Univerity Medical Center Groningen",
    "InstitutionalDepartmentName": "Neuroimaging Center Groningen",
    "MagneticFieldStrength": 3,
    "Manufacturer": "Philips",
    "ManufacturersModelName": "Intera",
    "Modality": "MR",
    "PatientPosition": "HFS",
    "PhilipsRescaleIntercept": 0,
    "PhilipsRescaleSlope": 282.541,
    "PhilipsScaleSlope": 0.0011356,
    "ProtocolName": "WIPR-state_ME_descending-sso-DSSENSE4.2",
    "ReceiveCoilName": "SENSE-Head-32P",
    "ReconMatrixPE": 64,
    "RepetitionTime": 2.45,
    "SliceThickness": 3.5,
    "SliceTiming": [
      2.395555556,
      2.341111111,
      2.286666667,
      2.232222222,
      2.177777778,
      2.123333333,
      2.068888889,
      2.014444444,
      1.96,
      1.905555556,
      1.851111111,
      1.796666667,
      1.742222222,
      1.687777778,
      1.633333333,
      1.578888889,
      1.524444444,
      1.47,
      1.415555556,
      1.361111111,
      1.306666667,
      1.252222222,
      1.197777778,
      1.143333333,
      1.088888889,
      1.034444444,
      0.98,
      0.925555556,
      0.871111111,
      0.816666667,
      0.762222222,
      0.707777778,
      0.653333333,
      0.598888889,
      0.544444444,
      0.49,
      0.435555556,
      0.381111111,
      0.326666667,
      0.272222222,
      0.217777778,
      0.163333333,
      0.108888889,
      0.054444444,
      0
    ],
    "TaskName": "task-FlavorRun2",
    "UsePhilipsFloatNotDisplayScaling": 1,
    "dataset": "ds001491",
    "modality": "bold",
    "subject_id": "14",
    "task_id": "FlavorRun2"
  },
  "dummy_trs": 0,
  "dvars_nstd": 24.581456763318773,
  "dvars_std": 1.1492493627510907,
  "dvars_vstd": 0.977417871528384,
  "efc": 0.4364617670350684,
  "fber": 198440.03125,
  "fd_mean": 0.3769848379595837,
  "fd_num": 150,
  "fd_perc": 65.21739130434783,
  "fwhm_avg": 1.920942857142857,
  "fwhm_x": 1.7939742857142857,
  "fwhm_y": 2.085,
  "fwhm_z": 1.8838542857142857,
  "gcor": 0.0181076,
  "gsr_x": -0.006376245059072971,
  "gsr_y": 0.022738590836524963,
  "provenance": {
    "md5sum": "3510e9226a8c92acb0d3100a6ea7422f",
    "settings": {
      "fd_thres": 0.2,
      "testing": false
    },
    "software": "mriqc",
    "version": "22.0.6",
    "webapi_port": null,
    "webapi_url": "https://mriqc.nimh.nih.gov/api/v1"
  },
  "size_t": 230,
  "size_x": 64,
  "size_y": 64,
  "size_z": 45,
  "snr": 5.787557643859533,
  "spacing_tr": 2.450000047683716,
  "spacing_x": 3.5,
  "spacing_y": 3.5,
  "spacing_z": 3.5,
  "summary_bg_k": 37.87526261035221,
  "summary_bg_mad": 2541.2153582169594,
  "summary_bg_mean": 22964.623046875,
  "summary_bg_median": 1796.755615234375,
  "summary_bg_n": 123293.0,
  "summary_bg_p05": 40.935993957519536,
  "summary_bg_p95": 126809.00156249986,
  "summary_bg_stdv": 60399.703125,
  "summary_fg_k": 1.3008939879096015,
  "summary_fg_mad": 125923.6611457901,
  "summary_fg_mean": 764813.5625,
  "summary_fg_median": 753444.0,
  "summary_fg_n": 26644.0,
  "summary_fg_p05": 581954.246875,
  "summary_fg_p95": 988044.45,
  "summary_fg_stdv": 130180.96875,
  "tsnr": 53.99549865722656
}