{
  "aor": 0.005037180616740088,
  "aqi": 0.013547376431718062,
  "bids_meta": {
    "EchoTime": 0.03603,
    "EchoTrainLength": 23,
    "FlipAngle": 80,
    "InstitutionName": "Univerity Medical Center Groningen",
    "InstitutionalDepartmentName": "Neuroimaging Center Groningen",
    "MagneticFieldStrength": 3,
    "Manufacturer": "Philips",
    "ManufacturersModelName": "Intera",
    "Modality": "MR",
    "PatientPosition": "HFS",
    "PhilipsRescaleIntercept": 0,
    "PhilipsRescaleSlope": 282.541,
    "PhilipsScaleSlope": 0.0011356,
    "ProtocolName": "WIPR-state_ME_descending-sso-DSSENSE4.2",
    "ReceiveCoilName": "SENSE-Head-32P",
    "ReconMatrixPE": 64,
    "RepetitionTime": 2.45,
    "SliceThickness": 3.5,
    "SliceTiming": [
      2.395555556,
      2.341111111,
      2.286666667,
      2.232222222,
      2.177777778,
      2.123333333,
      2.068888889,
      2.014444444,
      1.96,
      1.905555556,
      1.851111111,
      1.796666667,
      1.742222222,
      1.687777778,
      1.633333333,
      1.578888889,
      1.524444444,
      1.47,
      1.415555556,
      1.361111111,
      1.306666667,
      1.252222222,
      1.197777778,
      1.143333333,
      1.088888889,
      1.034444444,
      0.98,
      0.925555556,
      0.871111111,
      0.816666667,
      0.762222222,
      0.707777778,
      0.653333333,
      0.598888889,
      0.544444444,
      0.49,
      0.435555556,
      0.381111111,
      0.326666667,
      0.272222222,
      0.217777778,
      0.163333333,
      0.108888889,
      0.054444444,
      0
    ],
    "TaskName": "task-FlavorRun1",
    "UsePhilipsFloatNotDisplayScaling": 1,
    "dataset": "ds001491",
    "modality": "bold",
    "subject_id": "14",
    "task_id": "FlavorRun1"
  },
  "dummy_trs": 0,
  "dvars_nstd": 32.31172469676991,
  "dvars_std": 1.117442722079646,
  "dvars_vstd": 0.9618539797787619,
  "efc": 0.4036412062930162,
  "fber": 157075.90625,
  "fd_mean": 0.36868523960973376,
  "fd_num": 133,
  "fd_perc": 58.590308370044056,
  "fwhm_avg": 1.8837685714285717,
  "fwhm_x": 1.779377142857143,
  "fwhm_y": 2.0376828571428574,
  "fwhm_z": 1.8342457142857143,
  "gcor": 0.0282012,
  "gsr_x": -0.004575991537421942,
  "gsr_y": 0.0209483839571476,
  "provenance": {
    "md5sum": "3a608b276d7970a199c3dbda7aeeb76a",
    "settings": {
      "fd_thres": 0.2,
      "testing": false
    },
    "software": "mriqc",
    "version": "22.0.6",
    "webapi_port": null,
    "webapi_url": "https://mriqc.nimh.nih.gov/api/v1"
  },
  "size_t": 227,
  "size_x": 64,
  "size_y": 64,
  "size_z": 45,
  "snr": 4.254084740372464,
  "spacing_tr": 2.450000047683716,
  "spacing_x": 3.5,
  "spacing_y": 3.5,
  "spacing_z": 3.5,
  "summary_bg_k": 126.7524559536144,
  "summary_bg_mad": 2110.9990605342455,
  "summary_bg_mean": 10998.0908203125,
  "summary_bg_median": 1524.2705078125,
  "summary_bg_n": 125340.0,
  "summary_bg_p05": 44.25451831817628,
  "summary_bg_p95": 48134.94121093741,
  "summary_bg_stdv": 30467.28125,
  "summary_fg_k": 3.7757463667061737,
  "summary_fg_mad": 112654.18596488764,
  "summary_fg_mean": 591398.25,
  "summary_fg_median": 571942.375,
  "summary_fg_n": 24533.0,
  "summary_fg_p05": 422355.15625,
  "summary_fg_p95": 826395.6874999999,
  "summary_fg_stdv": 134442.71875,
  "tsnr": 37.13817596435547
}