{
  "aor": 0.003584690831556503,
  "aqi": 0.003912729040511727,
  "bids_meta": {
    "EchoTime": 0.00802,
    "EchoTrainLength": 23,
    "FlipAngle": 80,
    "InstitutionName": "Univerity Medical Center Groningen",
    "InstitutionalDepartmentName": "Neuroimaging Center Groningen",
    "MagneticFieldStrength": 3,
    "Manufacturer": "Philips",
    "ManufacturersModelName": "Intera",
    "Modality": "MR",
    "PatientPosition": "HFS",
    "PhilipsRescaleIntercept": 0,
    "PhilipsRescaleSlope": 282.541,
    "PhilipsScaleSlope": 0.0011356,
    "ProtocolName": "WIPR-state_ME_descending-sso-DSSENSE4.2",
    "ReceiveCoilName": "SENSE-Head-32P",
    "ReconMatrixPE": 64,
    "RepetitionTime": 2.45,
    "SliceThickness": 3.5,
    "SliceTiming": [
      2.395555556,
      2.341111111,
      2.286666667,
      2.232222222,
      2.177777778,
      2.123333333,
      2.068888889,
      2.014444444,
      1.96,
      1.905555556,
      1.851111111,
      1.796666667,
      1.742222222,
      1.687777778,
      1.633333333,
      1.578888889,
      1.524444444,
      1.47,
      1.415555556,
      1.361111111,
      1.306666667,
      1.252222222,
      1.197777778,
      1.143333333,
      1.088888889,
      1.034444444,
      0.98,
      0.925555556,
      0.871111111,
      0.816666667,
      0.762222222,
      0.707777778,
      0.653333333,
      0.598888889,
      0.544444444,
      0.49,
      0.435555556,
      0.381111111,
      0.326666667,
      0.272222222,
      0.217777778,
      0.163333333,
      0.108888889,
      0.054444444,
      0
    ],
    "TaskName": "task-images",
    "UsePhilipsFloatNotDisplayScaling": 1,
    "dataset": "ds001491",
    "modality": "bold",
    "subject_id": "14",
    "task_id": "images"
  },
  "dummy_trs": 0,
  "dvars_nstd": 12.717918991004263,
  "dvars_std": 1.2161611692948713,
  "dvars_vstd": 0.9953613433547007,
  "efc": 0.49073142091285343,
  "fber": 1181627.75,
  "fd_mean": 0.09117660955917194,
  "fd_num": 8,
  "fd_perc": 1.7057569296375266,
  "fwhm_avg": 2.295800952380952,
  "fwhm_x": 2.1657457142857144,
  "fwhm_y": 2.3920171428571426,
  "fwhm_z": 2.3296400000000004,
  "gcor": 0.0172707,
  "gsr_x": -0.007236838806420565,
  "gsr_y": 0.05364340916275978,
  "provenance": {
    "md5sum": "9608d7169f7696465364055fc5d463ef",
    "settings": {
      "fd_thres": 0.2,
      "testing": false
    },
    "software": "mriqc",
    "version": "22.0.6",
    "webapi_port": null,
    "webapi_url": "https://mriqc.nimh.nih.gov/api/v1"
  },
  "size_t": 469,
  "size_x": 64,
  "size_y": 64,
  "size_z": 45,
  "snr": 6.411474786924459,
  "spacing_tr": 2.450000047683716,
  "spacing_x": 3.5,
  "spacing_y": 3.5,
  "spacing_z": 3.5,
  "summary_bg_k": 8.84594103410384,
  "summary_bg_mad": 1573.2296435335813,
  "summary_bg_mean": 66883.546875,
  "summary_bg_median": 1072.125,
  "summary_bg_n": 119050.0,
  "summary_bg_p05": 7.744007015228273,
  "summary_bg_p95": 472078.67812499905,
  "summary_bg_stdv": 159708.234375,
  "summary_fg_k": 0.48492751057349137,
  "summary_fg_mad": 169376.92524873547,
  "summary_fg_mean": 1107001.75,
  "summary_fg_median": 1096880.75,
  "summary_fg_n": 29224.0,
  "summary_fg_p05": 851403.46875,
  "summary_fg_p95": 1401021.2249999999,
  "summary_fg_stdv": 171077.953125,
  "tsnr": 86.79238891601562
}