{
  "aor": 0.008840044642857144,
  "aqi": 0.011561706919642858,
  "bids_meta": {
    "EchoTime": 0.02203,
    "EchoTrainLength": 23,
    "FlipAngle": 80,
    "InstitutionName": "Univerity Medical Center Groningen",
    "InstitutionalDepartmentName": "Neuroimaging Center Groningen",
    "MagneticFieldStrength": 3,
    "Manufacturer": "Philips",
    "ManufacturersModelName": "Intera",
    "Modality": "MR",
    "PatientPosition": "HFS",
    "PhilipsRescaleIntercept": 0,
    "PhilipsRescaleSlope": 282.541,
    "PhilipsScaleSlope": 0.0011356,
    "ProtocolName": "WIPR-state_ME_descending-sso-DSSENSE4.2",
    "ReceiveCoilName": "SENSE-Head-32P",
    "ReconMatrixPE": 64,
    "RepetitionTime": 2.45,
    "SliceThickness": 3.5,
    "SliceTiming": [
      2.395555556,
      2.341111111,
      2.286666667,
      2.232222222,
      2.177777778,
      2.123333333,
      2.068888889,
      2.014444444,
      1.96,
      1.905555556,
      1.851111111,
      1.796666667,
      1.742222222,
      1.687777778,
      1.633333333,
      1.578888889,
      1.524444444,
      1.47,
      1.415555556,
      1.361111111,
      1.306666667,
      1.252222222,
      1.197777778,
      1.143333333,
      1.088888889,
      1.034444444,
      0.98,
      0.925555556,
      0.871111111,
      0.816666667,
      0.762222222,
      0.707777778,
      0.653333333,
      0.598888889,
      0.544444444,
      0.49,
      0.435555556,
      0.381111111,
      0.326666667,
      0.272222222,
      0.217777778,
      0.163333333,
      0.108888889,
      0.054444444,
      0
    ],
    "TaskName": "task-FlavorRun4",
    "UsePhilipsFloatNotDisplayScaling": 1,
    "dataset": "ds001491",
    "modality": "bold",
    "subject_id": "14",
    "task_id": "FlavorRun4"
  },
  "dummy_trs": 0,
  "dvars_nstd": 26.761562650852007,
  "dvars_std": 1.2004885334529154,
  "dvars_vstd": 1.0212526933183859,
  "efc": 0.43437931259387996,
  "fber": 216509.59375,
  "fd_mean": 0.5044322184502599,
  "fd_num": 151,
  "fd_perc": 67.41071428571429,
  "fwhm_avg": 1.9354619047619046,
  "fwhm_x": 1.8058914285714285,
  "fwhm_y": 2.077922857142857,
  "fwhm_z": 1.9225714285714286,
  "gcor": 0.0119807,
  "gsr_x": -0.003700932487845421,
  "gsr_y": 0.023480603471398354,
  "provenance": {
    "md5sum": "c7a419ec49cdb7f13a6a793b8cb980a1",
    "settings": {
      "fd_thres": 0.2,
      "testing": false
    },
    "software": "mriqc",
    "version": "22.0.6",
    "webapi_port": null,
    "webapi_url": "https://mriqc.nimh.nih.gov/api/v1"
  },
  "size_t": 224,
  "size_x": 64,
  "size_y": 64,
  "size_z": 45,
  "snr": 5.843336666719973,
  "spacing_tr": 2.450000047683716,
  "spacing_x": 3.5,
  "spacing_y": 3.5,
  "spacing_z": 3.5,
  "summary_bg_k": 39.09602450882175,
  "summary_bg_mad": 2361.767450823599,
  "summary_bg_mean": 22409.3125,
  "summary_bg_median": 1717.083251953125,
  "summary_bg_n": 123541.0,
  "summary_bg_p05": 71.12939453125,
  "summary_bg_p95": 126279.9375,
  "summary_bg_stdv": 59242.20703125,
  "summary_fg_k": 1.3966338441298927,
  "summary_fg_mad": 123585.73644116474,
  "summary_fg_mean": 765508.875,
  "summary_fg_median": 752970.4375,
  "summary_fg_n": 26533.0,
  "summary_fg_p05": 584989.275,
  "summary_fg_p95": 984788.125,
  "summary_fg_stdv": 128857.2421875,
  "tsnr": 47.649513244628906
}