{
  "aor": 0.008495964125560538,
  "aqi": 0.010901786591928251,
  "bids_meta": {
    "EchoTime": 0.02203,
    "EchoTrainLength": 23,
    "FlipAngle": 80,
    "InstitutionName": "Univerity Medical Center Groningen",
    "InstitutionalDepartmentName": "Neuroimaging Center Groningen",
    "MagneticFieldStrength": 3,
    "Manufacturer": "Philips",
    "ManufacturersModelName": "Intera",
    "Modality": "MR",
    "PatientPosition": "HFS",
    "PhilipsRescaleIntercept": 0,
    "PhilipsRescaleSlope": 282.541,
    "PhilipsScaleSlope": 0.0011356,
    "ProtocolName": "WIPR-state_ME_descending-sso-DSSENSE4.2",
    "ReceiveCoilName": "SENSE-Head-32P",
    "ReconMatrixPE": 64,
    "RepetitionTime": 2.45,
    "SliceThickness": 3.5,
    "SliceTiming": [
      2.395555556,
      2.341111111,
      2.286666667,
      2.232222222,
      2.177777778,
      2.123333333,
      2.068888889,
      2.014444444,
      1.96,
      1.905555556,
      1.851111111,
      1.796666667,
      1.742222222,
      1.687777778,
      1.633333333,
      1.578888889,
      1.524444444,
      1.47,
      1.415555556,
      1.361111111,
      1.306666667,
      1.252222222,
      1.197777778,
      1.143333333,
      1.088888889,
      1.034444444,
      0.98,
      0.925555556,
      0.871111111,
      0.816666667,
      0.762222222,
      0.707777778,
      0.653333333,
      0.598888889,
      0.544444444,
      0.49,
      0.435555556,
      0.381111111,
      0.326666667,
      0.272222222,
      0.217777778,
      0.163333333,
      0.108888889,
      0.054444444,
      0
    ],
    "TaskName": "task-FlavorRun3",
    "UsePhilipsFloatNotDisplayScaling": 1,
    "dataset": "ds001491",
    "modality": "bold",
    "subject_id": "14",
    "task_id": "FlavorRun3"
  },
  "dummy_trs": 0,
  "dvars_nstd": 28.420588755405422,
  "dvars_std": 1.1466815159909907,
  "dvars_vstd": 0.9861750570270273,
  "efc": 0.43576104925688475,
  "fber": 209201.0625,
  "fd_mean": 0.5278321744074815,
  "fd_num": 153,
  "fd_perc": 68.60986547085201,
  "fwhm_avg": 1.9286438095238096,
  "fwhm_x": 1.7923371428571429,
  "fwhm_y": 2.07348,
  "fwhm_z": 1.9201142857142857,
  "gcor": 0.013106,
  "gsr_x": -0.0055223917588591576,
  "gsr_y": 0.02323894016444683,
  "provenance": {
    "md5sum": "5ee5cf91fad62ea13db8e32d42347f92",
    "settings": {
      "fd_thres": 0.2,
      "testing": false
    },
    "software": "mriqc",
    "version": "22.0.6",
    "webapi_port": null,
    "webapi_url": "https://mriqc.nimh.nih.gov/api/v1"
  },
  "size_t": 223,
  "size_x": 64,
  "size_y": 64,
  "size_z": 45,
  "snr": 5.843901069967823,
  "spacing_tr": 2.450000047683716,
  "spacing_x": 3.5,
  "spacing_y": 3.5,
  "spacing_z": 3.5,
  "summary_bg_k": 38.227602530800084,
  "summary_bg_mad": 2468.7476209110846,
  "summary_bg_mean": 22956.513671875,
  "summary_bg_median": 1765.4853515625,
  "summary_bg_n": 123404.0,
  "summary_bg_p05": 51.86088905334473,
  "summary_bg_p95": 127450.8574218749,
  "summary_bg_stdv": 60661.73046875,
  "summary_fg_k": 1.3649354262313729,
  "summary_fg_mad": 124171.9202933064,
  "summary_fg_mean": 766447.4375,
  "summary_fg_median": 754101.4375,
  "summary_fg_n": 26613.0,
  "summary_fg_p05": 585886.5375,
  "summary_fg_p95": 986415.1499999998,
  "summary_fg_stdv": 129038.3359375,
  "tsnr": 48.43423843383789
}