{
  "aor": 0.004838061674008811,
  "aqi": 0.009005882907488987,
  "bids_meta": {
    "EchoTime": 0.02203,
    "EchoTrainLength": 23,
    "FlipAngle": 80,
    "InstitutionName": "Univerity Medical Center Groningen",
    "InstitutionalDepartmentName": "Neuroimaging Center Groningen",
    "MagneticFieldStrength": 3,
    "Manufacturer": "Philips",
    "ManufacturersModelName": "Intera",
    "Modality": "MR",
    "PatientPosition": "HFS",
    "PhilipsRescaleIntercept": 0,
    "PhilipsRescaleSlope": 282.541,
    "PhilipsScaleSlope": 0.0011356,
    "ProtocolName": "WIPR-state_ME_descending-sso-DSSENSE4.2",
    "ReceiveCoilName": "SENSE-Head-32P",
    "ReconMatrixPE": 64,
    "RepetitionTime": 2.45,
    "SliceThickness": 3.5,
    "SliceTiming": [
      2.395555556,
      2.341111111,
      2.286666667,
      2.232222222,
      2.177777778,
      2.123333333,
      2.068888889,
      2.014444444,
      1.96,
      1.905555556,
      1.851111111,
      1.796666667,
      1.742222222,
      1.687777778,
      1.633333333,
      1.578888889,
      1.524444444,
      1.47,
      1.415555556,
      1.361111111,
      1.306666667,
      1.252222222,
      1.197777778,
      1.143333333,
      1.088888889,
      1.034444444,
      0.98,
      0.925555556,
      0.871111111,
      0.816666667,
      0.762222222,
      0.707777778,
      0.653333333,
      0.598888889,
      0.544444444,
      0.49,
      0.435555556,
      0.381111111,
      0.326666667,
      0.272222222,
      0.217777778,
      0.163333333,
      0.108888889,
      0.054444444,
      0
    ],
    "TaskName": "task-FlavorRun1",
    "UsePhilipsFloatNotDisplayScaling": 1,
    "dataset": "ds001491",
    "modality": "bold",
    "subject_id": "14",
    "task_id": "FlavorRun1"
  },
  "dummy_trs": 0,
  "dvars_nstd": 24.152509954911512,
  "dvars_std": 1.1412461369911506,
  "dvars_vstd": 0.9721976852212392,
  "efc": 0.43648943929003015,
  "fber": 190195.46875,
  "fd_mean": 0.35054827691049345,
  "fd_num": 134,
  "fd_perc": 59.030837004405285,
  "fwhm_avg": 1.928849523809524,
  "fwhm_x": 1.7947742857142859,
  "fwhm_y": 2.073291428571429,
  "fwhm_z": 1.9184828571428572,
  "gcor": 0.0273455,
  "gsr_x": -0.006382487714290619,
  "gsr_y": 0.021853163838386536,
  "provenance": {
    "md5sum": "fd48ad9fad3ed67f046f830fab10edf3",
    "settings": {
      "fd_thres": 0.2,
      "testing": false
    },
    "software": "mriqc",
    "version": "22.0.6",
    "webapi_port": null,
    "webapi_url": "https://mriqc.nimh.nih.gov/api/v1"
  },
  "size_t": 227,
  "size_x": 64,
  "size_y": 64,
  "size_z": 45,
  "snr": 5.709980844055674,
  "spacing_tr": 2.450000047683716,
  "spacing_x": 3.5,
  "spacing_y": 3.5,
  "spacing_z": 3.5,
  "summary_bg_k": 37.721340579506155,
  "summary_bg_mad": 2579.7955190831854,
  "summary_bg_mean": 23045.7265625,
  "summary_bg_median": 1839.8251953125,
  "summary_bg_n": 123278.0,
  "summary_bg_p05": 47.65924072265625,
  "summary_bg_p95": 126205.30664062497,
  "summary_bg_stdv": 60959.09765625,
  "summary_fg_k": 1.385154921135209,
  "summary_fg_mad": 127966.27002101686,
  "summary_fg_mean": 762875.875,
  "summary_fg_median": 750538.6875,
  "summary_fg_n": 26659.0,
  "summary_fg_p05": 579523.3375,
  "summary_fg_p95": 984240.25,
  "summary_fg_stdv": 131440.828125,
  "tsnr": 51.792667388916016
}