{
  "aor": 0.0029142857142857143,
  "aqi": 0.006806577910447761,
  "bids_meta": {
    "EchoTime": 0.02203,
    "EchoTrainLength": 23,
    "FlipAngle": 80,
    "InstitutionName": "Univerity Medical Center Groningen",
    "InstitutionalDepartmentName": "Neuroimaging Center Groningen",
    "MagneticFieldStrength": 3,
    "Manufacturer": "Philips",
    "ManufacturersModelName": "Intera",
    "Modality": "MR",
    "PatientPosition": "HFS",
    "PhilipsRescaleIntercept": 0,
    "PhilipsRescaleSlope": 282.541,
    "PhilipsScaleSlope": 0.0011356,
    "ProtocolName": "WIPR-state_ME_descending-sso-DSSENSE4.2",
    "ReceiveCoilName": "SENSE-Head-32P",
    "ReconMatrixPE": 64,
    "RepetitionTime": 2.45,
    "SliceThickness": 3.5,
    "SliceTiming": [
      2.395555556,
      2.341111111,
      2.286666667,
      2.232222222,
      2.177777778,
      2.123333333,
      2.068888889,
      2.014444444,
      1.96,
      1.905555556,
      1.851111111,
      1.796666667,
      1.742222222,
      1.687777778,
      1.633333333,
      1.578888889,
      1.524444444,
      1.47,
      1.415555556,
      1.361111111,
      1.306666667,
      1.252222222,
      1.197777778,
      1.143333333,
      1.088888889,
      1.034444444,
      0.98,
      0.925555556,
      0.871111111,
      0.816666667,
      0.762222222,
      0.707777778,
      0.653333333,
      0.598888889,
      0.544444444,
      0.49,
      0.435555556,
      0.381111111,
      0.326666667,
      0.272222222,
      0.217777778,
      0.163333333,
      0.108888889,
      0.054444444,
      0
    ],
    "TaskName": "task-images",
    "UsePhilipsFloatNotDisplayScaling": 1,
    "dataset": "ds001491",
    "modality": "bold",
    "subject_id": "14",
    "task_id": "images"
  },
  "dummy_trs": 0,
  "dvars_nstd": 15.820466243247854,
  "dvars_std": 1.1501916542735042,
  "dvars_vstd": 0.9857850310042723,
  "efc": 0.4335505520088394,
  "fber": 1615351.25,
  "fd_mean": 0.09403065634703309,
  "fd_num": 10,
  "fd_perc": 2.1321961620469083,
  "fwhm_avg": 1.9756933333333333,
  "fwhm_x": 1.8581171428571428,
  "fwhm_y": 2.11984,
  "fwhm_z": 1.9491228571428572,
  "gcor": 0.0166514,
  "gsr_x": -0.004951848182827234,
  "gsr_y": 0.02095988020300865,
  "provenance": {
    "md5sum": "5a4f3c731ac316601d748637b4819340",
    "settings": {
      "fd_thres": 0.2,
      "testing": false
    },
    "software": "mriqc",
    "version": "22.0.6",
    "webapi_port": null,
    "webapi_url": "https://mriqc.nimh.nih.gov/api/v1"
  },
  "size_t": 469,
  "size_x": 64,
  "size_y": 64,
  "size_z": 45,
  "snr": 5.51537560393493,
  "spacing_tr": 2.450000047683716,
  "spacing_x": 3.5,
  "spacing_y": 3.5,
  "spacing_z": 3.5,
  "summary_bg_k": 33.60813162276741,
  "summary_bg_mad": 1067.7583275158888,
  "summary_bg_mean": 25772.4375,
  "summary_bg_median": 730.1239013671875,
  "summary_bg_n": 123438.0,
  "summary_bg_p05": 7.155913853645325,
  "summary_bg_p95": 148597.98437499994,
  "summary_bg_stdv": 69363.5859375,
  "summary_fg_k": 1.4031083826347377,
  "summary_fg_mad": 149022.88169802335,
  "summary_fg_mean": 867158.5,
  "summary_fg_median": 851368.25,
  "summary_fg_n": 26476.0,
  "summary_fg_p05": 651665.671875,
  "summary_fg_p95": 1131102.53125,
  "summary_fg_stdv": 154359.78125,
  "tsnr": 63.44510269165039
}