{
  "aor": 0.008152959641255605,
  "aqi": 0.015661643452914795,
  "bids_meta": {
    "EchoTime": 0.03603,
    "EchoTrainLength": 23,
    "FlipAngle": 80,
    "InstitutionName": "Univerity Medical Center Groningen",
    "InstitutionalDepartmentName": "Neuroimaging Center Groningen",
    "MagneticFieldStrength": 3,
    "Manufacturer": "Philips",
    "ManufacturersModelName": "Intera",
    "Modality": "MR",
    "PatientPosition": "HFS",
    "PhilipsRescaleIntercept": 0,
    "PhilipsRescaleSlope": 282.541,
    "PhilipsScaleSlope": 0.0011356,
    "ProtocolName": "WIPR-state_ME_descending-sso-DSSENSE4.2",
    "ReceiveCoilName": "SENSE-Head-32P",
    "ReconMatrixPE": 64,
    "RepetitionTime": 2.45,
    "SliceThickness": 3.5,
    "SliceTiming": [
      2.395555556,
      2.341111111,
      2.286666667,
      2.232222222,
      2.177777778,
      2.123333333,
      2.068888889,
      2.014444444,
      1.96,
      1.905555556,
      1.851111111,
      1.796666667,
      1.742222222,
      1.687777778,
      1.633333333,
      1.578888889,
      1.524444444,
      1.47,
      1.415555556,
      1.361111111,
      1.306666667,
      1.252222222,
      1.197777778,
      1.143333333,
      1.088888889,
      1.034444444,
      0.98,
      0.925555556,
      0.871111111,
      0.816666667,
      0.762222222,
      0.707777778,
      0.653333333,
      0.598888889,
      0.544444444,
      0.49,
      0.435555556,
      0.381111111,
      0.326666667,
      0.272222222,
      0.217777778,
      0.163333333,
      0.108888889,
      0.054444444,
      0
    ],
    "TaskName": "task-FlavorRun3",
    "UsePhilipsFloatNotDisplayScaling": 1,
    "dataset": "ds001491",
    "modality": "bold",
    "subject_id": "14",
    "task_id": "FlavorRun3"
  },
  "dummy_trs": 0,
  "dvars_nstd": 38.068835060405405,
  "dvars_std": 1.1204707834684684,
  "dvars_vstd": 0.9735172288738744,
  "efc": 0.4032733060084062,
  "fber": 172950.671875,
  "fd_mean": 0.5502763224609821,
  "fd_num": 157,
  "fd_perc": 70.4035874439462,
  "fwhm_avg": 1.8889828571428573,
  "fwhm_x": 1.7729142857142857,
  "fwhm_y": 2.0537085714285714,
  "fwhm_z": 1.8403257142857143,
  "gcor": 0.0127689,
  "gsr_x": -0.004374271724373102,
  "gsr_y": 0.022084733471274376,
  "provenance": {
    "md5sum": "64f6a2a79227c84aba21c404be6c2e02",
    "settings": {
      "fd_thres": 0.2,
      "testing": false
    },
    "software": "mriqc",
    "version": "22.0.6",
    "webapi_port": null,
    "webapi_url": "https://mriqc.nimh.nih.gov/api/v1"
  },
  "size_t": 223,
  "size_x": 64,
  "size_y": 64,
  "size_z": 45,
  "snr": 4.320447150372925,
  "spacing_tr": 2.450000047683716,
  "spacing_x": 3.5,
  "spacing_y": 3.5,
  "spacing_z": 3.5,
  "summary_bg_k": 122.96010914030013,
  "summary_bg_mad": 2028.0477650286884,
  "summary_bg_mean": 10914.982421875,
  "summary_bg_median": 1466.617919921875,
  "summary_bg_n": 125470.0,
  "summary_bg_p05": 49.28666038513184,
  "summary_bg_p95": 48868.92207031236,
  "summary_bg_stdv": 30141.19140625,
  "summary_fg_k": 3.7653751277049077,
  "summary_fg_mad": 112120.078515671,
  "summary_fg_mean": 596109.9375,
  "summary_fg_median": 576787.5625,
  "summary_fg_n": 24616.0,
  "summary_fg_p05": 428951.78125,
  "summary_fg_p95": 826983.640625,
  "summary_fg_stdv": 133499.109375,
  "tsnr": 35.23573303222656
}