{
  "aor": 0.0037899573560767593,
  "aqi": 0.010959543624733475,
  "bids_meta": {
    "EchoTime": 0.03603,
    "EchoTrainLength": 23,
    "FlipAngle": 80,
    "InstitutionName": "Univerity Medical Center Groningen",
    "InstitutionalDepartmentName": "Neuroimaging Center Groningen",
    "MagneticFieldStrength": 3,
    "Manufacturer": "Philips",
    "ManufacturersModelName": "Intera",
    "Modality": "MR",
    "PatientPosition": "HFS",
    "PhilipsRescaleIntercept": 0,
    "PhilipsRescaleSlope": 282.541,
    "PhilipsScaleSlope": 0.0011356,
    "ProtocolName": "WIPR-state_ME_descending-sso-DSSENSE4.2",
    "ReceiveCoilName": "SENSE-Head-32P",
    "ReconMatrixPE": 64,
    "RepetitionTime": 2.45,
    "SliceThickness": 3.5,
    "SliceTiming": [
      2.395555556,
      2.341111111,
      2.286666667,
      2.232222222,
      2.177777778,
      2.123333333,
      2.068888889,
      2.014444444,
      1.96,
      1.905555556,
      1.851111111,
      1.796666667,
      1.742222222,
      1.687777778,
      1.633333333,
      1.578888889,
      1.524444444,
      1.47,
      1.415555556,
      1.361111111,
      1.306666667,
      1.252222222,
      1.197777778,
      1.143333333,
      1.088888889,
      1.034444444,
      0.98,
      0.925555556,
      0.871111111,
      0.816666667,
      0.762222222,
      0.707777778,
      0.653333333,
      0.598888889,
      0.544444444,
      0.49,
      0.435555556,
      0.381111111,
      0.326666667,
      0.272222222,
      0.217777778,
      0.163333333,
      0.108888889,
      0.054444444,
      0
    ],
    "TaskName": "task-images",
    "UsePhilipsFloatNotDisplayScaling": 1,
    "dataset": "ds001491",
    "modality": "bold",
    "subject_id": "14",
    "task_id": "images"
  },
  "dummy_trs": 0,
  "dvars_nstd": 20.620240621004278,
  "dvars_std": 1.1314570965170936,
  "dvars_vstd": 0.9818640832905979,
  "efc": 0.3995433674523262,
  "fber": 1747510.0,
  "fd_mean": 0.09957277996334477,
  "fd_num": 20,
  "fd_perc": 4.264392324093817,
  "fwhm_avg": 1.9215380952380954,
  "fwhm_x": 1.8128314285714284,
  "fwhm_y": 2.0946000000000002,
  "fwhm_z": 1.8571828571428572,
  "gcor": 0.0266899,
  "gsr_x": -0.004515592474490404,
  "gsr_y": 0.01960776560008526,
  "provenance": {
    "md5sum": "49493d0304603df3020f19c96ff7ecb1",
    "settings": {
      "fd_thres": 0.2,
      "testing": false
    },
    "software": "mriqc",
    "version": "22.0.6",
    "webapi_port": null,
    "webapi_url": "https://mriqc.nimh.nih.gov/api/v1"
  },
  "size_t": 469,
  "size_x": 64,
  "size_y": 64,
  "size_z": 45,
  "snr": 4.1285057929261475,
  "spacing_tr": 2.450000047683716,
  "spacing_x": 3.5,
  "spacing_y": 3.5,
  "spacing_z": 3.5,
  "summary_bg_k": 104.19933760728388,
  "summary_bg_mad": 773.9475547938863,
  "summary_bg_mean": 11702.3994140625,
  "summary_bg_median": 531.2330322265625,
  "summary_bg_n": 125470.0,
  "summary_bg_p05": 6.915654277801514,
  "summary_bg_p95": 57012.96074218742,
  "summary_bg_stdv": 33841.8671875,
  "summary_fg_k": 3.9722570756280806,
  "summary_fg_mad": 129976.5859666718,
  "summary_fg_mean": 672310.25,
  "summary_fg_median": 648023.625,
  "summary_fg_n": 24497.0,
  "summary_fg_p05": 475134.08125,
  "summary_fg_p95": 945857.4125,
  "summary_fg_stdv": 156960.03125,
  "tsnr": 45.0831298828125
}