{
  "bids_meta": {
    "EchoTime": 0.00351,
    "FlipAngle": 8,
    "InstitutionName": "Univerity Medical Center Groningen",
    "InstitutionalDepartmentName": "Neuroimaging Center Groningen",
    "MagneticFieldStrength": 3,
    "Manufacturer": "Philips",
    "ManufacturersModelName": "Intera",
    "Modality": "MR",
    "PatientPosition": "HFS",
    "PhilipsRescaleIntercept": 0,
    "PhilipsRescaleSlope": 12.7477,
    "PhilipsScaleSlope": 0.000299206,
    "ProtocolName": "T13DSENSEtool4.2",
    "ReceiveCoilName": "SENSE-Head-32P",
    "ReconMatrixPE": 256,
    "RepetitionTime": 0.009,
    "UsePhilipsFloatNotDisplayScaling": 1,
    "dataset": "ds001491",
    "modality": "T1w",
    "subject_id": "07"
  },
  "cjv": 0.3695135897349085,
  "cnr": 3.663801758616641,
  "efc": 0.786108332865379,
  "fber": -1.0,
  "fwhm_avg": 3.4147166666666666,
  "fwhm_x": 3.41725,
  "fwhm_y": 3.51781,
  "fwhm_z": 3.30909,
  "icvs_csf": 0.18589388812752342,
  "icvs_gm": 0.42481939684671194,
  "icvs_wm": 0.3892867150257646,
  "inu_med": 0.6996680498123169,
  "inu_range": 0.4182441830635071,
  "provenance": {
    "md5sum": "f235469402636e76d308e69fd9be1b6b",
    "settings": {
      "testing": false
    },
    "software": "mriqc",
    "version": "22.0.6",
    "warnings": {
      "large_rot_frame": true,
      "small_air_mask": true
    },
    "webapi_port": null,
    "webapi_url": "https://mriqc.nimh.nih.gov/api/v1"
  },
  "qi_1": 0.0,
  "qi_2": 1.2901743182682375e-06,
  "rpve_csf": 22.25225967309257,
  "rpve_gm": 10.21409990346365,
  "rpve_wm": 13.15220698701506,
  "size_x": 256,
  "size_y": 256,
  "size_z": 170,
  "snr_csf": 1.153227291813939,
  "snr_gm": 10.078665216324177,
  "snr_total": 10.003451487442382,
  "snr_wm": 18.778461954189027,
  "snrd_csf": 17.137791043850893,
  "snrd_gm": 48.58360706535474,
  "snrd_total": 45.633271810981,
  "snrd_wm": 71.17841732373735,
  "spacing_x": 1.0,
  "spacing_y": 1.0,
  "spacing_z": 1.0,
  "summary_bg_k": 56.82845599805203,
  "summary_bg_mad": 0.0,
  "summary_bg_mean": 2.447828779417425,
  "summary_bg_median": 0.0,
  "summary_bg_n": 192844.0,
  "summary_bg_p05": 0.0,
  "summary_bg_p95": 15.185636227950454,
  "summary_bg_stdv": 9.204984385790645,
  "summary_csf_k": 12.149456414985007,
  "summary_csf_mad": 138.69504804017544,
  "summary_csf_mean": 283.0214777177067,
  "summary_csf_median": 240.79428187105805,
  "summary_csf_n": 14900.0,
  "summary_csf_p05": 63.35970867052674,
  "summary_csf_p95": 602.2976340791208,
  "summary_csf_stdv": 208.7933602505275,
  "summary_gm_k": 0.3190665149334446,
  "summary_gm_mad": 65.91849875949784,
  "summary_gm_mean": 682.6147192597033,
  "summary_gm_median": 682.6232589762658,
  "summary_gm_n": 30565.0,
  "summary_gm_p05": 571.4546635039151,
  "summary_gm_p95": 792.4102354411035,
  "summary_gm_stdv": 67.72842211606297,
  "summary_wm_k": 0.43815547518382436,
  "summary_wm_mad": 51.3902601554196,
  "summary_wm_mean": 1001.2365597183895,
  "summary_wm_median": 1000.0913093369454,
  "summary_wm_n": 228821.0,
  "summary_wm_p05": 916.3420690577477,
  "summary_wm_p95": 1089.926976962015,
  "summary_wm_stdv": 53.25724366887311,
  "tpm_overlap_csf": 0.13931105781528016,
  "tpm_overlap_gm": 0.4416349886965716,
  "tpm_overlap_wm": 0.4815694738300573,
  "wm2max": 0.6426713601251589
}