{
  "aor": 0.003975594713656388,
  "aqi": 0.007579021057268723,
  "bids_meta": {
    "EchoTime": 0.02203,
    "EchoTrainLength": 23,
    "FlipAngle": 80,
    "InstitutionName": "Univerity Medical Center Groningen",
    "InstitutionalDepartmentName": "Neuroimaging Center Groningen",
    "MagneticFieldStrength": 3,
    "Manufacturer": "Philips",
    "ManufacturersModelName": "Intera",
    "Modality": "MR",
    "PatientPosition": "HFS",
    "PhilipsRescaleIntercept": 0,
    "PhilipsRescaleSlope": 282.541,
    "PhilipsScaleSlope": 0.0011356,
    "ProtocolName": "WIPR-state_ME_descending-sso-DSSENSE4.2",
    "ReceiveCoilName": "SENSE-Head-32P",
    "ReconMatrixPE": 64,
    "RepetitionTime": 2.45,
    "SliceThickness": 3.5,
    "SliceTiming": [
      2.395555556,
      2.341111111,
      2.286666667,
      2.232222222,
      2.177777778,
      2.123333333,
      2.068888889,
      2.014444444,
      1.96,
      1.905555556,
      1.851111111,
      1.796666667,
      1.742222222,
      1.687777778,
      1.633333333,
      1.578888889,
      1.524444444,
      1.47,
      1.415555556,
      1.361111111,
      1.306666667,
      1.252222222,
      1.197777778,
      1.143333333,
      1.088888889,
      1.034444444,
      0.98,
      0.925555556,
      0.871111111,
      0.816666667,
      0.762222222,
      0.707777778,
      0.653333333,
      0.598888889,
      0.544444444,
      0.49,
      0.435555556,
      0.381111111,
      0.326666667,
      0.272222222,
      0.217777778,
      0.163333333,
      0.108888889,
      0.054444444,
      0
    ],
    "TaskName": "task-FlavorRun1",
    "UsePhilipsFloatNotDisplayScaling": 1,
    "dataset": "ds001491",
    "modality": "bold",
    "subject_id": "06",
    "task_id": "FlavorRun1"
  },
  "dummy_trs": 0,
  "dvars_nstd": 21.07251952632744,
  "dvars_std": 1.179733436946903,
  "dvars_vstd": 1.0025849364159292,
  "efc": 0.45348878692578837,
  "fber": 67424.9140625,
  "fd_mean": 0.2706812555316755,
  "fd_num": 108,
  "fd_perc": 47.57709251101321,
  "fwhm_avg": 1.8220742857142855,
  "fwhm_x": 1.6809971428571429,
  "fwhm_y": 2.0256742857142855,
  "fwhm_z": 1.7595514285714287,
  "gcor": 0.0277286,
  "gsr_x": -0.005629004444926977,
  "gsr_y": 0.028218533843755722,
  "provenance": {
    "md5sum": "a93c1d611eaf87f39087c839c865528a",
    "settings": {
      "fd_thres": 0.2,
      "testing": false
    },
    "software": "mriqc",
    "version": "22.0.6",
    "webapi_port": null,
    "webapi_url": "https://mriqc.nimh.nih.gov/api/v1"
  },
  "size_t": 227,
  "size_x": 64,
  "size_y": 64,
  "size_z": 45,
  "snr": 6.026020571966723,
  "spacing_tr": 2.450000047683716,
  "spacing_x": 3.5,
  "spacing_y": 3.5,
  "spacing_z": 3.5,
  "summary_bg_k": 34.20277190935742,
  "summary_bg_mad": 3890.231414627976,
  "summary_bg_mean": 26479.3984375,
  "summary_bg_median": 2706.53564453125,
  "summary_bg_n": 122416.0,
  "summary_bg_p05": 30.519662857055664,
  "summary_bg_p95": 150218.765625,
  "summary_bg_stdv": 65356.921875,
  "summary_fg_k": 1.3240159895707384,
  "summary_fg_mad": 110490.23536434006,
  "summary_fg_mean": 668271.8125,
  "summary_fg_median": 658121.875,
  "summary_fg_n": 27050.0,
  "summary_fg_p05": 512947.625,
  "summary_fg_p95": 847078.86875,
  "summary_fg_stdv": 109211.328125,
  "tsnr": 59.819313049316406
}