{
  "aor": 0.0012050209205020919,
  "aqi": 0.011234057008368199,
  "bids_meta": {
    "EchoTime": 0.02203,
    "EchoTrainLength": 23,
    "FlipAngle": 80,
    "InstitutionName": "Univerity Medical Center Groningen",
    "InstitutionalDepartmentName": "Neuroimaging Center Groningen",
    "MagneticFieldStrength": 3,
    "Manufacturer": "Philips",
    "ManufacturersModelName": "Intera",
    "Modality": "MR",
    "PatientPosition": "HFS",
    "PhilipsRescaleIntercept": 0,
    "PhilipsRescaleSlope": 282.541,
    "PhilipsScaleSlope": 0.0011356,
    "ProtocolName": "WIPR-state_ME_descending-sso-DSSENSE4.2",
    "ReceiveCoilName": "SENSE-Head-32P",
    "ReconMatrixPE": 64,
    "RepetitionTime": 2.45,
    "SliceThickness": 3.5,
    "SliceTiming": [
      2.395555556,
      2.341111111,
      2.286666667,
      2.232222222,
      2.177777778,
      2.123333333,
      2.068888889,
      2.014444444,
      1.96,
      1.905555556,
      1.851111111,
      1.796666667,
      1.742222222,
      1.687777778,
      1.633333333,
      1.578888889,
      1.524444444,
      1.47,
      1.415555556,
      1.361111111,
      1.306666667,
      1.252222222,
      1.197777778,
      1.143333333,
      1.088888889,
      1.034444444,
      0.98,
      0.925555556,
      0.871111111,
      0.816666667,
      0.762222222,
      0.707777778,
      0.653333333,
      0.598888889,
      0.544444444,
      0.49,
      0.435555556,
      0.381111111,
      0.326666667,
      0.272222222,
      0.217777778,
      0.163333333,
      0.108888889,
      0.054444444,
      0
    ],
    "TaskName": "task-images",
    "UsePhilipsFloatNotDisplayScaling": 1,
    "dataset": "ds001491",
    "modality": "bold",
    "subject_id": "06",
    "task_id": "images"
  },
  "dummy_trs": 0,
  "dvars_nstd": 18.383784921886786,
  "dvars_std": 1.032313996289309,
  "dvars_vstd": 0.9189577646960162,
  "efc": 0.456077127709379,
  "fber": 65983.8359375,
  "fd_mean": 0.20961143668516283,
  "fd_num": 150,
  "fd_perc": 31.380753138075313,
  "fwhm_avg": 1.9224114285714287,
  "fwhm_x": 1.8068342857142858,
  "fwhm_y": 2.1184228571428574,
  "fwhm_z": 1.841977142857143,
  "gcor": 0.0292624,
  "gsr_x": -0.006037840154021978,
  "gsr_y": 0.032210201025009155,
  "provenance": {
    "md5sum": "54b09b50e7c63ba4cc8cd05e95ef21b9",
    "settings": {
      "fd_thres": 0.2,
      "testing": false
    },
    "software": "mriqc",
    "version": "22.0.6",
    "webapi_port": null,
    "webapi_url": "https://mriqc.nimh.nih.gov/api/v1"
  },
  "size_t": 478,
  "size_x": 64,
  "size_y": 64,
  "size_z": 45,
  "snr": 5.7420056190258935,
  "spacing_tr": 2.450000047683716,
  "spacing_x": 3.5,
  "spacing_y": 3.5,
  "spacing_z": 3.5,
  "summary_bg_k": 32.07988175460388,
  "summary_bg_mad": 4495.787985151028,
  "summary_bg_mean": 31452.498046875,
  "summary_bg_median": 3133.595947265625,
  "summary_bg_n": 122410.0,
  "summary_bg_p05": 47.349696540832525,
  "summary_bg_p95": 179855.375,
  "summary_bg_stdv": 75129.3828125,
  "summary_fg_k": 1.1392643350970957,
  "summary_fg_mad": 130015.41161226892,
  "summary_fg_mean": 758781.8125,
  "summary_fg_median": 747043.375,
  "summary_fg_n": 27014.0,
  "summary_fg_p05": 571315.6875,
  "summary_fg_p95": 975458.36875,
  "summary_fg_stdv": 130099.0625,
  "tsnr": 49.93531799316406
}