{
  "aor": 0.002144703196347032,
  "aqi": 0.006312081461187215,
  "bids_meta": {
    "EchoTime": 0.02203,
    "EchoTrainLength": 23,
    "FlipAngle": 80,
    "InstitutionName": "Univerity Medical Center Groningen",
    "InstitutionalDepartmentName": "Neuroimaging Center Groningen",
    "MagneticFieldStrength": 3,
    "Manufacturer": "Philips",
    "ManufacturersModelName": "Intera",
    "Modality": "MR",
    "PatientPosition": "HFS",
    "PhilipsRescaleIntercept": 0,
    "PhilipsRescaleSlope": 282.541,
    "PhilipsScaleSlope": 0.0011356,
    "ProtocolName": "WIPR-state_ME_descending-sso-DSSENSE4.2",
    "ReceiveCoilName": "SENSE-Head-32P",
    "ReconMatrixPE": 64,
    "RepetitionTime": 2.45,
    "SliceThickness": 3.5,
    "SliceTiming": [
      2.395555556,
      2.341111111,
      2.286666667,
      2.232222222,
      2.177777778,
      2.123333333,
      2.068888889,
      2.014444444,
      1.96,
      1.905555556,
      1.851111111,
      1.796666667,
      1.742222222,
      1.687777778,
      1.633333333,
      1.578888889,
      1.524444444,
      1.47,
      1.415555556,
      1.361111111,
      1.306666667,
      1.252222222,
      1.197777778,
      1.143333333,
      1.088888889,
      1.034444444,
      0.98,
      0.925555556,
      0.871111111,
      0.816666667,
      0.762222222,
      0.707777778,
      0.653333333,
      0.598888889,
      0.544444444,
      0.49,
      0.435555556,
      0.381111111,
      0.326666667,
      0.272222222,
      0.217777778,
      0.163333333,
      0.108888889,
      0.054444444,
      0
    ],
    "TaskName": "task-FlavorRun3",
    "UsePhilipsFloatNotDisplayScaling": 1,
    "dataset": "ds001491",
    "modality": "bold",
    "subject_id": "06",
    "task_id": "FlavorRun3"
  },
  "dummy_trs": 0,
  "dvars_nstd": 21.438576584633037,
  "dvars_std": 1.2002379562844039,
  "dvars_vstd": 1.006444158577982,
  "efc": 0.45184013025772046,
  "fber": 138727.3125,
  "fd_mean": 0.25998550075702564,
  "fd_num": 104,
  "fd_perc": 47.48858447488585,
  "fwhm_avg": 1.796335238095238,
  "fwhm_x": 1.65578,
  "fwhm_y": 1.981582857142857,
  "fwhm_z": 1.751642857142857,
  "gcor": 0.0284092,
  "gsr_x": -0.004715834278613329,
  "gsr_y": 0.02939784713089466,
  "provenance": {
    "md5sum": "e899e5ab7017c7312aa312b64d7ae037",
    "settings": {
      "fd_thres": 0.2,
      "testing": false
    },
    "software": "mriqc",
    "version": "22.0.6",
    "webapi_port": null,
    "webapi_url": "https://mriqc.nimh.nih.gov/api/v1"
  },
  "size_t": 219,
  "size_x": 64,
  "size_y": 64,
  "size_z": 45,
  "snr": 6.146937747784498,
  "spacing_tr": 2.450000047683716,
  "spacing_x": 3.5,
  "spacing_y": 3.5,
  "spacing_z": 3.5,
  "summary_bg_k": 33.18146596315844,
  "summary_bg_mad": 2777.642350111614,
  "summary_bg_mean": 26065.7890625,
  "summary_bg_median": 1904.6273193359375,
  "summary_bg_n": 122725.0,
  "summary_bg_p05": 15.113289070129396,
  "summary_bg_p95": 153064.28124999919,
  "summary_bg_stdv": 65136.9375,
  "summary_fg_k": 1.3560815606900638,
  "summary_fg_mad": 108967.18590406085,
  "summary_fg_mean": 665614.6875,
  "summary_fg_median": 656966.9375,
  "summary_fg_n": 26931.0,
  "summary_fg_p05": 514667.90625,
  "summary_fg_p95": 838934.28125,
  "summary_fg_stdv": 106875.125,
  "tsnr": 69.1029052734375
}