{
  "aor": 0.0012332657200811359,
  "aqi": 0.01934949014198783,
  "bids_meta": {
    "EchoTime": 0.03603,
    "EchoTrainLength": 23,
    "FlipAngle": 80,
    "InstitutionName": "Univerity Medical Center Groningen",
    "InstitutionalDepartmentName": "Neuroimaging Center Groningen",
    "MagneticFieldStrength": 3,
    "Manufacturer": "Philips",
    "ManufacturersModelName": "Intera",
    "Modality": "MR",
    "PatientPosition": "HFS",
    "PhilipsRescaleIntercept": 0,
    "PhilipsRescaleSlope": 282.541,
    "PhilipsScaleSlope": 0.0011356,
    "ProtocolName": "WIPR-state_ME_descending-sso-DSSENSE4.2",
    "ReceiveCoilName": "SENSE-Head-32P",
    "ReconMatrixPE": 64,
    "RepetitionTime": 2.45,
    "SliceThickness": 3.5,
    "SliceTiming": [
      2.395555556,
      2.341111111,
      2.286666667,
      2.232222222,
      2.177777778,
      2.123333333,
      2.068888889,
      2.014444444,
      1.96,
      1.905555556,
      1.851111111,
      1.796666667,
      1.742222222,
      1.687777778,
      1.633333333,
      1.578888889,
      1.524444444,
      1.47,
      1.415555556,
      1.361111111,
      1.306666667,
      1.252222222,
      1.197777778,
      1.143333333,
      1.088888889,
      1.034444444,
      0.98,
      0.925555556,
      0.871111111,
      0.816666667,
      0.762222222,
      0.707777778,
      0.653333333,
      0.598888889,
      0.544444444,
      0.49,
      0.435555556,
      0.381111111,
      0.326666667,
      0.272222222,
      0.217777778,
      0.163333333,
      0.108888889,
      0.054444444,
      0
    ],
    "TaskName": "task-images",
    "UsePhilipsFloatNotDisplayScaling": 1,
    "dataset": "ds001491",
    "modality": "bold",
    "subject_id": "01",
    "task_id": "images"
  },
  "dummy_trs": 0,
  "dvars_nstd": 21.98108000115854,
  "dvars_std": 0.9648327221951217,
  "dvars_vstd": 0.874419842825203,
  "efc": 0.40217326352048655,
  "fber": 586653.125,
  "fd_mean": 0.1756100554967659,
  "fd_num": 98,
  "fd_perc": 19.878296146044626,
  "fwhm_avg": 1.8743133333333333,
  "fwhm_x": 1.7320742857142857,
  "fwhm_y": 2.049797142857143,
  "fwhm_z": 1.8410685714285715,
  "gcor": 0.0237678,
  "gsr_x": -0.0025409620720893145,
  "gsr_y": 0.02434326894581318,
  "provenance": {
    "md5sum": "b23e303b6ac6c86739e75a8e51e2bee0",
    "settings": {
      "fd_thres": 0.2,
      "testing": false
    },
    "software": "mriqc",
    "version": "22.0.6",
    "webapi_port": null,
    "webapi_url": "https://mriqc.nimh.nih.gov/api/v1"
  },
  "size_t": 493,
  "size_x": 64,
  "size_y": 64,
  "size_z": 45,
  "snr": 4.16026079333463,
  "spacing_tr": 2.450000047683716,
  "spacing_x": 3.5,
  "spacing_y": 3.5,
  "spacing_z": 3.5,
  "summary_bg_k": 165.483154936002,
  "summary_bg_mad": 1324.7079864257314,
  "summary_bg_mean": 13316.7939453125,
  "summary_bg_median": 903.13916015625,
  "summary_bg_n": 125835.0,
  "summary_bg_p05": 5.3303508281707765,
  "summary_bg_p95": 64134.46093749997,
  "summary_bg_stdv": 36769.03125,
  "summary_fg_k": 3.301296011061071,
  "summary_fg_mad": 128952.57114687772,
  "summary_fg_mean": 664734.1875,
  "summary_fg_median": 641682.9375,
  "summary_fg_n": 24154.0,
  "summary_fg_p05": 468618.621875,
  "summary_fg_p95": 944453.8531249999,
  "summary_fg_stdv": 154237.84375,
  "tsnr": 32.809871673583984
}