{
  "aor": 0.0019960360360360358,
  "aqi": 0.002441434594594594,
  "bids_meta": {
    "EchoTime": 0.00802,
    "EchoTrainLength": 23,
    "FlipAngle": 80,
    "InstitutionName": "Univerity Medical Center Groningen",
    "InstitutionalDepartmentName": "Neuroimaging Center Groningen",
    "MagneticFieldStrength": 3,
    "Manufacturer": "Philips",
    "ManufacturersModelName": "Intera",
    "Modality": "MR",
    "PatientPosition": "HFS",
    "PhilipsRescaleIntercept": 0,
    "PhilipsRescaleSlope": 282.541,
    "PhilipsScaleSlope": 0.0011356,
    "ProtocolName": "WIPR-state_ME_descending-sso-DSSENSE4.2",
    "ReceiveCoilName": "SENSE-Head-32P",
    "ReconMatrixPE": 64,
    "RepetitionTime": 2.45,
    "SliceThickness": 3.5,
    "SliceTiming": [
      2.395555556,
      2.341111111,
      2.286666667,
      2.232222222,
      2.177777778,
      2.123333333,
      2.068888889,
      2.014444444,
      1.96,
      1.905555556,
      1.851111111,
      1.796666667,
      1.742222222,
      1.687777778,
      1.633333333,
      1.578888889,
      1.524444444,
      1.47,
      1.415555556,
      1.361111111,
      1.306666667,
      1.252222222,
      1.197777778,
      1.143333333,
      1.088888889,
      1.034444444,
      0.98,
      0.925555556,
      0.871111111,
      0.816666667,
      0.762222222,
      0.707777778,
      0.653333333,
      0.598888889,
      0.544444444,
      0.49,
      0.435555556,
      0.381111111,
      0.326666667,
      0.272222222,
      0.217777778,
      0.163333333,
      0.108888889,
      0.054444444,
      0
    ],
    "TaskName": "task-FlavorRun4",
    "UsePhilipsFloatNotDisplayScaling": 1,
    "dataset": "ds001491",
    "modality": "bold",
    "subject_id": "01",
    "task_id": "FlavorRun4"
  },
  "dummy_trs": 0,
  "dvars_nstd": 15.014346390361991,
  "dvars_std": 1.2190641580090493,
  "dvars_vstd": 0.9990479008144798,
  "efc": 0.49250146028573655,
  "fber": 119208.5078125,
  "fd_mean": 0.187144790862923,
  "fd_num": 73,
  "fd_perc": 32.88288288288288,
  "fwhm_avg": 2.235995238095238,
  "fwhm_x": 2.07274,
  "fwhm_y": 2.3533885714285714,
  "fwhm_z": 2.281857142857143,
  "gcor": 0.0116719,
  "gsr_x": -0.004918307065963745,
  "gsr_y": 0.048806991428136826,
  "provenance": {
    "md5sum": "5b803dc93bf242184662619b213bb662",
    "settings": {
      "fd_thres": 0.2,
      "testing": false
    },
    "software": "mriqc",
    "version": "22.0.6",
    "webapi_port": null,
    "webapi_url": "https://mriqc.nimh.nih.gov/api/v1"
  },
  "size_t": 222,
  "size_x": 64,
  "size_y": 64,
  "size_z": 45,
  "snr": 6.5157448049482,
  "spacing_tr": 2.450000047683716,
  "spacing_x": 3.5,
  "spacing_y": 3.5,
  "spacing_z": 3.5,
  "summary_bg_k": 9.470665715590348,
  "summary_bg_mad": 4140.228240271734,
  "summary_bg_mean": 58880.6875,
  "summary_bg_median": 2840.625,
  "summary_bg_n": 119599.0,
  "summary_bg_p05": 19.94500198364258,
  "summary_bg_p95": 387670.78124999994,
  "summary_bg_stdv": 134178.15625,
  "summary_fg_k": 0.4073511165214576,
  "summary_fg_mad": 145505.96391045075,
  "summary_fg_mean": 944105.4375,
  "summary_fg_median": 937021.5,
  "summary_fg_n": 28984.0,
  "summary_fg_p05": 720917.3,
  "summary_fg_p95": 1180317.5062499999,
  "summary_fg_stdv": 143806.328125,
  "tsnr": 105.37422943115234
}