{
  "aor": 0.0016615821501014198,
  "aqi": 0.006735616855983772,
  "bids_meta": {
    "EchoTime": 0.00802,
    "EchoTrainLength": 23,
    "FlipAngle": 80,
    "InstitutionName": "Univerity Medical Center Groningen",
    "InstitutionalDepartmentName": "Neuroimaging Center Groningen",
    "MagneticFieldStrength": 3,
    "Manufacturer": "Philips",
    "ManufacturersModelName": "Intera",
    "Modality": "MR",
    "PatientPosition": "HFS",
    "PhilipsRescaleIntercept": 0,
    "PhilipsRescaleSlope": 282.541,
    "PhilipsScaleSlope": 0.0011356,
    "ProtocolName": "WIPR-state_ME_descending-sso-DSSENSE4.2",
    "ReceiveCoilName": "SENSE-Head-32P",
    "ReconMatrixPE": 64,
    "RepetitionTime": 2.45,
    "SliceThickness": 3.5,
    "SliceTiming": [
      2.395555556,
      2.341111111,
      2.286666667,
      2.232222222,
      2.177777778,
      2.123333333,
      2.068888889,
      2.014444444,
      1.96,
      1.905555556,
      1.851111111,
      1.796666667,
      1.742222222,
      1.687777778,
      1.633333333,
      1.578888889,
      1.524444444,
      1.47,
      1.415555556,
      1.361111111,
      1.306666667,
      1.252222222,
      1.197777778,
      1.143333333,
      1.088888889,
      1.034444444,
      0.98,
      0.925555556,
      0.871111111,
      0.816666667,
      0.762222222,
      0.707777778,
      0.653333333,
      0.598888889,
      0.544444444,
      0.49,
      0.435555556,
      0.381111111,
      0.326666667,
      0.272222222,
      0.217777778,
      0.163333333,
      0.108888889,
      0.054444444,
      0
    ],
    "TaskName": "task-images",
    "UsePhilipsFloatNotDisplayScaling": 1,
    "dataset": "ds001491",
    "modality": "bold",
    "subject_id": "01",
    "task_id": "images"
  },
  "dummy_trs": 0,
  "dvars_nstd": 12.835981721910573,
  "dvars_std": 1.030704598211382,
  "dvars_vstd": 0.9008249939227645,
  "efc": 0.49054404691527353,
  "fber": 322011.5,
  "fd_mean": 0.16423374095876472,
  "fd_num": 81,
  "fd_perc": 16.430020283975658,
  "fwhm_avg": 2.1591485714285716,
  "fwhm_x": 2.045314285714286,
  "fwhm_y": 2.2612085714285715,
  "fwhm_z": 2.170922857142857,
  "gcor": 0.0165774,
  "gsr_x": -0.003538136836141348,
  "gsr_y": 0.05047985166311264,
  "provenance": {
    "md5sum": "46605fc329b793326bd001fbd7ed01f2",
    "settings": {
      "fd_thres": 0.2,
      "testing": false
    },
    "software": "mriqc",
    "version": "22.0.6",
    "webapi_port": null,
    "webapi_url": "https://mriqc.nimh.nih.gov/api/v1"
  },
  "size_t": 493,
  "size_x": 64,
  "size_y": 64,
  "size_z": 45,
  "snr": 6.75147101577693,
  "spacing_tr": 2.450000047683716,
  "spacing_x": 3.5,
  "spacing_y": 3.5,
  "spacing_z": 3.5,
  "summary_bg_k": 8.717244536846133,
  "summary_bg_mad": 3049.3800766541935,
  "summary_bg_mean": 73022.390625,
  "summary_bg_median": 2069.49853515625,
  "summary_bg_n": 120419.0,
  "summary_bg_p05": 6.087385082244874,
  "summary_bg_p95": 478234.70937499957,
  "summary_bg_stdv": 165693.84375,
  "summary_fg_k": 0.25411363106075946,
  "summary_fg_mad": 169022.7223124706,
  "summary_fg_mean": 1125130.625,
  "summary_fg_median": 1116486.0,
  "summary_fg_n": 28782.0,
  "summary_fg_p05": 867051.896875,
  "summary_fg_p95": 1403470.55625,
  "summary_fg_stdv": 165366.421875,
  "tsnr": 67.2044677734375
}