{
  "aor": 0.0015236888888888887,
  "aqi": 0.0056357039555555545,
  "bids_meta": {
    "EchoTime": 0.03603,
    "EchoTrainLength": 23,
    "FlipAngle": 80,
    "InstitutionName": "Univerity Medical Center Groningen",
    "InstitutionalDepartmentName": "Neuroimaging Center Groningen",
    "MagneticFieldStrength": 3,
    "Manufacturer": "Philips",
    "ManufacturersModelName": "Intera",
    "Modality": "MR",
    "PatientPosition": "HFS",
    "PhilipsRescaleIntercept": 0,
    "PhilipsRescaleSlope": 282.541,
    "PhilipsScaleSlope": 0.0011356,
    "ProtocolName": "WIPR-state_ME_descending-sso-DSSENSE4.2",
    "ReceiveCoilName": "SENSE-Head-32P",
    "ReconMatrixPE": 64,
    "RepetitionTime": 2.45,
    "SliceThickness": 3.5,
    "SliceTiming": [
      2.395555556,
      2.341111111,
      2.286666667,
      2.232222222,
      2.177777778,
      2.123333333,
      2.068888889,
      2.014444444,
      1.96,
      1.905555556,
      1.851111111,
      1.796666667,
      1.742222222,
      1.687777778,
      1.633333333,
      1.578888889,
      1.524444444,
      1.47,
      1.415555556,
      1.361111111,
      1.306666667,
      1.252222222,
      1.197777778,
      1.143333333,
      1.088888889,
      1.034444444,
      0.98,
      0.925555556,
      0.871111111,
      0.816666667,
      0.762222222,
      0.707777778,
      0.653333333,
      0.598888889,
      0.544444444,
      0.49,
      0.435555556,
      0.381111111,
      0.326666667,
      0.272222222,
      0.217777778,
      0.163333333,
      0.108888889,
      0.054444444,
      0
    ],
    "TaskName": "task-FlavorRun3",
    "UsePhilipsFloatNotDisplayScaling": 1,
    "dataset": "ds001491",
    "modality": "bold",
    "subject_id": "01",
    "task_id": "FlavorRun3"
  },
  "dummy_trs": 0,
  "dvars_nstd": 26.536641266026784,
  "dvars_std": 1.1835808479910717,
  "dvars_vstd": 0.9936710873660711,
  "efc": 0.40420623621763324,
  "fber": 152406.453125,
  "fd_mean": 0.1856587348412661,
  "fd_num": 79,
  "fd_perc": 35.111111111111114,
  "fwhm_avg": 1.8557485714285715,
  "fwhm_x": 1.72048,
  "fwhm_y": 2.030954285714286,
  "fwhm_z": 1.8158114285714286,
  "gcor": 0.0361837,
  "gsr_x": -0.0017953490605577826,
  "gsr_y": 0.02308868058025837,
  "provenance": {
    "md5sum": "7909e36fee5bd5e75240b996ebc93b98",
    "settings": {
      "fd_thres": 0.2,
      "testing": false
    },
    "software": "mriqc",
    "version": "22.0.6",
    "webapi_port": null,
    "webapi_url": "https://mriqc.nimh.nih.gov/api/v1"
  },
  "size_t": 225,
  "size_x": 64,
  "size_y": 64,
  "size_z": 45,
  "snr": 4.077072010961913,
  "spacing_tr": 2.450000047683716,
  "spacing_x": 3.5,
  "spacing_y": 3.5,
  "spacing_z": 3.5,
  "summary_bg_k": 167.42381232808495,
  "summary_bg_mad": 2130.138595285774,
  "summary_bg_mean": 11463.947265625,
  "summary_bg_median": 1476.46826171875,
  "summary_bg_n": 125595.0,
  "summary_bg_p05": 15.444994735717774,
  "summary_bg_p95": 53003.13085937498,
  "summary_bg_stdv": 30707.474609375,
  "summary_fg_k": 3.757967715447619,
  "summary_fg_mad": 110045.38520180937,
  "summary_fg_mean": 565155.5,
  "summary_fg_median": 545992.5,
  "summary_fg_n": 24352.0,
  "summary_fg_p05": 395231.2453125,
  "summary_fg_p95": 805634.678125,
  "summary_fg_stdv": 133915.046875,
  "tsnr": 54.89358139038086
}