{
  "aor": 0.002006755555555556,
  "aqi": 0.002347268622222222,
  "bids_meta": {
    "EchoTime": 0.00802,
    "EchoTrainLength": 23,
    "FlipAngle": 80,
    "InstitutionName": "Univerity Medical Center Groningen",
    "InstitutionalDepartmentName": "Neuroimaging Center Groningen",
    "MagneticFieldStrength": 3,
    "Manufacturer": "Philips",
    "ManufacturersModelName": "Intera",
    "Modality": "MR",
    "PatientPosition": "HFS",
    "PhilipsRescaleIntercept": 0,
    "PhilipsRescaleSlope": 282.541,
    "PhilipsScaleSlope": 0.0011356,
    "ProtocolName": "WIPR-state_ME_descending-sso-DSSENSE4.2",
    "ReceiveCoilName": "SENSE-Head-32P",
    "ReconMatrixPE": 64,
    "RepetitionTime": 2.45,
    "SliceThickness": 3.5,
    "SliceTiming": [
      2.395555556,
      2.341111111,
      2.286666667,
      2.232222222,
      2.177777778,
      2.123333333,
      2.068888889,
      2.014444444,
      1.96,
      1.905555556,
      1.851111111,
      1.796666667,
      1.742222222,
      1.687777778,
      1.633333333,
      1.578888889,
      1.524444444,
      1.47,
      1.415555556,
      1.361111111,
      1.306666667,
      1.252222222,
      1.197777778,
      1.143333333,
      1.088888889,
      1.034444444,
      0.98,
      0.925555556,
      0.871111111,
      0.816666667,
      0.762222222,
      0.707777778,
      0.653333333,
      0.598888889,
      0.544444444,
      0.49,
      0.435555556,
      0.381111111,
      0.326666667,
      0.272222222,
      0.217777778,
      0.163333333,
      0.108888889,
      0.054444444,
      0
    ],
    "TaskName": "task-FlavorRun3",
    "UsePhilipsFloatNotDisplayScaling": 1,
    "dataset": "ds001491",
    "modality": "bold",
    "subject_id": "01",
    "task_id": "FlavorRun3"
  },
  "dummy_trs": 0,
  "dvars_nstd": 15.236753119464288,
  "dvars_std": 1.2348820162946432,
  "dvars_vstd": 1.0036784688392852,
  "efc": 0.49165290700307934,
  "fber": 128511.6640625,
  "fd_mean": 0.18189162093940953,
  "fd_num": 79,
  "fd_perc": 35.111111111111114,
  "fwhm_avg": 2.2769390476190474,
  "fwhm_x": 2.110265714285714,
  "fwhm_y": 2.390094285714286,
  "fwhm_z": 2.3304571428571426,
  "gcor": 0.0162097,
  "gsr_x": -0.0023151501081883907,
  "gsr_y": 0.04956052824854851,
  "provenance": {
    "md5sum": "1fb2d5586fd5b004554d84cb974fdb71",
    "settings": {
      "fd_thres": 0.2,
      "testing": false
    },
    "software": "mriqc",
    "version": "22.0.6",
    "webapi_port": null,
    "webapi_url": "https://mriqc.nimh.nih.gov/api/v1"
  },
  "size_t": 225,
  "size_x": 64,
  "size_y": 64,
  "size_z": 45,
  "snr": 6.425418926730869,
  "spacing_tr": 2.450000047683716,
  "spacing_x": 3.5,
  "spacing_y": 3.5,
  "spacing_z": 3.5,
  "summary_bg_k": 10.207132654938134,
  "summary_bg_mad": 3976.771812274978,
  "summary_bg_mean": 56515.2109375,
  "summary_bg_median": 2722.8798828125,
  "summary_bg_n": 119098.0,
  "summary_bg_p05": 16.719608688354494,
  "summary_bg_p95": 374546.39218749985,
  "summary_bg_stdv": 130367.125,
  "summary_fg_k": 0.38669365187700366,
  "summary_fg_mad": 147836.93891717686,
  "summary_fg_mean": 946202.0625,
  "summary_fg_median": 939880.0625,
  "summary_fg_n": 29071.0,
  "summary_fg_p05": 719036.65625,
  "summary_fg_p95": 1187126.25,
  "summary_fg_stdv": 146272.78125,
  "tsnr": 103.87743377685547
}