{
  "aor": 0.0011844016227180525,
  "aqi": 0.012596054645030427,
  "bids_meta": {
    "EchoTime": 0.02203,
    "EchoTrainLength": 23,
    "FlipAngle": 80,
    "InstitutionName": "Univerity Medical Center Groningen",
    "InstitutionalDepartmentName": "Neuroimaging Center Groningen",
    "MagneticFieldStrength": 3,
    "Manufacturer": "Philips",
    "ManufacturersModelName": "Intera",
    "Modality": "MR",
    "PatientPosition": "HFS",
    "PhilipsRescaleIntercept": 0,
    "PhilipsRescaleSlope": 282.541,
    "PhilipsScaleSlope": 0.0011356,
    "ProtocolName": "WIPR-state_ME_descending-sso-DSSENSE4.2",
    "ReceiveCoilName": "SENSE-Head-32P",
    "ReconMatrixPE": 64,
    "RepetitionTime": 2.45,
    "SliceThickness": 3.5,
    "SliceTiming": [
      2.395555556,
      2.341111111,
      2.286666667,
      2.232222222,
      2.177777778,
      2.123333333,
      2.068888889,
      2.014444444,
      1.96,
      1.905555556,
      1.851111111,
      1.796666667,
      1.742222222,
      1.687777778,
      1.633333333,
      1.578888889,
      1.524444444,
      1.47,
      1.415555556,
      1.361111111,
      1.306666667,
      1.252222222,
      1.197777778,
      1.143333333,
      1.088888889,
      1.034444444,
      0.98,
      0.925555556,
      0.871111111,
      0.816666667,
      0.762222222,
      0.707777778,
      0.653333333,
      0.598888889,
      0.544444444,
      0.49,
      0.435555556,
      0.381111111,
      0.326666667,
      0.272222222,
      0.217777778,
      0.163333333,
      0.108888889,
      0.054444444,
      0
    ],
    "TaskName": "task-images",
    "UsePhilipsFloatNotDisplayScaling": 1,
    "dataset": "ds001491",
    "modality": "bold",
    "subject_id": "01",
    "task_id": "images"
  },
  "dummy_trs": 0,
  "dvars_nstd": 16.853822113008135,
  "dvars_std": 0.994083674512195,
  "dvars_vstd": 0.8875817778861795,
  "efc": 0.4356684175559535,
  "fber": 538754.625,
  "fd_mean": 0.1676300972345245,
  "fd_num": 93,
  "fd_perc": 18.864097363083165,
  "fwhm_avg": 1.9038152380952382,
  "fwhm_x": 1.7656314285714285,
  "fwhm_y": 2.07008,
  "fwhm_z": 1.8757342857142858,
  "gcor": 0.0214906,
  "gsr_x": -0.0016420552274212241,
  "gsr_y": 0.02678697183728218,
  "provenance": {
    "md5sum": "c901a7bd28e96509c16899922aa8c203",
    "settings": {
      "fd_thres": 0.2,
      "testing": false
    },
    "software": "mriqc",
    "version": "22.0.6",
    "webapi_port": null,
    "webapi_url": "https://mriqc.nimh.nih.gov/api/v1"
  },
  "size_t": 493,
  "size_x": 64,
  "size_y": 64,
  "size_z": 45,
  "snr": 5.596863692328354,
  "spacing_tr": 2.450000047683716,
  "spacing_x": 3.5,
  "spacing_y": 3.5,
  "spacing_z": 3.5,
  "summary_bg_k": 40.057538036881304,
  "summary_bg_mad": 1858.348898712273,
  "summary_bg_mean": 27932.392578125,
  "summary_bg_median": 1263.30029296875,
  "summary_bg_n": 123687.0,
  "summary_bg_p05": 5.205536556243897,
  "summary_bg_p95": 155568.54687499994,
  "summary_bg_stdv": 71840.671875,
  "summary_fg_k": 1.19941228400865,
  "summary_fg_mad": 145451.15395968535,
  "summary_fg_mean": 866541.375,
  "summary_fg_median": 849325.375,
  "summary_fg_n": 26395.0,
  "summary_fg_p05": 653370.65625,
  "summary_fg_p95": 1132760.5625,
  "summary_fg_stdv": 151747.359375,
  "tsnr": 46.960052490234375
}