{
  "aor": 0.0023595614035087724,
  "aqi": 0.010438167631578947,
  "bids_meta": {
    "EchoTime": 0.03603,
    "EchoTrainLength": 23,
    "FlipAngle": 80,
    "InstitutionName": "Univerity Medical Center Groningen",
    "InstitutionalDepartmentName": "Neuroimaging Center Groningen",
    "MagneticFieldStrength": 3,
    "Manufacturer": "Philips",
    "ManufacturersModelName": "Intera",
    "Modality": "MR",
    "PatientPosition": "HFS",
    "PhilipsRescaleIntercept": 0,
    "PhilipsRescaleSlope": 282.541,
    "PhilipsScaleSlope": 0.0011356,
    "ProtocolName": "WIPR-state_ME_descending-sso-DSSENSE4.2",
    "ReceiveCoilName": "SENSE-Head-32P",
    "ReconMatrixPE": 64,
    "RepetitionTime": 2.45,
    "SliceThickness": 3.5,
    "SliceTiming": [
      2.395555556,
      2.341111111,
      2.286666667,
      2.232222222,
      2.177777778,
      2.123333333,
      2.068888889,
      2.014444444,
      1.96,
      1.905555556,
      1.851111111,
      1.796666667,
      1.742222222,
      1.687777778,
      1.633333333,
      1.578888889,
      1.524444444,
      1.47,
      1.415555556,
      1.361111111,
      1.306666667,
      1.252222222,
      1.197777778,
      1.143333333,
      1.088888889,
      1.034444444,
      0.98,
      0.925555556,
      0.871111111,
      0.816666667,
      0.762222222,
      0.707777778,
      0.653333333,
      0.598888889,
      0.544444444,
      0.49,
      0.435555556,
      0.381111111,
      0.326666667,
      0.272222222,
      0.217777778,
      0.163333333,
      0.108888889,
      0.054444444,
      0
    ],
    "TaskName": "task-FlavorRun1",
    "UsePhilipsFloatNotDisplayScaling": 1,
    "dataset": "ds001491",
    "modality": "bold",
    "subject_id": "01",
    "task_id": "FlavorRun1"
  },
  "dummy_trs": 0,
  "dvars_nstd": 26.766833082687214,
  "dvars_std": 1.1203509482378855,
  "dvars_vstd": 0.9615420374889861,
  "efc": 0.4041883196050987,
  "fber": 152160.75,
  "fd_mean": 0.19643044031737716,
  "fd_num": 75,
  "fd_perc": 32.89473684210526,
  "fwhm_avg": 1.8811219047619048,
  "fwhm_x": 1.7433457142857143,
  "fwhm_y": 2.0556085714285715,
  "fwhm_z": 1.8444114285714286,
  "gcor": 0.0328498,
  "gsr_x": -0.0021941489540040493,
  "gsr_y": 0.02385801076889038,
  "provenance": {
    "md5sum": "0de93deb175235a8dd81f200c4763fff",
    "settings": {
      "fd_thres": 0.2,
      "testing": false
    },
    "software": "mriqc",
    "version": "22.0.6",
    "webapi_port": null,
    "webapi_url": "https://mriqc.nimh.nih.gov/api/v1"
  },
  "size_t": 228,
  "size_x": 64,
  "size_y": 64,
  "size_z": 45,
  "snr": 4.10760126939491,
  "spacing_tr": 2.450000047683716,
  "spacing_x": 3.5,
  "spacing_y": 3.5,
  "spacing_z": 3.5,
  "summary_bg_k": 175.23418982760066,
  "summary_bg_mad": 2097.561654500239,
  "summary_bg_mean": 11124.0458984375,
  "summary_bg_median": 1459.5577392578125,
  "summary_bg_n": 125461.0,
  "summary_bg_p05": 17.656665802001953,
  "summary_bg_p95": 50871.140625,
  "summary_bg_stdv": 30148.505859375,
  "summary_fg_k": 3.276755123110628,
  "summary_fg_mad": 110201.63757624407,
  "summary_fg_mean": 560487.125,
  "summary_fg_median": 541934.125,
  "summary_fg_n": 24409.0,
  "summary_fg_p05": 390490.425,
  "summary_fg_p95": 798253.1249999997,
  "summary_fg_stdv": 131931.75,
  "tsnr": 42.59620666503906
}