{
  "aor": 0.0029192543859649124,
  "aqi": 0.0034399405263157903,
  "bids_meta": {
    "EchoTime": 0.00802,
    "EchoTrainLength": 23,
    "FlipAngle": 80,
    "InstitutionName": "Univerity Medical Center Groningen",
    "InstitutionalDepartmentName": "Neuroimaging Center Groningen",
    "MagneticFieldStrength": 3,
    "Manufacturer": "Philips",
    "ManufacturersModelName": "Intera",
    "Modality": "MR",
    "PatientPosition": "HFS",
    "PhilipsRescaleIntercept": 0,
    "PhilipsRescaleSlope": 282.541,
    "PhilipsScaleSlope": 0.0011356,
    "ProtocolName": "WIPR-state_ME_descending-sso-DSSENSE4.2",
    "ReceiveCoilName": "SENSE-Head-32P",
    "ReconMatrixPE": 64,
    "RepetitionTime": 2.45,
    "SliceThickness": 3.5,
    "SliceTiming": [
      2.395555556,
      2.341111111,
      2.286666667,
      2.232222222,
      2.177777778,
      2.123333333,
      2.068888889,
      2.014444444,
      1.96,
      1.905555556,
      1.851111111,
      1.796666667,
      1.742222222,
      1.687777778,
      1.633333333,
      1.578888889,
      1.524444444,
      1.47,
      1.415555556,
      1.361111111,
      1.306666667,
      1.252222222,
      1.197777778,
      1.143333333,
      1.088888889,
      1.034444444,
      0.98,
      0.925555556,
      0.871111111,
      0.816666667,
      0.762222222,
      0.707777778,
      0.653333333,
      0.598888889,
      0.544444444,
      0.49,
      0.435555556,
      0.381111111,
      0.326666667,
      0.272222222,
      0.217777778,
      0.163333333,
      0.108888889,
      0.054444444,
      0
    ],
    "TaskName": "task-FlavorRun1",
    "UsePhilipsFloatNotDisplayScaling": 1,
    "dataset": "ds001491",
    "modality": "bold",
    "subject_id": "01",
    "task_id": "FlavorRun1"
  },
  "dummy_trs": 0,
  "dvars_nstd": 15.560580468237873,
  "dvars_std": 1.1866100070484578,
  "dvars_vstd": 0.982741645330396,
  "efc": 0.48995598804627305,
  "fber": 128218.265625,
  "fd_mean": 0.2001316935692465,
  "fd_num": 76,
  "fd_perc": 33.333333333333336,
  "fwhm_avg": 2.3059809523809522,
  "fwhm_x": 2.143205714285714,
  "fwhm_y": 2.420057142857143,
  "fwhm_z": 2.3546799999999997,
  "gcor": 0.0149075,
  "gsr_x": -0.005624727346003056,
  "gsr_y": 0.050385959446430206,
  "provenance": {
    "md5sum": "a5b0adbcb97da9e964c69942d435d1d7",
    "settings": {
      "fd_thres": 0.2,
      "testing": false
    },
    "software": "mriqc",
    "version": "22.0.6",
    "webapi_port": null,
    "webapi_url": "https://mriqc.nimh.nih.gov/api/v1"
  },
  "size_t": 228,
  "size_x": 64,
  "size_y": 64,
  "size_z": 45,
  "snr": 6.13085584677573,
  "spacing_tr": 2.450000047683716,
  "spacing_x": 3.5,
  "spacing_y": 3.5,
  "spacing_z": 3.5,
  "summary_bg_k": 11.308599976050411,
  "summary_bg_mad": 3934.7864436579266,
  "summary_bg_mean": 55028.953125,
  "summary_bg_median": 2703.976806640625,
  "summary_bg_n": 119129.0,
  "summary_bg_p05": 23.01803131103516,
  "summary_bg_p95": 360345.36249999993,
  "summary_bg_stdv": 128045.5859375,
  "summary_fg_k": 0.6586476502970373,
  "summary_fg_mad": 151820.13510246944,
  "summary_fg_mean": 939943.3125,
  "summary_fg_median": 933416.5,
  "summary_fg_n": 29313.0,
  "summary_fg_p05": 707361.5875,
  "summary_fg_p95": 1193290.125,
  "summary_fg_stdv": 152246.375,
  "tsnr": 84.95613861083984
}