{
  "aor": 0.002225833333333333,
  "aqi": 0.006639744824561405,
  "bids_meta": {
    "EchoTime": 0.02203,
    "EchoTrainLength": 23,
    "FlipAngle": 80,
    "InstitutionName": "Univerity Medical Center Groningen",
    "InstitutionalDepartmentName": "Neuroimaging Center Groningen",
    "MagneticFieldStrength": 3,
    "Manufacturer": "Philips",
    "ManufacturersModelName": "Intera",
    "Modality": "MR",
    "PatientPosition": "HFS",
    "PhilipsRescaleIntercept": 0,
    "PhilipsRescaleSlope": 282.541,
    "PhilipsScaleSlope": 0.0011356,
    "ProtocolName": "WIPR-state_ME_descending-sso-DSSENSE4.2",
    "ReceiveCoilName": "SENSE-Head-32P",
    "ReconMatrixPE": 64,
    "RepetitionTime": 2.45,
    "SliceThickness": 3.5,
    "SliceTiming": [
      2.395555556,
      2.341111111,
      2.286666667,
      2.232222222,
      2.177777778,
      2.123333333,
      2.068888889,
      2.014444444,
      1.96,
      1.905555556,
      1.851111111,
      1.796666667,
      1.742222222,
      1.687777778,
      1.633333333,
      1.578888889,
      1.524444444,
      1.47,
      1.415555556,
      1.361111111,
      1.306666667,
      1.252222222,
      1.197777778,
      1.143333333,
      1.088888889,
      1.034444444,
      0.98,
      0.925555556,
      0.871111111,
      0.816666667,
      0.762222222,
      0.707777778,
      0.653333333,
      0.598888889,
      0.544444444,
      0.49,
      0.435555556,
      0.381111111,
      0.326666667,
      0.272222222,
      0.217777778,
      0.163333333,
      0.108888889,
      0.054444444,
      0
    ],
    "TaskName": "task-FlavorRun1",
    "UsePhilipsFloatNotDisplayScaling": 1,
    "dataset": "ds001491",
    "modality": "bold",
    "subject_id": "01",
    "task_id": "FlavorRun1"
  },
  "dummy_trs": 0,
  "dvars_nstd": 20.51746354528634,
  "dvars_std": 1.1429085582378855,
  "dvars_vstd": 0.9693904491629957,
  "efc": 0.43683473274940016,
  "fber": 169521.671875,
  "fd_mean": 0.19932095046826243,
  "fd_num": 78,
  "fd_perc": 34.21052631578947,
  "fwhm_avg": 1.9432371428571429,
  "fwhm_x": 1.8036142857142856,
  "fwhm_y": 2.101742857142857,
  "fwhm_z": 1.9243542857142857,
  "gcor": 0.0287077,
  "gsr_x": -0.001980037661269307,
  "gsr_y": 0.02638355642557144,
  "provenance": {
    "md5sum": "06eb306083707372f0ceb32aed0813f9",
    "settings": {
      "fd_thres": 0.2,
      "testing": false
    },
    "software": "mriqc",
    "version": "22.0.6",
    "webapi_port": null,
    "webapi_url": "https://mriqc.nimh.nih.gov/api/v1"
  },
  "size_t": 228,
  "size_x": 64,
  "size_y": 64,
  "size_z": 45,
  "snr": 5.409335885551577,
  "spacing_tr": 2.450000047683716,
  "spacing_x": 3.5,
  "spacing_y": 3.5,
  "spacing_z": 3.5,
  "summary_bg_k": 44.15590615606666,
  "summary_bg_mad": 2673.799407582318,
  "summary_bg_mean": 23031.4921875,
  "summary_bg_median": 1847.40185546875,
  "summary_bg_n": 123321.0,
  "summary_bg_p05": 19.500804901123047,
  "summary_bg_p95": 123565.265625,
  "summary_bg_stdv": 59827.62109375,
  "summary_fg_k": 1.026004850224174,
  "summary_fg_mad": 127088.56950766154,
  "summary_fg_mean": 728758.25,
  "summary_fg_median": 714415.4375,
  "summary_fg_n": 26645.0,
  "summary_fg_p05": 542693.8625,
  "summary_fg_p95": 962095.25,
  "summary_fg_stdv": 132068.34375,
  "tsnr": 59.32612228393555
}