{
  "aor": 0.007361374722838137,
  "aqi": 0.028947600266075388,
  "bids_meta": {
    "EchoTime": 0.03603,
    "EchoTrainLength": 23,
    "FlipAngle": 80,
    "InstitutionName": "Univerity Medical Center Groningen",
    "InstitutionalDepartmentName": "Neuroimaging Center Groningen",
    "MagneticFieldStrength": 3,
    "Manufacturer": "Philips",
    "ManufacturersModelName": "Intera",
    "Modality": "MR",
    "PatientPosition": "HFS",
    "PhilipsRescaleIntercept": 0,
    "PhilipsRescaleSlope": 282.541,
    "PhilipsScaleSlope": 0.0011356,
    "ProtocolName": "WIPR-state_ME_descending-sso-DSSENSE4.2",
    "ReceiveCoilName": "SENSE-Head-32P",
    "ReconMatrixPE": 64,
    "RepetitionTime": 2.45,
    "SliceThickness": 3.5,
    "SliceTiming": [
      2.395555556,
      2.341111111,
      2.286666667,
      2.232222222,
      2.177777778,
      2.123333333,
      2.068888889,
      2.014444444,
      1.96,
      1.905555556,
      1.851111111,
      1.796666667,
      1.742222222,
      1.687777778,
      1.633333333,
      1.578888889,
      1.524444444,
      1.47,
      1.415555556,
      1.361111111,
      1.306666667,
      1.252222222,
      1.197777778,
      1.143333333,
      1.088888889,
      1.034444444,
      0.98,
      0.925555556,
      0.871111111,
      0.816666667,
      0.762222222,
      0.707777778,
      0.653333333,
      0.598888889,
      0.544444444,
      0.49,
      0.435555556,
      0.381111111,
      0.326666667,
      0.272222222,
      0.217777778,
      0.163333333,
      0.108888889,
      0.054444444,
      0
    ],
    "TaskName": "task-images",
    "UsePhilipsFloatNotDisplayScaling": 1,
    "dataset": "ds001491",
    "modality": "bold",
    "subject_id": "08",
    "task_id": "images"
  },
  "dummy_trs": 0,
  "dvars_nstd": 46.06632385664447,
  "dvars_std": 1.0906067475111123,
  "dvars_vstd": 0.9336358721999998,
  "efc": 0.41413133602986774,
  "fber": 161577.15625,
  "fd_mean": 1.1244659016571852,
  "fd_num": 378,
  "fd_perc": 83.81374722838137,
  "fwhm_avg": 1.9959371428571429,
  "fwhm_x": 1.8743657142857142,
  "fwhm_y": 2.2066399999999997,
  "fwhm_z": 1.9068057142857142,
  "gcor": 0.0167246,
  "gsr_x": 0.001512486138381064,
  "gsr_y": 0.018572775647044182,
  "provenance": {
    "md5sum": "010bb38bf49538dd7d6f55dab536f754",
    "settings": {
      "fd_thres": 0.2,
      "testing": false
    },
    "software": "mriqc",
    "version": "22.0.6",
    "webapi_port": null,
    "webapi_url": "https://mriqc.nimh.nih.gov/api/v1"
  },
  "size_t": 451,
  "size_x": 64,
  "size_y": 64,
  "size_z": 45,
  "snr": 5.082175521546745,
  "spacing_tr": 2.450000047683716,
  "spacing_x": 3.5,
  "spacing_y": 3.5,
  "spacing_z": 3.5,
  "summary_bg_k": 73.89096687189922,
  "summary_bg_mad": 1869.476183425662,
  "summary_bg_mean": 12758.1904296875,
  "summary_bg_median": 1349.908935546875,
  "summary_bg_n": 125724.0,
  "summary_bg_p05": 51.19759140014649,
  "summary_bg_p95": 59740.079687499994,
  "summary_bg_stdv": 33983.20703125,
  "summary_fg_k": 2.7079073215045772,
  "summary_fg_mad": 93000.06965526813,
  "summary_fg_mean": 518310.375,
  "summary_fg_median": 508881.53125,
  "summary_fg_n": 24090.0,
  "summary_fg_p05": 380105.915625,
  "summary_fg_p95": 687069.575,
  "summary_fg_stdv": 100128.5703125,
  "tsnr": 25.909772872924805
}