{
  "aor": 0.015404863636363635,
  "aqi": 0.007537519181818183,
  "bids_meta": {
    "EchoTime": 0.00802,
    "EchoTrainLength": 23,
    "FlipAngle": 80,
    "InstitutionName": "Univerity Medical Center Groningen",
    "InstitutionalDepartmentName": "Neuroimaging Center Groningen",
    "MagneticFieldStrength": 3,
    "Manufacturer": "Philips",
    "ManufacturersModelName": "Intera",
    "Modality": "MR",
    "PatientPosition": "HFS",
    "PhilipsRescaleIntercept": 0,
    "PhilipsRescaleSlope": 282.541,
    "PhilipsScaleSlope": 0.0011356,
    "ProtocolName": "WIPR-state_ME_descending-sso-DSSENSE4.2",
    "ReceiveCoilName": "SENSE-Head-32P",
    "ReconMatrixPE": 64,
    "RepetitionTime": 2.45,
    "SliceThickness": 3.5,
    "SliceTiming": [
      2.395555556,
      2.341111111,
      2.286666667,
      2.232222222,
      2.177777778,
      2.123333333,
      2.068888889,
      2.014444444,
      1.96,
      1.905555556,
      1.851111111,
      1.796666667,
      1.742222222,
      1.687777778,
      1.633333333,
      1.578888889,
      1.524444444,
      1.47,
      1.415555556,
      1.361111111,
      1.306666667,
      1.252222222,
      1.197777778,
      1.143333333,
      1.088888889,
      1.034444444,
      0.98,
      0.925555556,
      0.871111111,
      0.816666667,
      0.762222222,
      0.707777778,
      0.653333333,
      0.598888889,
      0.544444444,
      0.49,
      0.435555556,
      0.381111111,
      0.326666667,
      0.272222222,
      0.217777778,
      0.163333333,
      0.108888889,
      0.054444444,
      0
    ],
    "TaskName": "task-FlavorRun3",
    "UsePhilipsFloatNotDisplayScaling": 1,
    "dataset": "ds001491",
    "modality": "bold",
    "subject_id": "08",
    "task_id": "FlavorRun3"
  },
  "dummy_trs": 0,
  "dvars_nstd": 24.535455595114172,
  "dvars_std": 1.2232053869863009,
  "dvars_vstd": 1.060879671050229,
  "efc": 0.501132671118938,
  "fber": 51403.578125,
  "fd_mean": 0.8758860867215934,
  "fd_num": 167,
  "fd_perc": 75.9090909090909,
  "fwhm_avg": 2.4310990476190475,
  "fwhm_x": 2.209694285714286,
  "fwhm_y": 2.6154942857142855,
  "fwhm_z": 2.4681085714285715,
  "gcor": 0.0150556,
  "gsr_x": 0.006013446021825075,
  "gsr_y": 0.055310748517513275,
  "provenance": {
    "md5sum": "2453b1fea4711ce7868ab1547e4e3ee2",
    "settings": {
      "fd_thres": 0.2,
      "testing": false
    },
    "software": "mriqc",
    "version": "22.0.6",
    "webapi_port": null,
    "webapi_url": "https://mriqc.nimh.nih.gov/api/v1"
  },
  "size_t": 220,
  "size_x": 64,
  "size_y": 64,
  "size_z": 45,
  "snr": 6.28951922120451,
  "spacing_tr": 2.450000047683716,
  "spacing_x": 3.5,
  "spacing_y": 3.5,
  "spacing_z": 3.5,
  "summary_bg_k": 9.40948858255274,
  "summary_bg_mad": 5662.1952149727185,
  "summary_bg_mean": 60076.78125,
  "summary_bg_median": 4236.74951171875,
  "summary_bg_n": 117888.0,
  "summary_bg_p05": 186.2799499511719,
  "summary_bg_p95": 401711.99687499995,
  "summary_bg_stdv": 135793.625,
  "summary_fg_k": 1.2296562729500735,
  "summary_fg_mad": 144406.93868466414,
  "summary_fg_mean": 935387.25,
  "summary_fg_median": 930722.9375,
  "summary_fg_n": 29447.0,
  "summary_fg_p05": 714110.175,
  "summary_fg_p95": 1179602.3374999997,
  "summary_fg_stdv": 147977.46875,
  "tsnr": 55.20294952392578
}