{
  "aor": 0.012096755555555557,
  "aqi": 0.01077434488888889,
  "bids_meta": {
    "EchoTime": 0.00802,
    "EchoTrainLength": 23,
    "FlipAngle": 80,
    "InstitutionName": "Univerity Medical Center Groningen",
    "InstitutionalDepartmentName": "Neuroimaging Center Groningen",
    "MagneticFieldStrength": 3,
    "Manufacturer": "Philips",
    "ManufacturersModelName": "Intera",
    "Modality": "MR",
    "PatientPosition": "HFS",
    "PhilipsRescaleIntercept": 0,
    "PhilipsRescaleSlope": 282.541,
    "PhilipsScaleSlope": 0.0011356,
    "ProtocolName": "WIPR-state_ME_descending-sso-DSSENSE4.2",
    "ReceiveCoilName": "SENSE-Head-32P",
    "ReconMatrixPE": 64,
    "RepetitionTime": 2.45,
    "SliceThickness": 3.5,
    "SliceTiming": [
      2.395555556,
      2.341111111,
      2.286666667,
      2.232222222,
      2.177777778,
      2.123333333,
      2.068888889,
      2.014444444,
      1.96,
      1.905555556,
      1.851111111,
      1.796666667,
      1.742222222,
      1.687777778,
      1.633333333,
      1.578888889,
      1.524444444,
      1.47,
      1.415555556,
      1.361111111,
      1.306666667,
      1.252222222,
      1.197777778,
      1.143333333,
      1.088888889,
      1.034444444,
      0.98,
      0.925555556,
      0.871111111,
      0.816666667,
      0.762222222,
      0.707777778,
      0.653333333,
      0.598888889,
      0.544444444,
      0.49,
      0.435555556,
      0.381111111,
      0.326666667,
      0.272222222,
      0.217777778,
      0.163333333,
      0.108888889,
      0.054444444,
      0
    ],
    "TaskName": "task-FlavorRun1",
    "UsePhilipsFloatNotDisplayScaling": 1,
    "dataset": "ds001491",
    "modality": "bold",
    "subject_id": "08",
    "task_id": "FlavorRun1"
  },
  "dummy_trs": 0,
  "dvars_nstd": 25.949258054910732,
  "dvars_std": 1.0719697332142852,
  "dvars_vstd": 0.9511426605357144,
  "efc": 0.49642271261806903,
  "fber": 143984.28125,
  "fd_mean": 0.8204638448164024,
  "fd_num": 174,
  "fd_perc": 77.33333333333333,
  "fwhm_avg": 2.453460952380952,
  "fwhm_x": 2.216885714285714,
  "fwhm_y": 2.6489628571428567,
  "fwhm_z": 2.4945342857142854,
  "gcor": 0.0127888,
  "gsr_x": 0.005005283746868372,
  "gsr_y": 0.0555066242814064,
  "provenance": {
    "md5sum": "ae7ccb3ad995c4f76621cbbf7381889a",
    "settings": {
      "fd_thres": 0.2,
      "testing": false
    },
    "software": "mriqc",
    "version": "22.0.6",
    "webapi_port": null,
    "webapi_url": "https://mriqc.nimh.nih.gov/api/v1"
  },
  "size_t": 225,
  "size_x": 64,
  "size_y": 64,
  "size_z": 45,
  "snr": 6.121622438149159,
  "spacing_tr": 2.450000047683716,
  "spacing_x": 3.5,
  "spacing_y": 3.5,
  "spacing_z": 3.5,
  "summary_bg_k": 9.754320759136892,
  "summary_bg_mad": 3694.280751662116,
  "summary_bg_mean": 57316.08984375,
  "summary_bg_median": 2568.923583984375,
  "summary_bg_n": 117992.0,
  "summary_bg_p05": 39.25571060180664,
  "summary_bg_p95": 388251.4765625,
  "summary_bg_stdv": 132238.0625,
  "summary_fg_k": 1.427389636701423,
  "summary_fg_mad": 147094.89650681478,
  "summary_fg_mean": 942210.5,
  "summary_fg_median": 936996.9375,
  "summary_fg_n": 29541.0,
  "summary_fg_p05": 715912.75,
  "summary_fg_p95": 1195340.375,
  "summary_fg_stdv": 153060.90625,
  "tsnr": 44.561195373535156
}