{
  "aor": 0.011933394495412843,
  "aqi": 0.012048174082568808,
  "bids_meta": {
    "EchoTime": 0.02203,
    "EchoTrainLength": 23,
    "FlipAngle": 80,
    "InstitutionName": "Univerity Medical Center Groningen",
    "InstitutionalDepartmentName": "Neuroimaging Center Groningen",
    "MagneticFieldStrength": 3,
    "Manufacturer": "Philips",
    "ManufacturersModelName": "Intera",
    "Modality": "MR",
    "PatientPosition": "HFS",
    "PhilipsRescaleIntercept": 0,
    "PhilipsRescaleSlope": 282.541,
    "PhilipsScaleSlope": 0.0011356,
    "ProtocolName": "WIPR-state_ME_descending-sso-DSSENSE4.2",
    "ReceiveCoilName": "SENSE-Head-32P",
    "ReconMatrixPE": 64,
    "RepetitionTime": 2.45,
    "SliceThickness": 3.5,
    "SliceTiming": [
      2.395555556,
      2.341111111,
      2.286666667,
      2.232222222,
      2.177777778,
      2.123333333,
      2.068888889,
      2.014444444,
      1.96,
      1.905555556,
      1.851111111,
      1.796666667,
      1.742222222,
      1.687777778,
      1.633333333,
      1.578888889,
      1.524444444,
      1.47,
      1.415555556,
      1.361111111,
      1.306666667,
      1.252222222,
      1.197777778,
      1.143333333,
      1.088888889,
      1.034444444,
      0.98,
      0.925555556,
      0.871111111,
      0.816666667,
      0.762222222,
      0.707777778,
      0.653333333,
      0.598888889,
      0.544444444,
      0.49,
      0.435555556,
      0.381111111,
      0.326666667,
      0.272222222,
      0.217777778,
      0.163333333,
      0.108888889,
      0.054444444,
      0
    ],
    "TaskName": "task-FlavorRun3",
    "UsePhilipsFloatNotDisplayScaling": 1,
    "dataset": "ds001491",
    "modality": "bold",
    "subject_id": "08",
    "task_id": "FlavorRun3"
  },
  "dummy_trs": 2,
  "dvars_nstd": 28.57825874732719,
  "dvars_std": 1.1550581056221199,
  "dvars_vstd": 1.0217027342857141,
  "efc": 0.4471029685231602,
  "fber": 63710.54296875,
  "fd_mean": 0.8742540254890655,
  "fd_num": 167,
  "fd_perc": 76.60550458715596,
  "fwhm_avg": 2.029804761904762,
  "fwhm_x": 1.8933114285714285,
  "fwhm_y": 2.2215857142857143,
  "fwhm_z": 1.9745171428571429,
  "gcor": 0.0137918,
  "gsr_x": 0.010183576494455338,
  "gsr_y": 0.024848056957125664,
  "provenance": {
    "md5sum": "2c4b9ef8c31be52b5bec9ac52c1c1438",
    "settings": {
      "fd_thres": 0.2,
      "testing": false
    },
    "software": "mriqc",
    "version": "22.0.6",
    "webapi_port": null,
    "webapi_url": "https://mriqc.nimh.nih.gov/api/v1"
  },
  "size_t": 218,
  "size_x": 64,
  "size_y": 64,
  "size_z": 45,
  "snr": 6.1787016170509155,
  "spacing_tr": 2.450000047683716,
  "spacing_x": 3.5,
  "spacing_y": 3.5,
  "spacing_z": 3.5,
  "summary_bg_k": 30.558520040506572,
  "summary_bg_mad": 4027.669659436734,
  "summary_bg_mean": 27321.603515625,
  "summary_bg_median": 3037.7470703125,
  "summary_bg_n": 123374.0,
  "summary_bg_p05": 144.7962631225586,
  "summary_bg_p95": 145104.99062499974,
  "summary_bg_stdv": 66989.390625,
  "summary_fg_k": 0.3174479371016985,
  "summary_fg_mad": 120750.86200542405,
  "summary_fg_mean": 728707.8125,
  "summary_fg_median": 719671.625,
  "summary_fg_n": 26216.0,
  "summary_fg_p05": 554265.625,
  "summary_fg_p95": 923763.984375,
  "summary_fg_stdv": 116473.96875,
  "tsnr": 43.952728271484375
}