{
  "aor": 0.009836044444444445,
  "aqi": 0.018409511377777778,
  "bids_meta": {
    "EchoTime": 0.02203,
    "EchoTrainLength": 23,
    "FlipAngle": 80,
    "InstitutionName": "Univerity Medical Center Groningen",
    "InstitutionalDepartmentName": "Neuroimaging Center Groningen",
    "MagneticFieldStrength": 3,
    "Manufacturer": "Philips",
    "ManufacturersModelName": "Intera",
    "Modality": "MR",
    "PatientPosition": "HFS",
    "PhilipsRescaleIntercept": 0,
    "PhilipsRescaleSlope": 282.541,
    "PhilipsScaleSlope": 0.0011356,
    "ProtocolName": "WIPR-state_ME_descending-sso-DSSENSE4.2",
    "ReceiveCoilName": "SENSE-Head-32P",
    "ReconMatrixPE": 64,
    "RepetitionTime": 2.45,
    "SliceThickness": 3.5,
    "SliceTiming": [
      2.395555556,
      2.341111111,
      2.286666667,
      2.232222222,
      2.177777778,
      2.123333333,
      2.068888889,
      2.014444444,
      1.96,
      1.905555556,
      1.851111111,
      1.796666667,
      1.742222222,
      1.687777778,
      1.633333333,
      1.578888889,
      1.524444444,
      1.47,
      1.415555556,
      1.361111111,
      1.306666667,
      1.252222222,
      1.197777778,
      1.143333333,
      1.088888889,
      1.034444444,
      0.98,
      0.925555556,
      0.871111111,
      0.816666667,
      0.762222222,
      0.707777778,
      0.653333333,
      0.598888889,
      0.544444444,
      0.49,
      0.435555556,
      0.381111111,
      0.326666667,
      0.272222222,
      0.217777778,
      0.163333333,
      0.108888889,
      0.054444444,
      0
    ],
    "TaskName": "task-FlavorRun1",
    "UsePhilipsFloatNotDisplayScaling": 1,
    "dataset": "ds001491",
    "modality": "bold",
    "subject_id": "08",
    "task_id": "FlavorRun1"
  },
  "dummy_trs": 0,
  "dvars_nstd": 30.978266226562507,
  "dvars_std": 1.0178463687500001,
  "dvars_vstd": 0.916962752857143,
  "efc": 0.4419286320623316,
  "fber": 193534.609375,
  "fd_mean": 0.8425320015418364,
  "fd_num": 175,
  "fd_perc": 77.77777777777777,
  "fwhm_avg": 2.0385457142857146,
  "fwhm_x": 1.9125028571428573,
  "fwhm_y": 2.23448,
  "fwhm_z": 1.9686542857142857,
  "gcor": 0.010283,
  "gsr_x": 0.007890176959335804,
  "gsr_y": 0.023837748914957047,
  "provenance": {
    "md5sum": "4f5efb69d2a4dc13dded329df7124987",
    "settings": {
      "fd_thres": 0.2,
      "testing": false
    },
    "software": "mriqc",
    "version": "22.0.6",
    "webapi_port": null,
    "webapi_url": "https://mriqc.nimh.nih.gov/api/v1"
  },
  "size_t": 225,
  "size_x": 64,
  "size_y": 64,
  "size_z": 45,
  "snr": 6.136097176686808,
  "spacing_tr": 2.450000047683716,
  "spacing_x": 3.5,
  "spacing_y": 3.5,
  "spacing_z": 3.5,
  "summary_bg_k": 33.82126698901684,
  "summary_bg_mad": 2517.5863627368117,
  "summary_bg_mean": 25584.048828125,
  "summary_bg_median": 1758.0877685546875,
  "summary_bg_n": 123671.0,
  "summary_bg_p05": 31.345317840576172,
  "summary_bg_p95": 135804.53125,
  "summary_bg_stdv": 65567.328125,
  "summary_fg_k": 0.44654074687540657,
  "summary_fg_mad": 119505.84679243396,
  "summary_fg_mean": 733109.125,
  "summary_fg_median": 722990.5625,
  "summary_fg_n": 26050.0,
  "summary_fg_p05": 560005.284375,
  "summary_fg_p95": 932752.0812499999,
  "summary_fg_stdv": 117823.5390625,
  "tsnr": 35.38958740234375
}