{
  "aor": 0.010898647450110866,
  "aqi": 0.01323452177383592,
  "bids_meta": {
    "EchoTime": 0.00802,
    "EchoTrainLength": 23,
    "FlipAngle": 80,
    "InstitutionName": "Univerity Medical Center Groningen",
    "InstitutionalDepartmentName": "Neuroimaging Center Groningen",
    "MagneticFieldStrength": 3,
    "Manufacturer": "Philips",
    "ManufacturersModelName": "Intera",
    "Modality": "MR",
    "PatientPosition": "HFS",
    "PhilipsRescaleIntercept": 0,
    "PhilipsRescaleSlope": 282.541,
    "PhilipsScaleSlope": 0.0011356,
    "ProtocolName": "WIPR-state_ME_descending-sso-DSSENSE4.2",
    "ReceiveCoilName": "SENSE-Head-32P",
    "ReconMatrixPE": 64,
    "RepetitionTime": 2.45,
    "SliceThickness": 3.5,
    "SliceTiming": [
      2.395555556,
      2.341111111,
      2.286666667,
      2.232222222,
      2.177777778,
      2.123333333,
      2.068888889,
      2.014444444,
      1.96,
      1.905555556,
      1.851111111,
      1.796666667,
      1.742222222,
      1.687777778,
      1.633333333,
      1.578888889,
      1.524444444,
      1.47,
      1.415555556,
      1.361111111,
      1.306666667,
      1.252222222,
      1.197777778,
      1.143333333,
      1.088888889,
      1.034444444,
      0.98,
      0.925555556,
      0.871111111,
      0.816666667,
      0.762222222,
      0.707777778,
      0.653333333,
      0.598888889,
      0.544444444,
      0.49,
      0.435555556,
      0.381111111,
      0.326666667,
      0.272222222,
      0.217777778,
      0.163333333,
      0.108888889,
      0.054444444,
      0
    ],
    "TaskName": "task-images",
    "UsePhilipsFloatNotDisplayScaling": 1,
    "dataset": "ds001491",
    "modality": "bold",
    "subject_id": "08",
    "task_id": "images"
  },
  "dummy_trs": 0,
  "dvars_nstd": 31.46073677924446,
  "dvars_std": 1.1924714401999998,
  "dvars_vstd": 0.9849528401777774,
  "efc": 0.5089904189748954,
  "fber": 101406.3203125,
  "fd_mean": 1.0576078974847118,
  "fd_num": 373,
  "fd_perc": 82.70509977827051,
  "fwhm_avg": 2.483562857142857,
  "fwhm_x": 2.172757142857143,
  "fwhm_y": 2.668282857142857,
  "fwhm_z": 2.6096485714285715,
  "gcor": 0.00976607,
  "gsr_x": -0.0016556490445509553,
  "gsr_y": 0.060968827456235886,
  "provenance": {
    "md5sum": "2aa00ea49868c13075fb657ca9ad8200",
    "settings": {
      "fd_thres": 0.2,
      "testing": false
    },
    "software": "mriqc",
    "version": "22.0.6",
    "webapi_port": null,
    "webapi_url": "https://mriqc.nimh.nih.gov/api/v1"
  },
  "size_t": 451,
  "size_x": 64,
  "size_y": 64,
  "size_z": 45,
  "snr": 5.935008655750436,
  "spacing_tr": 2.450000047683716,
  "spacing_x": 3.5,
  "spacing_y": 3.5,
  "spacing_z": 3.5,
  "summary_bg_k": 8.29609675362447,
  "summary_bg_mad": 3814.434580866425,
  "summary_bg_mean": 55804.2734375,
  "summary_bg_median": 2706.774658203125,
  "summary_bg_n": 115809.0,
  "summary_bg_p05": 73.28905639648438,
  "summary_bg_p95": 361449.23749999993,
  "summary_bg_stdv": 123167.859375,
  "summary_fg_k": 1.7112640712867266,
  "summary_fg_mad": 135626.8756840353,
  "summary_fg_mean": 850260.25,
  "summary_fg_median": 846838.0,
  "summary_fg_n": 30458.0,
  "summary_fg_p05": 639726.7875,
  "summary_fg_p95": 1080525.34375,
  "summary_fg_stdv": 142682.875,
  "tsnr": 41.29020690917969
}