{
  "aor": 0.0071982648401826485,
  "aqi": 0.00792041095890411,
  "bids_meta": {
    "EchoTime": 0.00802,
    "EchoTrainLength": 23,
    "FlipAngle": 80,
    "InstitutionName": "Univerity Medical Center Groningen",
    "InstitutionalDepartmentName": "Neuroimaging Center Groningen",
    "MagneticFieldStrength": 3,
    "Manufacturer": "Philips",
    "ManufacturersModelName": "Intera",
    "Modality": "MR",
    "PatientPosition": "HFS",
    "PhilipsRescaleIntercept": 0,
    "PhilipsRescaleSlope": 282.541,
    "PhilipsScaleSlope": 0.0011356,
    "ProtocolName": "WIPR-state_ME_descending-sso-DSSENSE4.2",
    "ReceiveCoilName": "SENSE-Head-32P",
    "ReconMatrixPE": 64,
    "RepetitionTime": 2.45,
    "SliceThickness": 3.5,
    "SliceTiming": [
      2.395555556,
      2.341111111,
      2.286666667,
      2.232222222,
      2.177777778,
      2.123333333,
      2.068888889,
      2.014444444,
      1.96,
      1.905555556,
      1.851111111,
      1.796666667,
      1.742222222,
      1.687777778,
      1.633333333,
      1.578888889,
      1.524444444,
      1.47,
      1.415555556,
      1.361111111,
      1.306666667,
      1.252222222,
      1.197777778,
      1.143333333,
      1.088888889,
      1.034444444,
      0.98,
      0.925555556,
      0.871111111,
      0.816666667,
      0.762222222,
      0.707777778,
      0.653333333,
      0.598888889,
      0.544444444,
      0.49,
      0.435555556,
      0.381111111,
      0.326666667,
      0.272222222,
      0.217777778,
      0.163333333,
      0.108888889,
      0.054444444,
      0
    ],
    "TaskName": "task-FlavorRun4",
    "UsePhilipsFloatNotDisplayScaling": 1,
    "dataset": "ds001491",
    "modality": "bold",
    "subject_id": "08",
    "task_id": "FlavorRun4"
  },
  "dummy_trs": 0,
  "dvars_nstd": 22.05453800922018,
  "dvars_std": 1.0979701065137621,
  "dvars_vstd": 0.9608701808256892,
  "efc": 0.5078009341306842,
  "fber": 15704.056640625,
  "fd_mean": 0.7113716636696079,
  "fd_num": 172,
  "fd_perc": 78.53881278538813,
  "fwhm_avg": 2.395830476190476,
  "fwhm_x": 2.1822885714285714,
  "fwhm_y": 2.5844057142857144,
  "fwhm_z": 2.420797142857143,
  "gcor": 0.00558709,
  "gsr_x": 0.004409428220242262,
  "gsr_y": 0.05460575968027115,
  "provenance": {
    "md5sum": "c4d3e0e87d31e02a5967e8ff3da598de",
    "settings": {
      "fd_thres": 0.2,
      "testing": false
    },
    "software": "mriqc",
    "version": "22.0.6",
    "webapi_port": null,
    "webapi_url": "https://mriqc.nimh.nih.gov/api/v1"
  },
  "size_t": 219,
  "size_x": 64,
  "size_y": 64,
  "size_z": 45,
  "snr": 6.2591742456405,
  "spacing_tr": 2.450000047683716,
  "spacing_x": 3.5,
  "spacing_y": 3.5,
  "spacing_z": 3.5,
  "summary_bg_k": 8.776891551916616,
  "summary_bg_mad": 9063.022122377186,
  "summary_bg_mean": 64508.64453125,
  "summary_bg_median": 7636.2099609375,
  "summary_bg_n": 118003.0,
  "summary_bg_p05": 843.992401123047,
  "summary_bg_p95": 408346.39062499965,
  "summary_bg_stdv": 137414.3125,
  "summary_fg_k": 1.5846986281040891,
  "summary_fg_mad": 143726.60959164737,
  "summary_fg_mean": 930749.8125,
  "summary_fg_median": 926404.0,
  "summary_fg_n": 29507.0,
  "summary_fg_p05": 710553.4375,
  "summary_fg_p95": 1173405.6249999998,
  "summary_fg_stdv": 148004.875,
  "tsnr": 56.25027084350586
}