{
  "aor": 0.006891266968325791,
  "aqi": 0.00409963552036199,
  "bids_meta": {
    "EchoTime": 0.00802,
    "EchoTrainLength": 23,
    "FlipAngle": 80,
    "InstitutionName": "Univerity Medical Center Groningen",
    "InstitutionalDepartmentName": "Neuroimaging Center Groningen",
    "MagneticFieldStrength": 3,
    "Manufacturer": "Philips",
    "ManufacturersModelName": "Intera",
    "Modality": "MR",
    "PatientPosition": "HFS",
    "PhilipsRescaleIntercept": 0,
    "PhilipsRescaleSlope": 282.541,
    "PhilipsScaleSlope": 0.0011356,
    "ProtocolName": "WIPR-state_ME_descending-sso-DSSENSE4.2",
    "ReceiveCoilName": "SENSE-Head-32P",
    "ReconMatrixPE": 64,
    "RepetitionTime": 2.45,
    "SliceThickness": 3.5,
    "SliceTiming": [
      2.395555556,
      2.341111111,
      2.286666667,
      2.232222222,
      2.177777778,
      2.123333333,
      2.068888889,
      2.014444444,
      1.96,
      1.905555556,
      1.851111111,
      1.796666667,
      1.742222222,
      1.687777778,
      1.633333333,
      1.578888889,
      1.524444444,
      1.47,
      1.415555556,
      1.361111111,
      1.306666667,
      1.252222222,
      1.197777778,
      1.143333333,
      1.088888889,
      1.034444444,
      0.98,
      0.925555556,
      0.871111111,
      0.816666667,
      0.762222222,
      0.707777778,
      0.653333333,
      0.598888889,
      0.544444444,
      0.49,
      0.435555556,
      0.381111111,
      0.326666667,
      0.272222222,
      0.217777778,
      0.163333333,
      0.108888889,
      0.054444444,
      0
    ],
    "TaskName": "task-FlavorRun4",
    "UsePhilipsFloatNotDisplayScaling": 1,
    "dataset": "ds001491",
    "modality": "bold",
    "subject_id": "10",
    "task_id": "FlavorRun4"
  },
  "dummy_trs": 0,
  "dvars_nstd": 23.368299675045442,
  "dvars_std": 1.4783779925909093,
  "dvars_vstd": 1.0450943675909092,
  "efc": 0.5366772604981476,
  "fber": 19116.837890625,
  "fd_mean": 0.2603800550466844,
  "fd_num": 72,
  "fd_perc": 32.57918552036199,
  "fwhm_avg": 2.343490476190476,
  "fwhm_x": 2.13172,
  "fwhm_y": 2.497551428571428,
  "fwhm_z": 2.4012,
  "gcor": 0.0105064,
  "gsr_x": -0.03393297269940376,
  "gsr_y": 0.07505358010530472,
  "provenance": {
    "md5sum": "1569568e1efe56824cc734f9689ae772",
    "settings": {
      "fd_thres": 0.2,
      "testing": false
    },
    "software": "mriqc",
    "version": "22.0.6",
    "webapi_port": null,
    "webapi_url": "https://mriqc.nimh.nih.gov/api/v1"
  },
  "size_t": 221,
  "size_x": 64,
  "size_y": 64,
  "size_z": 45,
  "snr": 6.837702817911001,
  "spacing_tr": 2.450000047683716,
  "spacing_x": 3.5,
  "spacing_y": 3.5,
  "spacing_z": 3.5,
  "summary_bg_k": 8.533519973085568,
  "summary_bg_mad": 7853.8587086702655,
  "summary_bg_mean": 61901.8515625,
  "summary_bg_median": 6084.580078125,
  "summary_bg_n": 111918.0,
  "summary_bg_p05": 477.2385452270508,
  "summary_bg_p95": 357309.8265624999,
  "summary_bg_stdv": 124600.1875,
  "summary_fg_k": 1.0368915814108908,
  "summary_fg_mad": 121531.49840478657,
  "summary_fg_mean": 873734.0,
  "summary_fg_median": 867842.625,
  "summary_fg_n": 33169.0,
  "summary_fg_p05": 681751.3,
  "summary_fg_p95": 1082430.8499999999,
  "summary_fg_stdv": 126918.2890625,
  "tsnr": 92.92112731933594
}