{
  "aor": 0.0024351487414187643,
  "aqi": 0.003448924965675057,
  "bids_meta": {
    "EchoTime": 0.00802,
    "EchoTrainLength": 23,
    "FlipAngle": 80,
    "InstitutionName": "Univerity Medical Center Groningen",
    "InstitutionalDepartmentName": "Neuroimaging Center Groningen",
    "MagneticFieldStrength": 3,
    "Manufacturer": "Philips",
    "ManufacturersModelName": "Intera",
    "Modality": "MR",
    "PatientPosition": "HFS",
    "PhilipsRescaleIntercept": 0,
    "PhilipsRescaleSlope": 282.541,
    "PhilipsScaleSlope": 0.0011356,
    "ProtocolName": "WIPR-state_ME_descending-sso-DSSENSE4.2",
    "ReceiveCoilName": "SENSE-Head-32P",
    "ReconMatrixPE": 64,
    "RepetitionTime": 2.45,
    "SliceThickness": 3.5,
    "SliceTiming": [
      2.395555556,
      2.341111111,
      2.286666667,
      2.232222222,
      2.177777778,
      2.123333333,
      2.068888889,
      2.014444444,
      1.96,
      1.905555556,
      1.851111111,
      1.796666667,
      1.742222222,
      1.687777778,
      1.633333333,
      1.578888889,
      1.524444444,
      1.47,
      1.415555556,
      1.361111111,
      1.306666667,
      1.252222222,
      1.197777778,
      1.143333333,
      1.088888889,
      1.034444444,
      0.98,
      0.925555556,
      0.871111111,
      0.816666667,
      0.762222222,
      0.707777778,
      0.653333333,
      0.598888889,
      0.544444444,
      0.49,
      0.435555556,
      0.381111111,
      0.326666667,
      0.272222222,
      0.217777778,
      0.163333333,
      0.108888889,
      0.054444444,
      0
    ],
    "TaskName": "task-images",
    "UsePhilipsFloatNotDisplayScaling": 1,
    "dataset": "ds001491",
    "modality": "bold",
    "subject_id": "10",
    "task_id": "images"
  },
  "dummy_trs": 0,
  "dvars_nstd": 20.25365663456421,
  "dvars_std": 1.666646519610091,
  "dvars_vstd": 0.9801586088302746,
  "efc": 0.5438360728567493,
  "fber": 14761.7685546875,
  "fd_mean": 0.07128453340466677,
  "fd_num": 13,
  "fd_perc": 2.9748283752860414,
  "fwhm_avg": 2.2419333333333333,
  "fwhm_x": 2.040154285714286,
  "fwhm_y": 2.3787228571428574,
  "fwhm_z": 2.3069228571428573,
  "gcor": 0.0735198,
  "gsr_x": -0.035227224230766296,
  "gsr_y": 0.08284597843885422,
  "provenance": {
    "md5sum": "9344360aca73d9022e45e5afda22a49e",
    "settings": {
      "fd_thres": 0.2,
      "testing": false
    },
    "software": "mriqc",
    "version": "22.0.6",
    "webapi_port": null,
    "webapi_url": "https://mriqc.nimh.nih.gov/api/v1"
  },
  "size_t": 437,
  "size_x": 64,
  "size_y": 64,
  "size_z": 45,
  "snr": 6.694741633116636,
  "spacing_tr": 2.450000047683716,
  "spacing_x": 3.5,
  "spacing_y": 3.5,
  "spacing_z": 3.5,
  "summary_bg_k": 7.814347474215548,
  "summary_bg_mad": 13273.674680643442,
  "summary_bg_mean": 95717.7109375,
  "summary_bg_median": 9830.5625,
  "summary_bg_n": 111448.0,
  "summary_bg_p05": 446.1158477783203,
  "summary_bg_p95": 540139.325,
  "summary_bg_stdv": 187973.125,
  "summary_fg_k": 1.2864428404183759,
  "summary_fg_mad": 176904.00404944978,
  "summary_fg_mean": 1261708.5,
  "summary_fg_median": 1250466.875,
  "summary_fg_n": 33544.0,
  "summary_fg_p05": 984738.275,
  "summary_fg_p95": 1576168.85625,
  "summary_fg_stdv": 186780.65625,
  "tsnr": 99.9625015258789
}