{
  "aor": 0.0014881006864988556,
  "aqi": 0.008003627597254004,
  "bids_meta": {
    "EchoTime": 0.03603,
    "EchoTrainLength": 23,
    "FlipAngle": 80,
    "InstitutionName": "Univerity Medical Center Groningen",
    "InstitutionalDepartmentName": "Neuroimaging Center Groningen",
    "MagneticFieldStrength": 3,
    "Manufacturer": "Philips",
    "ManufacturersModelName": "Intera",
    "Modality": "MR",
    "PatientPosition": "HFS",
    "PhilipsRescaleIntercept": 0,
    "PhilipsRescaleSlope": 282.541,
    "PhilipsScaleSlope": 0.0011356,
    "ProtocolName": "WIPR-state_ME_descending-sso-DSSENSE4.2",
    "ReceiveCoilName": "SENSE-Head-32P",
    "ReconMatrixPE": 64,
    "RepetitionTime": 2.45,
    "SliceThickness": 3.5,
    "SliceTiming": [
      2.395555556,
      2.341111111,
      2.286666667,
      2.232222222,
      2.177777778,
      2.123333333,
      2.068888889,
      2.014444444,
      1.96,
      1.905555556,
      1.851111111,
      1.796666667,
      1.742222222,
      1.687777778,
      1.633333333,
      1.578888889,
      1.524444444,
      1.47,
      1.415555556,
      1.361111111,
      1.306666667,
      1.252222222,
      1.197777778,
      1.143333333,
      1.088888889,
      1.034444444,
      0.98,
      0.925555556,
      0.871111111,
      0.816666667,
      0.762222222,
      0.707777778,
      0.653333333,
      0.598888889,
      0.544444444,
      0.49,
      0.435555556,
      0.381111111,
      0.326666667,
      0.272222222,
      0.217777778,
      0.163333333,
      0.108888889,
      0.054444444,
      0
    ],
    "TaskName": "task-images",
    "UsePhilipsFloatNotDisplayScaling": 1,
    "dataset": "ds001491",
    "modality": "bold",
    "subject_id": "10",
    "task_id": "images"
  },
  "dummy_trs": 0,
  "dvars_nstd": 32.58801382426606,
  "dvars_std": 1.5615894350688073,
  "dvars_vstd": 0.9708991289449547,
  "efc": 0.44161724884082143,
  "fber": 35085.015625,
  "fd_mean": 0.08964780894214316,
  "fd_num": 13,
  "fd_perc": 2.9748283752860414,
  "fwhm_avg": 1.9194028571428572,
  "fwhm_x": 1.750017142857143,
  "fwhm_y": 2.19904,
  "fwhm_z": 1.8091514285714285,
  "gcor": 0.0469231,
  "gsr_x": -0.02068234421312809,
  "gsr_y": 0.036249790340662,
  "provenance": {
    "md5sum": "1cc2325e30aeb3bb15f2c035f4379fbc",
    "settings": {
      "fd_thres": 0.2,
      "testing": false
    },
    "software": "mriqc",
    "version": "22.0.6",
    "webapi_port": null,
    "webapi_url": "https://mriqc.nimh.nih.gov/api/v1"
  },
  "size_t": 437,
  "size_x": 64,
  "size_y": 64,
  "size_z": 45,
  "snr": 4.128118417532243,
  "spacing_tr": 2.450000047683716,
  "spacing_x": 3.5,
  "spacing_y": 3.5,
  "spacing_z": 3.5,
  "summary_bg_k": 135.89239963609387,
  "summary_bg_mad": 4906.557525963411,
  "summary_bg_mean": 19929.78515625,
  "summary_bg_median": 3883.9736328125,
  "summary_bg_n": 120238.0,
  "summary_bg_p05": 203.87804565429687,
  "summary_bg_p95": 85596.93632812478,
  "summary_bg_stdv": 52649.91796875,
  "summary_fg_k": 6.858366700646828,
  "summary_fg_mad": 133863.3203451229,
  "summary_fg_mean": 750549.375,
  "summary_fg_median": 725788.0,
  "summary_fg_n": 28223.0,
  "summary_fg_p05": 545377.3375,
  "summary_fg_p95": 1011830.6249999995,
  "summary_fg_stdv": 175812.578125,
  "tsnr": 57.79493713378906
}