{
  "aor": 0.0017255606407322653,
  "aqi": 0.005793154530892449,
  "bids_meta": {
    "EchoTime": 0.02203,
    "EchoTrainLength": 23,
    "FlipAngle": 80,
    "InstitutionName": "Univerity Medical Center Groningen",
    "InstitutionalDepartmentName": "Neuroimaging Center Groningen",
    "MagneticFieldStrength": 3,
    "Manufacturer": "Philips",
    "ManufacturersModelName": "Intera",
    "Modality": "MR",
    "PatientPosition": "HFS",
    "PhilipsRescaleIntercept": 0,
    "PhilipsRescaleSlope": 282.541,
    "PhilipsScaleSlope": 0.0011356,
    "ProtocolName": "WIPR-state_ME_descending-sso-DSSENSE4.2",
    "ReceiveCoilName": "SENSE-Head-32P",
    "ReconMatrixPE": 64,
    "RepetitionTime": 2.45,
    "SliceThickness": 3.5,
    "SliceTiming": [
      2.395555556,
      2.341111111,
      2.286666667,
      2.232222222,
      2.177777778,
      2.123333333,
      2.068888889,
      2.014444444,
      1.96,
      1.905555556,
      1.851111111,
      1.796666667,
      1.742222222,
      1.687777778,
      1.633333333,
      1.578888889,
      1.524444444,
      1.47,
      1.415555556,
      1.361111111,
      1.306666667,
      1.252222222,
      1.197777778,
      1.143333333,
      1.088888889,
      1.034444444,
      0.98,
      0.925555556,
      0.871111111,
      0.816666667,
      0.762222222,
      0.707777778,
      0.653333333,
      0.598888889,
      0.544444444,
      0.49,
      0.435555556,
      0.381111111,
      0.326666667,
      0.272222222,
      0.217777778,
      0.163333333,
      0.108888889,
      0.054444444,
      0
    ],
    "TaskName": "task-images",
    "UsePhilipsFloatNotDisplayScaling": 1,
    "dataset": "ds001491",
    "modality": "bold",
    "subject_id": "10",
    "task_id": "images"
  },
  "dummy_trs": 0,
  "dvars_nstd": 24.99049694360093,
  "dvars_std": 1.590455393738533,
  "dvars_vstd": 0.9795857388302762,
  "efc": 0.4797123289870892,
  "fber": 27746.265625,
  "fd_mean": 0.07815867218979736,
  "fd_num": 14,
  "fd_perc": 3.203661327231121,
  "fwhm_avg": 1.8824476190476191,
  "fwhm_x": 1.7160771428571429,
  "fwhm_y": 2.0986228571428573,
  "fwhm_z": 1.8326428571428572,
  "gcor": 0.0361466,
  "gsr_x": -0.02781069278717041,
  "gsr_y": 0.041122421622276306,
  "provenance": {
    "md5sum": "c7c55a9b8631db8a978f344b811ccae4",
    "settings": {
      "fd_thres": 0.2,
      "testing": false
    },
    "software": "mriqc",
    "version": "22.0.6",
    "webapi_port": null,
    "webapi_url": "https://mriqc.nimh.nih.gov/api/v1"
  },
  "size_t": 437,
  "size_x": 64,
  "size_y": 64,
  "size_z": 45,
  "snr": 5.62949253642954,
  "spacing_tr": 2.450000047683716,
  "spacing_x": 3.5,
  "spacing_y": 3.5,
  "spacing_z": 3.5,
  "summary_bg_k": 35.3993303004065,
  "summary_bg_mad": 7655.383390354195,
  "summary_bg_mean": 42373.21875,
  "summary_bg_median": 5791.642578125,
  "summary_bg_n": 118184.0,
  "summary_bg_p05": 283.46213073730473,
  "summary_bg_p95": 211422.63671874994,
  "summary_bg_stdv": 97358.1953125,
  "summary_fg_k": 2.59994919389377,
  "summary_fg_mad": 153884.05638458725,
  "summary_fg_mean": 974232.6875,
  "summary_fg_median": 954876.0625,
  "summary_fg_n": 30410.0,
  "summary_fg_p05": 746766.584375,
  "summary_fg_p95": 1250583.5625,
  "summary_fg_stdv": 169617.484375,
  "tsnr": 79.2974624633789
}