{
  "bids_meta": {
    "EchoTime": 0.00351,
    "FlipAngle": 8,
    "InstitutionName": "Univerity Medical Center Groningen",
    "InstitutionalDepartmentName": "Neuroimaging Center Groningen",
    "MagneticFieldStrength": 3,
    "Manufacturer": "Philips",
    "ManufacturersModelName": "Intera",
    "Modality": "MR",
    "PatientPosition": "HFS",
    "PhilipsRescaleIntercept": 0,
    "PhilipsRescaleSlope": 12.7477,
    "PhilipsScaleSlope": 0.000299206,
    "ProtocolName": "T13DSENSEtool4.2",
    "ReceiveCoilName": "SENSE-Head-32P",
    "ReconMatrixPE": 256,
    "RepetitionTime": 0.009,
    "UsePhilipsFloatNotDisplayScaling": 1,
    "dataset": "ds001491",
    "modality": "T1w",
    "subject_id": "06"
  },
  "cjv": 0.37739663131286394,
  "cnr": 3.6009464590381617,
  "efc": 0.7739559864595598,
  "fber": -1.0,
  "fwhm_avg": 3.40414,
  "fwhm_x": 3.40639,
  "fwhm_y": 3.53437,
  "fwhm_z": 3.27166,
  "icvs_csf": 0.20517093498786032,
  "icvs_gm": 0.4102564576193086,
  "icvs_wm": 0.38457260739283106,
  "inu_med": 0.6855771243572235,
  "inu_range": 0.3704328507184983,
  "provenance": {
    "md5sum": "27a7d07a7474272d5c073d2995393206",
    "settings": {
      "testing": false
    },
    "software": "mriqc",
    "version": "22.0.6",
    "warnings": {
      "large_rot_frame": true,
      "small_air_mask": true
    },
    "webapi_port": null,
    "webapi_url": "https://mriqc.nimh.nih.gov/api/v1"
  },
  "qi_1": 0.0,
  "qi_2": 8.198009624416564e-06,
  "rpve_csf": 21.79294526018914,
  "rpve_gm": 10.987425715869907,
  "rpve_wm": 14.10923874933102,
  "size_x": 256,
  "size_y": 256,
  "size_z": 170,
  "snr_csf": 1.2640939518396999,
  "snr_gm": 9.533027435470954,
  "snr_total": 9.875749808641851,
  "snr_wm": 18.8301280386149,
  "snrd_csf": 13.982731805792184,
  "snrd_gm": 45.08928396311776,
  "snrd_total": 41.84798061350969,
  "snrd_wm": 66.47192607161912,
  "spacing_x": 1.0,
  "spacing_y": 1.0,
  "spacing_z": 1.0,
  "summary_bg_k": 47.15799837824663,
  "summary_bg_mad": 0.0,
  "summary_bg_mean": 3.9807153700050715,
  "summary_bg_median": 0.0,
  "summary_bg_n": 189032.0,
  "summary_bg_p05": 0.0,
  "summary_bg_p95": 26.640027165412903,
  "summary_bg_stdv": 9.856656663978498,
  "summary_csf_k": 14.431935253112382,
  "summary_csf_mad": 110.9195154823113,
  "summary_csf_mean": 240.8808434612464,
  "summary_csf_median": 210.37296452187002,
  "summary_csf_n": 17418.0,
  "summary_csf_p05": 54.58014315655455,
  "summary_csf_p95": 512.7220103337428,
  "summary_csf_stdv": 166.4171600347393,
  "summary_gm_k": 0.09029743490522524,
  "summary_gm_mad": 69.94183097920224,
  "summary_gm_mean": 677.6592331378732,
  "summary_gm_median": 678.3771917559206,
  "summary_gm_n": 21513.0,
  "summary_gm_p05": 558.513719528541,
  "summary_gm_p95": 793.0458586860447,
  "summary_gm_stdv": 71.1590761155468,
  "summary_wm_k": 0.3474951938275668,
  "summary_wm_mad": 51.46895914998941,
  "summary_wm_mean": 1001.2540758406768,
  "summary_wm_median": 1000.0832698065788,
  "summary_wm_n": 219433.0,
  "summary_wm_p05": 916.1116841789335,
  "summary_wm_p95": 1090.048861546442,
  "summary_wm_stdv": 53.11068458820535,
  "tpm_overlap_csf": 0.15363919040836121,
  "tpm_overlap_gm": 0.4466832809093235,
  "tpm_overlap_wm": 0.4999010282071269,
  "wm2max": 0.7025666276172836
}