{
  "bids_meta": {
    "EchoTime": 0.00351,
    "FlipAngle": 8,
    "InstitutionName": "Univerity Medical Center Groningen",
    "InstitutionalDepartmentName": "Neuroimaging Center Groningen",
    "MagneticFieldStrength": 3,
    "Manufacturer": "Philips",
    "ManufacturersModelName": "Intera",
    "Modality": "MR",
    "PatientPosition": "HFS",
    "PhilipsRescaleIntercept": 0,
    "PhilipsRescaleSlope": 12.7477,
    "PhilipsScaleSlope": 0.000299206,
    "ProtocolName": "T13DSENSEtool4.2",
    "ReceiveCoilName": "SENSE-Head-32P",
    "ReconMatrixPE": 256,
    "RepetitionTime": 0.009,
    "UsePhilipsFloatNotDisplayScaling": 1,
    "dataset": "ds001491",
    "modality": "T1w",
    "subject_id": "05"
  },
  "cjv": 0.3844515483514926,
  "cnr": 3.5010784883986936,
  "efc": 0.7839726676120152,
  "fber": -1.0,
  "fwhm_avg": 3.46345,
  "fwhm_x": 3.4622,
  "fwhm_y": 3.57503,
  "fwhm_z": 3.35312,
  "icvs_csf": 0.23260951926725043,
  "icvs_gm": 0.3803238477442929,
  "icvs_wm": 0.38706663298845667,
  "inu_med": 0.7269778251647949,
  "inu_range": 0.39944629669189446,
  "provenance": {
    "md5sum": "780d9569cba9d9d5f946369aaf71f3b3",
    "settings": {
      "testing": false
    },
    "software": "mriqc",
    "version": "22.0.6",
    "warnings": {
      "large_rot_frame": true,
      "small_air_mask": true
    },
    "webapi_port": null,
    "webapi_url": "https://mriqc.nimh.nih.gov/api/v1"
  },
  "qi_1": 0.0,
  "qi_2": 1.0455284840945985e-05,
  "rpve_csf": 18.474610371257366,
  "rpve_gm": 10.825739329471679,
  "rpve_wm": 12.957481139171731,
  "size_x": 256,
  "size_y": 256,
  "size_z": 170,
  "snr_csf": 1.5096581449641524,
  "snr_gm": 9.403576037010692,
  "snr_total": 9.764911266795217,
  "snr_wm": 18.381499618410803,
  "snrd_csf": 19.846843216006423,
  "snrd_gm": 73.34028782164873,
  "snrd_total": 66.91316978264176,
  "snrd_wm": 107.5523783102701,
  "spacing_x": 1.0,
  "spacing_y": 1.0,
  "spacing_z": 1.0,
  "summary_bg_k": 81.29308405489277,
  "summary_bg_mad": 0.0,
  "summary_bg_mean": 1.0786789284900546,
  "summary_bg_median": 0.0,
  "summary_bg_n": 45366.0,
  "summary_bg_p05": 0.0,
  "summary_bg_p95": 0.0,
  "summary_bg_stdv": 6.0916685853438866,
  "summary_csf_k": 24.80604995866677,
  "summary_csf_mad": 89.56637526709041,
  "summary_csf_mean": 203.5889638104697,
  "summary_csf_median": 184.54232025146484,
  "summary_csf_n": 34532.0,
  "summary_csf_p05": 63.197546574473385,
  "summary_csf_p95": 391.07536827921854,
  "summary_csf_stdv": 122.23936180501492,
  "summary_gm_k": 0.33710448806293547,
  "summary_gm_mad": 69.78381601296468,
  "summary_gm_mean": 680.761102900271,
  "summary_gm_median": 681.9415428042412,
  "summary_gm_n": 23507.0,
  "summary_gm_p05": 559.2610423147678,
  "summary_gm_p95": 796.8960297942162,
  "summary_gm_stdv": 72.51784160538199,
  "summary_wm_k": 0.39530680406350616,
  "summary_wm_mad": 52.51598886741426,
  "summary_wm_mean": 1001.1712440074936,
  "summary_wm_median": 1000.056544303894,
  "summary_wm_n": 250740.0,
  "summary_wm_p05": 913.8915638923645,
  "summary_wm_p95": 1091.8471254706383,
  "summary_wm_stdv": 54.405493069239604,
  "tpm_overlap_csf": 0.14935512325544806,
  "tpm_overlap_gm": 0.42160059175630815,
  "tpm_overlap_wm": 0.48321813648311596,
  "wm2max": 0.6863470114497132
}