{
  "aor": 0.004775753424657535,
  "aqi": 0.003365157579908676,
  "bids_meta": {
    "EchoTime": 0.00802,
    "EchoTrainLength": 23,
    "FlipAngle": 80,
    "InstitutionName": "Univerity Medical Center Groningen",
    "InstitutionalDepartmentName": "Neuroimaging Center Groningen",
    "MagneticFieldStrength": 3,
    "Manufacturer": "Philips",
    "ManufacturersModelName": "Intera",
    "Modality": "MR",
    "PatientPosition": "HFS",
    "PhilipsRescaleIntercept": 0,
    "PhilipsRescaleSlope": 282.541,
    "PhilipsScaleSlope": 0.0011356,
    "ProtocolName": "WIPR-state_ME_descending-sso-DSSENSE4.2",
    "ReceiveCoilName": "SENSE-Head-32P",
    "ReconMatrixPE": 64,
    "RepetitionTime": 2.45,
    "SliceThickness": 3.5,
    "SliceTiming": [
      2.395555556,
      2.341111111,
      2.286666667,
      2.232222222,
      2.177777778,
      2.123333333,
      2.068888889,
      2.014444444,
      1.96,
      1.905555556,
      1.851111111,
      1.796666667,
      1.742222222,
      1.687777778,
      1.633333333,
      1.578888889,
      1.524444444,
      1.47,
      1.415555556,
      1.361111111,
      1.306666667,
      1.252222222,
      1.197777778,
      1.143333333,
      1.088888889,
      1.034444444,
      0.98,
      0.925555556,
      0.871111111,
      0.816666667,
      0.762222222,
      0.707777778,
      0.653333333,
      0.598888889,
      0.544444444,
      0.49,
      0.435555556,
      0.381111111,
      0.326666667,
      0.272222222,
      0.217777778,
      0.163333333,
      0.108888889,
      0.054444444,
      0
    ],
    "TaskName": "task-FlavorRun4",
    "UsePhilipsFloatNotDisplayScaling": 1,
    "dataset": "ds001491",
    "modality": "bold",
    "subject_id": "12",
    "task_id": "FlavorRun4"
  },
  "dummy_trs": 0,
  "dvars_nstd": 21.943566812339455,
  "dvars_std": 1.354102986743119,
  "dvars_vstd": 1.0424589789908252,
  "efc": 0.5084181661227121,
  "fber": 31954.740234375,
  "fd_mean": 0.24014559154438037,
  "fd_num": 95,
  "fd_perc": 43.37899543378995,
  "fwhm_avg": 2.317834285714286,
  "fwhm_x": 2.0641257142857143,
  "fwhm_y": 2.5315028571428573,
  "fwhm_z": 2.357874285714286,
  "gcor": 0.0268563,
  "gsr_x": -0.0035738986916840076,
  "gsr_y": 0.05900677293539047,
  "provenance": {
    "md5sum": "ca7601bf36c908ae39ee3e569422a65b",
    "settings": {
      "fd_thres": 0.2,
      "testing": false
    },
    "software": "mriqc",
    "version": "22.0.6",
    "webapi_port": null,
    "webapi_url": "https://mriqc.nimh.nih.gov/api/v1"
  },
  "size_t": 219,
  "size_x": 64,
  "size_y": 64,
  "size_z": 45,
  "snr": 6.483216893603947,
  "spacing_tr": 2.450000047683716,
  "spacing_x": 3.5,
  "spacing_y": 3.5,
  "spacing_z": 3.5,
  "summary_bg_k": 11.459705538453472,
  "summary_bg_mad": 6082.383881332745,
  "summary_bg_mean": 52570.9140625,
  "summary_bg_median": 4696.29443359375,
  "summary_bg_n": 116018.0,
  "summary_bg_p05": 334.3822784423828,
  "summary_bg_p95": 299196.63437499997,
  "summary_bg_stdv": 111173.46875,
  "summary_fg_k": 0.9480585167812943,
  "summary_fg_mad": 126253.16948885296,
  "summary_fg_mean": 828400.0625,
  "summary_fg_median": 823291.6875,
  "summary_fg_n": 29386.0,
  "summary_fg_p05": 639464.6875,
  "summary_fg_p95": 1041790.84375,
  "summary_fg_stdv": 126985.984375,
  "tsnr": 90.63472747802734
}