{
  "aor": 0.00787834862385321,
  "aqi": 0.006051252110091743,
  "bids_meta": {
    "EchoTime": 0.02203,
    "EchoTrainLength": 23,
    "FlipAngle": 80,
    "InstitutionName": "Univerity Medical Center Groningen",
    "InstitutionalDepartmentName": "Neuroimaging Center Groningen",
    "MagneticFieldStrength": 3,
    "Manufacturer": "Philips",
    "ManufacturersModelName": "Intera",
    "Modality": "MR",
    "PatientPosition": "HFS",
    "PhilipsRescaleIntercept": 0,
    "PhilipsRescaleSlope": 282.541,
    "PhilipsScaleSlope": 0.0011356,
    "ProtocolName": "WIPR-state_ME_descending-sso-DSSENSE4.2",
    "ReceiveCoilName": "SENSE-Head-32P",
    "ReconMatrixPE": 64,
    "RepetitionTime": 2.45,
    "SliceThickness": 3.5,
    "SliceTiming": [
      2.395555556,
      2.341111111,
      2.286666667,
      2.232222222,
      2.177777778,
      2.123333333,
      2.068888889,
      2.014444444,
      1.96,
      1.905555556,
      1.851111111,
      1.796666667,
      1.742222222,
      1.687777778,
      1.633333333,
      1.578888889,
      1.524444444,
      1.47,
      1.415555556,
      1.361111111,
      1.306666667,
      1.252222222,
      1.197777778,
      1.143333333,
      1.088888889,
      1.034444444,
      0.98,
      0.925555556,
      0.871111111,
      0.816666667,
      0.762222222,
      0.707777778,
      0.653333333,
      0.598888889,
      0.544444444,
      0.49,
      0.435555556,
      0.381111111,
      0.326666667,
      0.272222222,
      0.217777778,
      0.163333333,
      0.108888889,
      0.054444444,
      0
    ],
    "TaskName": "task-FlavorRun2",
    "UsePhilipsFloatNotDisplayScaling": 1,
    "dataset": "ds001491",
    "modality": "bold",
    "subject_id": "12",
    "task_id": "FlavorRun2"
  },
  "dummy_trs": 0,
  "dvars_nstd": 25.850812819769562,
  "dvars_std": 1.2906563065437793,
  "dvars_vstd": 1.0683950174193544,
  "efc": 0.44310015339188125,
  "fber": 47258.2421875,
  "fd_mean": 0.31018311071492977,
  "fd_num": 124,
  "fd_perc": 56.88073394495413,
  "fwhm_avg": 1.9499609523809525,
  "fwhm_x": 1.8178885714285715,
  "fwhm_y": 2.1389657142857144,
  "fwhm_z": 1.8930285714285715,
  "gcor": 0.0217709,
  "gsr_x": 0.00277714803814888,
  "gsr_y": 0.023153889924287796,
  "provenance": {
    "md5sum": "85df9a399e363099b1c9f6e617519225",
    "settings": {
      "fd_thres": 0.2,
      "testing": false
    },
    "software": "mriqc",
    "version": "22.0.6",
    "webapi_port": null,
    "webapi_url": "https://mriqc.nimh.nih.gov/api/v1"
  },
  "size_t": 218,
  "size_x": 64,
  "size_y": 64,
  "size_z": 45,
  "snr": 5.915104014173239,
  "spacing_tr": 2.450000047683716,
  "spacing_x": 3.5,
  "spacing_y": 3.5,
  "spacing_z": 3.5,
  "summary_bg_k": 25.61038809130886,
  "summary_bg_mad": 4392.448465887852,
  "summary_bg_mean": 25205.8203125,
  "summary_bg_median": 3299.008056640625,
  "summary_bg_n": 124047.0,
  "summary_bg_p05": 139.48176116943358,
  "summary_bg_p95": 125958.58437499998,
  "summary_bg_stdv": 62232.84375,
  "summary_fg_k": 0.6802651107935893,
  "summary_fg_mad": 114218.28497409172,
  "summary_fg_mean": 674577.625,
  "summary_fg_median": 664014.75,
  "summary_fg_n": 26016.0,
  "summary_fg_p05": 513691.96875,
  "summary_fg_p95": 865416.015625,
  "summary_fg_stdv": 112255.3359375,
  "tsnr": 62.49435043334961
}