{
  "aor": 0.010280762331838566,
  "aqi": 0.00711838878923767,
  "bids_meta": {
    "EchoTime": 0.02203,
    "EchoTrainLength": 23,
    "FlipAngle": 80,
    "InstitutionName": "Univerity Medical Center Groningen",
    "InstitutionalDepartmentName": "Neuroimaging Center Groningen",
    "MagneticFieldStrength": 3,
    "Manufacturer": "Philips",
    "ManufacturersModelName": "Intera",
    "Modality": "MR",
    "PatientPosition": "HFS",
    "PhilipsRescaleIntercept": 0,
    "PhilipsRescaleSlope": 282.541,
    "PhilipsScaleSlope": 0.0011356,
    "ProtocolName": "WIPR-state_ME_descending-sso-DSSENSE4.2",
    "ReceiveCoilName": "SENSE-Head-32P",
    "ReconMatrixPE": 64,
    "RepetitionTime": 2.45,
    "SliceThickness": 3.5,
    "SliceTiming": [
      2.395555556,
      2.341111111,
      2.286666667,
      2.232222222,
      2.177777778,
      2.123333333,
      2.068888889,
      2.014444444,
      1.96,
      1.905555556,
      1.851111111,
      1.796666667,
      1.742222222,
      1.687777778,
      1.633333333,
      1.578888889,
      1.524444444,
      1.47,
      1.415555556,
      1.361111111,
      1.306666667,
      1.252222222,
      1.197777778,
      1.143333333,
      1.088888889,
      1.034444444,
      0.98,
      0.925555556,
      0.871111111,
      0.816666667,
      0.762222222,
      0.707777778,
      0.653333333,
      0.598888889,
      0.544444444,
      0.49,
      0.435555556,
      0.381111111,
      0.326666667,
      0.272222222,
      0.217777778,
      0.163333333,
      0.108888889,
      0.054444444,
      0
    ],
    "TaskName": "task-FlavorRun1",
    "UsePhilipsFloatNotDisplayScaling": 1,
    "dataset": "ds001491",
    "modality": "bold",
    "subject_id": "12",
    "task_id": "FlavorRun1"
  },
  "dummy_trs": 0,
  "dvars_nstd": 27.762079123063053,
  "dvars_std": 1.2770385214414413,
  "dvars_vstd": 1.0644111309459454,
  "efc": 0.4388168166386935,
  "fber": 140771.40625,
  "fd_mean": 0.3971508247812349,
  "fd_num": 134,
  "fd_perc": 60.08968609865471,
  "fwhm_avg": 1.961872380952381,
  "fwhm_x": 1.8345857142857143,
  "fwhm_y": 2.155548571428571,
  "fwhm_z": 1.8954828571428572,
  "gcor": 0.0165664,
  "gsr_x": 0.0046522971242666245,
  "gsr_y": 0.022907400503754616,
  "provenance": {
    "md5sum": "a5512c2df2474630dbc57e34ea9a646e",
    "settings": {
      "fd_thres": 0.2,
      "testing": false
    },
    "software": "mriqc",
    "version": "22.0.6",
    "webapi_port": null,
    "webapi_url": "https://mriqc.nimh.nih.gov/api/v1"
  },
  "size_t": 223,
  "size_x": 64,
  "size_y": 64,
  "size_z": 45,
  "snr": 5.880444132501776,
  "spacing_tr": 2.450000047683716,
  "spacing_x": 3.5,
  "spacing_y": 3.5,
  "spacing_z": 3.5,
  "summary_bg_k": 27.279940617938742,
  "summary_bg_mad": 2853.5564062962676,
  "summary_bg_mean": 23460.2578125,
  "summary_bg_median": 1955.0716552734375,
  "summary_bg_n": 123859.0,
  "summary_bg_p05": 15.95004472732544,
  "summary_bg_p95": 117369.98671874989,
  "summary_bg_stdv": 61284.62109375,
  "summary_fg_k": 0.6799353317874632,
  "summary_fg_mad": 114362.93135303468,
  "summary_fg_mean": 674046.625,
  "summary_fg_median": 663224.0,
  "summary_fg_n": 26075.0,
  "summary_fg_p05": 512377.040625,
  "summary_fg_p95": 865446.6124999999,
  "summary_fg_stdv": 112782.515625,
  "tsnr": 55.70671081542969
}