{
  "aor": 0.006649725400457665,
  "aqi": 0.017709286270022884,
  "bids_meta": {
    "EchoTime": 0.03603,
    "EchoTrainLength": 23,
    "FlipAngle": 80,
    "InstitutionName": "Univerity Medical Center Groningen",
    "InstitutionalDepartmentName": "Neuroimaging Center Groningen",
    "MagneticFieldStrength": 3,
    "Manufacturer": "Philips",
    "ManufacturersModelName": "Intera",
    "Modality": "MR",
    "PatientPosition": "HFS",
    "PhilipsRescaleIntercept": 0,
    "PhilipsRescaleSlope": 282.541,
    "PhilipsScaleSlope": 0.0011356,
    "ProtocolName": "WIPR-state_ME_descending-sso-DSSENSE4.2",
    "ReceiveCoilName": "SENSE-Head-32P",
    "ReconMatrixPE": 64,
    "RepetitionTime": 2.45,
    "SliceThickness": 3.5,
    "SliceTiming": [
      2.395555556,
      2.341111111,
      2.286666667,
      2.232222222,
      2.177777778,
      2.123333333,
      2.068888889,
      2.014444444,
      1.96,
      1.905555556,
      1.851111111,
      1.796666667,
      1.742222222,
      1.687777778,
      1.633333333,
      1.578888889,
      1.524444444,
      1.47,
      1.415555556,
      1.361111111,
      1.306666667,
      1.252222222,
      1.197777778,
      1.143333333,
      1.088888889,
      1.034444444,
      0.98,
      0.925555556,
      0.871111111,
      0.816666667,
      0.762222222,
      0.707777778,
      0.653333333,
      0.598888889,
      0.544444444,
      0.49,
      0.435555556,
      0.381111111,
      0.326666667,
      0.272222222,
      0.217777778,
      0.163333333,
      0.108888889,
      0.054444444,
      0
    ],
    "TaskName": "task-images",
    "UsePhilipsFloatNotDisplayScaling": 1,
    "dataset": "ds001491",
    "modality": "bold",
    "subject_id": "12",
    "task_id": "images"
  },
  "dummy_trs": 0,
  "dvars_nstd": 34.122218752889914,
  "dvars_std": 1.137066866399083,
  "dvars_vstd": 0.9863581463302764,
  "efc": 0.40778153846081694,
  "fber": 358600.53125,
  "fd_mean": 0.42208321798611714,
  "fd_num": 306,
  "fd_perc": 70.0228832951945,
  "fwhm_avg": 1.8208714285714285,
  "fwhm_x": 1.6636799999999998,
  "fwhm_y": 2.039777142857143,
  "fwhm_z": 1.7591571428571429,
  "gcor": 0.0306927,
  "gsr_x": 0.0004264472227077931,
  "gsr_y": 0.019826659932732582,
  "provenance": {
    "md5sum": "571ecf7a5d7c7614b051965a73762e04",
    "settings": {
      "fd_thres": 0.2,
      "testing": false
    },
    "software": "mriqc",
    "version": "22.0.6",
    "webapi_port": null,
    "webapi_url": "https://mriqc.nimh.nih.gov/api/v1"
  },
  "size_t": 437,
  "size_x": 64,
  "size_y": 64,
  "size_z": 45,
  "snr": 4.578649809405513,
  "spacing_tr": 2.450000047683716,
  "spacing_x": 3.5,
  "spacing_y": 3.5,
  "spacing_z": 3.5,
  "summary_bg_k": 46.60866413119804,
  "summary_bg_mad": 1713.0141381380386,
  "summary_bg_mean": 15366.216796875,
  "summary_bg_median": 1168.9527587890625,
  "summary_bg_n": 126040.0,
  "summary_bg_p05": 8.014472770690919,
  "summary_bg_p95": 75462.58007812499,
  "summary_bg_stdv": 40659.5703125,
  "summary_fg_k": 3.6566554693562,
  "summary_fg_mad": 123921.40684969828,
  "summary_fg_mean": 665582.0,
  "summary_fg_median": 645100.1875,
  "summary_fg_n": 24148.0,
  "summary_fg_p05": 485185.584375,
  "summary_fg_p95": 906791.0531249999,
  "summary_fg_stdv": 140890.1875,
  "tsnr": 32.86625671386719
}