{
  "bids_meta": {
    "EchoTime": 0.00351,
    "FlipAngle": 8,
    "InstitutionName": "Univerity Medical Center Groningen",
    "InstitutionalDepartmentName": "Neuroimaging Center Groningen",
    "MagneticFieldStrength": 3,
    "Manufacturer": "Philips",
    "ManufacturersModelName": "Intera",
    "Modality": "MR",
    "PatientPosition": "HFS",
    "PhilipsRescaleIntercept": 0,
    "PhilipsRescaleSlope": 12.7477,
    "PhilipsScaleSlope": 0.000299206,
    "ProtocolName": "T13DSENSEtool4.2",
    "ReceiveCoilName": "SENSE-Head-32P",
    "ReconMatrixPE": 256,
    "RepetitionTime": 0.009,
    "UsePhilipsFloatNotDisplayScaling": 1,
    "dataset": "ds001491",
    "modality": "T1w",
    "subject_id": "11"
  },
  "cjv": 0.3979761386907795,
  "cnr": 3.4085750034583624,
  "efc": 0.7841441754434508,
  "fber": -1.0,
  "fwhm_avg": 3.450673333333333,
  "fwhm_x": 3.5192,
  "fwhm_y": 3.51815,
  "fwhm_z": 3.31467,
  "icvs_csf": 0.20620327926677498,
  "icvs_gm": 0.4125755792504362,
  "icvs_wm": 0.3812211414827888,
  "inu_med": 0.734684944152832,
  "inu_range": 0.4408040672540664,
  "provenance": {
    "md5sum": "f951d24ac792492a118ceadb7bc0814d",
    "settings": {
      "testing": false
    },
    "software": "mriqc",
    "version": "22.0.6",
    "warnings": {
      "large_rot_frame": true,
      "small_air_mask": true
    },
    "webapi_port": null,
    "webapi_url": "https://mriqc.nimh.nih.gov/api/v1"
  },
  "qi_1": 0.0,
  "qi_2": 4.365228333273848e-06,
  "rpve_csf": 21.27497887590968,
  "rpve_gm": 10.622484805598907,
  "rpve_wm": 13.519524630469492,
  "size_x": 256,
  "size_y": 256,
  "size_z": 170,
  "snr_csf": 1.4740284890033397,
  "snr_gm": 8.85051158377665,
  "snr_total": 9.59424726599863,
  "snr_wm": 18.4582017252159,
  "snrd_csf": 16.104778134951196,
  "snrd_gm": 50.448622401247455,
  "snrd_total": 46.96542889361922,
  "snrd_wm": 74.342886144659,
  "spacing_x": 1.0,
  "spacing_y": 1.0,
  "spacing_z": 1.0,
  "summary_bg_k": 50.873247658285436,
  "summary_bg_mad": 0.0,
  "summary_bg_mean": 2.409709162910008,
  "summary_bg_median": 0.0,
  "summary_bg_n": 105084.0,
  "summary_bg_p05": 0.0,
  "summary_bg_p95": 15.340536445379257,
  "summary_bg_stdv": 8.81315093381311,
  "summary_csf_k": 9.273320093722957,
  "summary_csf_mad": 121.4631171057874,
  "summary_csf_mean": 240.8079472502564,
  "summary_csf_median": 216.64777053892612,
  "summary_csf_n": 20859.0,
  "summary_csf_p05": 52.557752296328545,
  "summary_csf_p95": 500.20296248495544,
  "summary_csf_stdv": 146.9731276867192,
  "summary_gm_k": 0.11988195298873805,
  "summary_gm_mad": 75.66554836098231,
  "summary_gm_mean": 677.3131800000646,
  "summary_gm_median": 678.6545879989862,
  "summary_gm_n": 28256.0,
  "summary_gm_p05": 547.9466514959931,
  "summary_gm_p95": 800.8715077340603,
  "summary_gm_stdv": 76.67834479779398,
  "summary_wm_k": 0.5195105458174369,
  "summary_wm_mad": 52.25790211363749,
  "summary_wm_mean": 1002.0026966905407,
  "summary_wm_median": 1000.0895637124777,
  "summary_wm_n": 223914.0,
  "summary_wm_p05": 916.6716661155224,
  "summary_wm_p95": 1093.2967530488968,
  "summary_wm_stdv": 54.1811897712436,
  "tpm_overlap_csf": 0.13197060792668783,
  "tpm_overlap_gm": 0.44237008830169133,
  "tpm_overlap_wm": 0.4826551791694929,
  "wm2max": 0.6293479077454737
}