{
  "aor": 0.00509,
  "aqi": 0.010956626412556056,
  "bids_meta": {
    "EchoTime": 0.03603,
    "EchoTrainLength": 23,
    "FlipAngle": 80,
    "InstitutionName": "Univerity Medical Center Groningen",
    "InstitutionalDepartmentName": "Neuroimaging Center Groningen",
    "MagneticFieldStrength": 3,
    "Manufacturer": "Philips",
    "ManufacturersModelName": "Intera",
    "Modality": "MR",
    "PatientPosition": "HFS",
    "PhilipsRescaleIntercept": 0,
    "PhilipsRescaleSlope": 282.541,
    "PhilipsScaleSlope": 0.0011356,
    "ProtocolName": "WIPR-state_ME_descending-sso-DSSENSE4.2",
    "ReceiveCoilName": "SENSE-Head-32P",
    "ReconMatrixPE": 64,
    "RepetitionTime": 2.45,
    "SliceThickness": 3.5,
    "SliceTiming": [
      2.395555556,
      2.341111111,
      2.286666667,
      2.232222222,
      2.177777778,
      2.123333333,
      2.068888889,
      2.014444444,
      1.96,
      1.905555556,
      1.851111111,
      1.796666667,
      1.742222222,
      1.687777778,
      1.633333333,
      1.578888889,
      1.524444444,
      1.47,
      1.415555556,
      1.361111111,
      1.306666667,
      1.252222222,
      1.197777778,
      1.143333333,
      1.088888889,
      1.034444444,
      0.98,
      0.925555556,
      0.871111111,
      0.816666667,
      0.762222222,
      0.707777778,
      0.653333333,
      0.598888889,
      0.544444444,
      0.49,
      0.435555556,
      0.381111111,
      0.326666667,
      0.272222222,
      0.217777778,
      0.163333333,
      0.108888889,
      0.054444444,
      0
    ],
    "TaskName": "task-FlavorRun2",
    "UsePhilipsFloatNotDisplayScaling": 1,
    "dataset": "ds001491",
    "modality": "bold",
    "subject_id": "10",
    "task_id": "FlavorRun2"
  },
  "dummy_trs": 0,
  "dvars_nstd": 35.4661698981982,
  "dvars_std": 1.2920769453153151,
  "dvars_vstd": 1.0092998040540537,
  "efc": 0.43857996089707185,
  "fber": 29179.46875,
  "fd_mean": 0.32448390324696286,
  "fd_num": 122,
  "fd_perc": 54.7085201793722,
  "fwhm_avg": 1.9652114285714284,
  "fwhm_x": 1.7748285714285714,
  "fwhm_y": 2.2348257142857144,
  "fwhm_z": 1.88598,
  "gcor": 0.0326991,
  "gsr_x": -0.019223006442189217,
  "gsr_y": 0.035684678703546524,
  "provenance": {
    "md5sum": "aab71ec6abe2aa800def3388fadf5729",
    "settings": {
      "fd_thres": 0.2,
      "testing": false
    },
    "software": "mriqc",
    "version": "22.0.6",
    "webapi_port": null,
    "webapi_url": "https://mriqc.nimh.nih.gov/api/v1"
  },
  "size_t": 223,
  "size_x": 64,
  "size_y": 64,
  "size_z": 45,
  "snr": 4.071689356189096,
  "spacing_tr": 2.450000047683716,
  "spacing_x": 3.5,
  "spacing_y": 3.5,
  "spacing_z": 3.5,
  "summary_bg_k": 164.49403194063729,
  "summary_bg_mad": 3506.4772238418564,
  "summary_bg_mean": 13232.337890625,
  "summary_bg_median": 2989.73681640625,
  "summary_bg_n": 120520.0,
  "summary_bg_p05": 283.1290924072267,
  "summary_bg_p95": 54294.68359374976,
  "summary_bg_stdv": 35112.0078125,
  "summary_fg_k": 6.814764475898915,
  "summary_fg_mad": 95080.11423651216,
  "summary_fg_mean": 523878.15625,
  "summary_fg_median": 505979.75,
  "summary_fg_n": 27969.0,
  "summary_fg_p05": 376211.5,
  "summary_fg_p95": 710658.6124999999,
  "summary_fg_stdv": 124265.546875,
  "tsnr": 45.789485931396484
}