{
  "aor": 0.006786412556053812,
  "aqi": 0.004803817757847533,
  "bids_meta": {
    "EchoTime": 0.00802,
    "EchoTrainLength": 23,
    "FlipAngle": 80,
    "InstitutionName": "Univerity Medical Center Groningen",
    "InstitutionalDepartmentName": "Neuroimaging Center Groningen",
    "MagneticFieldStrength": 3,
    "Manufacturer": "Philips",
    "ManufacturersModelName": "Intera",
    "Modality": "MR",
    "PatientPosition": "HFS",
    "PhilipsRescaleIntercept": 0,
    "PhilipsRescaleSlope": 282.541,
    "PhilipsScaleSlope": 0.0011356,
    "ProtocolName": "WIPR-state_ME_descending-sso-DSSENSE4.2",
    "ReceiveCoilName": "SENSE-Head-32P",
    "ReconMatrixPE": 64,
    "RepetitionTime": 2.45,
    "SliceThickness": 3.5,
    "SliceTiming": [
      2.395555556,
      2.341111111,
      2.286666667,
      2.232222222,
      2.177777778,
      2.123333333,
      2.068888889,
      2.014444444,
      1.96,
      1.905555556,
      1.851111111,
      1.796666667,
      1.742222222,
      1.687777778,
      1.633333333,
      1.578888889,
      1.524444444,
      1.47,
      1.415555556,
      1.361111111,
      1.306666667,
      1.252222222,
      1.197777778,
      1.143333333,
      1.088888889,
      1.034444444,
      0.98,
      0.925555556,
      0.871111111,
      0.816666667,
      0.762222222,
      0.707777778,
      0.653333333,
      0.598888889,
      0.544444444,
      0.49,
      0.435555556,
      0.381111111,
      0.326666667,
      0.272222222,
      0.217777778,
      0.163333333,
      0.108888889,
      0.054444444,
      0
    ],
    "TaskName": "task-FlavorRun2",
    "UsePhilipsFloatNotDisplayScaling": 1,
    "dataset": "ds001491",
    "modality": "bold",
    "subject_id": "10",
    "task_id": "FlavorRun2"
  },
  "dummy_trs": 0,
  "dvars_nstd": 23.05742057603603,
  "dvars_std": 1.4216877481531542,
  "dvars_vstd": 1.0378075682882886,
  "efc": 0.5334327589570743,
  "fber": 21319.220703125,
  "fd_mean": 0.2824018468879674,
  "fd_num": 97,
  "fd_perc": 43.497757847533634,
  "fwhm_avg": 2.323207619047619,
  "fwhm_x": 2.1201114285714286,
  "fwhm_y": 2.4751342857142857,
  "fwhm_z": 2.374377142857143,
  "gcor": 0.0191899,
  "gsr_x": -0.033833544701337814,
  "gsr_y": 0.07534123957157135,
  "provenance": {
    "md5sum": "be497701166f09d4458899f30f0c02bf",
    "settings": {
      "fd_thres": 0.2,
      "testing": false
    },
    "software": "mriqc",
    "version": "22.0.6",
    "webapi_port": null,
    "webapi_url": "https://mriqc.nimh.nih.gov/api/v1"
  },
  "size_t": 223,
  "size_x": 64,
  "size_y": 64,
  "size_z": 45,
  "snr": 6.823481610361112,
  "spacing_tr": 2.450000047683716,
  "spacing_x": 3.5,
  "spacing_y": 3.5,
  "spacing_z": 3.5,
  "summary_bg_k": 9.440787022569609,
  "summary_bg_mad": 7673.581237646969,
  "summary_bg_mean": 60251.78515625,
  "summary_bg_median": 5792.96435546875,
  "summary_bg_n": 112369.0,
  "summary_bg_p05": 316.61619873046885,
  "summary_bg_p95": 345850.48124999943,
  "summary_bg_stdv": 122186.3359375,
  "summary_fg_k": 0.6710167489107004,
  "summary_fg_mad": 123135.7666678483,
  "summary_fg_mean": 872020.875,
  "summary_fg_median": 866190.8125,
  "summary_fg_n": 33063.0,
  "summary_fg_p05": 676265.65,
  "summary_fg_p95": 1083235.7125,
  "summary_fg_stdv": 126940.7265625,
  "tsnr": 83.005859375
}