{
  "aor": 0.005182398190045248,
  "aqi": 0.006359173891402716,
  "bids_meta": {
    "EchoTime": 0.02203,
    "EchoTrainLength": 23,
    "FlipAngle": 80,
    "InstitutionName": "Univerity Medical Center Groningen",
    "InstitutionalDepartmentName": "Neuroimaging Center Groningen",
    "MagneticFieldStrength": 3,
    "Manufacturer": "Philips",
    "ManufacturersModelName": "Intera",
    "Modality": "MR",
    "PatientPosition": "HFS",
    "PhilipsRescaleIntercept": 0,
    "PhilipsRescaleSlope": 282.541,
    "PhilipsScaleSlope": 0.0011356,
    "ProtocolName": "WIPR-state_ME_descending-sso-DSSENSE4.2",
    "ReceiveCoilName": "SENSE-Head-32P",
    "ReconMatrixPE": 64,
    "RepetitionTime": 2.45,
    "SliceThickness": 3.5,
    "SliceTiming": [
      2.395555556,
      2.341111111,
      2.286666667,
      2.232222222,
      2.177777778,
      2.123333333,
      2.068888889,
      2.014444444,
      1.96,
      1.905555556,
      1.851111111,
      1.796666667,
      1.742222222,
      1.687777778,
      1.633333333,
      1.578888889,
      1.524444444,
      1.47,
      1.415555556,
      1.361111111,
      1.306666667,
      1.252222222,
      1.197777778,
      1.143333333,
      1.088888889,
      1.034444444,
      0.98,
      0.925555556,
      0.871111111,
      0.816666667,
      0.762222222,
      0.707777778,
      0.653333333,
      0.598888889,
      0.544444444,
      0.49,
      0.435555556,
      0.381111111,
      0.326666667,
      0.272222222,
      0.217777778,
      0.163333333,
      0.108888889,
      0.054444444,
      0
    ],
    "TaskName": "task-FlavorRun4",
    "UsePhilipsFloatNotDisplayScaling": 1,
    "dataset": "ds001491",
    "modality": "bold",
    "subject_id": "10",
    "task_id": "FlavorRun4"
  },
  "dummy_trs": 0,
  "dvars_nstd": 26.1459218635,
  "dvars_std": 1.338275465181819,
  "dvars_vstd": 1.0180718031818177,
  "efc": 0.4751930745348209,
  "fber": 27877.974609375,
  "fd_mean": 0.28401219528035637,
  "fd_num": 72,
  "fd_perc": 32.57918552036199,
  "fwhm_avg": 1.955929523809524,
  "fwhm_x": 1.7706342857142856,
  "fwhm_y": 2.165937142857143,
  "fwhm_z": 1.931217142857143,
  "gcor": 0.0218761,
  "gsr_x": -0.026537612080574036,
  "gsr_y": 0.03891582414507866,
  "provenance": {
    "md5sum": "08e3d67b2769831e77d2916224fa15ee",
    "settings": {
      "fd_thres": 0.2,
      "testing": false
    },
    "software": "mriqc",
    "version": "22.0.6",
    "webapi_port": null,
    "webapi_url": "https://mriqc.nimh.nih.gov/api/v1"
  },
  "size_t": 221,
  "size_x": 64,
  "size_y": 64,
  "size_z": 45,
  "snr": 5.479751878587316,
  "spacing_tr": 2.450000047683716,
  "spacing_x": 3.5,
  "spacing_y": 3.5,
  "spacing_z": 3.5,
  "summary_bg_k": 36.59899767969787,
  "summary_bg_mad": 4926.670069321941,
  "summary_bg_mean": 28219.46484375,
  "summary_bg_median": 4021.252685546875,
  "summary_bg_n": 118609.0,
  "summary_bg_p05": 398.8007690429688,
  "summary_bg_p95": 140602.4624999998,
  "summary_bg_stdv": 64903.21875,
  "summary_fg_k": 3.291963335956553,
  "summary_fg_mad": 106594.5590412586,
  "summary_fg_mean": 677385.0,
  "summary_fg_median": 662916.5,
  "summary_fg_n": 30110.0,
  "summary_fg_p05": 517257.528125,
  "summary_fg_p95": 870900.5249999999,
  "summary_fg_stdv": 120973.6328125,
  "tsnr": 69.35417938232422
}