{
  "aor": 0.0055721621621621625,
  "aqi": 0.010792820630630633,
  "bids_meta": {
    "EchoTime": 0.03603,
    "EchoTrainLength": 23,
    "FlipAngle": 80,
    "InstitutionName": "Univerity Medical Center Groningen",
    "InstitutionalDepartmentName": "Neuroimaging Center Groningen",
    "MagneticFieldStrength": 3,
    "Manufacturer": "Philips",
    "ManufacturersModelName": "Intera",
    "Modality": "MR",
    "PatientPosition": "HFS",
    "PhilipsRescaleIntercept": 0,
    "PhilipsRescaleSlope": 282.541,
    "PhilipsScaleSlope": 0.0011356,
    "ProtocolName": "WIPR-state_ME_descending-sso-DSSENSE4.2",
    "ReceiveCoilName": "SENSE-Head-32P",
    "ReconMatrixPE": 64,
    "RepetitionTime": 2.45,
    "SliceThickness": 3.5,
    "SliceTiming": [
      2.395555556,
      2.341111111,
      2.286666667,
      2.232222222,
      2.177777778,
      2.123333333,
      2.068888889,
      2.014444444,
      1.96,
      1.905555556,
      1.851111111,
      1.796666667,
      1.742222222,
      1.687777778,
      1.633333333,
      1.578888889,
      1.524444444,
      1.47,
      1.415555556,
      1.361111111,
      1.306666667,
      1.252222222,
      1.197777778,
      1.143333333,
      1.088888889,
      1.034444444,
      0.98,
      0.925555556,
      0.871111111,
      0.816666667,
      0.762222222,
      0.707777778,
      0.653333333,
      0.598888889,
      0.544444444,
      0.49,
      0.435555556,
      0.381111111,
      0.326666667,
      0.272222222,
      0.217777778,
      0.163333333,
      0.108888889,
      0.054444444,
      0
    ],
    "TaskName": "task-FlavorRun3",
    "UsePhilipsFloatNotDisplayScaling": 1,
    "dataset": "ds001491",
    "modality": "bold",
    "subject_id": "10",
    "task_id": "FlavorRun3"
  },
  "dummy_trs": 0,
  "dvars_nstd": 35.740834111402734,
  "dvars_std": 1.3013850088687784,
  "dvars_vstd": 1.0153489876470592,
  "efc": 0.4393678228273215,
  "fber": 28131.388671875,
  "fd_mean": 0.3528213917245307,
  "fd_num": 112,
  "fd_perc": 50.450450450450454,
  "fwhm_avg": 1.9666009523809524,
  "fwhm_x": 1.7687485714285713,
  "fwhm_y": 2.2427885714285716,
  "fwhm_z": 1.8882657142857142,
  "gcor": 0.0315279,
  "gsr_x": -0.019270427525043488,
  "gsr_y": 0.03610999137163162,
  "provenance": {
    "md5sum": "56bffa722a84b6a8ac7d3b0ada4ad82c",
    "settings": {
      "fd_thres": 0.2,
      "testing": false
    },
    "software": "mriqc",
    "version": "22.0.6",
    "webapi_port": null,
    "webapi_url": "https://mriqc.nimh.nih.gov/api/v1"
  },
  "size_t": 222,
  "size_x": 64,
  "size_y": 64,
  "size_z": 45,
  "snr": 4.074244121399538,
  "spacing_tr": 2.450000047683716,
  "spacing_x": 3.5,
  "spacing_y": 3.5,
  "spacing_z": 3.5,
  "summary_bg_k": 155.0654254442348,
  "summary_bg_mad": 3499.0142165502484,
  "summary_bg_mean": 13494.9658203125,
  "summary_bg_median": 3029.96630859375,
  "summary_bg_n": 120548.0,
  "summary_bg_p05": 321.46994781494146,
  "summary_bg_p95": 56057.74843749987,
  "summary_bg_stdv": 35237.875,
  "summary_fg_k": 6.947512939955269,
  "summary_fg_mad": 93974.41730074228,
  "summary_fg_mean": 523336.9375,
  "summary_fg_median": 505552.46875,
  "summary_fg_n": 27919.0,
  "summary_fg_p05": 378082.45,
  "summary_fg_p95": 710586.2124999998,
  "summary_fg_stdv": 124082.75,
  "tsnr": 45.969512939453125
}