{
  "aor": 0.007800990990990992,
  "aqi": 0.004792169279279279,
  "bids_meta": {
    "EchoTime": 0.00802,
    "EchoTrainLength": 23,
    "FlipAngle": 80,
    "InstitutionName": "Univerity Medical Center Groningen",
    "InstitutionalDepartmentName": "Neuroimaging Center Groningen",
    "MagneticFieldStrength": 3,
    "Manufacturer": "Philips",
    "ManufacturersModelName": "Intera",
    "Modality": "MR",
    "PatientPosition": "HFS",
    "PhilipsRescaleIntercept": 0,
    "PhilipsRescaleSlope": 282.541,
    "PhilipsScaleSlope": 0.0011356,
    "ProtocolName": "WIPR-state_ME_descending-sso-DSSENSE4.2",
    "ReceiveCoilName": "SENSE-Head-32P",
    "ReconMatrixPE": 64,
    "RepetitionTime": 2.45,
    "SliceThickness": 3.5,
    "SliceTiming": [
      2.395555556,
      2.341111111,
      2.286666667,
      2.232222222,
      2.177777778,
      2.123333333,
      2.068888889,
      2.014444444,
      1.96,
      1.905555556,
      1.851111111,
      1.796666667,
      1.742222222,
      1.687777778,
      1.633333333,
      1.578888889,
      1.524444444,
      1.47,
      1.415555556,
      1.361111111,
      1.306666667,
      1.252222222,
      1.197777778,
      1.143333333,
      1.088888889,
      1.034444444,
      0.98,
      0.925555556,
      0.871111111,
      0.816666667,
      0.762222222,
      0.707777778,
      0.653333333,
      0.598888889,
      0.544444444,
      0.49,
      0.435555556,
      0.381111111,
      0.326666667,
      0.272222222,
      0.217777778,
      0.163333333,
      0.108888889,
      0.054444444,
      0
    ],
    "TaskName": "task-FlavorRun3",
    "UsePhilipsFloatNotDisplayScaling": 1,
    "dataset": "ds001491",
    "modality": "bold",
    "subject_id": "10",
    "task_id": "FlavorRun3"
  },
  "dummy_trs": 0,
  "dvars_nstd": 24.289276209411756,
  "dvars_std": 1.4691181382805434,
  "dvars_vstd": 1.0494951633031673,
  "efc": 0.5351861480748533,
  "fber": 20305.42578125,
  "fd_mean": 0.31264455334599683,
  "fd_num": 103,
  "fd_perc": 46.3963963963964,
  "fwhm_avg": 2.296034285714286,
  "fwhm_x": 2.0844142857142858,
  "fwhm_y": 2.4402057142857143,
  "fwhm_z": 2.363482857142857,
  "gcor": 0.0188581,
  "gsr_x": -0.03359626978635788,
  "gsr_y": 0.07382766902446747,
  "provenance": {
    "md5sum": "d3c960ba2104324f6af9be92edc6e3fd",
    "settings": {
      "fd_thres": 0.2,
      "testing": false
    },
    "software": "mriqc",
    "version": "22.0.6",
    "webapi_port": null,
    "webapi_url": "https://mriqc.nimh.nih.gov/api/v1"
  },
  "size_t": 222,
  "size_x": 64,
  "size_y": 64,
  "size_z": 45,
  "snr": 6.9124529761377556,
  "spacing_tr": 2.450000047683716,
  "spacing_x": 3.5,
  "spacing_y": 3.5,
  "spacing_z": 3.5,
  "summary_bg_k": 8.589274421358613,
  "summary_bg_mad": 7761.964880343769,
  "summary_bg_mean": 62146.5,
  "summary_bg_median": 5948.453125,
  "summary_bg_n": 112462.0,
  "summary_bg_p05": 404.5621643066406,
  "summary_bg_p95": 357229.596875,
  "summary_bg_stdv": 125118.6171875,
  "summary_fg_k": 0.747920171053674,
  "summary_fg_mad": 122333.21555444348,
  "summary_fg_mean": 871691.6875,
  "summary_fg_median": 866029.0625,
  "summary_fg_n": 33095.0,
  "summary_fg_p05": 678620.7,
  "summary_fg_p95": 1080060.3125,
  "summary_fg_stdv": 125283.453125,
  "tsnr": 83.14653778076172
}