{
  "bids_meta": {
    "EchoTime": 0.00351,
    "FlipAngle": 8,
    "InstitutionName": "Univerity Medical Center Groningen",
    "InstitutionalDepartmentName": "Neuroimaging Center Groningen",
    "MagneticFieldStrength": 3,
    "Manufacturer": "Philips",
    "ManufacturersModelName": "Intera",
    "Modality": "MR",
    "PatientPosition": "HFS",
    "PhilipsRescaleIntercept": 0,
    "PhilipsRescaleSlope": 12.7477,
    "PhilipsScaleSlope": 0.000299206,
    "ProtocolName": "T13DSENSEtool4.2",
    "ReceiveCoilName": "SENSE-Head-32P",
    "ReconMatrixPE": 256,
    "RepetitionTime": 0.009,
    "UsePhilipsFloatNotDisplayScaling": 1,
    "dataset": "ds001491",
    "modality": "T1w",
    "subject_id": "13"
  },
  "cjv": 0.3800615407005897,
  "cnr": 3.4981879618334397,
  "efc": 0.7884859721833616,
  "fber": -1.0,
  "fwhm_avg": 3.373536666666667,
  "fwhm_x": 3.38741,
  "fwhm_y": 3.50925,
  "fwhm_z": 3.22395,
  "icvs_csf": 0.21187030246092126,
  "icvs_gm": 0.38733394682194794,
  "icvs_wm": 0.4007957507171308,
  "inu_med": 0.6917580664157867,
  "inu_range": 0.3787965893745423,
  "provenance": {
    "md5sum": "585131571f4bd2fbb1c9e47325b7c1f2",
    "settings": {
      "testing": false
    },
    "software": "mriqc",
    "version": "22.0.6",
    "warnings": {
      "large_rot_frame": true,
      "small_air_mask": true
    },
    "webapi_port": null,
    "webapi_url": "https://mriqc.nimh.nih.gov/api/v1"
  },
  "qi_1": 0.0,
  "qi_2": 4.435249615078864e-06,
  "rpve_csf": 19.977929712228914,
  "rpve_gm": 10.739305664757564,
  "rpve_wm": 12.813699319836799,
  "size_x": 256,
  "size_y": 256,
  "size_z": 170,
  "snr_csf": 1.6651695948229785,
  "snr_gm": 8.784080836277333,
  "snr_total": 9.895927537593694,
  "snr_wm": 19.238532181680775,
  "snrd_csf": 13.964275269758625,
  "snrd_gm": 42.15099486628403,
  "snrd_total": 39.55743445450091,
  "snrd_wm": 62.55703322746006,
  "spacing_x": 1.0,
  "spacing_y": 1.0,
  "spacing_z": 1.0,
  "summary_bg_k": 191.8239866290771,
  "summary_bg_mad": 0.0,
  "summary_bg_mean": 1.7147734588469563,
  "summary_bg_median": 0.0,
  "summary_bg_n": 59650.0,
  "summary_bg_p05": 0.0,
  "summary_bg_p95": 13.577365636825562,
  "summary_bg_stdv": 10.47352028829053,
  "summary_csf_k": 19.718078756930314,
  "summary_csf_mad": 87.65128286197965,
  "summary_csf_mean": 240.53452081278505,
  "summary_csf_median": 223.2437708377838,
  "summary_csf_n": 24768.0,
  "summary_csf_p05": 77.11915217638015,
  "summary_csf_p95": 463.9915269970892,
  "summary_csf_stdv": 134.0639805031125,
  "summary_gm_k": 0.29459086246659805,
  "summary_gm_mad": 73.55618008109317,
  "summary_gm_mean": 673.615116495471,
  "summary_gm_median": 673.8586039543152,
  "summary_gm_n": 21577.0,
  "summary_gm_p05": 545.5425362586975,
  "summary_gm_p95": 798.6792827606201,
  "summary_gm_stdv": 76.7118382818596,
  "summary_wm_k": 0.3473289053124291,
  "summary_wm_mad": 50.430083302872255,
  "summary_wm_mean": 1001.2071515621072,
  "summary_wm_median": 1000.0854122638702,
  "summary_wm_n": 266518.0,
  "summary_wm_p05": 917.9380805492401,
  "summary_wm_p95": 1088.4094491004944,
  "summary_wm_stdv": 51.98335957294457,
  "tpm_overlap_csf": 0.1445156411222073,
  "tpm_overlap_gm": 0.4170549820732112,
  "tpm_overlap_wm": 0.48501750604500254,
  "wm2max": 0.6971860876977484
}