{
  "bids_meta": {
    "EchoTime": 0.00351,
    "FlipAngle": 8,
    "InstitutionName": "Univerity Medical Center Groningen",
    "InstitutionalDepartmentName": "Neuroimaging Center Groningen",
    "MagneticFieldStrength": 3,
    "Manufacturer": "Philips",
    "ManufacturersModelName": "Intera",
    "Modality": "MR",
    "PatientPosition": "HFS",
    "PhilipsRescaleIntercept": 0,
    "PhilipsRescaleSlope": 12.7477,
    "PhilipsScaleSlope": 0.000299206,
    "ProtocolName": "T13DSENSEtool4.2",
    "ReceiveCoilName": "SENSE-Head-32P",
    "ReconMatrixPE": 256,
    "RepetitionTime": 0.009,
    "UsePhilipsFloatNotDisplayScaling": 1,
    "dataset": "ds001491",
    "modality": "T1w",
    "subject_id": "10"
  },
  "cjv": 0.38028885696222325,
  "cnr": 3.579967144696221,
  "efc": 0.7778529332983459,
  "fber": -1.0,
  "fwhm_avg": 3.2069533333333333,
  "fwhm_x": 3.1688,
  "fwhm_y": 3.36114,
  "fwhm_z": 3.09092,
  "icvs_csf": 0.1966551967078857,
  "icvs_gm": 0.4142819351561655,
  "icvs_wm": 0.3890628681359488,
  "inu_med": 0.7289714217185974,
  "inu_range": 0.38868384063243855,
  "provenance": {
    "md5sum": "8b384c5d1ec61d0e522dd90f2b25380f",
    "settings": {
      "testing": false
    },
    "software": "mriqc",
    "version": "22.0.6",
    "warnings": {
      "large_rot_frame": true,
      "small_air_mask": true
    },
    "webapi_port": null,
    "webapi_url": "https://mriqc.nimh.nih.gov/api/v1"
  },
  "qi_1": 0.0,
  "qi_2": 6.0833807914963015e-06,
  "rpve_csf": 21.288555449776645,
  "rpve_gm": 10.302598037832398,
  "rpve_wm": 13.193056632446426,
  "size_x": 256,
  "size_y": 256,
  "size_z": 170,
  "snr_csf": 1.2207205713403704,
  "snr_gm": 8.234530987337418,
  "snr_total": 9.259305257957049,
  "snr_wm": 18.32266421519336,
  "snrd_csf": 14.451868479088827,
  "snrd_gm": 45.59730445187253,
  "snrd_total": 43.272803036098885,
  "snrd_wm": 69.7692361773353,
  "spacing_x": 1.0,
  "spacing_y": 1.0,
  "spacing_z": 1.0,
  "summary_bg_k": 45.99551063324878,
  "summary_bg_mad": 0.0,
  "summary_bg_mean": 2.424906054045302,
  "summary_bg_median": 0.0,
  "summary_bg_n": 145736.0,
  "summary_bg_p05": 0.0,
  "summary_bg_p95": 14.156382923945785,
  "summary_bg_stdv": 9.390858815302671,
  "summary_csf_k": 26.760517957110462,
  "summary_csf_mad": 73.71547253616806,
  "summary_csf_mean": 232.60583830676632,
  "summary_csf_median": 207.1560311783105,
  "summary_csf_n": 25510.0,
  "summary_csf_p05": 76.53240458751097,
  "summary_csf_p95": 434.015671501681,
  "summary_csf_stdv": 169.69646920946784,
  "summary_gm_k": 0.07439187784470924,
  "summary_gm_mad": 78.71675423331602,
  "summary_gm_mean": 652.9351930233316,
  "summary_gm_median": 653.6010645506904,
  "summary_gm_n": 28058.0,
  "summary_gm_p05": 520.251397215575,
  "summary_gm_p95": 781.3400758430362,
  "summary_gm_stdv": 79.37178427417098,
  "summary_wm_k": 0.2801648007840307,
  "summary_wm_mad": 53.047782787697635,
  "summary_wm_mean": 1000.5450225300343,
  "summary_wm_median": 1000.0864653419703,
  "summary_wm_n": 234146.0,
  "summary_wm_p05": 912.0055084526539,
  "summary_wm_p95": 1090.646951623261,
  "summary_wm_stdv": 54.581818342006635,
  "tpm_overlap_csf": 0.14726228208866615,
  "tpm_overlap_gm": 0.42628729845538443,
  "tpm_overlap_wm": 0.4758454629521893,
  "wm2max": 0.6250986600115328
}