{
  "aor": 0.005794739229024944,
  "aqi": 0.009547113560090702,
  "bids_meta": {
    "EchoTime": 0.02203,
    "EchoTrainLength": 23,
    "FlipAngle": 80,
    "InstitutionName": "Univerity Medical Center Groningen",
    "InstitutionalDepartmentName": "Neuroimaging Center Groningen",
    "MagneticFieldStrength": 3,
    "Manufacturer": "Philips",
    "ManufacturersModelName": "Intera",
    "Modality": "MR",
    "PatientPosition": "HFS",
    "PhilipsRescaleIntercept": 0,
    "PhilipsRescaleSlope": 282.541,
    "PhilipsScaleSlope": 0.0011356,
    "ProtocolName": "WIPR-state_ME_descending-sso-DSSENSE4.2",
    "ReceiveCoilName": "SENSE-Head-32P",
    "ReconMatrixPE": 64,
    "RepetitionTime": 2.45,
    "SliceThickness": 3.5,
    "SliceTiming": [
      2.395555556,
      2.341111111,
      2.286666667,
      2.232222222,
      2.177777778,
      2.123333333,
      2.068888889,
      2.014444444,
      1.96,
      1.905555556,
      1.851111111,
      1.796666667,
      1.742222222,
      1.687777778,
      1.633333333,
      1.578888889,
      1.524444444,
      1.47,
      1.415555556,
      1.361111111,
      1.306666667,
      1.252222222,
      1.197777778,
      1.143333333,
      1.088888889,
      1.034444444,
      0.98,
      0.925555556,
      0.871111111,
      0.816666667,
      0.762222222,
      0.707777778,
      0.653333333,
      0.598888889,
      0.544444444,
      0.49,
      0.435555556,
      0.381111111,
      0.326666667,
      0.272222222,
      0.217777778,
      0.163333333,
      0.108888889,
      0.054444444,
      0
    ],
    "TaskName": "task-images",
    "UsePhilipsFloatNotDisplayScaling": 1,
    "dataset": "ds001491",
    "modality": "bold",
    "subject_id": "21",
    "task_id": "images"
  },
  "dummy_trs": 0,
  "dvars_nstd": 20.190012823499977,
  "dvars_std": 1.2987871410454543,
  "dvars_vstd": 0.9985802960000009,
  "efc": 0.44714771315236956,
  "fber": 53960.62109375,
  "fd_mean": 0.13159495871242766,
  "fd_num": 54,
  "fd_perc": 12.244897959183673,
  "fwhm_avg": 1.9486647619047617,
  "fwhm_x": 1.805182857142857,
  "fwhm_y": 2.1419485714285713,
  "fwhm_z": 1.8988628571428572,
  "gcor": 0.00975475,
  "gsr_x": -0.004152060020714998,
  "gsr_y": 0.02136821486055851,
  "provenance": {
    "md5sum": "9f12fa5f36e7f4c1bec31377a6fd00af",
    "settings": {
      "fd_thres": 0.2,
      "testing": false
    },
    "software": "mriqc",
    "version": "22.0.6",
    "webapi_port": null,
    "webapi_url": "https://mriqc.nimh.nih.gov/api/v1"
  },
  "size_t": 441,
  "size_x": 64,
  "size_y": 64,
  "size_z": 45,
  "snr": 6.364163935892688,
  "spacing_tr": 2.450000047683716,
  "spacing_x": 3.5,
  "spacing_y": 3.5,
  "spacing_z": 3.5,
  "summary_bg_k": 22.378426193418832,
  "summary_bg_mad": 4878.437514443021,
  "summary_bg_mean": 32836.36328125,
  "summary_bg_median": 3465.5400390625,
  "summary_bg_n": 125239.0,
  "summary_bg_p05": 100.32266693115236,
  "summary_bg_p95": 175317.98749999987,
  "summary_bg_stdv": 78202.8828125,
  "summary_fg_k": 2.086232157062782,
  "summary_fg_mad": 112678.41724489635,
  "summary_fg_mean": 761686.875,
  "summary_fg_median": 750042.0625,
  "summary_fg_n": 25167.0,
  "summary_fg_p05": 593892.5125000001,
  "summary_fg_p95": 952781.9187499997,
  "summary_fg_stdv": 117851.640625,
  "tsnr": 56.53471374511719
}