{
  "aor": 0.002914177777777778,
  "aqi": 0.0088014664,
  "bids_meta": {
    "EchoTime": 0.03603,
    "EchoTrainLength": 23,
    "FlipAngle": 80,
    "InstitutionName": "Univerity Medical Center Groningen",
    "InstitutionalDepartmentName": "Neuroimaging Center Groningen",
    "MagneticFieldStrength": 3,
    "Manufacturer": "Philips",
    "ManufacturersModelName": "Intera",
    "Modality": "MR",
    "PatientPosition": "HFS",
    "PhilipsRescaleIntercept": 0,
    "PhilipsRescaleSlope": 282.541,
    "PhilipsScaleSlope": 0.0011356,
    "ProtocolName": "WIPR-state_ME_descending-sso-DSSENSE4.2",
    "ReceiveCoilName": "SENSE-Head-32P",
    "ReconMatrixPE": 64,
    "RepetitionTime": 2.45,
    "SliceThickness": 3.5,
    "SliceTiming": [
      2.395555556,
      2.341111111,
      2.286666667,
      2.232222222,
      2.177777778,
      2.123333333,
      2.068888889,
      2.014444444,
      1.96,
      1.905555556,
      1.851111111,
      1.796666667,
      1.742222222,
      1.687777778,
      1.633333333,
      1.578888889,
      1.524444444,
      1.47,
      1.415555556,
      1.361111111,
      1.306666667,
      1.252222222,
      1.197777778,
      1.143333333,
      1.088888889,
      1.034444444,
      0.98,
      0.925555556,
      0.871111111,
      0.816666667,
      0.762222222,
      0.707777778,
      0.653333333,
      0.598888889,
      0.544444444,
      0.49,
      0.435555556,
      0.381111111,
      0.326666667,
      0.272222222,
      0.217777778,
      0.163333333,
      0.108888889,
      0.054444444,
      0
    ],
    "TaskName": "task-FlavorRun4",
    "UsePhilipsFloatNotDisplayScaling": 1,
    "dataset": "ds001491",
    "modality": "bold",
    "subject_id": "21",
    "task_id": "FlavorRun4"
  },
  "dummy_trs": 0,
  "dvars_nstd": 25.558907474598186,
  "dvars_std": 1.1885648613392854,
  "dvars_vstd": 1.0047876690625002,
  "efc": 0.41814306256528694,
  "fber": 19449.76953125,
  "fd_mean": 0.28573748437611773,
  "fd_num": 123,
  "fd_perc": 54.666666666666664,
  "fwhm_avg": 1.9102323809523811,
  "fwhm_x": 1.802082857142857,
  "fwhm_y": 2.142217142857143,
  "fwhm_z": 1.7863971428571428,
  "gcor": 0.0310357,
  "gsr_x": -0.004459934774786234,
  "gsr_y": 0.014469081535935402,
  "provenance": {
    "md5sum": "d7742cad532945e1a38082e8814d8815",
    "settings": {
      "fd_thres": 0.2,
      "testing": false
    },
    "software": "mriqc",
    "version": "22.0.6",
    "webapi_port": null,
    "webapi_url": "https://mriqc.nimh.nih.gov/api/v1"
  },
  "size_t": 225,
  "size_x": 64,
  "size_y": 64,
  "size_z": 45,
  "snr": 5.129371004431744,
  "spacing_tr": 2.450000047683716,
  "spacing_x": 3.5,
  "spacing_y": 3.5,
  "spacing_z": 3.5,
  "summary_bg_k": 50.63035723458693,
  "summary_bg_mad": 4669.822537121981,
  "summary_bg_mean": 17663.517578125,
  "summary_bg_median": 4179.6484375,
  "summary_bg_n": 127582.0,
  "summary_bg_p05": 550.7125305175781,
  "summary_bg_p95": 84653.933203125,
  "summary_bg_stdv": 40854.68359375,
  "summary_fg_k": 8.357205986250943,
  "summary_fg_mad": 88631.02624260943,
  "summary_fg_mean": 583807.0,
  "summary_fg_median": 570575.5,
  "summary_fg_n": 22858.0,
  "summary_fg_p05": 445908.31875,
  "summary_fg_p95": 748962.8906249999,
  "summary_fg_stdv": 111234.5,
  "tsnr": 54.79573440551758
}