{
  "aor": 0.002990401785714286,
  "aqi": 0.007250472857142857,
  "bids_meta": {
    "EchoTime": 0.02203,
    "EchoTrainLength": 23,
    "FlipAngle": 80,
    "InstitutionName": "Univerity Medical Center Groningen",
    "InstitutionalDepartmentName": "Neuroimaging Center Groningen",
    "MagneticFieldStrength": 3,
    "Manufacturer": "Philips",
    "ManufacturersModelName": "Intera",
    "Modality": "MR",
    "PatientPosition": "HFS",
    "PhilipsRescaleIntercept": 0,
    "PhilipsRescaleSlope": 282.541,
    "PhilipsScaleSlope": 0.0011356,
    "ProtocolName": "WIPR-state_ME_descending-sso-DSSENSE4.2",
    "ReceiveCoilName": "SENSE-Head-32P",
    "ReconMatrixPE": 64,
    "RepetitionTime": 2.45,
    "SliceThickness": 3.5,
    "SliceTiming": [
      2.395555556,
      2.341111111,
      2.286666667,
      2.232222222,
      2.177777778,
      2.123333333,
      2.068888889,
      2.014444444,
      1.96,
      1.905555556,
      1.851111111,
      1.796666667,
      1.742222222,
      1.687777778,
      1.633333333,
      1.578888889,
      1.524444444,
      1.47,
      1.415555556,
      1.361111111,
      1.306666667,
      1.252222222,
      1.197777778,
      1.143333333,
      1.088888889,
      1.034444444,
      0.98,
      0.925555556,
      0.871111111,
      0.816666667,
      0.762222222,
      0.707777778,
      0.653333333,
      0.598888889,
      0.544444444,
      0.49,
      0.435555556,
      0.381111111,
      0.326666667,
      0.272222222,
      0.217777778,
      0.163333333,
      0.108888889,
      0.054444444,
      0
    ],
    "TaskName": "task-FlavorRun3",
    "UsePhilipsFloatNotDisplayScaling": 1,
    "dataset": "ds001491",
    "modality": "bold",
    "subject_id": "21",
    "task_id": "FlavorRun3"
  },
  "dummy_trs": 0,
  "dvars_nstd": 21.41197547161435,
  "dvars_std": 1.200231554753364,
  "dvars_vstd": 0.9951850900448435,
  "efc": 0.4494407112419025,
  "fber": 23196.9453125,
  "fd_mean": 0.33230314313296916,
  "fd_num": 141,
  "fd_perc": 62.94642857142857,
  "fwhm_avg": 1.9611780952380953,
  "fwhm_x": 1.8402657142857142,
  "fwhm_y": 2.1528657142857144,
  "fwhm_z": 1.8904028571428573,
  "gcor": 0.0307208,
  "gsr_x": -0.005911149550229311,
  "gsr_y": 0.017931276932358742,
  "provenance": {
    "md5sum": "de4e6dcfc06fa277f1aaaccf89d5cae6",
    "settings": {
      "fd_thres": 0.2,
      "testing": false
    },
    "software": "mriqc",
    "version": "22.0.6",
    "webapi_port": null,
    "webapi_url": "https://mriqc.nimh.nih.gov/api/v1"
  },
  "size_t": 224,
  "size_x": 64,
  "size_y": 64,
  "size_z": 45,
  "snr": 6.632548370426047,
  "spacing_tr": 2.450000047683716,
  "spacing_x": 3.5,
  "spacing_y": 3.5,
  "spacing_z": 3.5,
  "summary_bg_k": 21.452194628915517,
  "summary_bg_mad": 6330.471672245054,
  "summary_bg_mean": 34120.13671875,
  "summary_bg_median": 5189.18505859375,
  "summary_bg_n": 125556.0,
  "summary_bg_p05": 571.04248046875,
  "summary_bg_p95": 184137.9609375,
  "summary_bg_stdv": 79177.2421875,
  "summary_fg_k": 2.6700955165069775,
  "summary_fg_mad": 105249.28285324208,
  "summary_fg_mean": 765283.1875,
  "summary_fg_median": 752610.875,
  "summary_fg_n": 24847.0,
  "summary_fg_p05": 608652.51875,
  "summary_fg_p95": 948298.1687499996,
  "summary_fg_stdv": 113470.0703125,
  "tsnr": 65.70956420898438
}