{
  "aor": 0.0030624000000000003,
  "aqi": 0.006141830844444445,
  "bids_meta": {
    "EchoTime": 0.02203,
    "EchoTrainLength": 23,
    "FlipAngle": 80,
    "InstitutionName": "Univerity Medical Center Groningen",
    "InstitutionalDepartmentName": "Neuroimaging Center Groningen",
    "MagneticFieldStrength": 3,
    "Manufacturer": "Philips",
    "ManufacturersModelName": "Intera",
    "Modality": "MR",
    "PatientPosition": "HFS",
    "PhilipsRescaleIntercept": 0,
    "PhilipsRescaleSlope": 282.541,
    "PhilipsScaleSlope": 0.0011356,
    "ProtocolName": "WIPR-state_ME_descending-sso-DSSENSE4.2",
    "ReceiveCoilName": "SENSE-Head-32P",
    "ReconMatrixPE": 64,
    "RepetitionTime": 2.45,
    "SliceThickness": 3.5,
    "SliceTiming": [
      2.395555556,
      2.341111111,
      2.286666667,
      2.232222222,
      2.177777778,
      2.123333333,
      2.068888889,
      2.014444444,
      1.96,
      1.905555556,
      1.851111111,
      1.796666667,
      1.742222222,
      1.687777778,
      1.633333333,
      1.578888889,
      1.524444444,
      1.47,
      1.415555556,
      1.361111111,
      1.306666667,
      1.252222222,
      1.197777778,
      1.143333333,
      1.088888889,
      1.034444444,
      0.98,
      0.925555556,
      0.871111111,
      0.816666667,
      0.762222222,
      0.707777778,
      0.653333333,
      0.598888889,
      0.544444444,
      0.49,
      0.435555556,
      0.381111111,
      0.326666667,
      0.272222222,
      0.217777778,
      0.163333333,
      0.108888889,
      0.054444444,
      0
    ],
    "TaskName": "task-FlavorRun4",
    "UsePhilipsFloatNotDisplayScaling": 1,
    "dataset": "ds001491",
    "modality": "bold",
    "subject_id": "21",
    "task_id": "FlavorRun4"
  },
  "dummy_trs": 0,
  "dvars_nstd": 20.71307853727679,
  "dvars_std": 1.2304211756249994,
  "dvars_vstd": 1.0090191413839293,
  "efc": 0.4532727557285786,
  "fber": 18654.154296875,
  "fd_mean": 0.2784818413599194,
  "fd_num": 121,
  "fd_perc": 53.77777777777778,
  "fwhm_avg": 1.9372809523809522,
  "fwhm_x": 1.8211657142857143,
  "fwhm_y": 2.1150314285714287,
  "fwhm_z": 1.8756457142857141,
  "gcor": 0.0246259,
  "gsr_x": -0.008022812195122242,
  "gsr_y": 0.01669376902282238,
  "provenance": {
    "md5sum": "f3bac7b3a000095cda8e7537064aead3",
    "settings": {
      "fd_thres": 0.2,
      "testing": false
    },
    "software": "mriqc",
    "version": "22.0.6",
    "webapi_port": null,
    "webapi_url": "https://mriqc.nimh.nih.gov/api/v1"
  },
  "size_t": 225,
  "size_x": 64,
  "size_y": 64,
  "size_z": 45,
  "snr": 6.69186214794542,
  "spacing_tr": 2.450000047683716,
  "spacing_x": 3.5,
  "spacing_y": 3.5,
  "spacing_z": 3.5,
  "summary_bg_k": 19.501411130185122,
  "summary_bg_mad": 7082.754933014106,
  "summary_bg_mean": 35555.26953125,
  "summary_bg_median": 5761.193359375,
  "summary_bg_n": 125471.0,
  "summary_bg_p05": 559.7891235351562,
  "summary_bg_p95": 194842.6875,
  "summary_bg_stdv": 80228.4609375,
  "summary_fg_k": 2.744321336581507,
  "summary_fg_mad": 104721.10581289946,
  "summary_fg_mean": 764647.75,
  "summary_fg_median": 752428.875,
  "summary_fg_n": 24945.0,
  "summary_fg_p05": 608092.925,
  "summary_fg_p95": 945571.9125,
  "summary_fg_stdv": 112437.1328125,
  "tsnr": 71.8499755859375
}