{
  "bids_meta": {
    "EchoTime": 0.00351,
    "FlipAngle": 8,
    "InstitutionName": "Univerity Medical Center Groningen",
    "InstitutionalDepartmentName": "Neuroimaging Center Groningen",
    "MagneticFieldStrength": 3,
    "Manufacturer": "Philips",
    "ManufacturersModelName": "Intera",
    "Modality": "MR",
    "PatientPosition": "HFS",
    "PhilipsRescaleIntercept": 0,
    "PhilipsRescaleSlope": 12.7477,
    "PhilipsScaleSlope": 0.000299206,
    "ProtocolName": "T13DSENSEtool4.2",
    "ReceiveCoilName": "SENSE-Head-32P",
    "ReconMatrixPE": 256,
    "RepetitionTime": 0.009,
    "UsePhilipsFloatNotDisplayScaling": 1,
    "dataset": "ds001491",
    "modality": "T1w",
    "subject_id": "03"
  },
  "cjv": 0.355516445214021,
  "cnr": 3.8185984859523505,
  "efc": 0.7907996784916405,
  "fber": -1.0,
  "fwhm_avg": 3.4868333333333332,
  "fwhm_x": 3.44473,
  "fwhm_y": 3.62058,
  "fwhm_z": 3.39519,
  "icvs_csf": 0.16897150301951988,
  "icvs_gm": 0.4305550281467752,
  "icvs_wm": 0.40047346883370494,
  "inu_med": 0.695780485868454,
  "inu_range": 0.3967280387878418,
  "provenance": {
    "md5sum": "a78536b1ab7e56c1f851490bb3f43835",
    "settings": {
      "testing": false
    },
    "software": "mriqc",
    "version": "22.0.6",
    "warnings": {
      "large_rot_frame": true,
      "small_air_mask": true
    },
    "webapi_port": null,
    "webapi_url": "https://mriqc.nimh.nih.gov/api/v1"
  },
  "qi_1": 0.0010620950092262798,
  "qi_2": 8.176159581397737e-06,
  "rpve_csf": 24.181596214138345,
  "rpve_gm": 10.174951114496583,
  "rpve_wm": 12.891490286023926,
  "size_x": 256,
  "size_y": 256,
  "size_z": 170,
  "snr_csf": 1.11467035269378,
  "snr_gm": 9.187260550596221,
  "snr_total": 10.011540091905875,
  "snr_wm": 19.732689372427625,
  "snrd_csf": 24.265193612303452,
  "snrd_gm": 82.14886240673371,
  "snrd_total": 76.78834624838689,
  "snrd_wm": 123.95098272612348,
  "spacing_x": 1.0,
  "spacing_y": 1.0,
  "spacing_z": 1.0,
  "summary_bg_k": 614.3117774675434,
  "summary_bg_mad": 0.0,
  "summary_bg_mean": 0.7151852241460531,
  "summary_bg_median": 0.0,
  "summary_bg_n": 123661.0,
  "summary_bg_p05": 0.0,
  "summary_bg_p95": 0.0,
  "summary_bg_stdv": 5.2857723374007515,
  "summary_csf_k": 14.006882068482042,
  "summary_csf_mad": 105.73088476077855,
  "summary_csf_mean": 235.2791051629581,
  "summary_csf_median": 195.7764660269022,
  "summary_csf_n": 14771.0,
  "summary_csf_p05": 61.923644341528416,
  "summary_csf_p95": 517.7056430876255,
  "summary_csf_stdv": 175.63025551579585,
  "summary_gm_k": 0.11550317650439146,
  "summary_gm_mad": 71.14047892740315,
  "summary_gm_mean": 662.8716316901499,
  "summary_gm_median": 662.7935563623905,
  "summary_gm_n": 34809.0,
  "summary_gm_p05": 542.973072052002,
  "summary_gm_p95": 780.2655837714672,
  "summary_gm_stdv": 72.1416391981239,
  "summary_wm_k": 0.40161733590595805,
  "summary_wm_mad": 48.763813230186656,
  "summary_wm_mean": 1000.2270581971515,
  "summary_wm_median": 1000.0614767968655,
  "summary_wm_n": 249634.0,
  "summary_wm_p05": 917.7117904275656,
  "summary_wm_p95": 1082.9952034950256,
  "summary_wm_stdv": 50.68034340705784,
  "tpm_overlap_csf": 0.13079569766126137,
  "tpm_overlap_gm": 0.43258535086804323,
  "tpm_overlap_wm": 0.4818346746085068,
  "wm2max": 0.6981113463779055
}