{
  "aor": 0.010653657407407409,
  "aqi": 0.012306528657407409,
  "bids_meta": {
    "EchoTime": 0.00802,
    "EchoTrainLength": 23,
    "FlipAngle": 80,
    "InstitutionName": "Univerity Medical Center Groningen",
    "InstitutionalDepartmentName": "Neuroimaging Center Groningen",
    "MagneticFieldStrength": 3,
    "Manufacturer": "Philips",
    "ManufacturersModelName": "Intera",
    "Modality": "MR",
    "PatientPosition": "HFS",
    "PhilipsRescaleIntercept": 0,
    "PhilipsRescaleSlope": 282.541,
    "PhilipsScaleSlope": 0.0011356,
    "ProtocolName": "WIPR-state_ME_descending-sso-DSSENSE4.2",
    "ReceiveCoilName": "SENSE-Head-32P",
    "ReconMatrixPE": 64,
    "RepetitionTime": 2.45,
    "SliceThickness": 3.5,
    "SliceTiming": [
      2.395555556,
      2.341111111,
      2.286666667,
      2.232222222,
      2.177777778,
      2.123333333,
      2.068888889,
      2.014444444,
      1.96,
      1.905555556,
      1.851111111,
      1.796666667,
      1.742222222,
      1.687777778,
      1.633333333,
      1.578888889,
      1.524444444,
      1.47,
      1.415555556,
      1.361111111,
      1.306666667,
      1.252222222,
      1.197777778,
      1.143333333,
      1.088888889,
      1.034444444,
      0.98,
      0.925555556,
      0.871111111,
      0.816666667,
      0.762222222,
      0.707777778,
      0.653333333,
      0.598888889,
      0.544444444,
      0.49,
      0.435555556,
      0.381111111,
      0.326666667,
      0.272222222,
      0.217777778,
      0.163333333,
      0.108888889,
      0.054444444,
      0
    ],
    "TaskName": "task-FlavorRun4",
    "UsePhilipsFloatNotDisplayScaling": 1,
    "dataset": "ds001491",
    "modality": "bold",
    "subject_id": "11",
    "task_id": "FlavorRun4"
  },
  "dummy_trs": 0,
  "dvars_nstd": 32.11224333311627,
  "dvars_std": 1.2431740553023256,
  "dvars_vstd": 1.0434296253488373,
  "efc": 0.5254004882863498,
  "fber": 6723.30322265625,
  "fd_mean": 0.9781988216281257,
  "fd_num": 176,
  "fd_perc": 81.48148148148148,
  "fwhm_avg": 2.226034285714286,
  "fwhm_x": 2.1324285714285716,
  "fwhm_y": 2.300337142857143,
  "fwhm_z": 2.2453371428571427,
  "gcor": 0.00952887,
  "gsr_x": -0.018846912309527397,
  "gsr_y": 0.06161840260028839,
  "provenance": {
    "md5sum": "feccca5fcc8aca66bead8cedb227919b",
    "settings": {
      "fd_thres": 0.2,
      "testing": false
    },
    "software": "mriqc",
    "version": "22.0.6",
    "webapi_port": null,
    "webapi_url": "https://mriqc.nimh.nih.gov/api/v1"
  },
  "size_t": 216,
  "size_x": 64,
  "size_y": 64,
  "size_z": 45,
  "snr": 7.239128348672018,
  "spacing_tr": 2.450000047683716,
  "spacing_x": 3.5,
  "spacing_y": 3.5,
  "spacing_z": 3.5,
  "summary_bg_k": 7.8815056125169765,
  "summary_bg_mad": 14794.137912199207,
  "summary_bg_mean": 79537.9765625,
  "summary_bg_median": 12818.208984375,
  "summary_bg_n": 117846.0,
  "summary_bg_p05": 1889.4103698730469,
  "summary_bg_p95": 419936.6953125,
  "summary_bg_stdv": 147662.078125,
  "summary_fg_k": 0.6584295623100695,
  "summary_fg_mad": 141675.24409706757,
  "summary_fg_mean": 1052756.75,
  "summary_fg_median": 1041724.0,
  "summary_fg_n": 30549.0,
  "summary_fg_p05": 838769.0,
  "summary_fg_p95": 1297629.3,
  "summary_fg_stdv": 143899.5,
  "tsnr": 51.963714599609375
}