{
  "aor": 0.012224301552106428,
  "aqi": 0.009163056319290465,
  "bids_meta": {
    "EchoTime": 0.00802,
    "EchoTrainLength": 23,
    "FlipAngle": 80,
    "InstitutionName": "Univerity Medical Center Groningen",
    "InstitutionalDepartmentName": "Neuroimaging Center Groningen",
    "MagneticFieldStrength": 3,
    "Manufacturer": "Philips",
    "ManufacturersModelName": "Intera",
    "Modality": "MR",
    "PatientPosition": "HFS",
    "PhilipsRescaleIntercept": 0,
    "PhilipsRescaleSlope": 282.541,
    "PhilipsScaleSlope": 0.0011356,
    "ProtocolName": "WIPR-state_ME_descending-sso-DSSENSE4.2",
    "ReceiveCoilName": "SENSE-Head-32P",
    "ReconMatrixPE": 64,
    "RepetitionTime": 2.45,
    "SliceThickness": 3.5,
    "SliceTiming": [
      2.395555556,
      2.341111111,
      2.286666667,
      2.232222222,
      2.177777778,
      2.123333333,
      2.068888889,
      2.014444444,
      1.96,
      1.905555556,
      1.851111111,
      1.796666667,
      1.742222222,
      1.687777778,
      1.633333333,
      1.578888889,
      1.524444444,
      1.47,
      1.415555556,
      1.361111111,
      1.306666667,
      1.252222222,
      1.197777778,
      1.143333333,
      1.088888889,
      1.034444444,
      0.98,
      0.925555556,
      0.871111111,
      0.816666667,
      0.762222222,
      0.707777778,
      0.653333333,
      0.598888889,
      0.544444444,
      0.49,
      0.435555556,
      0.381111111,
      0.326666667,
      0.272222222,
      0.217777778,
      0.163333333,
      0.108888889,
      0.054444444,
      0
    ],
    "TaskName": "task-images",
    "UsePhilipsFloatNotDisplayScaling": 1,
    "dataset": "ds001491",
    "modality": "bold",
    "subject_id": "11",
    "task_id": "images"
  },
  "dummy_trs": 0,
  "dvars_nstd": 20.21082321573332,
  "dvars_std": 1.173606985155556,
  "dvars_vstd": 0.9661054266888891,
  "efc": 0.5205883769527576,
  "fber": 14551.2724609375,
  "fd_mean": 0.3971649793732613,
  "fd_num": 140,
  "fd_perc": 31.042128603104214,
  "fwhm_avg": 2.1946314285714283,
  "fwhm_x": 2.1132114285714283,
  "fwhm_y": 2.2516714285714285,
  "fwhm_z": 2.2190114285714286,
  "gcor": 0.0253499,
  "gsr_x": -0.01815968193113804,
  "gsr_y": 0.06482324004173279,
  "provenance": {
    "md5sum": "907daf90b6672eeb66a1d45a1533e316",
    "settings": {
      "fd_thres": 0.2,
      "testing": false
    },
    "software": "mriqc",
    "version": "22.0.6",
    "webapi_port": null,
    "webapi_url": "https://mriqc.nimh.nih.gov/api/v1"
  },
  "size_t": 451,
  "size_x": 64,
  "size_y": 64,
  "size_z": 45,
  "snr": 7.100992731563307,
  "spacing_tr": 2.450000047683716,
  "spacing_x": 3.5,
  "spacing_y": 3.5,
  "spacing_z": 3.5,
  "summary_bg_k": 7.9233444669813675,
  "summary_bg_mad": 12595.247886444886,
  "summary_bg_mean": 85081.0703125,
  "summary_bg_median": 9666.9541015625,
  "summary_bg_n": 117921.0,
  "summary_bg_p05": 567.5341796875,
  "summary_bg_p95": 464022.53125,
  "summary_bg_stdv": 163836.0625,
  "summary_fg_k": 0.6547551227636488,
  "summary_fg_mad": 156762.1116099419,
  "summary_fg_mean": 1150164.375,
  "summary_fg_median": 1138845.0,
  "summary_fg_n": 30564.0,
  "summary_fg_p05": 910431.675,
  "summary_fg_p95": 1426411.7125,
  "summary_fg_stdv": 160375.65625,
  "tsnr": 58.10283279418945
}