{
  "aor": 0.014062785388127852,
  "aqi": 0.011808932511415524,
  "bids_meta": {
    "EchoTime": 0.00802,
    "EchoTrainLength": 23,
    "FlipAngle": 80,
    "InstitutionName": "Univerity Medical Center Groningen",
    "InstitutionalDepartmentName": "Neuroimaging Center Groningen",
    "MagneticFieldStrength": 3,
    "Manufacturer": "Philips",
    "ManufacturersModelName": "Intera",
    "Modality": "MR",
    "PatientPosition": "HFS",
    "PhilipsRescaleIntercept": 0,
    "PhilipsRescaleSlope": 282.541,
    "PhilipsScaleSlope": 0.0011356,
    "ProtocolName": "WIPR-state_ME_descending-sso-DSSENSE4.2",
    "ReceiveCoilName": "SENSE-Head-32P",
    "ReconMatrixPE": 64,
    "RepetitionTime": 2.45,
    "SliceThickness": 3.5,
    "SliceTiming": [
      2.395555556,
      2.341111111,
      2.286666667,
      2.232222222,
      2.177777778,
      2.123333333,
      2.068888889,
      2.014444444,
      1.96,
      1.905555556,
      1.851111111,
      1.796666667,
      1.742222222,
      1.687777778,
      1.633333333,
      1.578888889,
      1.524444444,
      1.47,
      1.415555556,
      1.361111111,
      1.306666667,
      1.252222222,
      1.197777778,
      1.143333333,
      1.088888889,
      1.034444444,
      0.98,
      0.925555556,
      0.871111111,
      0.816666667,
      0.762222222,
      0.707777778,
      0.653333333,
      0.598888889,
      0.544444444,
      0.49,
      0.435555556,
      0.381111111,
      0.326666667,
      0.272222222,
      0.217777778,
      0.163333333,
      0.108888889,
      0.054444444,
      0
    ],
    "TaskName": "task-FlavorRun1",
    "UsePhilipsFloatNotDisplayScaling": 1,
    "dataset": "ds001491",
    "modality": "bold",
    "subject_id": "11",
    "task_id": "FlavorRun1"
  },
  "dummy_trs": 0,
  "dvars_nstd": 31.261146304541278,
  "dvars_std": 1.2638916698623852,
  "dvars_vstd": 1.0717380261926612,
  "efc": 0.5185880950381674,
  "fber": 10577.4990234375,
  "fd_mean": 0.777921363665079,
  "fd_num": 159,
  "fd_perc": 72.6027397260274,
  "fwhm_avg": 2.1994961904761903,
  "fwhm_x": 2.099297142857143,
  "fwhm_y": 2.2845085714285713,
  "fwhm_z": 2.214682857142857,
  "gcor": 0.0143826,
  "gsr_x": -0.012815363705158234,
  "gsr_y": 0.061637673527002335,
  "provenance": {
    "md5sum": "6568f3d2b37d54b7be7376b523d3f8a3",
    "settings": {
      "fd_thres": 0.2,
      "testing": false
    },
    "software": "mriqc",
    "version": "22.0.6",
    "webapi_port": null,
    "webapi_url": "https://mriqc.nimh.nih.gov/api/v1"
  },
  "size_t": 219,
  "size_x": 64,
  "size_y": 64,
  "size_z": 45,
  "snr": 7.118806473407439,
  "spacing_tr": 2.450000047683716,
  "spacing_x": 3.5,
  "spacing_y": 3.5,
  "spacing_z": 3.5,
  "summary_bg_k": 8.7686702352617,
  "summary_bg_mad": 12670.39719590453,
  "summary_bg_mean": 74845.9296875,
  "summary_bg_median": 10289.1201171875,
  "summary_bg_n": 117982.0,
  "summary_bg_p05": 1042.2816101074218,
  "summary_bg_p95": 403485.4843749999,
  "summary_bg_stdv": 143992.40625,
  "summary_fg_k": 0.5818561093023353,
  "summary_fg_mad": 143303.04867034807,
  "summary_fg_mean": 1049112.5,
  "summary_fg_median": 1037359.375,
  "summary_fg_n": 30479.0,
  "summary_fg_p05": 831036.91875,
  "summary_fg_p95": 1300436.8499999999,
  "summary_fg_stdv": 145718.578125,
  "tsnr": 49.9150390625
}