{
  "aor": 0.008675521064301552,
  "aqi": 0.022560367161862528,
  "bids_meta": {
    "EchoTime": 0.03603,
    "EchoTrainLength": 23,
    "FlipAngle": 80,
    "InstitutionName": "Univerity Medical Center Groningen",
    "InstitutionalDepartmentName": "Neuroimaging Center Groningen",
    "MagneticFieldStrength": 3,
    "Manufacturer": "Philips",
    "ManufacturersModelName": "Intera",
    "Modality": "MR",
    "PatientPosition": "HFS",
    "PhilipsRescaleIntercept": 0,
    "PhilipsRescaleSlope": 282.541,
    "PhilipsScaleSlope": 0.0011356,
    "ProtocolName": "WIPR-state_ME_descending-sso-DSSENSE4.2",
    "ReceiveCoilName": "SENSE-Head-32P",
    "ReconMatrixPE": 64,
    "RepetitionTime": 2.45,
    "SliceThickness": 3.5,
    "SliceTiming": [
      2.395555556,
      2.341111111,
      2.286666667,
      2.232222222,
      2.177777778,
      2.123333333,
      2.068888889,
      2.014444444,
      1.96,
      1.905555556,
      1.851111111,
      1.796666667,
      1.742222222,
      1.687777778,
      1.633333333,
      1.578888889,
      1.524444444,
      1.47,
      1.415555556,
      1.361111111,
      1.306666667,
      1.252222222,
      1.197777778,
      1.143333333,
      1.088888889,
      1.034444444,
      0.98,
      0.925555556,
      0.871111111,
      0.816666667,
      0.762222222,
      0.707777778,
      0.653333333,
      0.598888889,
      0.544444444,
      0.49,
      0.435555556,
      0.381111111,
      0.326666667,
      0.272222222,
      0.217777778,
      0.163333333,
      0.108888889,
      0.054444444,
      0
    ],
    "TaskName": "task-images",
    "UsePhilipsFloatNotDisplayScaling": 1,
    "dataset": "ds001491",
    "modality": "bold",
    "subject_id": "11",
    "task_id": "images"
  },
  "dummy_trs": 0,
  "dvars_nstd": 31.678800968288883,
  "dvars_std": 1.0713135634000004,
  "dvars_vstd": 0.9265982288666659,
  "efc": 0.4249316764350531,
  "fber": 29232.0859375,
  "fd_mean": 0.4308906888851415,
  "fd_num": 151,
  "fd_perc": 33.48115299334812,
  "fwhm_avg": 1.8282123809523807,
  "fwhm_x": 1.7194542857142856,
  "fwhm_y": 2.0052028571428573,
  "fwhm_z": 1.75998,
  "gcor": 0.0195511,
  "gsr_x": -0.00609518401324749,
  "gsr_y": 0.026524843648076057,
  "provenance": {
    "md5sum": "7d9d3e6bb93786973d3c8e24bf141a31",
    "settings": {
      "fd_thres": 0.2,
      "testing": false
    },
    "software": "mriqc",
    "version": "22.0.6",
    "webapi_port": null,
    "webapi_url": "https://mriqc.nimh.nih.gov/api/v1"
  },
  "size_t": 451,
  "size_x": 64,
  "size_y": 64,
  "size_z": 45,
  "snr": 5.127085462819348,
  "spacing_tr": 2.450000047683716,
  "spacing_x": 3.5,
  "spacing_y": 3.5,
  "spacing_z": 3.5,
  "summary_bg_k": 225.27611606234683,
  "summary_bg_mad": 4351.424797348383,
  "summary_bg_mean": 14656.7919921875,
  "summary_bg_median": 3837.9638671875,
  "summary_bg_n": 123490.0,
  "summary_bg_p05": 324.3430160522461,
  "summary_bg_p95": 61964.626953124956,
  "summary_bg_stdv": 35607.20703125,
  "summary_fg_k": 4.7776858423703645,
  "summary_fg_mad": 107765.16615540744,
  "summary_fg_mean": 665682.5625,
  "summary_fg_median": 651697.75,
  "summary_fg_n": 25897.0,
  "summary_fg_p05": 495306.9375,
  "summary_fg_p95": 864919.9624999998,
  "summary_fg_stdv": 127106.359375,
  "tsnr": 32.599769592285156
}