{
  "aor": 0.012457873303167421,
  "aqi": 0.011377761402714933,
  "bids_meta": {
    "EchoTime": 0.00802,
    "EchoTrainLength": 23,
    "FlipAngle": 80,
    "InstitutionName": "Univerity Medical Center Groningen",
    "InstitutionalDepartmentName": "Neuroimaging Center Groningen",
    "MagneticFieldStrength": 3,
    "Manufacturer": "Philips",
    "ManufacturersModelName": "Intera",
    "Modality": "MR",
    "PatientPosition": "HFS",
    "PhilipsRescaleIntercept": 0,
    "PhilipsRescaleSlope": 282.541,
    "PhilipsScaleSlope": 0.0011356,
    "ProtocolName": "WIPR-state_ME_descending-sso-DSSENSE4.2",
    "ReceiveCoilName": "SENSE-Head-32P",
    "ReconMatrixPE": 64,
    "RepetitionTime": 2.45,
    "SliceThickness": 3.5,
    "SliceTiming": [
      2.395555556,
      2.341111111,
      2.286666667,
      2.232222222,
      2.177777778,
      2.123333333,
      2.068888889,
      2.014444444,
      1.96,
      1.905555556,
      1.851111111,
      1.796666667,
      1.742222222,
      1.687777778,
      1.633333333,
      1.578888889,
      1.524444444,
      1.47,
      1.415555556,
      1.361111111,
      1.306666667,
      1.252222222,
      1.197777778,
      1.143333333,
      1.088888889,
      1.034444444,
      0.98,
      0.925555556,
      0.871111111,
      0.816666667,
      0.762222222,
      0.707777778,
      0.653333333,
      0.598888889,
      0.544444444,
      0.49,
      0.435555556,
      0.381111111,
      0.326666667,
      0.272222222,
      0.217777778,
      0.163333333,
      0.108888889,
      0.054444444,
      0
    ],
    "TaskName": "task-FlavorRun2",
    "UsePhilipsFloatNotDisplayScaling": 1,
    "dataset": "ds001491",
    "modality": "bold",
    "subject_id": "11",
    "task_id": "FlavorRun2"
  },
  "dummy_trs": 0,
  "dvars_nstd": 29.469411199590905,
  "dvars_std": 1.2244597645909088,
  "dvars_vstd": 1.0570184894545458,
  "efc": 0.5217441860697443,
  "fber": 8138.03076171875,
  "fd_mean": 0.8072726328460569,
  "fd_num": 158,
  "fd_perc": 71.49321266968326,
  "fwhm_avg": 2.231869523809524,
  "fwhm_x": 2.1340114285714287,
  "fwhm_y": 2.287608571428571,
  "fwhm_z": 2.2739885714285717,
  "gcor": 0.0142715,
  "gsr_x": -0.0165740717202425,
  "gsr_y": 0.061671189963817596,
  "provenance": {
    "md5sum": "713007c00a4e5ea4d84f8c22364f0f53",
    "settings": {
      "fd_thres": 0.2,
      "testing": false
    },
    "software": "mriqc",
    "version": "22.0.6",
    "webapi_port": null,
    "webapi_url": "https://mriqc.nimh.nih.gov/api/v1"
  },
  "size_t": 221,
  "size_x": 64,
  "size_y": 64,
  "size_z": 45,
  "snr": 7.152530211795471,
  "spacing_tr": 2.450000047683716,
  "spacing_x": 3.5,
  "spacing_y": 3.5,
  "spacing_z": 3.5,
  "summary_bg_k": 8.6079732995649,
  "summary_bg_mad": 13670.403252709893,
  "summary_bg_mean": 76810.1328125,
  "summary_bg_median": 11635.123046875,
  "summary_bg_n": 117820.0,
  "summary_bg_p05": 1575.6782531738281,
  "summary_bg_p95": 410053.17187499994,
  "summary_bg_stdv": 145382.203125,
  "summary_fg_k": 0.6061230019408117,
  "summary_fg_mad": 143217.9843680613,
  "summary_fg_mean": 1054218.375,
  "summary_fg_median": 1043777.8125,
  "summary_fg_n": 30475.0,
  "summary_fg_p05": 835276.925,
  "summary_fg_p95": 1304062.7125,
  "summary_fg_stdv": 145928.875,
  "tsnr": 53.09769058227539
}