{
  "bids_meta": {
    "EchoTime": 0.00351,
    "FlipAngle": 8,
    "InstitutionName": "Univerity Medical Center Groningen",
    "InstitutionalDepartmentName": "Neuroimaging Center Groningen",
    "MagneticFieldStrength": 3,
    "Manufacturer": "Philips",
    "ManufacturersModelName": "Intera",
    "Modality": "MR",
    "PatientPosition": "HFS",
    "PhilipsRescaleIntercept": 0,
    "PhilipsRescaleSlope": 12.7477,
    "PhilipsScaleSlope": 0.000299206,
    "ProtocolName": "T13DSENSEtool4.2",
    "ReceiveCoilName": "SENSE-Head-32P",
    "ReconMatrixPE": 256,
    "RepetitionTime": 0.009,
    "UsePhilipsFloatNotDisplayScaling": 1,
    "dataset": "ds001491",
    "modality": "T1w",
    "subject_id": "18"
  },
  "cjv": 0.3739386116522207,
  "cnr": 3.639964061570976,
  "efc": 0.7784050925182177,
  "fber": -1.0,
  "fwhm_avg": 3.1953533333333333,
  "fwhm_x": 3.20537,
  "fwhm_y": 3.32925,
  "fwhm_z": 3.05144,
  "icvs_csf": 0.18194786072306976,
  "icvs_gm": 0.4299577087681029,
  "icvs_wm": 0.38809443050882736,
  "inu_med": 0.7257817983627319,
  "inu_range": 0.43920633792877195,
  "provenance": {
    "md5sum": "a6f2b56bf6c69f3ffe6251ed255cde97",
    "settings": {
      "testing": false
    },
    "software": "mriqc",
    "version": "22.0.6",
    "warnings": {
      "large_rot_frame": true,
      "small_air_mask": true
    },
    "webapi_port": null,
    "webapi_url": "https://mriqc.nimh.nih.gov/api/v1"
  },
  "qi_1": 0.0,
  "qi_2": 6.327426613098912e-06,
  "rpve_csf": 25.069085767502568,
  "rpve_gm": 11.037967602374485,
  "rpve_wm": 14.140976524186465,
  "size_x": 256,
  "size_y": 256,
  "size_z": 170,
  "snr_csf": 0.9623852439444641,
  "snr_gm": 10.048565562450522,
  "snr_total": 9.708116052367444,
  "snr_wm": 18.113397350707345,
  "snrd_csf": 15.67856078705513,
  "snrd_gm": 45.32924007077851,
  "snrd_total": 42.55353347474665,
  "snrd_wm": 66.65279956640632,
  "spacing_x": 1.0,
  "spacing_y": 1.0,
  "spacing_z": 1.0,
  "summary_bg_k": 42.3228153559455,
  "summary_bg_mad": 0.0,
  "summary_bg_mean": 2.6712942553597,
  "summary_bg_median": 0.0,
  "summary_bg_n": 152922.0,
  "summary_bg_p05": 0.0,
  "summary_bg_p95": 15.266490975394845,
  "summary_bg_stdv": 9.829677546324813,
  "summary_csf_k": 9.515944409680985,
  "summary_csf_mad": 128.36344141111348,
  "summary_csf_mean": 290.7288093396666,
  "summary_csf_median": 235.24138931557536,
  "summary_csf_n": 16467.0,
  "summary_csf_p05": 63.34548104722053,
  "summary_csf_p95": 725.0328433232372,
  "summary_csf_stdv": 244.4283595106028,
  "summary_gm_k": 0.11377688535851282,
  "summary_gm_mad": 66.88364269523167,
  "summary_gm_mean": 679.1863114001968,
  "summary_gm_median": 680.1206791680306,
  "summary_gm_n": 28340.0,
  "summary_gm_p05": 566.7423362098634,
  "summary_gm_p95": 787.9436326998285,
  "summary_gm_stdv": 67.6821657309319,
  "summary_wm_k": 0.43889885182858235,
  "summary_wm_mad": 52.753919503325115,
  "summary_wm_mean": 1001.0794371060729,
  "summary_wm_median": 1000.0597238950431,
  "summary_wm_n": 207446.0,
  "summary_wm_p05": 912.7927568908781,
  "summary_wm_p95": 1093.4213370028883,
  "summary_wm_stdv": 55.21091897447557,
  "tpm_overlap_csf": 0.14646611985247407,
  "tpm_overlap_gm": 0.4503064819344187,
  "tpm_overlap_wm": 0.48980377380159396,
  "wm2max": 0.6519808344045811
}