{
  "bids_meta": {
    "EchoTime": 0.00351,
    "FlipAngle": 8,
    "InstitutionName": "Univerity Medical Center Groningen",
    "InstitutionalDepartmentName": "Neuroimaging Center Groningen",
    "MagneticFieldStrength": 3,
    "Manufacturer": "Philips",
    "ManufacturersModelName": "Intera",
    "Modality": "MR",
    "PatientPosition": "HFS",
    "PhilipsRescaleIntercept": 0,
    "PhilipsRescaleSlope": 12.7477,
    "PhilipsScaleSlope": 0.000299206,
    "ProtocolName": "T13DSENSEtool4.2",
    "ReceiveCoilName": "SENSE-Head-32P",
    "ReconMatrixPE": 256,
    "RepetitionTime": 0.009,
    "UsePhilipsFloatNotDisplayScaling": 1,
    "dataset": "ds001491",
    "modality": "T1w",
    "subject_id": "04"
  },
  "cjv": 0.42149445988573647,
  "cnr": 3.2318976574732354,
  "efc": 0.7769016683066803,
  "fber": -1.0,
  "fwhm_avg": 3.436336666666666,
  "fwhm_x": 3.37748,
  "fwhm_y": 3.57247,
  "fwhm_z": 3.35906,
  "icvs_csf": 0.2109980448850142,
  "icvs_gm": 0.37444551584288577,
  "icvs_wm": 0.4145564392721,
  "inu_med": 0.7634045481681824,
  "inu_range": 0.45608012676238996,
  "provenance": {
    "md5sum": "dcb36535a4cd2a521f7a6edfe0dc57d6",
    "settings": {
      "testing": false
    },
    "software": "mriqc",
    "version": "22.0.6",
    "warnings": {
      "large_rot_frame": true,
      "small_air_mask": true
    },
    "webapi_port": null,
    "webapi_url": "https://mriqc.nimh.nih.gov/api/v1"
  },
  "qi_1": 0.0,
  "qi_2": 9.805495362862392e-06,
  "rpve_csf": 21.164561712556964,
  "rpve_gm": 11.32288221714737,
  "rpve_wm": 12.588887900294981,
  "size_x": 256,
  "size_y": 256,
  "size_z": 170,
  "snr_csf": 1.4947497733563426,
  "snr_gm": 8.464898297930471,
  "snr_total": 8.70993326923473,
  "snr_wm": 16.170151736417374,
  "snrd_csf": 16.81719371674446,
  "snrd_gm": 51.202046444934425,
  "snrd_total": 48.024888610826615,
  "snrd_wm": 76.05542567080096,
  "spacing_x": 1.0,
  "spacing_y": 1.0,
  "spacing_z": 1.0,
  "summary_bg_k": 32.815343922044505,
  "summary_bg_mad": 0.0,
  "summary_bg_mean": 2.3307914549281086,
  "summary_bg_median": 0.0,
  "summary_bg_n": 139613.0,
  "summary_bg_p05": 0.0,
  "summary_bg_p95": 14.928473480045795,
  "summary_bg_stdv": 8.61470048171535,
  "summary_csf_k": 18.981706953216516,
  "summary_csf_mad": 111.32496896234073,
  "summary_csf_mean": 238.92534766403443,
  "summary_csf_median": 221.13728807121515,
  "summary_csf_n": 24463.0,
  "summary_csf_p05": 57.921289947629,
  "summary_csf_p95": 471.59433548822994,
  "summary_csf_stdv": 147.93965661338765,
  "summary_gm_k": 0.09958011189373117,
  "summary_gm_mad": 78.91752246401506,
  "summary_gm_mean": 671.95535962915,
  "summary_gm_median": 673.2800897248089,
  "summary_gm_n": 15444.0,
  "summary_gm_p05": 539.0707388292998,
  "summary_gm_p95": 800.4214168444274,
  "summary_gm_stdv": 79.5353078337455,
  "summary_wm_k": 0.7043287971680128,
  "summary_wm_mad": 58.83062589037532,
  "summary_wm_mean": 1003.0668485024638,
  "summary_wm_median": 1000.0890076681972,
  "summary_wm_n": 248041.0,
  "summary_wm_p05": 908.0251413956285,
  "summary_wm_p95": 1108.832400970161,
  "summary_wm_stdv": 61.84771843783239,
  "tpm_overlap_csf": 0.14136445912602222,
  "tpm_overlap_gm": 0.43110485108998614,
  "tpm_overlap_wm": 0.495082036440646,
  "wm2max": 0.6675390944556858
}