{
  "aor": 0.009548891352549889,
  "aqi": 0.01676042199556541,
  "bids_meta": {
    "EchoTime": 0.02203,
    "EchoTrainLength": 23,
    "FlipAngle": 80,
    "InstitutionName": "Univerity Medical Center Groningen",
    "InstitutionalDepartmentName": "Neuroimaging Center Groningen",
    "MagneticFieldStrength": 3,
    "Manufacturer": "Philips",
    "ManufacturersModelName": "Intera",
    "Modality": "MR",
    "PatientPosition": "HFS",
    "PhilipsRescaleIntercept": 0,
    "PhilipsRescaleSlope": 282.541,
    "PhilipsScaleSlope": 0.0011356,
    "ProtocolName": "WIPR-state_ME_descending-sso-DSSENSE4.2",
    "ReceiveCoilName": "SENSE-Head-32P",
    "ReconMatrixPE": 64,
    "RepetitionTime": 2.45,
    "SliceThickness": 3.5,
    "SliceTiming": [
      2.395555556,
      2.341111111,
      2.286666667,
      2.232222222,
      2.177777778,
      2.123333333,
      2.068888889,
      2.014444444,
      1.96,
      1.905555556,
      1.851111111,
      1.796666667,
      1.742222222,
      1.687777778,
      1.633333333,
      1.578888889,
      1.524444444,
      1.47,
      1.415555556,
      1.361111111,
      1.306666667,
      1.252222222,
      1.197777778,
      1.143333333,
      1.088888889,
      1.034444444,
      0.98,
      0.925555556,
      0.871111111,
      0.816666667,
      0.762222222,
      0.707777778,
      0.653333333,
      0.598888889,
      0.544444444,
      0.49,
      0.435555556,
      0.381111111,
      0.326666667,
      0.272222222,
      0.217777778,
      0.163333333,
      0.108888889,
      0.054444444,
      0
    ],
    "TaskName": "task-images",
    "UsePhilipsFloatNotDisplayScaling": 1,
    "dataset": "ds001491",
    "modality": "bold",
    "subject_id": "11",
    "task_id": "images"
  },
  "dummy_trs": 0,
  "dvars_nstd": 25.104887818022185,
  "dvars_std": 1.0978548291111114,
  "dvars_vstd": 0.9387481861333333,
  "efc": 0.457395358892353,
  "fber": 28244.21484375,
  "fd_mean": 0.41441707759535057,
  "fd_num": 142,
  "fd_perc": 31.485587583148558,
  "fwhm_avg": 1.8699780952380953,
  "fwhm_x": 1.777002857142857,
  "fwhm_y": 1.9986485714285713,
  "fwhm_z": 1.8342828571428573,
  "gcor": 0.0204832,
  "gsr_x": -0.008266993798315525,
  "gsr_y": 0.03465580567717552,
  "provenance": {
    "md5sum": "440d4e075f730c4aac9397626dcdcfa4",
    "settings": {
      "fd_thres": 0.2,
      "testing": false
    },
    "software": "mriqc",
    "version": "22.0.6",
    "webapi_port": null,
    "webapi_url": "https://mriqc.nimh.nih.gov/api/v1"
  },
  "size_t": 451,
  "size_x": 64,
  "size_y": 64,
  "size_z": 45,
  "snr": 6.528856782411566,
  "spacing_tr": 2.450000047683716,
  "spacing_x": 3.5,
  "spacing_y": 3.5,
  "spacing_z": 3.5,
  "summary_bg_k": 51.93389450285207,
  "summary_bg_mad": 6482.552418123037,
  "summary_bg_mean": 30655.40625,
  "summary_bg_median": 5246.52587890625,
  "summary_bg_n": 121301.0,
  "summary_bg_p05": 378.4674377441406,
  "summary_bg_p95": 147757.953125,
  "summary_bg_stdv": 69683.71875,
  "summary_fg_k": 1.802022760701111,
  "summary_fg_mad": 126968.29340268527,
  "summary_fg_mean": 877738.1875,
  "summary_fg_median": 866289.875,
  "summary_fg_n": 28036.0,
  "summary_fg_p05": 685520.71875,
  "summary_fg_p95": 1092054.03125,
  "summary_fg_stdv": 132683.9375,
  "tsnr": 42.927696228027344
}