{
  "aor": 0.0067709722222222225,
  "aqi": 0.02718233736111111,
  "bids_meta": {
    "EchoTime": 0.03603,
    "EchoTrainLength": 23,
    "FlipAngle": 80,
    "InstitutionName": "Univerity Medical Center Groningen",
    "InstitutionalDepartmentName": "Neuroimaging Center Groningen",
    "MagneticFieldStrength": 3,
    "Manufacturer": "Philips",
    "ManufacturersModelName": "Intera",
    "Modality": "MR",
    "PatientPosition": "HFS",
    "PhilipsRescaleIntercept": 0,
    "PhilipsRescaleSlope": 282.541,
    "PhilipsScaleSlope": 0.0011356,
    "ProtocolName": "WIPR-state_ME_descending-sso-DSSENSE4.2",
    "ReceiveCoilName": "SENSE-Head-32P",
    "ReconMatrixPE": 64,
    "RepetitionTime": 2.45,
    "SliceThickness": 3.5,
    "SliceTiming": [
      2.395555556,
      2.341111111,
      2.286666667,
      2.232222222,
      2.177777778,
      2.123333333,
      2.068888889,
      2.014444444,
      1.96,
      1.905555556,
      1.851111111,
      1.796666667,
      1.742222222,
      1.687777778,
      1.633333333,
      1.578888889,
      1.524444444,
      1.47,
      1.415555556,
      1.361111111,
      1.306666667,
      1.252222222,
      1.197777778,
      1.143333333,
      1.088888889,
      1.034444444,
      0.98,
      0.925555556,
      0.871111111,
      0.816666667,
      0.762222222,
      0.707777778,
      0.653333333,
      0.598888889,
      0.544444444,
      0.49,
      0.435555556,
      0.381111111,
      0.326666667,
      0.272222222,
      0.217777778,
      0.163333333,
      0.108888889,
      0.054444444,
      0
    ],
    "TaskName": "task-FlavorRun4",
    "UsePhilipsFloatNotDisplayScaling": 1,
    "dataset": "ds001491",
    "modality": "bold",
    "subject_id": "11",
    "task_id": "FlavorRun4"
  },
  "dummy_trs": 0,
  "dvars_nstd": 52.4935906876744,
  "dvars_std": 1.1445529381860464,
  "dvars_vstd": 0.987750498883721,
  "efc": 0.43078965829981786,
  "fber": 11136.8779296875,
  "fd_mean": 1.0481908248336336,
  "fd_num": 182,
  "fd_perc": 84.25925925925925,
  "fwhm_avg": 1.8389304761904761,
  "fwhm_x": 1.74018,
  "fwhm_y": 2.012797142857143,
  "fwhm_z": 1.7638142857142858,
  "gcor": 0.0120025,
  "gsr_x": -0.006384191568940878,
  "gsr_y": 0.025448160246014595,
  "provenance": {
    "md5sum": "af51be4779c01e2fd46c391ecb651993",
    "settings": {
      "fd_thres": 0.2,
      "testing": false
    },
    "software": "mriqc",
    "version": "22.0.6",
    "webapi_port": null,
    "webapi_url": "https://mriqc.nimh.nih.gov/api/v1"
  },
  "size_t": 216,
  "size_x": 64,
  "size_y": 64,
  "size_z": 45,
  "snr": 5.07473705207666,
  "spacing_tr": 2.450000047683716,
  "spacing_x": 3.5,
  "spacing_y": 3.5,
  "spacing_z": 3.5,
  "summary_bg_k": 195.9712756748785,
  "summary_bg_mad": 4936.43303750751,
  "summary_bg_mean": 14884.029296875,
  "summary_bg_median": 5601.81591796875,
  "summary_bg_n": 123556.0,
  "summary_bg_p05": 1286.3708801269531,
  "summary_bg_p95": 56205.9150390625,
  "summary_bg_stdv": 32015.982421875,
  "summary_fg_k": 5.393759751451519,
  "summary_fg_mad": 97806.341728428,
  "summary_fg_mean": 607192.1875,
  "summary_fg_median": 594413.875,
  "summary_fg_n": 25822.0,
  "summary_fg_p05": 453300.9140625,
  "summary_fg_p95": 788817.3718749998,
  "summary_fg_stdv": 117129.6875,
  "tsnr": 29.537336349487305
}