{
  "aor": 0.011270456621004567,
  "aqi": 0.020405888310502284,
  "bids_meta": {
    "EchoTime": 0.02203,
    "EchoTrainLength": 23,
    "FlipAngle": 80,
    "InstitutionName": "Univerity Medical Center Groningen",
    "InstitutionalDepartmentName": "Neuroimaging Center Groningen",
    "MagneticFieldStrength": 3,
    "Manufacturer": "Philips",
    "ManufacturersModelName": "Intera",
    "Modality": "MR",
    "PatientPosition": "HFS",
    "PhilipsRescaleIntercept": 0,
    "PhilipsRescaleSlope": 282.541,
    "PhilipsScaleSlope": 0.0011356,
    "ProtocolName": "WIPR-state_ME_descending-sso-DSSENSE4.2",
    "ReceiveCoilName": "SENSE-Head-32P",
    "ReconMatrixPE": 64,
    "RepetitionTime": 2.45,
    "SliceThickness": 3.5,
    "SliceTiming": [
      2.395555556,
      2.341111111,
      2.286666667,
      2.232222222,
      2.177777778,
      2.123333333,
      2.068888889,
      2.014444444,
      1.96,
      1.905555556,
      1.851111111,
      1.796666667,
      1.742222222,
      1.687777778,
      1.633333333,
      1.578888889,
      1.524444444,
      1.47,
      1.415555556,
      1.361111111,
      1.306666667,
      1.252222222,
      1.197777778,
      1.143333333,
      1.088888889,
      1.034444444,
      0.98,
      0.925555556,
      0.871111111,
      0.816666667,
      0.762222222,
      0.707777778,
      0.653333333,
      0.598888889,
      0.544444444,
      0.49,
      0.435555556,
      0.381111111,
      0.326666667,
      0.272222222,
      0.217777778,
      0.163333333,
      0.108888889,
      0.054444444,
      0
    ],
    "TaskName": "task-FlavorRun1",
    "UsePhilipsFloatNotDisplayScaling": 1,
    "dataset": "ds001491",
    "modality": "bold",
    "subject_id": "11",
    "task_id": "FlavorRun1"
  },
  "dummy_trs": 0,
  "dvars_nstd": 40.19884753018348,
  "dvars_std": 1.196826013027523,
  "dvars_vstd": 1.0312173792201835,
  "efc": 0.45756308089869735,
  "fber": 16979.892578125,
  "fd_mean": 0.794389824614311,
  "fd_num": 166,
  "fd_perc": 75.79908675799086,
  "fwhm_avg": 1.8899209523809526,
  "fwhm_x": 1.7837914285714285,
  "fwhm_y": 2.03718,
  "fwhm_z": 1.8487914285714286,
  "gcor": 0.016179,
  "gsr_x": -0.006588189397007227,
  "gsr_y": 0.03319309651851654,
  "provenance": {
    "md5sum": "d8d785b24e87f4ac76e2277d592c9756",
    "settings": {
      "fd_thres": 0.2,
      "testing": false
    },
    "software": "mriqc",
    "version": "22.0.6",
    "webapi_port": null,
    "webapi_url": "https://mriqc.nimh.nih.gov/api/v1"
  },
  "size_t": 219,
  "size_x": 64,
  "size_y": 64,
  "size_z": 45,
  "snr": 6.38957984681068,
  "spacing_tr": 2.450000047683716,
  "spacing_x": 3.5,
  "spacing_y": 3.5,
  "spacing_z": 3.5,
  "summary_bg_k": 53.34245775371302,
  "summary_bg_mad": 6818.021936951671,
  "summary_bg_mean": 27725.654296875,
  "summary_bg_median": 6138.52783203125,
  "summary_bg_n": 121503.0,
  "summary_bg_p05": 835.3608947753906,
  "summary_bg_p95": 126860.134375,
  "summary_bg_stdv": 62140.59375,
  "summary_fg_k": 1.9738699324825966,
  "summary_fg_mad": 116374.63723826947,
  "summary_fg_mean": 796439.4375,
  "summary_fg_median": 785998.5,
  "summary_fg_n": 27899.0,
  "summary_fg_p05": 621939.59375,
  "summary_fg_p95": 998074.7999999999,
  "summary_fg_stdv": 123010.34375,
  "tsnr": 37.37833023071289
}