{
  "aor": 0.0024271610169491527,
  "aqi": 0.019504955084745763,
  "bids_meta": {
    "EchoTime": 0.03603,
    "EchoTrainLength": 23,
    "FlipAngle": 80,
    "InstitutionName": "Univerity Medical Center Groningen",
    "InstitutionalDepartmentName": "Neuroimaging Center Groningen",
    "MagneticFieldStrength": 3,
    "Manufacturer": "Philips",
    "ManufacturersModelName": "Intera",
    "Modality": "MR",
    "PatientPosition": "HFS",
    "PhilipsRescaleIntercept": 0,
    "PhilipsRescaleSlope": 282.541,
    "PhilipsScaleSlope": 0.0011356,
    "ProtocolName": "WIPR-state_ME_descending-sso-DSSENSE4.2",
    "ReceiveCoilName": "SENSE-Head-32P",
    "ReconMatrixPE": 64,
    "RepetitionTime": 2.45,
    "SliceThickness": 3.5,
    "SliceTiming": [
      2.395555556,
      2.341111111,
      2.286666667,
      2.232222222,
      2.177777778,
      2.123333333,
      2.068888889,
      2.014444444,
      1.96,
      1.905555556,
      1.851111111,
      1.796666667,
      1.742222222,
      1.687777778,
      1.633333333,
      1.578888889,
      1.524444444,
      1.47,
      1.415555556,
      1.361111111,
      1.306666667,
      1.252222222,
      1.197777778,
      1.143333333,
      1.088888889,
      1.034444444,
      0.98,
      0.925555556,
      0.871111111,
      0.816666667,
      0.762222222,
      0.707777778,
      0.653333333,
      0.598888889,
      0.544444444,
      0.49,
      0.435555556,
      0.381111111,
      0.326666667,
      0.272222222,
      0.217777778,
      0.163333333,
      0.108888889,
      0.054444444,
      0
    ],
    "TaskName": "task-images",
    "UsePhilipsFloatNotDisplayScaling": 1,
    "dataset": "ds001491",
    "modality": "bold",
    "subject_id": "07",
    "task_id": "images"
  },
  "dummy_trs": 0,
  "dvars_nstd": 32.274684614373655,
  "dvars_std": 1.1980152498089167,
  "dvars_vstd": 0.9060047225690022,
  "efc": 0.44343123550675395,
  "fber": 32530.22265625,
  "fd_mean": 0.23963394415817196,
  "fd_num": 144,
  "fd_perc": 30.508474576271187,
  "fwhm_avg": 1.8182390476190475,
  "fwhm_x": 1.7113999999999998,
  "fwhm_y": 1.98428,
  "fwhm_z": 1.7590371428571427,
  "gcor": 0.0260135,
  "gsr_x": -0.004989143460988998,
  "gsr_y": 0.027065319940447807,
  "provenance": {
    "md5sum": "3c77a066a0aaa48ff1c4e2eb00cd109d",
    "settings": {
      "fd_thres": 0.2,
      "testing": false
    },
    "software": "mriqc",
    "version": "22.0.6",
    "webapi_port": null,
    "webapi_url": "https://mriqc.nimh.nih.gov/api/v1"
  },
  "size_t": 472,
  "size_x": 64,
  "size_y": 64,
  "size_z": 45,
  "snr": 5.121181107110229,
  "spacing_tr": 2.450000047683716,
  "spacing_x": 3.5,
  "spacing_y": 3.5,
  "spacing_z": 3.5,
  "summary_bg_k": 66.90649393473987,
  "summary_bg_mad": 4823.1968950614055,
  "summary_bg_mean": 18303.185546875,
  "summary_bg_median": 3785.75,
  "summary_bg_n": 121006.0,
  "summary_bg_p05": 274.04664611816406,
  "summary_bg_p95": 76457.640625,
  "summary_bg_stdv": 43435.8203125,
  "summary_fg_k": 2.5294627377669636,
  "summary_fg_mad": 119411.9332081555,
  "summary_fg_mean": 670168.0625,
  "summary_fg_median": 659848.5,
  "summary_fg_n": 27770.0,
  "summary_fg_p05": 487972.7625,
  "summary_fg_p95": 882760.090625,
  "summary_fg_stdv": 128844.6171875,
  "tsnr": 35.06828308105469
}