{
  "aor": 0.0024035222672064774,
  "aqi": 0.01907695842105263,
  "bids_meta": {
    "EchoTime": 0.03603,
    "EchoTrainLength": 23,
    "FlipAngle": 80,
    "InstitutionName": "Univerity Medical Center Groningen",
    "InstitutionalDepartmentName": "Neuroimaging Center Groningen",
    "MagneticFieldStrength": 3,
    "Manufacturer": "Philips",
    "ManufacturersModelName": "Intera",
    "Modality": "MR",
    "PatientPosition": "HFS",
    "PhilipsRescaleIntercept": 0,
    "PhilipsRescaleSlope": 282.541,
    "PhilipsScaleSlope": 0.0011356,
    "ProtocolName": "WIPR-state_ME_descending-sso-DSSENSE4.2",
    "ReceiveCoilName": "SENSE-Head-32P",
    "ReconMatrixPE": 64,
    "RepetitionTime": 2.45,
    "SliceThickness": 3.5,
    "SliceTiming": [
      2.395555556,
      2.341111111,
      2.286666667,
      2.232222222,
      2.177777778,
      2.123333333,
      2.068888889,
      2.014444444,
      1.96,
      1.905555556,
      1.851111111,
      1.796666667,
      1.742222222,
      1.687777778,
      1.633333333,
      1.578888889,
      1.524444444,
      1.47,
      1.415555556,
      1.361111111,
      1.306666667,
      1.252222222,
      1.197777778,
      1.143333333,
      1.088888889,
      1.034444444,
      0.98,
      0.925555556,
      0.871111111,
      0.816666667,
      0.762222222,
      0.707777778,
      0.653333333,
      0.598888889,
      0.544444444,
      0.49,
      0.435555556,
      0.381111111,
      0.326666667,
      0.272222222,
      0.217777778,
      0.163333333,
      0.108888889,
      0.054444444,
      0
    ],
    "TaskName": "task-FlavorRun1",
    "UsePhilipsFloatNotDisplayScaling": 1,
    "dataset": "ds001491",
    "modality": "bold",
    "subject_id": "07",
    "task_id": "FlavorRun1"
  },
  "dummy_trs": 0,
  "dvars_nstd": 37.17517738004068,
  "dvars_std": 1.2147715551626015,
  "dvars_vstd": 0.9623563729674801,
  "efc": 0.4463008014441592,
  "fber": 15660.068359375,
  "fd_mean": 0.35990119755936506,
  "fd_num": 163,
  "fd_perc": 65.9919028340081,
  "fwhm_avg": 1.810366666666667,
  "fwhm_x": 1.7028085714285714,
  "fwhm_y": 1.9802057142857143,
  "fwhm_z": 1.7480857142857142,
  "gcor": 0.0358414,
  "gsr_x": -0.006459226366132498,
  "gsr_y": 0.025676662102341652,
  "provenance": {
    "md5sum": "7493ac1c113278898213414766758feb",
    "settings": {
      "fd_thres": 0.2,
      "testing": false
    },
    "software": "mriqc",
    "version": "22.0.6",
    "webapi_port": null,
    "webapi_url": "https://mriqc.nimh.nih.gov/api/v1"
  },
  "size_t": 247,
  "size_x": 64,
  "size_y": 64,
  "size_z": 45,
  "snr": 5.1126191130119825,
  "spacing_tr": 2.450000047683716,
  "spacing_x": 3.5,
  "spacing_y": 3.5,
  "spacing_z": 3.5,
  "summary_bg_k": 78.85976639082273,
  "summary_bg_mad": 4871.60511531854,
  "summary_bg_mean": 16102.677734375,
  "summary_bg_median": 4472.4677734375,
  "summary_bg_n": 121104.0,
  "summary_bg_p05": 541.773681640625,
  "summary_bg_p95": 65849.79531249977,
  "summary_bg_stdv": 36718.21875,
  "summary_fg_k": 2.469640693368288,
  "summary_fg_mad": 99467.5511829442,
  "summary_fg_mean": 553116.125,
  "summary_fg_median": 543920.4375,
  "summary_fg_n": 27583.0,
  "summary_fg_p05": 402546.53125,
  "summary_fg_p95": 727767.88125,
  "summary_fg_stdv": 106385.8984375,
  "tsnr": 35.19976043701172
}