{
  "bids_meta": {
    "EchoTime": 0.00351,
    "FlipAngle": 8,
    "InstitutionName": "Univerity Medical Center Groningen",
    "InstitutionalDepartmentName": "Neuroimaging Center Groningen",
    "MagneticFieldStrength": 3,
    "Manufacturer": "Philips",
    "ManufacturersModelName": "Intera",
    "Modality": "MR",
    "PatientPosition": "HFS",
    "PhilipsRescaleIntercept": 0,
    "PhilipsRescaleSlope": 12.7477,
    "PhilipsScaleSlope": 0.000299206,
    "ProtocolName": "T13DSENSEtool4.2",
    "ReceiveCoilName": "SENSE-Head-32P",
    "ReconMatrixPE": 256,
    "RepetitionTime": 0.009,
    "UsePhilipsFloatNotDisplayScaling": 1,
    "dataset": "ds001491",
    "modality": "T1w",
    "subject_id": "01"
  },
  "cjv": 0.3881474550106526,
  "cnr": 3.4696961687293078,
  "efc": 0.7749946442462796,
  "fber": -1.0,
  "fwhm_avg": 3.3113433333333333,
  "fwhm_x": 3.32205,
  "fwhm_y": 3.3705,
  "fwhm_z": 3.24148,
  "icvs_csf": 0.24591968038500858,
  "icvs_gm": 0.3738809068013112,
  "icvs_wm": 0.3801994128136802,
  "inu_med": 0.7417067587375641,
  "inu_range": 0.4012724846601484,
  "provenance": {
    "md5sum": "3a3d9b29aa16d5f5609556950df5dad1",
    "settings": {
      "testing": false
    },
    "software": "mriqc",
    "version": "22.0.6",
    "warnings": {
      "large_rot_frame": true,
      "small_air_mask": true
    },
    "webapi_port": null,
    "webapi_url": "https://mriqc.nimh.nih.gov/api/v1"
  },
  "qi_1": 0.0,
  "qi_2": 9.575239344639156e-06,
  "rpve_csf": 20.07556317958213,
  "rpve_gm": 12.222871271139722,
  "rpve_wm": 14.590640039610497,
  "size_x": 256,
  "size_y": 256,
  "size_z": 170,
  "snr_csf": 1.5289817843880362,
  "snr_gm": 8.821264687135656,
  "snr_total": 9.503772216283204,
  "snr_wm": 18.16107017732592,
  "snrd_csf": 12.894040446778282,
  "snrd_gm": 43.196560038977346,
  "snrd_total": 40.12475682965074,
  "snrd_wm": 64.2836700031966,
  "spacing_x": 1.0,
  "spacing_y": 1.0,
  "spacing_z": 1.0,
  "summary_bg_k": 19.36807593815772,
  "summary_bg_mad": 0.0,
  "summary_bg_mean": 3.9181718722525147,
  "summary_bg_median": 0.0,
  "summary_bg_n": 126603.0,
  "summary_bg_p05": 0.0,
  "summary_bg_p95": 27.121292240917683,
  "summary_bg_stdv": 10.191903401990835,
  "summary_csf_k": 12.304949213553392,
  "summary_csf_mad": 109.08847960389939,
  "summary_csf_mean": 219.07626735466272,
  "summary_csf_median": 200.59153283946216,
  "summary_csf_n": 39559.0,
  "summary_csf_p05": 52.36195166595281,
  "summary_csf_p95": 454.22583990730345,
  "summary_csf_stdv": 131.19122773419411,
  "summary_gm_k": 0.25024698475235274,
  "summary_gm_mad": 74.0908103794402,
  "summary_gm_mean": 671.1731982999008,
  "summary_gm_median": 672.005352191627,
  "summary_gm_n": 17230.0,
  "summary_gm_p05": 544.3636778905056,
  "summary_gm_p95": 793.5238088155165,
  "summary_gm_stdv": 76.17794893545772,
  "summary_wm_k": 0.5043886871448038,
  "summary_wm_mad": 53.24113509678366,
  "summary_wm_mean": 1000.6416268180867,
  "summary_wm_median": 1000.0557975377887,
  "summary_wm_n": 205857.0,
  "summary_wm_p05": 911.8836951907724,
  "summary_wm_p95": 1091.0795419290657,
  "summary_wm_stdv": 55.06577303893429,
  "tpm_overlap_csf": 0.14514434745467017,
  "tpm_overlap_gm": 0.4264669208667215,
  "tpm_overlap_wm": 0.49436600002386616,
  "wm2max": 0.632323379290258
}