{
  "bids_meta": {
    "EchoTime": 0.00351,
    "FlipAngle": 8,
    "InstitutionName": "Univerity Medical Center Groningen",
    "InstitutionalDepartmentName": "Neuroimaging Center Groningen",
    "MagneticFieldStrength": 3,
    "Manufacturer": "Philips",
    "ManufacturersModelName": "Intera",
    "Modality": "MR",
    "PatientPosition": "HFS",
    "PhilipsRescaleIntercept": 0,
    "PhilipsRescaleSlope": 12.7477,
    "PhilipsScaleSlope": 0.000299206,
    "ProtocolName": "T13DSENSEtool4.2",
    "ReceiveCoilName": "SENSE-Head-32P",
    "ReconMatrixPE": 256,
    "RepetitionTime": 0.009,
    "UsePhilipsFloatNotDisplayScaling": 1,
    "dataset": "ds001491",
    "modality": "T1w",
    "subject_id": "14"
  },
  "cjv": 0.3647457333114097,
  "cnr": 3.6803990278777112,
  "efc": 0.7716499050076117,
  "fber": -1.0,
  "fwhm_avg": 3.25236,
  "fwhm_x": 3.19573,
  "fwhm_y": 3.34553,
  "fwhm_z": 3.21582,
  "icvs_csf": 0.2201787912964557,
  "icvs_gm": 0.4228234494705681,
  "icvs_wm": 0.35699775923297616,
  "inu_med": 0.7575750052928925,
  "inu_range": 0.417313477396965,
  "provenance": {
    "md5sum": "7259703bdf1b1c488a999315f6524c93",
    "settings": {
      "testing": false
    },
    "software": "mriqc",
    "version": "22.0.6",
    "warnings": {
      "large_rot_frame": true,
      "small_air_mask": true
    },
    "webapi_port": null,
    "webapi_url": "https://mriqc.nimh.nih.gov/api/v1"
  },
  "qi_1": 0.0,
  "qi_2": 9.685842266406092e-06,
  "rpve_csf": 22.076099387460605,
  "rpve_gm": 11.388755517775722,
  "rpve_wm": 15.442338308944498,
  "size_x": 256,
  "size_y": 256,
  "size_z": 170,
  "snr_csf": 1.6502041172506472,
  "snr_gm": 9.332227398034682,
  "snr_total": 9.48363392515971,
  "snr_wm": 17.468470260193797,
  "snrd_csf": 6.673985693703053,
  "snrd_gm": 22.9673652931595,
  "snrd_total": 21.506272845074808,
  "snrd_wm": 34.87746754836187,
  "spacing_x": 1.0,
  "spacing_y": 1.0,
  "spacing_z": 1.0,
  "summary_bg_k": 135.7068658796296,
  "summary_bg_mad": 0.0,
  "summary_bg_mean": 5.232996053624877,
  "summary_bg_median": 0.0,
  "summary_bg_n": 114751.0,
  "summary_bg_p05": 0.0,
  "summary_bg_p95": 28.33583578467369,
  "summary_bg_stdv": 18.785008232239402,
  "summary_csf_k": 16.545779518989853,
  "summary_csf_mad": 95.82657320745179,
  "summary_csf_mean": 206.123789785543,
  "summary_csf_median": 191.36606697179377,
  "summary_csf_n": 33176.0,
  "summary_csf_p05": 55.7932606600225,
  "summary_csf_p95": 402.0288381129503,
  "summary_csf_stdv": 115.96334104711171,
  "summary_gm_k": 0.12054177491744156,
  "summary_gm_mad": 69.98994781394768,
  "summary_gm_mean": 658.8082291464846,
  "summary_gm_median": 658.5531594716012,
  "summary_gm_n": 28244.0,
  "summary_gm_p05": 542.4895760975778,
  "summary_gm_p95": 774.6365779306739,
  "summary_gm_stdv": 70.56637960010107,
  "summary_wm_k": 0.5473781599269527,
  "summary_wm_mad": 54.57199412384036,
  "summary_wm_mean": 1000.3534910699739,
  "summary_wm_median": 1000.0566523484886,
  "summary_wm_n": 173958.0,
  "summary_wm_p05": 906.8600884526968,
  "summary_wm_p95": 1094.2733063325286,
  "summary_wm_stdv": 57.24907579362504,
  "tpm_overlap_csf": 0.15094423542285226,
  "tpm_overlap_gm": 0.4470796900448358,
  "tpm_overlap_wm": 0.4791967849462803,
  "wm2max": 0.7079555484233331
}