{
  "bids_meta": {
    "EchoTime": 0.00351,
    "FlipAngle": 8,
    "InstitutionName": "Univerity Medical Center Groningen",
    "InstitutionalDepartmentName": "Neuroimaging Center Groningen",
    "MagneticFieldStrength": 3,
    "Manufacturer": "Philips",
    "ManufacturersModelName": "Intera",
    "Modality": "MR",
    "PatientPosition": "HFS",
    "PhilipsRescaleIntercept": 0,
    "PhilipsRescaleSlope": 12.7477,
    "PhilipsScaleSlope": 0.000299206,
    "ProtocolName": "T13DSENSEtool4.2",
    "ReceiveCoilName": "SENSE-Head-32P",
    "ReconMatrixPE": 256,
    "RepetitionTime": 0.009,
    "UsePhilipsFloatNotDisplayScaling": 1,
    "dataset": "ds001491",
    "modality": "T1w",
    "subject_id": "08"
  },
  "cjv": 0.3720675693082054,
  "cnr": 3.6495029767014255,
  "efc": 0.7792241609483999,
  "fber": -1.0,
  "fwhm_avg": 3.4527666666666668,
  "fwhm_x": 3.44944,
  "fwhm_y": 3.56463,
  "fwhm_z": 3.34423,
  "icvs_csf": 0.19037667755001356,
  "icvs_gm": 0.42467326973972813,
  "icvs_wm": 0.3849500527102583,
  "inu_med": 0.6803834438323975,
  "inu_range": 0.38051066994667027,
  "provenance": {
    "md5sum": "d8ec7c90807c6f2bbbc1195cb38406aa",
    "settings": {
      "testing": false
    },
    "software": "mriqc",
    "version": "22.0.6",
    "warnings": {
      "large_rot_frame": true,
      "small_air_mask": true
    },
    "webapi_port": null,
    "webapi_url": "https://mriqc.nimh.nih.gov/api/v1"
  },
  "qi_1": 0.0,
  "qi_2": 1.160865680021235e-05,
  "rpve_csf": 24.389260975324678,
  "rpve_gm": 11.382995408005028,
  "rpve_wm": 14.79856765289482,
  "size_x": 256,
  "size_y": 256,
  "size_z": 170,
  "snr_csf": 1.4238243170529903,
  "snr_gm": 9.475457884039292,
  "snr_total": 10.298490830960821,
  "snr_wm": 19.996190291790178,
  "snrd_csf": 16.941272444737297,
  "snrd_gm": 53.18984028551248,
  "snrd_total": 49.47028168189127,
  "snrd_wm": 78.27973231542404,
  "spacing_x": 1.0,
  "spacing_y": 1.0,
  "spacing_z": 1.0,
  "summary_bg_k": 44.48184617403597,
  "summary_bg_mad": 0.0,
  "summary_bg_mean": 2.716963347096489,
  "summary_bg_median": 0.0,
  "summary_bg_n": 159834.0,
  "summary_bg_p05": 0.0,
  "summary_bg_p95": 18.916671735141595,
  "summary_bg_stdv": 8.369658621674288,
  "summary_csf_k": 14.47433089727021,
  "summary_csf_mad": 111.21463340221624,
  "summary_csf_mean": 236.65297448176608,
  "summary_csf_median": 216.4322833828628,
  "summary_csf_n": 20974.0,
  "summary_csf_p05": 55.4837492174469,
  "summary_csf_p95": 480.591707390919,
  "summary_csf_stdv": 152.00409291485929,
  "summary_gm_k": 0.11585288677546579,
  "summary_gm_mad": 71.07181745618097,
  "summary_gm_mean": 679.8520761089733,
  "summary_gm_median": 679.5238447003067,
  "summary_gm_n": 34295.0,
  "summary_gm_p05": 561.4576708074659,
  "summary_gm_p95": 797.9518088754267,
  "summary_gm_stdv": 71.71304499522907,
  "summary_wm_k": 0.42034990576177655,
  "summary_wm_mad": 48.18868207315009,
  "summary_wm_mean": 1000.6200242424663,
  "summary_wm_median": 1000.0583641454577,
  "summary_wm_n": 215265.0,
  "summary_wm_p05": 919.7059095166624,
  "summary_wm_p95": 1083.0367159843445,
  "summary_wm_stdv": 50.01232868339322,
  "tpm_overlap_csf": 0.140788884430921,
  "tpm_overlap_gm": 0.44313343382137177,
  "tpm_overlap_wm": 0.4925764028412008,
  "wm2max": 0.712192454946771
}