{
  "bids_meta": {
    "EchoTime": 0.00351,
    "FlipAngle": 8,
    "InstitutionName": "Univerity Medical Center Groningen",
    "InstitutionalDepartmentName": "Neuroimaging Center Groningen",
    "MagneticFieldStrength": 3,
    "Manufacturer": "Philips",
    "ManufacturersModelName": "Intera",
    "Modality": "MR",
    "PatientPosition": "HFS",
    "PhilipsRescaleIntercept": 0,
    "PhilipsRescaleSlope": 12.7477,
    "PhilipsScaleSlope": 0.000299206,
    "ProtocolName": "T13DSENSEtool4.2",
    "ReceiveCoilName": "SENSE-Head-32P",
    "ReconMatrixPE": 256,
    "RepetitionTime": 0.009,
    "UsePhilipsFloatNotDisplayScaling": 1,
    "dataset": "ds001491",
    "modality": "T1w",
    "subject_id": "20"
  },
  "cjv": 0.3591483389379205,
  "cnr": 3.773312486723619,
  "efc": 0.7623122160147139,
  "fber": -1.0,
  "fwhm_avg": 3.5180466666666668,
  "fwhm_x": 3.52746,
  "fwhm_y": 3.58239,
  "fwhm_z": 3.44429,
  "icvs_csf": 0.20390001443610292,
  "icvs_gm": 0.398572769695451,
  "icvs_wm": 0.397527215868446,
  "inu_med": 0.681450366973877,
  "inu_range": 0.3722231388092041,
  "provenance": {
    "md5sum": "199acd2cb8ec4b7f468899eaba78651a",
    "settings": {
      "testing": false
    },
    "software": "mriqc",
    "version": "22.0.6",
    "warnings": {
      "large_rot_frame": true,
      "small_air_mask": true
    },
    "webapi_port": null,
    "webapi_url": "https://mriqc.nimh.nih.gov/api/v1"
  },
  "qi_1": 0.0,
  "qi_2": 1.4338772999443321e-06,
  "rpve_csf": 22.483507122686678,
  "rpve_gm": 11.324042506179545,
  "rpve_wm": 13.6411331506335,
  "size_x": 256,
  "size_y": 256,
  "size_z": 170,
  "snr_csf": 1.3055689537847923,
  "snr_gm": 8.928143423472351,
  "snr_total": 10.12250721087967,
  "snr_wm": 20.13380925538187,
  "snrd_csf": 15.420047910481232,
  "snrd_gm": 62.53439385549894,
  "snrd_total": 57.46403759694497,
  "snrd_wm": 94.43767102485475,
  "spacing_x": 1.0,
  "spacing_y": 1.0,
  "spacing_z": 1.0,
  "summary_bg_k": 136.07343651559066,
  "summary_bg_mad": 0.0,
  "summary_bg_mean": 1.6061512281053696,
  "summary_bg_median": 0.0,
  "summary_bg_n": 254330.0,
  "summary_bg_p05": 0.0,
  "summary_bg_p95": 13.029406316578388,
  "summary_bg_stdv": 6.937811733316162,
  "summary_csf_k": 15.514946664839119,
  "summary_csf_mad": 97.32537916063113,
  "summary_csf_mean": 191.19144602701422,
  "summary_csf_median": 163.2963598445058,
  "summary_csf_n": 28138.0,
  "summary_csf_p05": 48.272428922355175,
  "summary_csf_p95": 409.705670448765,
  "summary_csf_stdv": 125.07455668287642,
  "summary_gm_k": 0.588798506013978,
  "summary_gm_mad": 72.90175366962572,
  "summary_gm_mean": 663.2663522065145,
  "summary_gm_median": 662.2313329353929,
  "summary_gm_n": 25820.0,
  "summary_gm_p05": 543.609792052582,
  "summary_gm_p95": 785.775555036962,
  "summary_gm_stdv": 74.17202853963518,
  "summary_wm_k": 0.4054525467360657,
  "summary_wm_mad": 48.43711453379914,
  "summary_wm_mean": 1000.5596486984593,
  "summary_wm_median": 1000.083008825779,
  "summary_wm_n": 237183.0,
  "summary_wm_p05": 919.9701411128044,
  "summary_wm_p95": 1081.6620305404067,
  "summary_wm_stdv": 49.671718246975814,
  "tpm_overlap_csf": 0.14666034381106308,
  "tpm_overlap_gm": 0.43453467491828357,
  "tpm_overlap_wm": 0.5010988066913347,
  "wm2max": 0.7196736401871735
}