{
  "aor": 0.0021662820512820514,
  "aqi": 0.012080495042735043,
  "bids_meta": {
    "EchoTime": 0.02203,
    "EchoTrainLength": 23,
    "FlipAngle": 80,
    "InstitutionName": "Univerity Medical Center Groningen",
    "InstitutionalDepartmentName": "Neuroimaging Center Groningen",
    "MagneticFieldStrength": 3,
    "Manufacturer": "Philips",
    "ManufacturersModelName": "Intera",
    "Modality": "MR",
    "PatientPosition": "HFS",
    "PhilipsRescaleIntercept": 0,
    "PhilipsRescaleSlope": 282.541,
    "PhilipsScaleSlope": 0.0011356,
    "ProtocolName": "WIPR-state_ME_descending-sso-DSSENSE4.2",
    "ReceiveCoilName": "SENSE-Head-32P",
    "ReconMatrixPE": 64,
    "RepetitionTime": 2.45,
    "SliceThickness": 3.5,
    "SliceTiming": [
      2.395555556,
      2.341111111,
      2.286666667,
      2.232222222,
      2.177777778,
      2.123333333,
      2.068888889,
      2.014444444,
      1.96,
      1.905555556,
      1.851111111,
      1.796666667,
      1.742222222,
      1.687777778,
      1.633333333,
      1.578888889,
      1.524444444,
      1.47,
      1.415555556,
      1.361111111,
      1.306666667,
      1.252222222,
      1.197777778,
      1.143333333,
      1.088888889,
      1.034444444,
      0.98,
      0.925555556,
      0.871111111,
      0.816666667,
      0.762222222,
      0.707777778,
      0.653333333,
      0.598888889,
      0.544444444,
      0.49,
      0.435555556,
      0.381111111,
      0.326666667,
      0.272222222,
      0.217777778,
      0.163333333,
      0.108888889,
      0.054444444,
      0
    ],
    "TaskName": "task-FlavorRun2",
    "UsePhilipsFloatNotDisplayScaling": 1,
    "dataset": "ds001491",
    "modality": "bold",
    "subject_id": "07",
    "task_id": "FlavorRun2"
  },
  "dummy_trs": 0,
  "dvars_nstd": 29.58145868497852,
  "dvars_std": 1.2677003928326174,
  "dvars_vstd": 0.9829923624034335,
  "efc": 0.484128211151331,
  "fber": 7734.58154296875,
  "fd_mean": 0.3660209992349256,
  "fd_num": 170,
  "fd_perc": 72.64957264957265,
  "fwhm_avg": 1.86358,
  "fwhm_x": 1.7478285714285715,
  "fwhm_y": 2.031474285714286,
  "fwhm_z": 1.8114371428571427,
  "gcor": 0.0255244,
  "gsr_x": -0.010965525172650814,
  "gsr_y": 0.03013775683939457,
  "provenance": {
    "md5sum": "b32a8ba2dc0be44a0e8c4002ebfd0c0c",
    "settings": {
      "fd_thres": 0.2,
      "testing": false
    },
    "software": "mriqc",
    "version": "22.0.6",
    "webapi_port": null,
    "webapi_url": "https://mriqc.nimh.nih.gov/api/v1"
  },
  "size_t": 234,
  "size_x": 64,
  "size_y": 64,
  "size_z": 45,
  "snr": 6.246366672699743,
  "spacing_tr": 2.450000047683716,
  "spacing_x": 3.5,
  "spacing_y": 3.5,
  "spacing_z": 3.5,
  "summary_bg_k": 31.53783786830615,
  "summary_bg_mad": 9194.99724744728,
  "summary_bg_mean": 35277.74609375,
  "summary_bg_median": 8592.66015625,
  "summary_bg_n": 119200.0,
  "summary_bg_p05": 1366.9079040527345,
  "summary_bg_p95": 158767.08828124945,
  "summary_bg_stdv": 73316.3828125,
  "summary_fg_k": 0.7396393507255667,
  "summary_fg_mad": 117574.8963967884,
  "summary_fg_mean": 734339.0,
  "summary_fg_median": 726265.6875,
  "summary_fg_n": 29529.0,
  "summary_fg_p05": 562466.2125,
  "summary_fg_p95": 927979.9625,
  "summary_fg_stdv": 116268.1328125,
  "tsnr": 51.183990478515625
}