{
  "aor": 0.0028087866108786608,
  "aqi": 0.007341213514644351,
  "bids_meta": {
    "EchoTime": 0.00802,
    "EchoTrainLength": 23,
    "FlipAngle": 80,
    "InstitutionName": "Univerity Medical Center Groningen",
    "InstitutionalDepartmentName": "Neuroimaging Center Groningen",
    "MagneticFieldStrength": 3,
    "Manufacturer": "Philips",
    "ManufacturersModelName": "Intera",
    "Modality": "MR",
    "PatientPosition": "HFS",
    "PhilipsRescaleIntercept": 0,
    "PhilipsRescaleSlope": 282.541,
    "PhilipsScaleSlope": 0.0011356,
    "ProtocolName": "WIPR-state_ME_descending-sso-DSSENSE4.2",
    "ReceiveCoilName": "SENSE-Head-32P",
    "ReconMatrixPE": 64,
    "RepetitionTime": 2.45,
    "SliceThickness": 3.5,
    "SliceTiming": [
      2.395555556,
      2.341111111,
      2.286666667,
      2.232222222,
      2.177777778,
      2.123333333,
      2.068888889,
      2.014444444,
      1.96,
      1.905555556,
      1.851111111,
      1.796666667,
      1.742222222,
      1.687777778,
      1.633333333,
      1.578888889,
      1.524444444,
      1.47,
      1.415555556,
      1.361111111,
      1.306666667,
      1.252222222,
      1.197777778,
      1.143333333,
      1.088888889,
      1.034444444,
      0.98,
      0.925555556,
      0.871111111,
      0.816666667,
      0.762222222,
      0.707777778,
      0.653333333,
      0.598888889,
      0.544444444,
      0.49,
      0.435555556,
      0.381111111,
      0.326666667,
      0.272222222,
      0.217777778,
      0.163333333,
      0.108888889,
      0.054444444,
      0
    ],
    "TaskName": "task-FlavorRun4",
    "UsePhilipsFloatNotDisplayScaling": 1,
    "dataset": "ds001491",
    "modality": "bold",
    "subject_id": "07",
    "task_id": "FlavorRun4"
  },
  "dummy_trs": 1,
  "dvars_nstd": 26.95633945928572,
  "dvars_std": 1.4283421152941165,
  "dvars_vstd": 0.9866284876050415,
  "efc": 0.5488235512433957,
  "fber": 3764.139404296875,
  "fd_mean": 0.37854959912271635,
  "fd_num": 175,
  "fd_perc": 73.22175732217573,
  "fwhm_avg": 2.17674,
  "fwhm_x": 2.0903771428571427,
  "fwhm_y": 2.3026885714285714,
  "fwhm_z": 2.137154285714286,
  "gcor": 0.00690242,
  "gsr_x": -0.012890094891190529,
  "gsr_y": 0.06592399626970291,
  "provenance": {
    "md5sum": "48470ba5c3815670ef36f660634749c1",
    "settings": {
      "fd_thres": 0.2,
      "testing": false
    },
    "software": "mriqc",
    "version": "22.0.6",
    "webapi_port": null,
    "webapi_url": "https://mriqc.nimh.nih.gov/api/v1"
  },
  "size_t": 239,
  "size_x": 64,
  "size_y": 64,
  "size_z": 45,
  "snr": 6.719247638180705,
  "spacing_tr": 2.450000047683716,
  "spacing_x": 3.5,
  "spacing_y": 3.5,
  "spacing_z": 3.5,
  "summary_bg_k": 7.38127208149484,
  "summary_bg_mad": 18514.236633198016,
  "summary_bg_mean": 79358.6953125,
  "summary_bg_median": 15618.705078125,
  "summary_bg_n": 113504.0,
  "summary_bg_p05": 1816.6747497558595,
  "summary_bg_p95": 406495.0171874996,
  "summary_bg_stdv": 139948.1875,
  "summary_fg_k": 0.4430530065547127,
  "summary_fg_mad": 138199.42218973915,
  "summary_fg_mean": 951458.375,
  "summary_fg_median": 946420.875,
  "summary_fg_n": 32334.0,
  "summary_fg_p05": 731101.8375,
  "summary_fg_p95": 1186957.1624999999,
  "summary_fg_stdv": 140850.03125,
  "tsnr": 71.18533325195312
}