{
  "aor": 0.00196275,
  "aqi": 0.011955919124999999,
  "bids_meta": {
    "EchoTime": 0.02203,
    "EchoTrainLength": 23,
    "FlipAngle": 80,
    "InstitutionName": "Univerity Medical Center Groningen",
    "InstitutionalDepartmentName": "Neuroimaging Center Groningen",
    "MagneticFieldStrength": 3,
    "Manufacturer": "Philips",
    "ManufacturersModelName": "Intera",
    "Modality": "MR",
    "PatientPosition": "HFS",
    "PhilipsRescaleIntercept": 0,
    "PhilipsRescaleSlope": 282.541,
    "PhilipsScaleSlope": 0.0011356,
    "ProtocolName": "WIPR-state_ME_descending-sso-DSSENSE4.2",
    "ReceiveCoilName": "SENSE-Head-32P",
    "ReconMatrixPE": 64,
    "RepetitionTime": 2.45,
    "SliceThickness": 3.5,
    "SliceTiming": [
      2.395555556,
      2.341111111,
      2.286666667,
      2.232222222,
      2.177777778,
      2.123333333,
      2.068888889,
      2.014444444,
      1.96,
      1.905555556,
      1.851111111,
      1.796666667,
      1.742222222,
      1.687777778,
      1.633333333,
      1.578888889,
      1.524444444,
      1.47,
      1.415555556,
      1.361111111,
      1.306666667,
      1.252222222,
      1.197777778,
      1.143333333,
      1.088888889,
      1.034444444,
      0.98,
      0.925555556,
      0.871111111,
      0.816666667,
      0.762222222,
      0.707777778,
      0.653333333,
      0.598888889,
      0.544444444,
      0.49,
      0.435555556,
      0.381111111,
      0.326666667,
      0.272222222,
      0.217777778,
      0.163333333,
      0.108888889,
      0.054444444,
      0
    ],
    "TaskName": "task-FlavorRun4",
    "UsePhilipsFloatNotDisplayScaling": 1,
    "dataset": "ds001491",
    "modality": "bold",
    "subject_id": "07",
    "task_id": "FlavorRun4"
  },
  "dummy_trs": 0,
  "dvars_nstd": 29.323227558995832,
  "dvars_std": 1.278019681966527,
  "dvars_vstd": 0.9737604935146442,
  "efc": 0.48541534622406823,
  "fber": 7226.11279296875,
  "fd_mean": 0.3787678528234655,
  "fd_num": 179,
  "fd_perc": 74.58333333333333,
  "fwhm_avg": 1.8492695238095236,
  "fwhm_x": 1.743142857142857,
  "fwhm_y": 2.0137285714285715,
  "fwhm_z": 1.7909371428571428,
  "gcor": 0.0222834,
  "gsr_x": -0.009795814752578735,
  "gsr_y": 0.029173478484153748,
  "provenance": {
    "md5sum": "31eb2a8b70684a6547a697a30a5f1062",
    "settings": {
      "fd_thres": 0.2,
      "testing": false
    },
    "software": "mriqc",
    "version": "22.0.6",
    "webapi_port": null,
    "webapi_url": "https://mriqc.nimh.nih.gov/api/v1"
  },
  "size_t": 240,
  "size_x": 64,
  "size_y": 64,
  "size_z": 45,
  "snr": 6.332168485369858,
  "spacing_tr": 2.450000047683716,
  "spacing_x": 3.5,
  "spacing_y": 3.5,
  "spacing_z": 3.5,
  "summary_bg_k": 29.852518335886394,
  "summary_bg_mad": 9286.796965281392,
  "summary_bg_mean": 35592.546875,
  "summary_bg_median": 8811.521484375,
  "summary_bg_n": 119215.0,
  "summary_bg_p05": 1506.1630615234376,
  "summary_bg_p95": 160283.72343749998,
  "summary_bg_stdv": 72600.890625,
  "summary_fg_k": 0.841730030177406,
  "summary_fg_mad": 113979.8640048283,
  "summary_fg_mean": 728911.9375,
  "summary_fg_median": 720318.1875,
  "summary_fg_n": 29507.0,
  "summary_fg_p05": 562265.0750000001,
  "summary_fg_p95": 919442.13125,
  "summary_fg_stdv": 113753.4453125,
  "tsnr": 52.26142120361328
}