{
  "aor": 0.0025703389830508475,
  "aqi": 0.013191271779661017,
  "bids_meta": {
    "EchoTime": 0.02203,
    "EchoTrainLength": 23,
    "FlipAngle": 80,
    "InstitutionName": "Univerity Medical Center Groningen",
    "InstitutionalDepartmentName": "Neuroimaging Center Groningen",
    "MagneticFieldStrength": 3,
    "Manufacturer": "Philips",
    "ManufacturersModelName": "Intera",
    "Modality": "MR",
    "PatientPosition": "HFS",
    "PhilipsRescaleIntercept": 0,
    "PhilipsRescaleSlope": 282.541,
    "PhilipsScaleSlope": 0.0011356,
    "ProtocolName": "WIPR-state_ME_descending-sso-DSSENSE4.2",
    "ReceiveCoilName": "SENSE-Head-32P",
    "ReconMatrixPE": 64,
    "RepetitionTime": 2.45,
    "SliceThickness": 3.5,
    "SliceTiming": [
      2.395555556,
      2.341111111,
      2.286666667,
      2.232222222,
      2.177777778,
      2.123333333,
      2.068888889,
      2.014444444,
      1.96,
      1.905555556,
      1.851111111,
      1.796666667,
      1.742222222,
      1.687777778,
      1.633333333,
      1.578888889,
      1.524444444,
      1.47,
      1.415555556,
      1.361111111,
      1.306666667,
      1.252222222,
      1.197777778,
      1.143333333,
      1.088888889,
      1.034444444,
      0.98,
      0.925555556,
      0.871111111,
      0.816666667,
      0.762222222,
      0.707777778,
      0.653333333,
      0.598888889,
      0.544444444,
      0.49,
      0.435555556,
      0.381111111,
      0.326666667,
      0.272222222,
      0.217777778,
      0.163333333,
      0.108888889,
      0.054444444,
      0
    ],
    "TaskName": "task-images",
    "UsePhilipsFloatNotDisplayScaling": 1,
    "dataset": "ds001491",
    "modality": "bold",
    "subject_id": "07",
    "task_id": "images"
  },
  "dummy_trs": 0,
  "dvars_nstd": 25.0438926496603,
  "dvars_std": 1.2190604480254779,
  "dvars_vstd": 0.9149394564755831,
  "efc": 0.47715817985412073,
  "fber": 22404.939453125,
  "fd_mean": 0.23237013342298932,
  "fd_num": 132,
  "fd_perc": 27.966101694915253,
  "fwhm_avg": 1.9152123809523809,
  "fwhm_x": 1.7888342857142856,
  "fwhm_y": 2.0736514285714285,
  "fwhm_z": 1.8831514285714286,
  "gcor": 0.0213871,
  "gsr_x": -0.007419692352414131,
  "gsr_y": 0.03313209488987923,
  "provenance": {
    "md5sum": "87e0aead31a679d767469142790ca13a",
    "settings": {
      "fd_thres": 0.2,
      "testing": false
    },
    "software": "mriqc",
    "version": "22.0.6",
    "webapi_port": null,
    "webapi_url": "https://mriqc.nimh.nih.gov/api/v1"
  },
  "size_t": 472,
  "size_x": 64,
  "size_y": 64,
  "size_z": 45,
  "snr": 6.163965050589546,
  "spacing_tr": 2.450000047683716,
  "spacing_x": 3.5,
  "spacing_y": 3.5,
  "spacing_z": 3.5,
  "summary_bg_k": 30.305704317807965,
  "summary_bg_mad": 8176.213885139536,
  "summary_bg_mean": 38434.8671875,
  "summary_bg_median": 6118.15380859375,
  "summary_bg_n": 119101.0,
  "summary_bg_p05": 331.66802978515625,
  "summary_bg_p95": 179974.34375,
  "summary_bg_stdv": 85474.2578125,
  "summary_fg_k": 0.5649822872937094,
  "summary_fg_mad": 144164.4405592998,
  "summary_fg_mean": 879408.6875,
  "summary_fg_median": 870746.3125,
  "summary_fg_n": 29639.0,
  "summary_fg_p05": 668680.1375,
  "summary_fg_p95": 1113719.9375,
  "summary_fg_stdv": 141261.609375,
  "tsnr": 47.14426040649414
}