{
  "aor": 0.002268780487804878,
  "aqi": 0.010079846260162601,
  "bids_meta": {
    "EchoTime": 0.02203,
    "EchoTrainLength": 23,
    "FlipAngle": 80,
    "InstitutionName": "Univerity Medical Center Groningen",
    "InstitutionalDepartmentName": "Neuroimaging Center Groningen",
    "MagneticFieldStrength": 3,
    "Manufacturer": "Philips",
    "ManufacturersModelName": "Intera",
    "Modality": "MR",
    "PatientPosition": "HFS",
    "PhilipsRescaleIntercept": 0,
    "PhilipsRescaleSlope": 282.541,
    "PhilipsScaleSlope": 0.0011356,
    "ProtocolName": "WIPR-state_ME_descending-sso-DSSENSE4.2",
    "ReceiveCoilName": "SENSE-Head-32P",
    "ReconMatrixPE": 64,
    "RepetitionTime": 2.45,
    "SliceThickness": 3.5,
    "SliceTiming": [
      2.395555556,
      2.341111111,
      2.286666667,
      2.232222222,
      2.177777778,
      2.123333333,
      2.068888889,
      2.014444444,
      1.96,
      1.905555556,
      1.851111111,
      1.796666667,
      1.742222222,
      1.687777778,
      1.633333333,
      1.578888889,
      1.524444444,
      1.47,
      1.415555556,
      1.361111111,
      1.306666667,
      1.252222222,
      1.197777778,
      1.143333333,
      1.088888889,
      1.034444444,
      0.98,
      0.925555556,
      0.871111111,
      0.816666667,
      0.762222222,
      0.707777778,
      0.653333333,
      0.598888889,
      0.544444444,
      0.49,
      0.435555556,
      0.381111111,
      0.326666667,
      0.272222222,
      0.217777778,
      0.163333333,
      0.108888889,
      0.054444444,
      0
    ],
    "TaskName": "task-FlavorRun3",
    "UsePhilipsFloatNotDisplayScaling": 1,
    "dataset": "ds001491",
    "modality": "bold",
    "subject_id": "07",
    "task_id": "FlavorRun3"
  },
  "dummy_trs": 0,
  "dvars_nstd": 29.041490227551016,
  "dvars_std": 1.3037985366938762,
  "dvars_vstd": 1.007489683224489,
  "efc": 0.48383718345296217,
  "fber": 7749.935546875,
  "fd_mean": 0.4144994370622516,
  "fd_num": 176,
  "fd_perc": 71.54471544715447,
  "fwhm_avg": 1.8523038095238096,
  "fwhm_x": 1.73366,
  "fwhm_y": 2.017922857142857,
  "fwhm_z": 1.8053285714285714,
  "gcor": 0.0327813,
  "gsr_x": -0.010201312601566315,
  "gsr_y": 0.02968261018395424,
  "provenance": {
    "md5sum": "0c24b109ca871f92d8d40dd238b40a01",
    "settings": {
      "fd_thres": 0.2,
      "testing": false
    },
    "software": "mriqc",
    "version": "22.0.6",
    "webapi_port": null,
    "webapi_url": "https://mriqc.nimh.nih.gov/api/v1"
  },
  "size_t": 246,
  "size_x": 64,
  "size_y": 64,
  "size_z": 45,
  "snr": 6.301059029550456,
  "spacing_tr": 2.450000047683716,
  "spacing_x": 3.5,
  "spacing_y": 3.5,
  "spacing_z": 3.5,
  "summary_bg_k": 31.49118646719036,
  "summary_bg_mad": 9070.499562960655,
  "summary_bg_mean": 35080.48828125,
  "summary_bg_median": 8545.9189453125,
  "summary_bg_n": 119287.0,
  "summary_bg_p05": 1430.6667846679688,
  "summary_bg_p95": 158174.30156249998,
  "summary_bg_stdv": 72521.9140625,
  "summary_fg_k": 0.7668728205670536,
  "summary_fg_mad": 115312.81606190349,
  "summary_fg_mean": 732204.9375,
  "summary_fg_median": 723335.5,
  "summary_fg_n": 29473.0,
  "summary_fg_p05": 563545.9875,
  "summary_fg_p95": 924495.2874999997,
  "summary_fg_stdv": 114793.9140625,
  "tsnr": 56.32292556762695
}