{
  "aor": 0.002848771186440678,
  "aqi": 0.007391164830508475,
  "bids_meta": {
    "EchoTime": 0.00802,
    "EchoTrainLength": 23,
    "FlipAngle": 80,
    "InstitutionName": "Univerity Medical Center Groningen",
    "InstitutionalDepartmentName": "Neuroimaging Center Groningen",
    "MagneticFieldStrength": 3,
    "Manufacturer": "Philips",
    "ManufacturersModelName": "Intera",
    "Modality": "MR",
    "PatientPosition": "HFS",
    "PhilipsRescaleIntercept": 0,
    "PhilipsRescaleSlope": 282.541,
    "PhilipsScaleSlope": 0.0011356,
    "ProtocolName": "WIPR-state_ME_descending-sso-DSSENSE4.2",
    "ReceiveCoilName": "SENSE-Head-32P",
    "ReconMatrixPE": 64,
    "RepetitionTime": 2.45,
    "SliceThickness": 3.5,
    "SliceTiming": [
      2.395555556,
      2.341111111,
      2.286666667,
      2.232222222,
      2.177777778,
      2.123333333,
      2.068888889,
      2.014444444,
      1.96,
      1.905555556,
      1.851111111,
      1.796666667,
      1.742222222,
      1.687777778,
      1.633333333,
      1.578888889,
      1.524444444,
      1.47,
      1.415555556,
      1.361111111,
      1.306666667,
      1.252222222,
      1.197777778,
      1.143333333,
      1.088888889,
      1.034444444,
      0.98,
      0.925555556,
      0.871111111,
      0.816666667,
      0.762222222,
      0.707777778,
      0.653333333,
      0.598888889,
      0.544444444,
      0.49,
      0.435555556,
      0.381111111,
      0.326666667,
      0.272222222,
      0.217777778,
      0.163333333,
      0.108888889,
      0.054444444,
      0
    ],
    "TaskName": "task-images",
    "UsePhilipsFloatNotDisplayScaling": 1,
    "dataset": "ds001491",
    "modality": "bold",
    "subject_id": "07",
    "task_id": "images"
  },
  "dummy_trs": 0,
  "dvars_nstd": 20.663266167515918,
  "dvars_std": 1.253321005838641,
  "dvars_vstd": 0.9215015207855634,
  "efc": 0.540009093799795,
  "fber": 10819.21484375,
  "fd_mean": 0.22136584764619271,
  "fd_num": 122,
  "fd_perc": 25.847457627118644,
  "fwhm_avg": 2.26266,
  "fwhm_x": 2.1164514285714287,
  "fwhm_y": 2.3554657142857143,
  "fwhm_z": 2.316062857142857,
  "gcor": 0.0206663,
  "gsr_x": -0.011548822745680809,
  "gsr_y": 0.07072655856609344,
  "provenance": {
    "md5sum": "e3a5d4f9969aa83d0c204f602bd5a5e1",
    "settings": {
      "fd_thres": 0.2,
      "testing": false
    },
    "software": "mriqc",
    "version": "22.0.6",
    "webapi_port": null,
    "webapi_url": "https://mriqc.nimh.nih.gov/api/v1"
  },
  "size_t": 472,
  "size_x": 64,
  "size_y": 64,
  "size_z": 45,
  "snr": 6.420706275302659,
  "spacing_tr": 2.450000047683716,
  "spacing_x": 3.5,
  "spacing_y": 3.5,
  "spacing_z": 3.5,
  "summary_bg_k": 7.837931752260005,
  "summary_bg_mad": 14812.102157341891,
  "summary_bg_mean": 85690.3515625,
  "summary_bg_median": 10847.990234375,
  "summary_bg_n": 112733.0,
  "summary_bg_p05": 455.75205078125003,
  "summary_bg_p95": 468778.24374999997,
  "summary_bg_stdv": 162071.890625,
  "summary_fg_k": 0.45561360714695454,
  "summary_fg_mad": 177358.5142920604,
  "summary_fg_mean": 1146475.125,
  "summary_fg_median": 1140054.25,
  "summary_fg_n": 32722.0,
  "summary_fg_p05": 872580.203125,
  "summary_fg_p95": 1445519.8999999997,
  "summary_fg_stdv": 177556.296875,
  "tsnr": 64.01644134521484
}