{
  "aor": 0.002236829268292683,
  "aqi": 0.014296281341463416,
  "bids_meta": {
    "EchoTime": 0.03603,
    "EchoTrainLength": 23,
    "FlipAngle": 80,
    "InstitutionName": "Univerity Medical Center Groningen",
    "InstitutionalDepartmentName": "Neuroimaging Center Groningen",
    "MagneticFieldStrength": 3,
    "Manufacturer": "Philips",
    "ManufacturersModelName": "Intera",
    "Modality": "MR",
    "PatientPosition": "HFS",
    "PhilipsRescaleIntercept": 0,
    "PhilipsRescaleSlope": 282.541,
    "PhilipsScaleSlope": 0.0011356,
    "ProtocolName": "WIPR-state_ME_descending-sso-DSSENSE4.2",
    "ReceiveCoilName": "SENSE-Head-32P",
    "ReconMatrixPE": 64,
    "RepetitionTime": 2.45,
    "SliceThickness": 3.5,
    "SliceTiming": [
      2.395555556,
      2.341111111,
      2.286666667,
      2.232222222,
      2.177777778,
      2.123333333,
      2.068888889,
      2.014444444,
      1.96,
      1.905555556,
      1.851111111,
      1.796666667,
      1.742222222,
      1.687777778,
      1.633333333,
      1.578888889,
      1.524444444,
      1.47,
      1.415555556,
      1.361111111,
      1.306666667,
      1.252222222,
      1.197777778,
      1.143333333,
      1.088888889,
      1.034444444,
      0.98,
      0.925555556,
      0.871111111,
      0.816666667,
      0.762222222,
      0.707777778,
      0.653333333,
      0.598888889,
      0.544444444,
      0.49,
      0.435555556,
      0.381111111,
      0.326666667,
      0.272222222,
      0.217777778,
      0.163333333,
      0.108888889,
      0.054444444,
      0
    ],
    "TaskName": "task-FlavorRun3",
    "UsePhilipsFloatNotDisplayScaling": 1,
    "dataset": "ds001491",
    "modality": "bold",
    "subject_id": "07",
    "task_id": "FlavorRun3"
  },
  "dummy_trs": 0,
  "dvars_nstd": 37.982841873142846,
  "dvars_std": 1.2827668359183666,
  "dvars_vstd": 1.002094967795919,
  "efc": 0.4518485257384631,
  "fber": 8022.552734375,
  "fd_mean": 0.44434273988807427,
  "fd_num": 178,
  "fd_perc": 72.35772357723577,
  "fwhm_avg": 1.7781961904761907,
  "fwhm_x": 1.67806,
  "fwhm_y": 1.9425542857142857,
  "fwhm_z": 1.713974285714286,
  "gcor": 0.0374931,
  "gsr_x": -0.006429667118936777,
  "gsr_y": 0.02537456713616848,
  "provenance": {
    "md5sum": "de68e7d6cd17307c4c0290ae28f48861",
    "settings": {
      "fd_thres": 0.2,
      "testing": false
    },
    "software": "mriqc",
    "version": "22.0.6",
    "webapi_port": null,
    "webapi_url": "https://mriqc.nimh.nih.gov/api/v1"
  },
  "size_t": 246,
  "size_x": 64,
  "size_y": 64,
  "size_z": 45,
  "snr": 5.199274445832129,
  "spacing_tr": 2.450000047683716,
  "spacing_x": 3.5,
  "spacing_y": 3.5,
  "spacing_z": 3.5,
  "summary_bg_k": 76.83140707019481,
  "summary_bg_mad": 5695.4815758070745,
  "summary_bg_mean": 17809.958984375,
  "summary_bg_median": 6248.38818359375,
  "summary_bg_n": 121220.0,
  "summary_bg_p05": 1250.4695983886722,
  "summary_bg_p95": 68817.21679687497,
  "summary_bg_stdv": 37141.09765625,
  "summary_fg_k": 2.3765713733515614,
  "summary_fg_mad": 98022.1761795189,
  "summary_fg_mean": 558940.125,
  "summary_fg_median": 550101.125,
  "summary_fg_n": 27482.0,
  "summary_fg_p05": 408337.3359375,
  "summary_fg_p95": 734459.5343749998,
  "summary_fg_stdv": 105801.515625,
  "tsnr": 41.603572845458984
}