{
  "aor": 0.0029810612244897954,
  "aqi": 0.006206575428571428,
  "bids_meta": {
    "EchoTime": 0.00802,
    "EchoTrainLength": 23,
    "FlipAngle": 80,
    "InstitutionName": "Univerity Medical Center Groningen",
    "InstitutionalDepartmentName": "Neuroimaging Center Groningen",
    "MagneticFieldStrength": 3,
    "Manufacturer": "Philips",
    "ManufacturersModelName": "Intera",
    "Modality": "MR",
    "PatientPosition": "HFS",
    "PhilipsRescaleIntercept": 0,
    "PhilipsRescaleSlope": 282.541,
    "PhilipsScaleSlope": 0.0011356,
    "ProtocolName": "WIPR-state_ME_descending-sso-DSSENSE4.2",
    "ReceiveCoilName": "SENSE-Head-32P",
    "ReconMatrixPE": 64,
    "RepetitionTime": 2.45,
    "SliceThickness": 3.5,
    "SliceTiming": [
      2.395555556,
      2.341111111,
      2.286666667,
      2.232222222,
      2.177777778,
      2.123333333,
      2.068888889,
      2.014444444,
      1.96,
      1.905555556,
      1.851111111,
      1.796666667,
      1.742222222,
      1.687777778,
      1.633333333,
      1.578888889,
      1.524444444,
      1.47,
      1.415555556,
      1.361111111,
      1.306666667,
      1.252222222,
      1.197777778,
      1.143333333,
      1.088888889,
      1.034444444,
      0.98,
      0.925555556,
      0.871111111,
      0.816666667,
      0.762222222,
      0.707777778,
      0.653333333,
      0.598888889,
      0.544444444,
      0.49,
      0.435555556,
      0.381111111,
      0.326666667,
      0.272222222,
      0.217777778,
      0.163333333,
      0.108888889,
      0.054444444,
      0
    ],
    "TaskName": "task-FlavorRun3",
    "UsePhilipsFloatNotDisplayScaling": 1,
    "dataset": "ds001491",
    "modality": "bold",
    "subject_id": "07",
    "task_id": "FlavorRun3"
  },
  "dummy_trs": 1,
  "dvars_nstd": 26.679173293319682,
  "dvars_std": 1.4561172890983607,
  "dvars_vstd": 1.013252560983606,
  "efc": 0.5469206381445691,
  "fber": 4037.133544921875,
  "fd_mean": 0.39618235249460787,
  "fd_num": 174,
  "fd_perc": 71.0204081632653,
  "fwhm_avg": 2.1717790476190477,
  "fwhm_x": 2.050785714285714,
  "fwhm_y": 2.301002857142857,
  "fwhm_z": 2.1635485714285716,
  "gcor": 0.0106568,
  "gsr_x": -0.014122698456048965,
  "gsr_y": 0.06710591167211533,
  "provenance": {
    "md5sum": "689bf8755564ae46ea45bc7659e2a6cd",
    "settings": {
      "fd_thres": 0.2,
      "testing": false
    },
    "software": "mriqc",
    "version": "22.0.6",
    "webapi_port": null,
    "webapi_url": "https://mriqc.nimh.nih.gov/api/v1"
  },
  "size_t": 245,
  "size_x": 64,
  "size_y": 64,
  "size_z": 45,
  "snr": 6.6764861996268525,
  "spacing_tr": 2.450000047683716,
  "spacing_x": 3.5,
  "spacing_y": 3.5,
  "spacing_z": 3.5,
  "summary_bg_k": 7.408675280409691,
  "summary_bg_mad": 18124.67819476105,
  "summary_bg_mean": 78828.5859375,
  "summary_bg_median": 15215.041015625,
  "summary_bg_n": 113846.0,
  "summary_bg_p05": 1733.1484069824219,
  "summary_bg_p95": 403429.4140625,
  "summary_bg_stdv": 139416.703125,
  "summary_fg_k": 0.4104547203911193,
  "summary_fg_mad": 140446.6301711197,
  "summary_fg_mean": 956732.625,
  "summary_fg_median": 951730.9375,
  "summary_fg_n": 32307.0,
  "summary_fg_p05": 734524.675,
  "summary_fg_p95": 1194737.1625,
  "summary_fg_stdv": 142547.46875,
  "tsnr": 76.97158813476562
}