{
  "bids_meta": {
    "EchoTime": 0.00351,
    "FlipAngle": 8,
    "InstitutionName": "Univerity Medical Center Groningen",
    "InstitutionalDepartmentName": "Neuroimaging Center Groningen",
    "MagneticFieldStrength": 3,
    "Manufacturer": "Philips",
    "ManufacturersModelName": "Intera",
    "Modality": "MR",
    "PatientPosition": "HFS",
    "PhilipsRescaleIntercept": 0,
    "PhilipsRescaleSlope": 12.7477,
    "PhilipsScaleSlope": 0.000299206,
    "ProtocolName": "T13DSENSEtool4.2",
    "ReceiveCoilName": "SENSE-Head-32P",
    "ReconMatrixPE": 256,
    "RepetitionTime": 0.009,
    "UsePhilipsFloatNotDisplayScaling": 1,
    "dataset": "ds001491",
    "modality": "T1w",
    "subject_id": "17"
  },
  "cjv": 0.40337674084633823,
  "cnr": 3.4095401151612013,
  "efc": 0.7711531779459231,
  "fber": -1.0,
  "fwhm_avg": 3.7641066666666667,
  "fwhm_x": 3.72176,
  "fwhm_y": 3.78294,
  "fwhm_z": 3.78762,
  "icvs_csf": 0.191432417194472,
  "icvs_gm": 0.40391260448436905,
  "icvs_wm": 0.40465497832115893,
  "inu_med": 0.7603893280029297,
  "inu_range": 0.46734308302402483,
  "provenance": {
    "md5sum": "429d313021e1c451bcea31aeb4ef11de",
    "settings": {
      "testing": false
    },
    "software": "mriqc",
    "version": "22.0.6",
    "warnings": {
      "large_rot_frame": true,
      "small_air_mask": true
    },
    "webapi_port": null,
    "webapi_url": "https://mriqc.nimh.nih.gov/api/v1"
  },
  "qi_1": 0.0,
  "qi_2": 6.858016532591913e-06,
  "rpve_csf": 25.187254968922886,
  "rpve_gm": 11.882596697059958,
  "rpve_wm": 14.027866983698933,
  "size_x": 256,
  "size_y": 256,
  "size_z": 170,
  "snr_csf": 1.3705507794987786,
  "snr_gm": 8.89760785346178,
  "snr_total": 8.303450253748707,
  "snr_wm": 14.642192128285565,
  "snrd_csf": 12.288654652470704,
  "snrd_gm": 37.793360850461724,
  "snrd_total": 35.917039745582336,
  "snrd_wm": 57.66910373381459,
  "spacing_x": 1.0,
  "spacing_y": 1.0,
  "spacing_z": 1.0,
  "summary_bg_k": 19.112608636044147,
  "summary_bg_mad": 0.0,
  "summary_bg_mean": 4.5720305409119915,
  "summary_bg_median": 0.0,
  "summary_bg_n": 245569.0,
  "summary_bg_p05": 0.0,
  "summary_bg_p95": 28.789869360625744,
  "summary_bg_stdv": 11.36094510149014,
  "summary_csf_k": 15.98387132292347,
  "summary_csf_mad": 123.44686786984016,
  "summary_csf_mean": 234.97392602095118,
  "summary_csf_median": 213.10177678707987,
  "summary_csf_n": 21242.0,
  "summary_csf_p05": 45.515768048819155,
  "summary_csf_p95": 472.2210537861102,
  "summary_csf_stdv": 155.4825723116416,
  "summary_gm_k": 0.12784527194896045,
  "summary_gm_mad": 72.57152669966571,
  "summary_gm_mean": 655.1690844376216,
  "summary_gm_median": 655.3876380901784,
  "summary_gm_n": 20786.0,
  "summary_gm_p05": 531.6643691132776,
  "summary_gm_p95": 776.8411663291045,
  "summary_gm_stdv": 73.65708666559252,
  "summary_wm_k": 0.3439102704253987,
  "summary_wm_mad": 66.46117240768655,
  "summary_wm_mean": 1002.8882575402961,
  "summary_wm_median": 1000.0597151555121,
  "summary_wm_n": 213750.0,
  "summary_wm_p05": 895.9801563154906,
  "summary_wm_p95": 1120.1170541904867,
  "summary_wm_stdv": 68.29970315031649,
  "tpm_overlap_csf": 0.14069965175201107,
  "tpm_overlap_gm": 0.45764192620023136,
  "tpm_overlap_wm": 0.5036903915015193,
  "wm2max": 0.6565882352941177
}