{
  "aor": 0.0038264410480349344,
  "aqi": 0.004140993777292576,
  "bids_meta": {
    "EchoTime": 0.00802,
    "EchoTrainLength": 23,
    "FlipAngle": 80,
    "InstitutionName": "Univerity Medical Center Groningen",
    "InstitutionalDepartmentName": "Neuroimaging Center Groningen",
    "MagneticFieldStrength": 3,
    "Manufacturer": "Philips",
    "ManufacturersModelName": "Intera",
    "Modality": "MR",
    "PatientPosition": "HFS",
    "PhilipsRescaleIntercept": 0,
    "PhilipsRescaleSlope": 282.541,
    "PhilipsScaleSlope": 0.0011356,
    "ProtocolName": "WIPR-state_ME_descending-sso-DSSENSE4.2",
    "ReceiveCoilName": "SENSE-Head-32P",
    "ReconMatrixPE": 64,
    "RepetitionTime": 2.45,
    "SliceThickness": 3.5,
    "SliceTiming": [
      2.395555556,
      2.341111111,
      2.286666667,
      2.232222222,
      2.177777778,
      2.123333333,
      2.068888889,
      2.014444444,
      1.96,
      1.905555556,
      1.851111111,
      1.796666667,
      1.742222222,
      1.687777778,
      1.633333333,
      1.578888889,
      1.524444444,
      1.47,
      1.415555556,
      1.361111111,
      1.306666667,
      1.252222222,
      1.197777778,
      1.143333333,
      1.088888889,
      1.034444444,
      0.98,
      0.925555556,
      0.871111111,
      0.816666667,
      0.762222222,
      0.707777778,
      0.653333333,
      0.598888889,
      0.544444444,
      0.49,
      0.435555556,
      0.381111111,
      0.326666667,
      0.272222222,
      0.217777778,
      0.163333333,
      0.108888889,
      0.054444444,
      0
    ],
    "TaskName": "task-images",
    "UsePhilipsFloatNotDisplayScaling": 1,
    "dataset": "ds001491",
    "modality": "bold",
    "subject_id": "03",
    "task_id": "images"
  },
  "dummy_trs": 0,
  "dvars_nstd": 17.630953008249445,
  "dvars_std": 1.395873943807441,
  "dvars_vstd": 0.9861939558643322,
  "efc": 0.541860977384387,
  "fber": 13524.9638671875,
  "fd_mean": 0.0996736498184874,
  "fd_num": 21,
  "fd_perc": 4.585152838427947,
  "fwhm_avg": 2.3515285714285716,
  "fwhm_x": 2.1978885714285714,
  "fwhm_y": 2.4831942857142857,
  "fwhm_z": 2.373502857142857,
  "gcor": 0.0363521,
  "gsr_x": -0.03727683424949646,
  "gsr_y": 0.08150666952133179,
  "provenance": {
    "md5sum": "357bedaa00a6117f58065bfa8e22453e",
    "settings": {
      "fd_thres": 0.2,
      "testing": false
    },
    "software": "mriqc",
    "version": "22.0.6",
    "webapi_port": null,
    "webapi_url": "https://mriqc.nimh.nih.gov/api/v1"
  },
  "size_t": 458,
  "size_x": 64,
  "size_y": 64,
  "size_z": 45,
  "snr": 6.280060831620614,
  "spacing_tr": 2.450000047683716,
  "spacing_x": 3.5,
  "spacing_y": 3.5,
  "spacing_z": 3.5,
  "summary_bg_k": 6.814133948668271,
  "summary_bg_mad": 13196.625153655332,
  "summary_bg_mean": 94090.0078125,
  "summary_bg_median": 9838.1689453125,
  "summary_bg_n": 112361.0,
  "summary_bg_p05": 461.0602111816406,
  "summary_bg_p95": 586481.125,
  "summary_bg_stdv": 193345.03125,
  "summary_fg_k": 0.7338431267080368,
  "summary_fg_mad": 184540.14677586287,
  "summary_fg_mean": 1187386.875,
  "summary_fg_median": 1182417.25,
  "summary_fg_n": 33218.0,
  "summary_fg_p05": 899347.596875,
  "summary_fg_p95": 1500121.60625,
  "summary_fg_stdv": 188278.34375,
  "tsnr": 79.57503509521484
}