{
  "aor": 0.0034781938325991186,
  "aqi": 0.003495143303964758,
  "bids_meta": {
    "EchoTime": 0.00802,
    "EchoTrainLength": 23,
    "FlipAngle": 80,
    "InstitutionName": "Univerity Medical Center Groningen",
    "InstitutionalDepartmentName": "Neuroimaging Center Groningen",
    "MagneticFieldStrength": 3,
    "Manufacturer": "Philips",
    "ManufacturersModelName": "Intera",
    "Modality": "MR",
    "PatientPosition": "HFS",
    "PhilipsRescaleIntercept": 0,
    "PhilipsRescaleSlope": 282.541,
    "PhilipsScaleSlope": 0.0011356,
    "ProtocolName": "WIPR-state_ME_descending-sso-DSSENSE4.2",
    "ReceiveCoilName": "SENSE-Head-32P",
    "ReconMatrixPE": 64,
    "RepetitionTime": 2.45,
    "SliceThickness": 3.5,
    "SliceTiming": [
      2.395555556,
      2.341111111,
      2.286666667,
      2.232222222,
      2.177777778,
      2.123333333,
      2.068888889,
      2.014444444,
      1.96,
      1.905555556,
      1.851111111,
      1.796666667,
      1.742222222,
      1.687777778,
      1.633333333,
      1.578888889,
      1.524444444,
      1.47,
      1.415555556,
      1.361111111,
      1.306666667,
      1.252222222,
      1.197777778,
      1.143333333,
      1.088888889,
      1.034444444,
      0.98,
      0.925555556,
      0.871111111,
      0.816666667,
      0.762222222,
      0.707777778,
      0.653333333,
      0.598888889,
      0.544444444,
      0.49,
      0.435555556,
      0.381111111,
      0.326666667,
      0.272222222,
      0.217777778,
      0.163333333,
      0.108888889,
      0.054444444,
      0
    ],
    "TaskName": "task-FlavorRun1",
    "UsePhilipsFloatNotDisplayScaling": 1,
    "dataset": "ds001491",
    "modality": "bold",
    "subject_id": "03",
    "task_id": "FlavorRun1"
  },
  "dummy_trs": 0,
  "dvars_nstd": 17.199092244513274,
  "dvars_std": 1.2560655572566362,
  "dvars_vstd": 1.0055133357079646,
  "efc": 0.5271081478302514,
  "fber": 29388.984375,
  "fd_mean": 0.2338312824775211,
  "fd_num": 104,
  "fd_perc": 45.81497797356828,
  "fwhm_avg": 2.437964761904762,
  "fwhm_x": 2.277637142857143,
  "fwhm_y": 2.5740828571428573,
  "fwhm_z": 2.462174285714286,
  "gcor": 0.0158406,
  "gsr_x": -0.03233905881643295,
  "gsr_y": 0.0819365531206131,
  "provenance": {
    "md5sum": "d1c519b3077bb58b82b134c1b1f049d2",
    "settings": {
      "fd_thres": 0.2,
      "testing": false
    },
    "software": "mriqc",
    "version": "22.0.6",
    "webapi_port": null,
    "webapi_url": "https://mriqc.nimh.nih.gov/api/v1"
  },
  "size_t": 227,
  "size_x": 64,
  "size_y": 64,
  "size_z": 45,
  "snr": 5.689711193491725,
  "spacing_tr": 2.450000047683716,
  "spacing_x": 3.5,
  "spacing_y": 3.5,
  "spacing_z": 3.5,
  "summary_bg_k": 8.190874601045094,
  "summary_bg_mad": 7597.571133899999,
  "summary_bg_mean": 70349.375,
  "summary_bg_median": 5492.99853515625,
  "summary_bg_n": 113919.0,
  "summary_bg_p05": 167.72207794189455,
  "summary_bg_p95": 456939.5624999999,
  "summary_bg_stdv": 152442.375,
  "summary_fg_k": 0.164022999685848,
  "summary_fg_mad": 169497.10869107308,
  "summary_fg_mean": 957140.0625,
  "summary_fg_median": 950552.5,
  "summary_fg_n": 32575.0,
  "summary_fg_p05": 697558.2,
  "summary_fg_p95": 1238567.1875,
  "summary_fg_stdv": 167062.59375,
  "tsnr": 81.2392807006836
}