{
  "aor": 0.002743688888888889,
  "aqi": 0.009506085688888888,
  "bids_meta": {
    "EchoTime": 0.03603,
    "EchoTrainLength": 23,
    "FlipAngle": 80,
    "InstitutionName": "Univerity Medical Center Groningen",
    "InstitutionalDepartmentName": "Neuroimaging Center Groningen",
    "MagneticFieldStrength": 3,
    "Manufacturer": "Philips",
    "ManufacturersModelName": "Intera",
    "Modality": "MR",
    "PatientPosition": "HFS",
    "PhilipsRescaleIntercept": 0,
    "PhilipsRescaleSlope": 282.541,
    "PhilipsScaleSlope": 0.0011356,
    "ProtocolName": "WIPR-state_ME_descending-sso-DSSENSE4.2",
    "ReceiveCoilName": "SENSE-Head-32P",
    "ReconMatrixPE": 64,
    "RepetitionTime": 2.45,
    "SliceThickness": 3.5,
    "SliceTiming": [
      2.395555556,
      2.341111111,
      2.286666667,
      2.232222222,
      2.177777778,
      2.123333333,
      2.068888889,
      2.014444444,
      1.96,
      1.905555556,
      1.851111111,
      1.796666667,
      1.742222222,
      1.687777778,
      1.633333333,
      1.578888889,
      1.524444444,
      1.47,
      1.415555556,
      1.361111111,
      1.306666667,
      1.252222222,
      1.197777778,
      1.143333333,
      1.088888889,
      1.034444444,
      0.98,
      0.925555556,
      0.871111111,
      0.816666667,
      0.762222222,
      0.707777778,
      0.653333333,
      0.598888889,
      0.544444444,
      0.49,
      0.435555556,
      0.381111111,
      0.326666667,
      0.272222222,
      0.217777778,
      0.163333333,
      0.108888889,
      0.054444444,
      0
    ],
    "TaskName": "task-FlavorRun4",
    "UsePhilipsFloatNotDisplayScaling": 1,
    "dataset": "ds001491",
    "modality": "bold",
    "subject_id": "03",
    "task_id": "FlavorRun4"
  },
  "dummy_trs": 0,
  "dvars_nstd": 26.53018712120534,
  "dvars_std": 1.1939957941071426,
  "dvars_vstd": 0.992777807366071,
  "efc": 0.446348594711627,
  "fber": 15710.4716796875,
  "fd_mean": 0.23229407468961244,
  "fd_num": 94,
  "fd_perc": 41.77777777777778,
  "fwhm_avg": 1.8626800000000001,
  "fwhm_x": 1.7624600000000001,
  "fwhm_y": 2.0389314285714284,
  "fwhm_z": 1.7866485714285714,
  "gcor": 0.0150182,
  "gsr_x": -0.012111644260585308,
  "gsr_y": 0.03201211988925934,
  "provenance": {
    "md5sum": "9efbf815ce216a80c63025345f614334",
    "settings": {
      "fd_thres": 0.2,
      "testing": false
    },
    "software": "mriqc",
    "version": "22.0.6",
    "webapi_port": null,
    "webapi_url": "https://mriqc.nimh.nih.gov/api/v1"
  },
  "size_t": 225,
  "size_x": 64,
  "size_y": 64,
  "size_z": 45,
  "snr": 4.8658470955652895,
  "spacing_tr": 2.450000047683716,
  "spacing_x": 3.5,
  "spacing_y": 3.5,
  "spacing_z": 3.5,
  "summary_bg_k": 94.57810661250953,
  "summary_bg_mad": 4527.0107698353995,
  "summary_bg_mean": 17099.611328125,
  "summary_bg_median": 4489.45458984375,
  "summary_bg_n": 121611.0,
  "summary_bg_p05": 759.5830688476562,
  "summary_bg_p95": 77866.1484375,
  "summary_bg_stdv": 36824.80859375,
  "summary_fg_k": 3.1695167343015607,
  "summary_fg_mad": 105067.66408147514,
  "summary_fg_mean": 570197.125,
  "summary_fg_median": 560812.1875,
  "summary_fg_n": 27403.0,
  "summary_fg_p05": 407394.44375,
  "summary_fg_p95": 757140.8999999998,
  "summary_fg_stdv": 115252.6875,
  "tsnr": 49.108604431152344
}