{
  "aor": 0.0019642794759825327,
  "aqi": 0.007918360742358079,
  "bids_meta": {
    "EchoTime": 0.03603,
    "EchoTrainLength": 23,
    "FlipAngle": 80,
    "InstitutionName": "Univerity Medical Center Groningen",
    "InstitutionalDepartmentName": "Neuroimaging Center Groningen",
    "MagneticFieldStrength": 3,
    "Manufacturer": "Philips",
    "ManufacturersModelName": "Intera",
    "Modality": "MR",
    "PatientPosition": "HFS",
    "PhilipsRescaleIntercept": 0,
    "PhilipsRescaleSlope": 282.541,
    "PhilipsScaleSlope": 0.0011356,
    "ProtocolName": "WIPR-state_ME_descending-sso-DSSENSE4.2",
    "ReceiveCoilName": "SENSE-Head-32P",
    "ReconMatrixPE": 64,
    "RepetitionTime": 2.45,
    "SliceThickness": 3.5,
    "SliceTiming": [
      2.395555556,
      2.341111111,
      2.286666667,
      2.232222222,
      2.177777778,
      2.123333333,
      2.068888889,
      2.014444444,
      1.96,
      1.905555556,
      1.851111111,
      1.796666667,
      1.742222222,
      1.687777778,
      1.633333333,
      1.578888889,
      1.524444444,
      1.47,
      1.415555556,
      1.361111111,
      1.306666667,
      1.252222222,
      1.197777778,
      1.143333333,
      1.088888889,
      1.034444444,
      0.98,
      0.925555556,
      0.871111111,
      0.816666667,
      0.762222222,
      0.707777778,
      0.653333333,
      0.598888889,
      0.544444444,
      0.49,
      0.435555556,
      0.381111111,
      0.326666667,
      0.272222222,
      0.217777778,
      0.163333333,
      0.108888889,
      0.054444444,
      0
    ],
    "TaskName": "task-FlavorRun3",
    "UsePhilipsFloatNotDisplayScaling": 1,
    "dataset": "ds001491",
    "modality": "bold",
    "subject_id": "03",
    "task_id": "FlavorRun3"
  },
  "dummy_trs": 0,
  "dvars_nstd": 27.565144003377217,
  "dvars_std": 1.2428621338157895,
  "dvars_vstd": 0.9914833417105262,
  "efc": 0.4457467935193998,
  "fber": 16133.642578125,
  "fd_mean": 0.19551320610493353,
  "fd_num": 90,
  "fd_perc": 39.301310043668124,
  "fwhm_avg": 1.8499123809523812,
  "fwhm_x": 1.7475285714285713,
  "fwhm_y": 2.0202771428571427,
  "fwhm_z": 1.7819314285714287,
  "gcor": 0.0205403,
  "gsr_x": -0.01237263809889555,
  "gsr_y": 0.03288966417312622,
  "provenance": {
    "md5sum": "045ee68703330defe8170aeb02f1159a",
    "settings": {
      "fd_thres": 0.2,
      "testing": false
    },
    "software": "mriqc",
    "version": "22.0.6",
    "webapi_port": null,
    "webapi_url": "https://mriqc.nimh.nih.gov/api/v1"
  },
  "size_t": 229,
  "size_x": 64,
  "size_y": 64,
  "size_z": 45,
  "snr": 4.831479443111683,
  "spacing_tr": 2.450000047683716,
  "spacing_x": 3.5,
  "spacing_y": 3.5,
  "spacing_z": 3.5,
  "summary_bg_k": 98.16546942394788,
  "summary_bg_mad": 4533.7123418018355,
  "summary_bg_mean": 16882.60546875,
  "summary_bg_median": 4433.0869140625,
  "summary_bg_n": 121555.0,
  "summary_bg_p05": 707.1163330078125,
  "summary_bg_p95": 76490.14999999997,
  "summary_bg_stdv": 36592.328125,
  "summary_fg_k": 3.2269914884375366,
  "summary_fg_mad": 105403.519815286,
  "summary_fg_mean": 570270.625,
  "summary_fg_median": 560678.4375,
  "summary_fg_n": 27388.0,
  "summary_fg_p05": 407019.875,
  "summary_fg_p95": 756275.6093749999,
  "summary_fg_stdv": 116044.828125,
  "tsnr": 52.900306701660156
}