{
  "aor": 0.002650349344978166,
  "aqi": 0.012748540502183407,
  "bids_meta": {
    "EchoTime": 0.03603,
    "EchoTrainLength": 23,
    "FlipAngle": 80,
    "InstitutionName": "Univerity Medical Center Groningen",
    "InstitutionalDepartmentName": "Neuroimaging Center Groningen",
    "MagneticFieldStrength": 3,
    "Manufacturer": "Philips",
    "ManufacturersModelName": "Intera",
    "Modality": "MR",
    "PatientPosition": "HFS",
    "PhilipsRescaleIntercept": 0,
    "PhilipsRescaleSlope": 282.541,
    "PhilipsScaleSlope": 0.0011356,
    "ProtocolName": "WIPR-state_ME_descending-sso-DSSENSE4.2",
    "ReceiveCoilName": "SENSE-Head-32P",
    "ReconMatrixPE": 64,
    "RepetitionTime": 2.45,
    "SliceThickness": 3.5,
    "SliceTiming": [
      2.395555556,
      2.341111111,
      2.286666667,
      2.232222222,
      2.177777778,
      2.123333333,
      2.068888889,
      2.014444444,
      1.96,
      1.905555556,
      1.851111111,
      1.796666667,
      1.742222222,
      1.687777778,
      1.633333333,
      1.578888889,
      1.524444444,
      1.47,
      1.415555556,
      1.361111111,
      1.306666667,
      1.252222222,
      1.197777778,
      1.143333333,
      1.088888889,
      1.034444444,
      0.98,
      0.925555556,
      0.871111111,
      0.816666667,
      0.762222222,
      0.707777778,
      0.653333333,
      0.598888889,
      0.544444444,
      0.49,
      0.435555556,
      0.381111111,
      0.326666667,
      0.272222222,
      0.217777778,
      0.163333333,
      0.108888889,
      0.054444444,
      0
    ],
    "TaskName": "task-images",
    "UsePhilipsFloatNotDisplayScaling": 1,
    "dataset": "ds001491",
    "modality": "bold",
    "subject_id": "03",
    "task_id": "images"
  },
  "dummy_trs": 0,
  "dvars_nstd": 25.661095345689272,
  "dvars_std": 1.269340946673961,
  "dvars_vstd": 0.9680902941137864,
  "efc": 0.4479369821464308,
  "fber": 22171.728515625,
  "fd_mean": 0.10936288802550682,
  "fd_num": 27,
  "fd_perc": 5.895196506550218,
  "fwhm_avg": 1.8216361904761904,
  "fwhm_x": 1.7151599999999998,
  "fwhm_y": 1.9983371428571428,
  "fwhm_z": 1.7514114285714286,
  "gcor": 0.0199048,
  "gsr_x": -0.014671949669718742,
  "gsr_y": 0.03415428474545479,
  "provenance": {
    "md5sum": "5ac9b2129b9c7611fac4caf589ad07ac",
    "settings": {
      "fd_thres": 0.2,
      "testing": false
    },
    "software": "mriqc",
    "version": "22.0.6",
    "webapi_port": null,
    "webapi_url": "https://mriqc.nimh.nih.gov/api/v1"
  },
  "size_t": 458,
  "size_x": 64,
  "size_y": 64,
  "size_z": 45,
  "snr": 5.065797719982082,
  "spacing_tr": 2.450000047683716,
  "spacing_x": 3.5,
  "spacing_y": 3.5,
  "spacing_z": 3.5,
  "summary_bg_k": 65.74046303023569,
  "summary_bg_mad": 5803.376812074009,
  "summary_bg_mean": 20847.228515625,
  "summary_bg_median": 4720.6279296875,
  "summary_bg_n": 121236.0,
  "summary_bg_p05": 329.0009536743164,
  "summary_bg_p95": 98392.337890625,
  "summary_bg_stdv": 44535.1328125,
  "summary_fg_k": 3.912723608621137,
  "summary_fg_mad": 121755.74199033555,
  "summary_fg_mean": 707327.8125,
  "summary_fg_median": 695456.875,
  "summary_fg_n": 27581.0,
  "summary_fg_p05": 518316.5625,
  "summary_fg_p95": 929648.125,
  "summary_fg_stdv": 137282.28125,
  "tsnr": 43.849124908447266
}