{
  "bids_meta": {
    "EchoTime": 0.00351,
    "FlipAngle": 8,
    "InstitutionName": "Univerity Medical Center Groningen",
    "InstitutionalDepartmentName": "Neuroimaging Center Groningen",
    "MagneticFieldStrength": 3,
    "Manufacturer": "Philips",
    "ManufacturersModelName": "Intera",
    "Modality": "MR",
    "PatientPosition": "HFS",
    "PhilipsRescaleIntercept": 0,
    "PhilipsRescaleSlope": 12.7477,
    "PhilipsScaleSlope": 0.000299206,
    "ProtocolName": "T13DSENSEtool4.2",
    "ReceiveCoilName": "SENSE-Head-32P",
    "ReconMatrixPE": 256,
    "RepetitionTime": 0.009,
    "UsePhilipsFloatNotDisplayScaling": 1,
    "dataset": "ds001491",
    "modality": "T1w",
    "subject_id": "09"
  },
  "cjv": 0.42319053778399723,
  "cnr": 3.2253973295171363,
  "efc": 0.773790112414828,
  "fber": -1.0,
  "fwhm_avg": 3.2376166666666664,
  "fwhm_x": 3.20903,
  "fwhm_y": 3.38827,
  "fwhm_z": 3.11555,
  "icvs_csf": 0.20479748179300092,
  "icvs_gm": 0.38669388285478373,
  "icvs_wm": 0.4085086353522153,
  "inu_med": 0.703434020280838,
  "inu_range": 0.3928154557943344,
  "provenance": {
    "md5sum": "d4c300a3a4b4459ff6ff19db52b479ec",
    "settings": {
      "testing": false
    },
    "software": "mriqc",
    "version": "22.0.6",
    "warnings": {
      "large_rot_frame": true,
      "small_air_mask": true
    },
    "webapi_port": null,
    "webapi_url": "https://mriqc.nimh.nih.gov/api/v1"
  },
  "qi_1": 0.0,
  "qi_2": 6.0275181602339066e-06,
  "rpve_csf": 21.57524793823889,
  "rpve_gm": 11.255936745905426,
  "rpve_wm": 12.852563654820443,
  "size_x": 256,
  "size_y": 256,
  "size_z": 170,
  "snr_csf": 1.410845649491302,
  "snr_gm": 8.85751782564931,
  "snr_total": 9.234759316353331,
  "snr_wm": 17.435914473919382,
  "snrd_csf": 16.349320523018655,
  "snrd_gm": 49.22337048328738,
  "snrd_total": 45.7279614299631,
  "snrd_wm": 71.61119328358325,
  "spacing_x": 1.0,
  "spacing_y": 1.0,
  "spacing_z": 1.0,
  "summary_bg_k": 39.529556061149144,
  "summary_bg_mad": 0.0,
  "summary_bg_mean": 2.4589724066680736,
  "summary_bg_median": 0.0,
  "summary_bg_n": 176072.0,
  "summary_bg_p05": 0.0,
  "summary_bg_p95": 14.303815357387066,
  "summary_bg_stdv": 9.149292356849012,
  "summary_csf_k": 23.52319782389546,
  "summary_csf_mad": 94.26202520956284,
  "summary_csf_mean": 247.08390107866748,
  "summary_csf_median": 228.3260604981333,
  "summary_csf_n": 26767.0,
  "summary_csf_p05": 68.19653699919581,
  "summary_csf_p95": 476.78445954062045,
  "summary_csf_stdv": 161.83329159663882,
  "summary_gm_k": 0.1434194595007403,
  "summary_gm_mad": 76.03998180656276,
  "summary_gm_mean": 686.1831793241629,
  "summary_gm_median": 687.4278506599367,
  "summary_gm_n": 21056.0,
  "summary_gm_p05": 555.1949906754307,
  "summary_gm_p95": 811.1502220779657,
  "summary_gm_stdv": 77.60769328353919,
  "summary_wm_k": 0.3173288589656549,
  "summary_wm_mad": 56.273343659207576,
  "summary_wm_mean": 1000.79292961081,
  "summary_wm_median": 1000.0844761095941,
  "summary_wm_n": 232184.0,
  "summary_wm_p05": 908.3528129952961,
  "summary_wm_p95": 1095.7342020329088,
  "summary_wm_stdv": 57.35760656298166,
  "tpm_overlap_csf": 0.1507638165824955,
  "tpm_overlap_gm": 0.42181457451313864,
  "tpm_overlap_wm": 0.4825052006617492,
  "wm2max": 0.6190393195761293
}