{
  "aor": 0.0053231963470319645,
  "aqi": 0.019467567488584473,
  "bids_meta": {
    "EchoTime": 0.03603,
    "EchoTrainLength": 23,
    "FlipAngle": 80,
    "InstitutionName": "Univerity Medical Center Groningen",
    "InstitutionalDepartmentName": "Neuroimaging Center Groningen",
    "MagneticFieldStrength": 3,
    "Manufacturer": "Philips",
    "ManufacturersModelName": "Intera",
    "Modality": "MR",
    "PatientPosition": "HFS",
    "PhilipsRescaleIntercept": 0,
    "PhilipsRescaleSlope": 282.541,
    "PhilipsScaleSlope": 0.0011356,
    "ProtocolName": "WIPR-state_ME_descending-sso-DSSENSE4.2",
    "ReceiveCoilName": "SENSE-Head-32P",
    "ReconMatrixPE": 64,
    "RepetitionTime": 2.45,
    "SliceThickness": 3.5,
    "SliceTiming": [
      2.395555556,
      2.341111111,
      2.286666667,
      2.232222222,
      2.177777778,
      2.123333333,
      2.068888889,
      2.014444444,
      1.96,
      1.905555556,
      1.851111111,
      1.796666667,
      1.742222222,
      1.687777778,
      1.633333333,
      1.578888889,
      1.524444444,
      1.47,
      1.415555556,
      1.361111111,
      1.306666667,
      1.252222222,
      1.197777778,
      1.143333333,
      1.088888889,
      1.034444444,
      0.98,
      0.925555556,
      0.871111111,
      0.816666667,
      0.762222222,
      0.707777778,
      0.653333333,
      0.598888889,
      0.544444444,
      0.49,
      0.435555556,
      0.381111111,
      0.326666667,
      0.272222222,
      0.217777778,
      0.163333333,
      0.108888889,
      0.054444444,
      0
    ],
    "TaskName": "task-FlavorRun3",
    "UsePhilipsFloatNotDisplayScaling": 1,
    "dataset": "ds001491",
    "modality": "bold",
    "subject_id": "12",
    "task_id": "FlavorRun3"
  },
  "dummy_trs": 0,
  "dvars_nstd": 36.015939624999994,
  "dvars_std": 1.0387384101834858,
  "dvars_vstd": 0.9141785894954123,
  "efc": 0.4154271010939829,
  "fber": 31825.689453125,
  "fd_mean": 0.45692330690207184,
  "fd_num": 123,
  "fd_perc": 56.16438356164384,
  "fwhm_avg": 1.8372523809523809,
  "fwhm_x": 1.6782857142857142,
  "fwhm_y": 2.0401142857142855,
  "fwhm_z": 1.7933571428571429,
  "gcor": 0.0187726,
  "gsr_x": 0.0004684198065660894,
  "gsr_y": 0.02003682591021061,
  "provenance": {
    "md5sum": "68cff40e642d7432e20bf9300289a8b6",
    "settings": {
      "fd_thres": 0.2,
      "testing": false
    },
    "software": "mriqc",
    "version": "22.0.6",
    "webapi_port": null,
    "webapi_url": "https://mriqc.nimh.nih.gov/api/v1"
  },
  "size_t": 219,
  "size_x": 64,
  "size_y": 64,
  "size_z": 45,
  "snr": 4.560007160331704,
  "spacing_tr": 2.450000047683716,
  "spacing_x": 3.5,
  "spacing_y": 3.5,
  "spacing_z": 3.5,
  "summary_bg_k": 54.6608831275698,
  "summary_bg_mad": 3282.402720461175,
  "summary_bg_mean": 13398.755859375,
  "summary_bg_median": 2910.974609375,
  "summary_bg_n": 125934.0,
  "summary_bg_p05": 388.20328216552736,
  "summary_bg_p95": 59886.14062499993,
  "summary_bg_stdv": 32100.259765625,
  "summary_fg_k": 3.164115824032166,
  "summary_fg_mad": 97855.80041181095,
  "summary_fg_mean": 513561.625,
  "summary_fg_median": 498013.1875,
  "summary_fg_n": 24220.0,
  "summary_fg_p05": 373765.5046875,
  "summary_fg_p95": 702477.959375,
  "summary_fg_stdv": 109210.9921875,
  "tsnr": 31.63057518005371
}