{
  "aor": 0.007120823798627001,
  "aqi": 0.011552804347826087,
  "bids_meta": {
    "EchoTime": 0.02203,
    "EchoTrainLength": 23,
    "FlipAngle": 80,
    "InstitutionName": "Univerity Medical Center Groningen",
    "InstitutionalDepartmentName": "Neuroimaging Center Groningen",
    "MagneticFieldStrength": 3,
    "Manufacturer": "Philips",
    "ManufacturersModelName": "Intera",
    "Modality": "MR",
    "PatientPosition": "HFS",
    "PhilipsRescaleIntercept": 0,
    "PhilipsRescaleSlope": 282.541,
    "PhilipsScaleSlope": 0.0011356,
    "ProtocolName": "WIPR-state_ME_descending-sso-DSSENSE4.2",
    "ReceiveCoilName": "SENSE-Head-32P",
    "ReconMatrixPE": 64,
    "RepetitionTime": 2.45,
    "SliceThickness": 3.5,
    "SliceTiming": [
      2.395555556,
      2.341111111,
      2.286666667,
      2.232222222,
      2.177777778,
      2.123333333,
      2.068888889,
      2.014444444,
      1.96,
      1.905555556,
      1.851111111,
      1.796666667,
      1.742222222,
      1.687777778,
      1.633333333,
      1.578888889,
      1.524444444,
      1.47,
      1.415555556,
      1.361111111,
      1.306666667,
      1.252222222,
      1.197777778,
      1.143333333,
      1.088888889,
      1.034444444,
      0.98,
      0.925555556,
      0.871111111,
      0.816666667,
      0.762222222,
      0.707777778,
      0.653333333,
      0.598888889,
      0.544444444,
      0.49,
      0.435555556,
      0.381111111,
      0.326666667,
      0.272222222,
      0.217777778,
      0.163333333,
      0.108888889,
      0.054444444,
      0
    ],
    "TaskName": "task-images",
    "UsePhilipsFloatNotDisplayScaling": 1,
    "dataset": "ds001491",
    "modality": "bold",
    "subject_id": "12",
    "task_id": "images"
  },
  "dummy_trs": 0,
  "dvars_nstd": 26.776215478967888,
  "dvars_std": 1.1738246336009188,
  "dvars_vstd": 0.9992011324770644,
  "efc": 0.4410199971549184,
  "fber": 326879.625,
  "fd_mean": 0.40212490945070356,
  "fd_num": 276,
  "fd_perc": 63.1578947368421,
  "fwhm_avg": 1.8716104761904762,
  "fwhm_x": 1.7215142857142856,
  "fwhm_y": 2.0781057142857144,
  "fwhm_z": 1.8152114285714287,
  "gcor": 0.0247968,
  "gsr_x": 0.0012775420909747481,
  "gsr_y": 0.019809113815426826,
  "provenance": {
    "md5sum": "50409ec7ee2f9320c6047054ce2e077b",
    "settings": {
      "fd_thres": 0.2,
      "testing": false
    },
    "software": "mriqc",
    "version": "22.0.6",
    "webapi_port": null,
    "webapi_url": "https://mriqc.nimh.nih.gov/api/v1"
  },
  "size_t": 437,
  "size_x": 64,
  "size_y": 64,
  "size_z": 45,
  "snr": 5.941669186143421,
  "spacing_tr": 2.450000047683716,
  "spacing_x": 3.5,
  "spacing_y": 3.5,
  "spacing_z": 3.5,
  "summary_bg_k": 22.927556516523314,
  "summary_bg_mad": 2342.465111707058,
  "summary_bg_mean": 30902.208984375,
  "summary_bg_median": 1592.34814453125,
  "summary_bg_n": 123863.0,
  "summary_bg_p05": 7.431339263916016,
  "summary_bg_p95": 159345.76406249995,
  "summary_bg_stdv": 78764.1796875,
  "summary_fg_k": 1.1006631309709318,
  "summary_fg_mad": 141223.004089104,
  "summary_fg_mean": 848357.8125,
  "summary_fg_median": 834020.0,
  "summary_fg_n": 26172.0,
  "summary_fg_p05": 650994.69375,
  "summary_fg_p95": 1085885.61875,
  "summary_fg_stdv": 140365.28125,
  "tsnr": 44.77642822265625
}