{
  "aor": 0.005811506849315069,
  "aqi": 0.012242422237442922,
  "bids_meta": {
    "EchoTime": 0.02203,
    "EchoTrainLength": 23,
    "FlipAngle": 80,
    "InstitutionName": "Univerity Medical Center Groningen",
    "InstitutionalDepartmentName": "Neuroimaging Center Groningen",
    "MagneticFieldStrength": 3,
    "Manufacturer": "Philips",
    "ManufacturersModelName": "Intera",
    "Modality": "MR",
    "PatientPosition": "HFS",
    "PhilipsRescaleIntercept": 0,
    "PhilipsRescaleSlope": 282.541,
    "PhilipsScaleSlope": 0.0011356,
    "ProtocolName": "WIPR-state_ME_descending-sso-DSSENSE4.2",
    "ReceiveCoilName": "SENSE-Head-32P",
    "ReconMatrixPE": 64,
    "RepetitionTime": 2.45,
    "SliceThickness": 3.5,
    "SliceTiming": [
      2.395555556,
      2.341111111,
      2.286666667,
      2.232222222,
      2.177777778,
      2.123333333,
      2.068888889,
      2.014444444,
      1.96,
      1.905555556,
      1.851111111,
      1.796666667,
      1.742222222,
      1.687777778,
      1.633333333,
      1.578888889,
      1.524444444,
      1.47,
      1.415555556,
      1.361111111,
      1.306666667,
      1.252222222,
      1.197777778,
      1.143333333,
      1.088888889,
      1.034444444,
      0.98,
      0.925555556,
      0.871111111,
      0.816666667,
      0.762222222,
      0.707777778,
      0.653333333,
      0.598888889,
      0.544444444,
      0.49,
      0.435555556,
      0.381111111,
      0.326666667,
      0.272222222,
      0.217777778,
      0.163333333,
      0.108888889,
      0.054444444,
      0
    ],
    "TaskName": "task-FlavorRun3",
    "UsePhilipsFloatNotDisplayScaling": 1,
    "dataset": "ds001491",
    "modality": "bold",
    "subject_id": "12",
    "task_id": "FlavorRun3"
  },
  "dummy_trs": 0,
  "dvars_nstd": 28.5372788052752,
  "dvars_std": 1.0804653684862382,
  "dvars_vstd": 0.9305668532568806,
  "efc": 0.4488399887985975,
  "fber": 34890.6015625,
  "fd_mean": 0.44980480064649286,
  "fd_num": 116,
  "fd_perc": 52.96803652968037,
  "fwhm_avg": 1.9075257142857145,
  "fwhm_x": 1.767737142857143,
  "fwhm_y": 2.116611428571429,
  "fwhm_z": 1.8382285714285713,
  "gcor": 0.0180016,
  "gsr_x": 2.353883974137716e-05,
  "gsr_y": 0.02214673161506653,
  "provenance": {
    "md5sum": "ccfadede879708d81ae7e0b0502b1bb8",
    "settings": {
      "fd_thres": 0.2,
      "testing": false
    },
    "software": "mriqc",
    "version": "22.0.6",
    "webapi_port": null,
    "webapi_url": "https://mriqc.nimh.nih.gov/api/v1"
  },
  "size_t": 219,
  "size_x": 64,
  "size_y": 64,
  "size_z": 45,
  "snr": 5.833742963440458,
  "spacing_tr": 2.450000047683716,
  "spacing_x": 3.5,
  "spacing_y": 3.5,
  "spacing_z": 3.5,
  "summary_bg_k": 23.000446224201486,
  "summary_bg_mad": 4467.11401122029,
  "summary_bg_mean": 26504.052734375,
  "summary_bg_median": 3658.020263671875,
  "summary_bg_n": 123792.0,
  "summary_bg_p05": 412.0251953125,
  "summary_bg_p95": 133393.5578125,
  "summary_bg_stdv": 62830.9296875,
  "summary_fg_k": 0.844131653994586,
  "summary_fg_mad": 110332.56988466585,
  "summary_fg_mean": 653627.3125,
  "summary_fg_median": 642349.6875,
  "summary_fg_n": 26225.0,
  "summary_fg_p05": 497666.43125,
  "summary_fg_p95": 842272.075,
  "summary_fg_stdv": 110107.2578125,
  "tsnr": 42.633338928222656
}