{
  "aor": 0.009850627802690585,
  "aqi": 0.01108747475336323,
  "bids_meta": {
    "EchoTime": 0.03603,
    "EchoTrainLength": 23,
    "FlipAngle": 80,
    "InstitutionName": "Univerity Medical Center Groningen",
    "InstitutionalDepartmentName": "Neuroimaging Center Groningen",
    "MagneticFieldStrength": 3,
    "Manufacturer": "Philips",
    "ManufacturersModelName": "Intera",
    "Modality": "MR",
    "PatientPosition": "HFS",
    "PhilipsRescaleIntercept": 0,
    "PhilipsRescaleSlope": 282.541,
    "PhilipsScaleSlope": 0.0011356,
    "ProtocolName": "WIPR-state_ME_descending-sso-DSSENSE4.2",
    "ReceiveCoilName": "SENSE-Head-32P",
    "ReconMatrixPE": 64,
    "RepetitionTime": 2.45,
    "SliceThickness": 3.5,
    "SliceTiming": [
      2.395555556,
      2.341111111,
      2.286666667,
      2.232222222,
      2.177777778,
      2.123333333,
      2.068888889,
      2.014444444,
      1.96,
      1.905555556,
      1.851111111,
      1.796666667,
      1.742222222,
      1.687777778,
      1.633333333,
      1.578888889,
      1.524444444,
      1.47,
      1.415555556,
      1.361111111,
      1.306666667,
      1.252222222,
      1.197777778,
      1.143333333,
      1.088888889,
      1.034444444,
      0.98,
      0.925555556,
      0.871111111,
      0.816666667,
      0.762222222,
      0.707777778,
      0.653333333,
      0.598888889,
      0.544444444,
      0.49,
      0.435555556,
      0.381111111,
      0.326666667,
      0.272222222,
      0.217777778,
      0.163333333,
      0.108888889,
      0.054444444,
      0
    ],
    "TaskName": "task-FlavorRun1",
    "UsePhilipsFloatNotDisplayScaling": 1,
    "dataset": "ds001491",
    "modality": "bold",
    "subject_id": "12",
    "task_id": "FlavorRun1"
  },
  "dummy_trs": 0,
  "dvars_nstd": 35.862164755,
  "dvars_std": 1.2397453168468464,
  "dvars_vstd": 1.0517607644594595,
  "efc": 0.4068812990341464,
  "fber": 119476.2890625,
  "fd_mean": 0.4100123562809177,
  "fd_num": 139,
  "fd_perc": 62.33183856502242,
  "fwhm_avg": 1.8593647619047617,
  "fwhm_x": 1.7325828571428572,
  "fwhm_y": 2.0446,
  "fwhm_z": 1.8009114285714285,
  "gcor": 0.0211066,
  "gsr_x": 0.0025223703123629093,
  "gsr_y": 0.02142978459596634,
  "provenance": {
    "md5sum": "85397519089fbe0c705830493fdec496",
    "settings": {
      "fd_thres": 0.2,
      "testing": false
    },
    "software": "mriqc",
    "version": "22.0.6",
    "webapi_port": null,
    "webapi_url": "https://mriqc.nimh.nih.gov/api/v1"
  },
  "size_t": 223,
  "size_x": 64,
  "size_y": 64,
  "size_z": 45,
  "snr": 4.592776500693699,
  "spacing_tr": 2.450000047683716,
  "spacing_x": 3.5,
  "spacing_y": 3.5,
  "spacing_z": 3.5,
  "summary_bg_k": 58.79042189948642,
  "summary_bg_mad": 2352.1099497331033,
  "summary_bg_mean": 12017.037109375,
  "summary_bg_median": 1620.2677001953125,
  "summary_bg_n": 126213.0,
  "summary_bg_p05": 15.335620880126953,
  "summary_bg_p95": 56919.810937499955,
  "summary_bg_stdv": 32103.8984375,
  "summary_fg_k": 2.971857928319693,
  "summary_fg_mad": 100776.50361660733,
  "summary_fg_mean": 528113.25,
  "summary_fg_median": 512238.28125,
  "summary_fg_n": 24039.0,
  "summary_fg_p05": 382965.203125,
  "summary_fg_p95": 720219.4375,
  "summary_fg_stdv": 111528.96875,
  "tsnr": 41.21064376831055
}