{
  "aor": 0.004431461187214611,
  "aqi": 0.0043512736529680365,
  "bids_meta": {
    "EchoTime": 0.02203,
    "EchoTrainLength": 23,
    "FlipAngle": 80,
    "InstitutionName": "Univerity Medical Center Groningen",
    "InstitutionalDepartmentName": "Neuroimaging Center Groningen",
    "MagneticFieldStrength": 3,
    "Manufacturer": "Philips",
    "ManufacturersModelName": "Intera",
    "Modality": "MR",
    "PatientPosition": "HFS",
    "PhilipsRescaleIntercept": 0,
    "PhilipsRescaleSlope": 282.541,
    "PhilipsScaleSlope": 0.0011356,
    "ProtocolName": "WIPR-state_ME_descending-sso-DSSENSE4.2",
    "ReceiveCoilName": "SENSE-Head-32P",
    "ReconMatrixPE": 64,
    "RepetitionTime": 2.45,
    "SliceThickness": 3.5,
    "SliceTiming": [
      2.395555556,
      2.341111111,
      2.286666667,
      2.232222222,
      2.177777778,
      2.123333333,
      2.068888889,
      2.014444444,
      1.96,
      1.905555556,
      1.851111111,
      1.796666667,
      1.742222222,
      1.687777778,
      1.633333333,
      1.578888889,
      1.524444444,
      1.47,
      1.415555556,
      1.361111111,
      1.306666667,
      1.252222222,
      1.197777778,
      1.143333333,
      1.088888889,
      1.034444444,
      0.98,
      0.925555556,
      0.871111111,
      0.816666667,
      0.762222222,
      0.707777778,
      0.653333333,
      0.598888889,
      0.544444444,
      0.49,
      0.435555556,
      0.381111111,
      0.326666667,
      0.272222222,
      0.217777778,
      0.163333333,
      0.108888889,
      0.054444444,
      0
    ],
    "TaskName": "task-FlavorRun4",
    "UsePhilipsFloatNotDisplayScaling": 1,
    "dataset": "ds001491",
    "modality": "bold",
    "subject_id": "12",
    "task_id": "FlavorRun4"
  },
  "dummy_trs": 0,
  "dvars_nstd": 24.680260937981654,
  "dvars_std": 1.2703294803669725,
  "dvars_vstd": 1.0347139696330276,
  "efc": 0.44853296747490334,
  "fber": 41505.53515625,
  "fd_mean": 0.26098132788062856,
  "fd_num": 105,
  "fd_perc": 47.945205479452056,
  "fwhm_avg": 1.8938342857142858,
  "fwhm_x": 1.7465371428571428,
  "fwhm_y": 2.0955514285714285,
  "fwhm_z": 1.8394142857142857,
  "gcor": 0.0301853,
  "gsr_x": 0.0012007964542135596,
  "gsr_y": 0.021598950028419495,
  "provenance": {
    "md5sum": "4cb1005567f1c0906a9cd11c00f51fba",
    "settings": {
      "fd_thres": 0.2,
      "testing": false
    },
    "software": "mriqc",
    "version": "22.0.6",
    "webapi_port": null,
    "webapi_url": "https://mriqc.nimh.nih.gov/api/v1"
  },
  "size_t": 219,
  "size_x": 64,
  "size_y": 64,
  "size_z": 45,
  "snr": 5.8800098770082885,
  "spacing_tr": 2.450000047683716,
  "spacing_x": 3.5,
  "spacing_y": 3.5,
  "spacing_z": 3.5,
  "summary_bg_k": 23.334479975545918,
  "summary_bg_mad": 4198.492984950317,
  "summary_bg_mean": 26160.294921875,
  "summary_bg_median": 3361.974853515625,
  "summary_bg_n": 123754.0,
  "summary_bg_p05": 285.8951553344727,
  "summary_bg_p95": 133398.74296874995,
  "summary_bg_stdv": 62780.78125,
  "summary_fg_k": 0.6929599856305679,
  "summary_fg_mad": 110650.31007261934,
  "summary_fg_mean": 651848.0,
  "summary_fg_median": 640801.3125,
  "summary_fg_n": 26133.0,
  "summary_fg_p05": 497016.7375,
  "summary_fg_p95": 840681.4624999999,
  "summary_fg_stdv": 108977.546875,
  "tsnr": 72.34873962402344
}