{
  "aor": 0.008938924485125859,
  "aqi": 0.008394476315789474,
  "bids_meta": {
    "EchoTime": 0.00802,
    "EchoTrainLength": 23,
    "FlipAngle": 80,
    "InstitutionName": "Univerity Medical Center Groningen",
    "InstitutionalDepartmentName": "Neuroimaging Center Groningen",
    "MagneticFieldStrength": 3,
    "Manufacturer": "Philips",
    "ManufacturersModelName": "Intera",
    "Modality": "MR",
    "PatientPosition": "HFS",
    "PhilipsRescaleIntercept": 0,
    "PhilipsRescaleSlope": 282.541,
    "PhilipsScaleSlope": 0.0011356,
    "ProtocolName": "WIPR-state_ME_descending-sso-DSSENSE4.2",
    "ReceiveCoilName": "SENSE-Head-32P",
    "ReconMatrixPE": 64,
    "RepetitionTime": 2.45,
    "SliceThickness": 3.5,
    "SliceTiming": [
      2.395555556,
      2.341111111,
      2.286666667,
      2.232222222,
      2.177777778,
      2.123333333,
      2.068888889,
      2.014444444,
      1.96,
      1.905555556,
      1.851111111,
      1.796666667,
      1.742222222,
      1.687777778,
      1.633333333,
      1.578888889,
      1.524444444,
      1.47,
      1.415555556,
      1.361111111,
      1.306666667,
      1.252222222,
      1.197777778,
      1.143333333,
      1.088888889,
      1.034444444,
      0.98,
      0.925555556,
      0.871111111,
      0.816666667,
      0.762222222,
      0.707777778,
      0.653333333,
      0.598888889,
      0.544444444,
      0.49,
      0.435555556,
      0.381111111,
      0.326666667,
      0.272222222,
      0.217777778,
      0.163333333,
      0.108888889,
      0.054444444,
      0
    ],
    "TaskName": "task-images",
    "UsePhilipsFloatNotDisplayScaling": 1,
    "dataset": "ds001491",
    "modality": "bold",
    "subject_id": "12",
    "task_id": "images"
  },
  "dummy_trs": 0,
  "dvars_nstd": 22.97106680965597,
  "dvars_std": 1.222921771238532,
  "dvars_vstd": 1.0199289980963306,
  "efc": 0.5005296504714074,
  "fber": 201462.203125,
  "fd_mean": 0.3852575376664487,
  "fd_num": 245,
  "fd_perc": 56.06407322654462,
  "fwhm_avg": 2.244202857142857,
  "fwhm_x": 2.037445714285714,
  "fwhm_y": 2.437417142857143,
  "fwhm_z": 2.2577457142857145,
  "gcor": 0.0215156,
  "gsr_x": -0.0022767693735659122,
  "gsr_y": 0.055720776319503784,
  "provenance": {
    "md5sum": "bb86bb9a4256d724dd1770a711976496",
    "settings": {
      "fd_thres": 0.2,
      "testing": false
    },
    "software": "mriqc",
    "version": "22.0.6",
    "webapi_port": null,
    "webapi_url": "https://mriqc.nimh.nih.gov/api/v1"
  },
  "size_t": 437,
  "size_x": 64,
  "size_y": 64,
  "size_z": 45,
  "snr": 6.618558747404632,
  "spacing_tr": 2.450000047683716,
  "spacing_x": 3.5,
  "spacing_y": 3.5,
  "spacing_z": 3.5,
  "summary_bg_k": 10.397820743256217,
  "summary_bg_mad": 3496.862440092045,
  "summary_bg_mean": 65493.4609375,
  "summary_bg_median": 2375.0361328125,
  "summary_bg_n": 117018.0,
  "summary_bg_p05": 8.800267934799194,
  "summary_bg_p95": 388609.69062499976,
  "summary_bg_stdv": 142623.71875,
  "summary_fg_k": 0.9067493222690453,
  "summary_fg_mad": 158452.50979563495,
  "summary_fg_mean": 1072887.75,
  "summary_fg_median": 1064389.0,
  "summary_fg_n": 29184.0,
  "summary_fg_p05": 837564.390625,
  "summary_fg_p95": 1344172.7625,
  "summary_fg_stdv": 160816.09375,
  "tsnr": 56.844268798828125
}