{
  "aor": 0.0037003418803418803,
  "aqi": 0.005269153461538462,
  "bids_meta": {
    "EchoTime": 0.02203,
    "EchoTrainLength": 23,
    "FlipAngle": 80,
    "InstitutionName": "Univerity Medical Center Groningen",
    "InstitutionalDepartmentName": "Neuroimaging Center Groningen",
    "MagneticFieldStrength": 3,
    "Manufacturer": "Philips",
    "ManufacturersModelName": "Intera",
    "Modality": "MR",
    "PatientPosition": "HFS",
    "PhilipsRescaleIntercept": 0,
    "PhilipsRescaleSlope": 282.541,
    "PhilipsScaleSlope": 0.0011356,
    "ProtocolName": "WIPR-state_ME_descending-sso-DSSENSE4.2",
    "ReceiveCoilName": "SENSE-Head-32P",
    "ReconMatrixPE": 64,
    "RepetitionTime": 2.45,
    "SliceThickness": 3.5,
    "SliceTiming": [
      2.395555556,
      2.341111111,
      2.286666667,
      2.232222222,
      2.177777778,
      2.123333333,
      2.068888889,
      2.014444444,
      1.96,
      1.905555556,
      1.851111111,
      1.796666667,
      1.742222222,
      1.687777778,
      1.633333333,
      1.578888889,
      1.524444444,
      1.47,
      1.415555556,
      1.361111111,
      1.306666667,
      1.252222222,
      1.197777778,
      1.143333333,
      1.088888889,
      1.034444444,
      0.98,
      0.925555556,
      0.871111111,
      0.816666667,
      0.762222222,
      0.707777778,
      0.653333333,
      0.598888889,
      0.544444444,
      0.49,
      0.435555556,
      0.381111111,
      0.326666667,
      0.272222222,
      0.217777778,
      0.163333333,
      0.108888889,
      0.054444444,
      0
    ],
    "TaskName": "task-FlavorRun1",
    "UsePhilipsFloatNotDisplayScaling": 1,
    "dataset": "ds001491",
    "modality": "bold",
    "subject_id": "05",
    "task_id": "FlavorRun1"
  },
  "dummy_trs": 0,
  "dvars_nstd": 22.459946038583677,
  "dvars_std": 1.1607285995278973,
  "dvars_vstd": 1.0067667977253223,
  "efc": 0.464835161894134,
  "fber": 92768.1796875,
  "fd_mean": 0.2727750623342688,
  "fd_num": 120,
  "fd_perc": 51.282051282051285,
  "fwhm_avg": 1.8978504761904762,
  "fwhm_x": 1.768322857142857,
  "fwhm_y": 2.0679142857142856,
  "fwhm_z": 1.857314285714286,
  "gcor": 0.0118029,
  "gsr_x": -0.01828385517001152,
  "gsr_y": 0.041201815009117126,
  "provenance": {
    "md5sum": "fce7f28a22218d00ea19c36ec60c87f2",
    "settings": {
      "fd_thres": 0.2,
      "testing": false
    },
    "software": "mriqc",
    "version": "22.0.6",
    "webapi_port": null,
    "webapi_url": "https://mriqc.nimh.nih.gov/api/v1"
  },
  "size_t": 234,
  "size_x": 64,
  "size_y": 64,
  "size_z": 45,
  "snr": 5.164348140154815,
  "spacing_tr": 2.450000047683716,
  "spacing_x": 3.5,
  "spacing_y": 3.5,
  "spacing_z": 3.5,
  "summary_bg_k": 48.46119825262713,
  "summary_bg_mad": 3074.4238938723183,
  "summary_bg_mean": 21812.654296875,
  "summary_bg_median": 2140.860107421875,
  "summary_bg_n": 117899.0,
  "summary_bg_p05": 19.92737617492676,
  "summary_bg_p95": 127464.09687499999,
  "summary_bg_stdv": 57089.89453125,
  "summary_fg_k": 1.0157203131178125,
  "summary_fg_mad": 119483.19077728243,
  "summary_fg_mean": 642638.0,
  "summary_fg_median": 630371.9375,
  "summary_fg_n": 30805.0,
  "summary_fg_p05": 472923.025,
  "summary_fg_p95": 858011.5624999999,
  "summary_fg_stdv": 122060.265625,
  "tsnr": 62.698402404785156
}