{
  "aor": 0.0006535641547861507,
  "aqi": 0.00391481983706721,
  "bids_meta": {
    "EchoTime": 0.02203,
    "EchoTrainLength": 23,
    "FlipAngle": 80,
    "InstitutionName": "Univerity Medical Center Groningen",
    "InstitutionalDepartmentName": "Neuroimaging Center Groningen",
    "MagneticFieldStrength": 3,
    "Manufacturer": "Philips",
    "ManufacturersModelName": "Intera",
    "Modality": "MR",
    "PatientPosition": "HFS",
    "PhilipsRescaleIntercept": 0,
    "PhilipsRescaleSlope": 282.541,
    "PhilipsScaleSlope": 0.0011356,
    "ProtocolName": "WIPR-state_ME_descending-sso-DSSENSE4.2",
    "ReceiveCoilName": "SENSE-Head-32P",
    "ReconMatrixPE": 64,
    "RepetitionTime": 2.45,
    "SliceThickness": 3.5,
    "SliceTiming": [
      2.395555556,
      2.341111111,
      2.286666667,
      2.232222222,
      2.177777778,
      2.123333333,
      2.068888889,
      2.014444444,
      1.96,
      1.905555556,
      1.851111111,
      1.796666667,
      1.742222222,
      1.687777778,
      1.633333333,
      1.578888889,
      1.524444444,
      1.47,
      1.415555556,
      1.361111111,
      1.306666667,
      1.252222222,
      1.197777778,
      1.143333333,
      1.088888889,
      1.034444444,
      0.98,
      0.925555556,
      0.871111111,
      0.816666667,
      0.762222222,
      0.707777778,
      0.653333333,
      0.598888889,
      0.544444444,
      0.49,
      0.435555556,
      0.381111111,
      0.326666667,
      0.272222222,
      0.217777778,
      0.163333333,
      0.108888889,
      0.054444444,
      0
    ],
    "TaskName": "task-images",
    "UsePhilipsFloatNotDisplayScaling": 1,
    "dataset": "ds001491",
    "modality": "bold",
    "subject_id": "05",
    "task_id": "images"
  },
  "dummy_trs": 0,
  "dvars_nstd": 16.575173249367353,
  "dvars_std": 1.1028212842857146,
  "dvars_vstd": 0.9690385871428566,
  "efc": 0.46790678219488696,
  "fber": 88102.53125,
  "fd_mean": 0.07125464582694686,
  "fd_num": 4,
  "fd_perc": 0.814663951120163,
  "fwhm_avg": 1.9013114285714288,
  "fwhm_x": 1.7738714285714285,
  "fwhm_y": 2.06332,
  "fwhm_z": 1.866742857142857,
  "gcor": 0.0142661,
  "gsr_x": -0.01987459696829319,
  "gsr_y": 0.040086619555950165,
  "provenance": {
    "md5sum": "2c88b62193b58fe7b228ed49318ee132",
    "settings": {
      "fd_thres": 0.2,
      "testing": false
    },
    "software": "mriqc",
    "version": "22.0.6",
    "webapi_port": null,
    "webapi_url": "https://mriqc.nimh.nih.gov/api/v1"
  },
  "size_t": 491,
  "size_x": 64,
  "size_y": 64,
  "size_z": 45,
  "snr": 5.153751705811554,
  "spacing_tr": 2.450000047683716,
  "spacing_x": 3.5,
  "spacing_y": 3.5,
  "spacing_z": 3.5,
  "summary_bg_k": 39.44041295536032,
  "summary_bg_mad": 3163.65258544714,
  "summary_bg_mean": 23968.025390625,
  "summary_bg_median": 2238.60791015625,
  "summary_bg_n": 117694.0,
  "summary_bg_p05": 25.94930057525635,
  "summary_bg_p95": 147166.21718749998,
  "summary_bg_stdv": 61517.734375,
  "summary_fg_k": 1.35101080784061,
  "summary_fg_mad": 121482.80418817254,
  "summary_fg_mean": 664338.375,
  "summary_fg_median": 650029.0,
  "summary_fg_n": 30848.0,
  "summary_fg_p05": 491975.853125,
  "summary_fg_p95": 886208.8562499995,
  "summary_fg_stdv": 126125.296875,
  "tsnr": 72.4471664428711
}