{
  "aor": 0.0011302443991853361,
  "aqi": 0.0021337029938900205,
  "bids_meta": {
    "EchoTime": 0.00802,
    "EchoTrainLength": 23,
    "FlipAngle": 80,
    "InstitutionName": "Univerity Medical Center Groningen",
    "InstitutionalDepartmentName": "Neuroimaging Center Groningen",
    "MagneticFieldStrength": 3,
    "Manufacturer": "Philips",
    "ManufacturersModelName": "Intera",
    "Modality": "MR",
    "PatientPosition": "HFS",
    "PhilipsRescaleIntercept": 0,
    "PhilipsRescaleSlope": 282.541,
    "PhilipsScaleSlope": 0.0011356,
    "ProtocolName": "WIPR-state_ME_descending-sso-DSSENSE4.2",
    "ReceiveCoilName": "SENSE-Head-32P",
    "ReconMatrixPE": 64,
    "RepetitionTime": 2.45,
    "SliceThickness": 3.5,
    "SliceTiming": [
      2.395555556,
      2.341111111,
      2.286666667,
      2.232222222,
      2.177777778,
      2.123333333,
      2.068888889,
      2.014444444,
      1.96,
      1.905555556,
      1.851111111,
      1.796666667,
      1.742222222,
      1.687777778,
      1.633333333,
      1.578888889,
      1.524444444,
      1.47,
      1.415555556,
      1.361111111,
      1.306666667,
      1.252222222,
      1.197777778,
      1.143333333,
      1.088888889,
      1.034444444,
      0.98,
      0.925555556,
      0.871111111,
      0.816666667,
      0.762222222,
      0.707777778,
      0.653333333,
      0.598888889,
      0.544444444,
      0.49,
      0.435555556,
      0.381111111,
      0.326666667,
      0.272222222,
      0.217777778,
      0.163333333,
      0.108888889,
      0.054444444,
      0
    ],
    "TaskName": "task-images",
    "UsePhilipsFloatNotDisplayScaling": 1,
    "dataset": "ds001491",
    "modality": "bold",
    "subject_id": "05",
    "task_id": "images"
  },
  "dummy_trs": 0,
  "dvars_nstd": 12.415798257346939,
  "dvars_std": 1.139201047551021,
  "dvars_vstd": 0.9735983288571424,
  "efc": 0.5225994463565702,
  "fber": 79029.125,
  "fd_mean": 0.06683152359676883,
  "fd_num": 4,
  "fd_perc": 0.814663951120163,
  "fwhm_avg": 2.2246561904761903,
  "fwhm_x": 2.1284628571428574,
  "fwhm_y": 2.3406171428571425,
  "fwhm_z": 2.2048885714285715,
  "gcor": 0.0351699,
  "gsr_x": -0.03196095675230026,
  "gsr_y": 0.07698695361614227,
  "provenance": {
    "md5sum": "5c4d333331f5fe6860cddce34ee2d243",
    "settings": {
      "fd_thres": 0.2,
      "testing": false
    },
    "software": "mriqc",
    "version": "22.0.6",
    "webapi_port": null,
    "webapi_url": "https://mriqc.nimh.nih.gov/api/v1"
  },
  "size_t": 491,
  "size_x": 64,
  "size_y": 64,
  "size_z": 45,
  "snr": 6.3087677137635625,
  "spacing_tr": 2.450000047683716,
  "spacing_x": 3.5,
  "spacing_y": 3.5,
  "spacing_z": 3.5,
  "summary_bg_k": 9.278949706510067,
  "summary_bg_mad": 4393.579137847993,
  "summary_bg_mean": 57785.0234375,
  "summary_bg_median": 3054.25,
  "summary_bg_n": 113022.0,
  "summary_bg_p05": 26.667553329467776,
  "summary_bg_p95": 400635.5640624996,
  "summary_bg_stdv": 135283.796875,
  "summary_fg_k": 0.9519144308049987,
  "summary_fg_mad": 134999.59595164945,
  "summary_fg_mean": 863228.375,
  "summary_fg_median": 856844.0625,
  "summary_fg_n": 34096.0,
  "summary_fg_p05": 655816.90625,
  "summary_fg_p95": 1086058.5,
  "summary_fg_stdv": 135815.984375,
  "tsnr": 98.73643493652344
}