{
  "aor": 0.00599379746835443,
  "aqi": 0.004780326919831224,
  "bids_meta": {
    "EchoTime": 0.00802,
    "EchoTrainLength": 23,
    "FlipAngle": 80,
    "InstitutionName": "Univerity Medical Center Groningen",
    "InstitutionalDepartmentName": "Neuroimaging Center Groningen",
    "MagneticFieldStrength": 3,
    "Manufacturer": "Philips",
    "ManufacturersModelName": "Intera",
    "Modality": "MR",
    "PatientPosition": "HFS",
    "PhilipsRescaleIntercept": 0,
    "PhilipsRescaleSlope": 282.541,
    "PhilipsScaleSlope": 0.0011356,
    "ProtocolName": "WIPR-state_ME_descending-sso-DSSENSE4.2",
    "ReceiveCoilName": "SENSE-Head-32P",
    "ReconMatrixPE": 64,
    "RepetitionTime": 2.45,
    "SliceThickness": 3.5,
    "SliceTiming": [
      2.395555556,
      2.341111111,
      2.286666667,
      2.232222222,
      2.177777778,
      2.123333333,
      2.068888889,
      2.014444444,
      1.96,
      1.905555556,
      1.851111111,
      1.796666667,
      1.742222222,
      1.687777778,
      1.633333333,
      1.578888889,
      1.524444444,
      1.47,
      1.415555556,
      1.361111111,
      1.306666667,
      1.252222222,
      1.197777778,
      1.143333333,
      1.088888889,
      1.034444444,
      0.98,
      0.925555556,
      0.871111111,
      0.816666667,
      0.762222222,
      0.707777778,
      0.653333333,
      0.598888889,
      0.544444444,
      0.49,
      0.435555556,
      0.381111111,
      0.326666667,
      0.272222222,
      0.217777778,
      0.163333333,
      0.108888889,
      0.054444444,
      0
    ],
    "TaskName": "task-FlavorRun3",
    "UsePhilipsFloatNotDisplayScaling": 1,
    "dataset": "ds001491",
    "modality": "bold",
    "subject_id": "05",
    "task_id": "FlavorRun3"
  },
  "dummy_trs": 1,
  "dvars_nstd": 16.441282276228815,
  "dvars_std": 1.1605480242372885,
  "dvars_vstd": 1.0236337245762708,
  "efc": 0.5306036226531895,
  "fber": 12624.212890625,
  "fd_mean": 0.24812340185065493,
  "fd_num": 106,
  "fd_perc": 44.72573839662447,
  "fwhm_avg": 2.125434285714286,
  "fwhm_x": 2.0647257142857143,
  "fwhm_y": 2.285345714285714,
  "fwhm_z": 2.0262314285714287,
  "gcor": 0.00436468,
  "gsr_x": -0.035246118903160095,
  "gsr_y": 0.07882899791002274,
  "provenance": {
    "md5sum": "7d03f41cc655a40e738e1ec806e0963f",
    "settings": {
      "fd_thres": 0.2,
      "testing": false
    },
    "software": "mriqc",
    "version": "22.0.6",
    "webapi_port": null,
    "webapi_url": "https://mriqc.nimh.nih.gov/api/v1"
  },
  "size_t": 237,
  "size_x": 64,
  "size_y": 64,
  "size_z": 45,
  "snr": 6.559741722349692,
  "spacing_tr": 2.450000047683716,
  "spacing_x": 3.5,
  "spacing_y": 3.5,
  "spacing_z": 3.5,
  "summary_bg_k": 9.276454587491278,
  "summary_bg_mad": 8694.423628939081,
  "summary_bg_mean": 61018.33203125,
  "summary_bg_median": 7482.6181640625,
  "summary_bg_n": 113214.0,
  "summary_bg_p05": 953.4139160156251,
  "summary_bg_p95": 392904.55937499896,
  "summary_bg_stdv": 131826.96875,
  "summary_fg_k": 0.40662566513807485,
  "summary_fg_mad": 127945.46725863845,
  "summary_fg_mean": 842436.625,
  "summary_fg_median": 836062.375,
  "summary_fg_n": 33776.0,
  "summary_fg_p05": 645231.078125,
  "summary_fg_p95": 1054355.75,
  "summary_fg_stdv": 127451.6640625,
  "tsnr": 76.212646484375
}