{
  "aor": 0.004663717948717948,
  "aqi": 0.003145815085470086,
  "bids_meta": {
    "EchoTime": 0.00802,
    "EchoTrainLength": 23,
    "FlipAngle": 80,
    "InstitutionName": "Univerity Medical Center Groningen",
    "InstitutionalDepartmentName": "Neuroimaging Center Groningen",
    "MagneticFieldStrength": 3,
    "Manufacturer": "Philips",
    "ManufacturersModelName": "Intera",
    "Modality": "MR",
    "PatientPosition": "HFS",
    "PhilipsRescaleIntercept": 0,
    "PhilipsRescaleSlope": 282.541,
    "PhilipsScaleSlope": 0.0011356,
    "ProtocolName": "WIPR-state_ME_descending-sso-DSSENSE4.2",
    "ReceiveCoilName": "SENSE-Head-32P",
    "ReconMatrixPE": 64,
    "RepetitionTime": 2.45,
    "SliceThickness": 3.5,
    "SliceTiming": [
      2.395555556,
      2.341111111,
      2.286666667,
      2.232222222,
      2.177777778,
      2.123333333,
      2.068888889,
      2.014444444,
      1.96,
      1.905555556,
      1.851111111,
      1.796666667,
      1.742222222,
      1.687777778,
      1.633333333,
      1.578888889,
      1.524444444,
      1.47,
      1.415555556,
      1.361111111,
      1.306666667,
      1.252222222,
      1.197777778,
      1.143333333,
      1.088888889,
      1.034444444,
      0.98,
      0.925555556,
      0.871111111,
      0.816666667,
      0.762222222,
      0.707777778,
      0.653333333,
      0.598888889,
      0.544444444,
      0.49,
      0.435555556,
      0.381111111,
      0.326666667,
      0.272222222,
      0.217777778,
      0.163333333,
      0.108888889,
      0.054444444,
      0
    ],
    "TaskName": "task-FlavorRun1",
    "UsePhilipsFloatNotDisplayScaling": 1,
    "dataset": "ds001491",
    "modality": "bold",
    "subject_id": "05",
    "task_id": "FlavorRun1"
  },
  "dummy_trs": 0,
  "dvars_nstd": 17.61999136025751,
  "dvars_std": 1.216886735450644,
  "dvars_vstd": 1.0191074196566523,
  "efc": 0.5173680769092441,
  "fber": 77835.1796875,
  "fd_mean": 0.2589418719405272,
  "fd_num": 110,
  "fd_perc": 47.00854700854701,
  "fwhm_avg": 2.1892561904761902,
  "fwhm_x": 2.1094114285714283,
  "fwhm_y": 2.300208571428571,
  "fwhm_z": 2.1581485714285713,
  "gcor": 0.0209292,
  "gsr_x": -0.02908540889620781,
  "gsr_y": 0.07901923358440399,
  "provenance": {
    "md5sum": "7b5f8d8e5347b041c36593b8d36ea3ff",
    "settings": {
      "fd_thres": 0.2,
      "testing": false
    },
    "software": "mriqc",
    "version": "22.0.6",
    "webapi_port": null,
    "webapi_url": "https://mriqc.nimh.nih.gov/api/v1"
  },
  "size_t": 234,
  "size_x": 64,
  "size_y": 64,
  "size_z": 45,
  "snr": 6.268421616653475,
  "spacing_tr": 2.450000047683716,
  "spacing_x": 3.5,
  "spacing_y": 3.5,
  "spacing_z": 3.5,
  "summary_bg_k": 10.651124761604754,
  "summary_bg_mad": 4401.876142821582,
  "summary_bg_mean": 52782.82421875,
  "summary_bg_median": 3025.24755859375,
  "summary_bg_n": 113508.0,
  "summary_bg_p05": 19.266473388671876,
  "summary_bg_p95": 366773.34374999965,
  "summary_bg_stdv": 125365.8671875,
  "summary_fg_k": 0.6088371525048437,
  "summary_fg_mad": 132674.644016436,
  "summary_fg_mean": 834639.5625,
  "summary_fg_median": 829150.8125,
  "summary_fg_n": 34011.0,
  "summary_fg_p05": 627905.40625,
  "summary_fg_p95": 1049871.75,
  "summary_fg_stdv": 132272.3125,
  "tsnr": 84.8133773803711
}