{
  "aor": 0.003281025641025641,
  "aqi": 0.007571609786324786,
  "bids_meta": {
    "EchoTime": 0.03603,
    "EchoTrainLength": 23,
    "FlipAngle": 80,
    "InstitutionName": "Univerity Medical Center Groningen",
    "InstitutionalDepartmentName": "Neuroimaging Center Groningen",
    "MagneticFieldStrength": 3,
    "Manufacturer": "Philips",
    "ManufacturersModelName": "Intera",
    "Modality": "MR",
    "PatientPosition": "HFS",
    "PhilipsRescaleIntercept": 0,
    "PhilipsRescaleSlope": 282.541,
    "PhilipsScaleSlope": 0.0011356,
    "ProtocolName": "WIPR-state_ME_descending-sso-DSSENSE4.2",
    "ReceiveCoilName": "SENSE-Head-32P",
    "ReconMatrixPE": 64,
    "RepetitionTime": 2.45,
    "SliceThickness": 3.5,
    "SliceTiming": [
      2.395555556,
      2.341111111,
      2.286666667,
      2.232222222,
      2.177777778,
      2.123333333,
      2.068888889,
      2.014444444,
      1.96,
      1.905555556,
      1.851111111,
      1.796666667,
      1.742222222,
      1.687777778,
      1.633333333,
      1.578888889,
      1.524444444,
      1.47,
      1.415555556,
      1.361111111,
      1.306666667,
      1.252222222,
      1.197777778,
      1.143333333,
      1.088888889,
      1.034444444,
      0.98,
      0.925555556,
      0.871111111,
      0.816666667,
      0.762222222,
      0.707777778,
      0.653333333,
      0.598888889,
      0.544444444,
      0.49,
      0.435555556,
      0.381111111,
      0.326666667,
      0.272222222,
      0.217777778,
      0.163333333,
      0.108888889,
      0.054444444,
      0
    ],
    "TaskName": "task-FlavorRun1",
    "UsePhilipsFloatNotDisplayScaling": 1,
    "dataset": "ds001491",
    "modality": "bold",
    "subject_id": "05",
    "task_id": "FlavorRun1"
  },
  "dummy_trs": 0,
  "dvars_nstd": 29.39969478643778,
  "dvars_std": 1.1328853891416315,
  "dvars_vstd": 0.9955918970815453,
  "efc": 0.43081695533776315,
  "fber": 76019.4140625,
  "fd_mean": 0.2817949196803192,
  "fd_num": 124,
  "fd_perc": 52.99145299145299,
  "fwhm_avg": 1.8371904761904763,
  "fwhm_x": 1.7063400000000002,
  "fwhm_y": 2.00306,
  "fwhm_z": 1.8021714285714285,
  "gcor": 0.0150787,
  "gsr_x": -0.012936384417116642,
  "gsr_y": 0.03328092768788338,
  "provenance": {
    "md5sum": "921c8abf5127492881c6526be30a32ce",
    "settings": {
      "fd_thres": 0.2,
      "testing": false
    },
    "software": "mriqc",
    "version": "22.0.6",
    "webapi_port": null,
    "webapi_url": "https://mriqc.nimh.nih.gov/api/v1"
  },
  "size_t": 234,
  "size_x": 64,
  "size_y": 64,
  "size_z": 45,
  "snr": 3.844923709104571,
  "spacing_tr": 2.450000047683716,
  "spacing_x": 3.5,
  "spacing_y": 3.5,
  "spacing_z": 3.5,
  "summary_bg_k": 214.35480829082573,
  "summary_bg_mad": 2477.961400079068,
  "summary_bg_mean": 10379.205078125,
  "summary_bg_median": 1761.17041015625,
  "summary_bg_n": 119964.0,
  "summary_bg_p05": 21.134373283386235,
  "summary_bg_p95": 48105.53242187496,
  "summary_bg_stdv": 28879.12109375,
  "summary_fg_k": 2.827043651153473,
  "summary_fg_mad": 103171.74016324179,
  "summary_fg_mean": 495058.0625,
  "summary_fg_median": 473681.25,
  "summary_fg_n": 28512.0,
  "summary_fg_p05": 342317.45,
  "summary_fg_p95": 725312.5718749998,
  "summary_fg_stdv": 123194.3671875,
  "tsnr": 45.770442962646484
}