{
  "aor": 0.000564643584521385,
  "aqi": 0.005836856782077393,
  "bids_meta": {
    "EchoTime": 0.03603,
    "EchoTrainLength": 23,
    "FlipAngle": 80,
    "InstitutionName": "Univerity Medical Center Groningen",
    "InstitutionalDepartmentName": "Neuroimaging Center Groningen",
    "MagneticFieldStrength": 3,
    "Manufacturer": "Philips",
    "ManufacturersModelName": "Intera",
    "Modality": "MR",
    "PatientPosition": "HFS",
    "PhilipsRescaleIntercept": 0,
    "PhilipsRescaleSlope": 282.541,
    "PhilipsScaleSlope": 0.0011356,
    "ProtocolName": "WIPR-state_ME_descending-sso-DSSENSE4.2",
    "ReceiveCoilName": "SENSE-Head-32P",
    "ReconMatrixPE": 64,
    "RepetitionTime": 2.45,
    "SliceThickness": 3.5,
    "SliceTiming": [
      2.395555556,
      2.341111111,
      2.286666667,
      2.232222222,
      2.177777778,
      2.123333333,
      2.068888889,
      2.014444444,
      1.96,
      1.905555556,
      1.851111111,
      1.796666667,
      1.742222222,
      1.687777778,
      1.633333333,
      1.578888889,
      1.524444444,
      1.47,
      1.415555556,
      1.361111111,
      1.306666667,
      1.252222222,
      1.197777778,
      1.143333333,
      1.088888889,
      1.034444444,
      0.98,
      0.925555556,
      0.871111111,
      0.816666667,
      0.762222222,
      0.707777778,
      0.653333333,
      0.598888889,
      0.544444444,
      0.49,
      0.435555556,
      0.381111111,
      0.326666667,
      0.272222222,
      0.217777778,
      0.163333333,
      0.108888889,
      0.054444444,
      0
    ],
    "TaskName": "task-images",
    "UsePhilipsFloatNotDisplayScaling": 1,
    "dataset": "ds001491",
    "modality": "bold",
    "subject_id": "05",
    "task_id": "images"
  },
  "dummy_trs": 0,
  "dvars_nstd": 21.478493982530626,
  "dvars_std": 1.074036857959183,
  "dvars_vstd": 0.9585067958367344,
  "efc": 0.4319855218333084,
  "fber": 72095.9375,
  "fd_mean": 0.07365691394673003,
  "fd_num": 6,
  "fd_perc": 1.2219959266802445,
  "fwhm_avg": 1.8397933333333334,
  "fwhm_x": 1.7116799999999999,
  "fwhm_y": 1.999437142857143,
  "fwhm_z": 1.8082628571428572,
  "gcor": 0.0185607,
  "gsr_x": -0.013646566309034824,
  "gsr_y": 0.03244413435459137,
  "provenance": {
    "md5sum": "090bea1bc37bb7cbc866fddce1ee1fcd",
    "settings": {
      "fd_thres": 0.2,
      "testing": false
    },
    "software": "mriqc",
    "version": "22.0.6",
    "webapi_port": null,
    "webapi_url": "https://mriqc.nimh.nih.gov/api/v1"
  },
  "size_t": 491,
  "size_x": 64,
  "size_y": 64,
  "size_z": 45,
  "snr": 3.8240236219248005,
  "spacing_tr": 2.450000047683716,
  "spacing_x": 3.5,
  "spacing_y": 3.5,
  "spacing_z": 3.5,
  "summary_bg_k": 200.1780567621649,
  "summary_bg_mad": 2553.370972557859,
  "summary_bg_mean": 10955.7412109375,
  "summary_bg_median": 1850.6461181640625,
  "summary_bg_n": 119799.0,
  "summary_bg_p05": 26.087711334228516,
  "summary_bg_p95": 53473.21914062491,
  "summary_bg_stdv": 30445.53515625,
  "summary_fg_k": 3.2389302632960906,
  "summary_fg_mad": 105147.81726391311,
  "summary_fg_mean": 511785.03125,
  "summary_fg_median": 489639.875,
  "summary_fg_n": 28553.0,
  "summary_fg_p05": 353720.7375,
  "summary_fg_p95": 750441.4624999999,
  "summary_fg_stdv": 128040.8671875,
  "tsnr": 52.548667907714844
}