{
  "aor": 0.006011596638655461,
  "aqi": 0.008423789831932774,
  "bids_meta": {
    "EchoTime": 0.02203,
    "EchoTrainLength": 23,
    "FlipAngle": 80,
    "InstitutionName": "Univerity Medical Center Groningen",
    "InstitutionalDepartmentName": "Neuroimaging Center Groningen",
    "MagneticFieldStrength": 3,
    "Manufacturer": "Philips",
    "ManufacturersModelName": "Intera",
    "Modality": "MR",
    "PatientPosition": "HFS",
    "PhilipsRescaleIntercept": 0,
    "PhilipsRescaleSlope": 282.541,
    "PhilipsScaleSlope": 0.0011356,
    "ProtocolName": "WIPR-state_ME_descending-sso-DSSENSE4.2",
    "ReceiveCoilName": "SENSE-Head-32P",
    "ReconMatrixPE": 64,
    "RepetitionTime": 2.45,
    "SliceThickness": 3.5,
    "SliceTiming": [
      2.395555556,
      2.341111111,
      2.286666667,
      2.232222222,
      2.177777778,
      2.123333333,
      2.068888889,
      2.014444444,
      1.96,
      1.905555556,
      1.851111111,
      1.796666667,
      1.742222222,
      1.687777778,
      1.633333333,
      1.578888889,
      1.524444444,
      1.47,
      1.415555556,
      1.361111111,
      1.306666667,
      1.252222222,
      1.197777778,
      1.143333333,
      1.088888889,
      1.034444444,
      0.98,
      0.925555556,
      0.871111111,
      0.816666667,
      0.762222222,
      0.707777778,
      0.653333333,
      0.598888889,
      0.544444444,
      0.49,
      0.435555556,
      0.381111111,
      0.326666667,
      0.272222222,
      0.217777778,
      0.163333333,
      0.108888889,
      0.054444444,
      0
    ],
    "TaskName": "task-FlavorRun3",
    "UsePhilipsFloatNotDisplayScaling": 1,
    "dataset": "ds001491",
    "modality": "bold",
    "subject_id": "05",
    "task_id": "FlavorRun3"
  },
  "dummy_trs": 0,
  "dvars_nstd": 21.42838520320674,
  "dvars_std": 1.1228724298312238,
  "dvars_vstd": 1.0248723483544304,
  "efc": 0.47641018473186686,
  "fber": 13855.873046875,
  "fd_mean": 0.25097789266166887,
  "fd_num": 106,
  "fd_perc": 44.53781512605042,
  "fwhm_avg": 1.8556333333333335,
  "fwhm_x": 1.7432257142857142,
  "fwhm_y": 2.0372285714285714,
  "fwhm_z": 1.7864457142857142,
  "gcor": 0.0109021,
  "gsr_x": -0.020590538159012794,
  "gsr_y": 0.04383452236652374,
  "provenance": {
    "md5sum": "e124933a3fd7c9578aaa65ea734946a1",
    "settings": {
      "fd_thres": 0.2,
      "testing": false
    },
    "software": "mriqc",
    "version": "22.0.6",
    "webapi_port": null,
    "webapi_url": "https://mriqc.nimh.nih.gov/api/v1"
  },
  "size_t": 238,
  "size_x": 64,
  "size_y": 64,
  "size_z": 45,
  "snr": 5.164049497311027,
  "spacing_tr": 2.450000047683716,
  "spacing_x": 3.5,
  "spacing_y": 3.5,
  "spacing_z": 3.5,
  "summary_bg_k": 40.15585779085648,
  "summary_bg_mad": 5533.743464574883,
  "summary_bg_mean": 26332.794921875,
  "summary_bg_median": 5441.7392578125,
  "summary_bg_n": 117807.0,
  "summary_bg_p05": 879.0577392578125,
  "summary_bg_p95": 143215.35624999995,
  "summary_bg_stdv": 59926.7578125,
  "summary_fg_k": 1.299960355752689,
  "summary_fg_mad": 119361.71005800363,
  "summary_fg_mean": 644014.125,
  "summary_fg_median": 630605.0,
  "summary_fg_n": 30768.0,
  "summary_fg_p05": 478110.81875000003,
  "summary_fg_p95": 859240.9749999999,
  "summary_fg_stdv": 122112.453125,
  "tsnr": 52.274173736572266
}