{
  "aor": 0.0027303930131004368,
  "aqi": 0.008724016572052403,
  "bids_meta": {
    "EchoTime": 0.02203,
    "EchoTrainLength": 23,
    "FlipAngle": 80,
    "InstitutionName": "Univerity Medical Center Groningen",
    "InstitutionalDepartmentName": "Neuroimaging Center Groningen",
    "MagneticFieldStrength": 3,
    "Manufacturer": "Philips",
    "ManufacturersModelName": "Intera",
    "Modality": "MR",
    "PatientPosition": "HFS",
    "PhilipsRescaleIntercept": 0,
    "PhilipsRescaleSlope": 282.541,
    "PhilipsScaleSlope": 0.0011356,
    "ProtocolName": "WIPR-state_ME_descending-sso-DSSENSE4.2",
    "ReceiveCoilName": "SENSE-Head-32P",
    "ReconMatrixPE": 64,
    "RepetitionTime": 2.45,
    "SliceThickness": 3.5,
    "SliceTiming": [
      2.395555556,
      2.341111111,
      2.286666667,
      2.232222222,
      2.177777778,
      2.123333333,
      2.068888889,
      2.014444444,
      1.96,
      1.905555556,
      1.851111111,
      1.796666667,
      1.742222222,
      1.687777778,
      1.633333333,
      1.578888889,
      1.524444444,
      1.47,
      1.415555556,
      1.361111111,
      1.306666667,
      1.252222222,
      1.197777778,
      1.143333333,
      1.088888889,
      1.034444444,
      0.98,
      0.925555556,
      0.871111111,
      0.816666667,
      0.762222222,
      0.707777778,
      0.653333333,
      0.598888889,
      0.544444444,
      0.49,
      0.435555556,
      0.381111111,
      0.326666667,
      0.272222222,
      0.217777778,
      0.163333333,
      0.108888889,
      0.054444444,
      0
    ],
    "TaskName": "task-images",
    "UsePhilipsFloatNotDisplayScaling": 1,
    "dataset": "ds001491",
    "modality": "bold",
    "subject_id": "03",
    "task_id": "images"
  },
  "dummy_trs": 0,
  "dvars_nstd": 20.530163253698024,
  "dvars_std": 1.312548123632386,
  "dvars_vstd": 0.9745208313129107,
  "efc": 0.4846890198845132,
  "fber": 18517.265625,
  "fd_mean": 0.10547892825057986,
  "fd_num": 25,
  "fd_perc": 5.458515283842795,
  "fwhm_avg": 1.9083161904761905,
  "fwhm_x": 1.7645199999999999,
  "fwhm_y": 2.0757628571428572,
  "fwhm_z": 1.8846657142857144,
  "gcor": 0.0178613,
  "gsr_x": -0.02179689146578312,
  "gsr_y": 0.04033765196800232,
  "provenance": {
    "md5sum": "b928c73be92544e1142ce36b054f2498",
    "settings": {
      "fd_thres": 0.2,
      "testing": false
    },
    "software": "mriqc",
    "version": "22.0.6",
    "webapi_port": null,
    "webapi_url": "https://mriqc.nimh.nih.gov/api/v1"
  },
  "size_t": 458,
  "size_x": 64,
  "size_y": 64,
  "size_z": 45,
  "snr": 6.168817947171005,
  "spacing_tr": 2.450000047683716,
  "spacing_x": 3.5,
  "spacing_y": 3.5,
  "spacing_z": 3.5,
  "summary_bg_k": 19.446303087438043,
  "summary_bg_mad": 8929.005252076613,
  "summary_bg_mean": 44599.68359375,
  "summary_bg_median": 6828.021484375,
  "summary_bg_n": 119225.0,
  "summary_bg_p05": 367.2822509765625,
  "summary_bg_p95": 244249.27812499995,
  "summary_bg_stdv": 93895.3515625,
  "summary_fg_k": 1.4245093076763888,
  "summary_fg_mad": 143121.10557934584,
  "summary_fg_mean": 921317.6875,
  "summary_fg_median": 913232.25,
  "summary_fg_n": 29502.0,
  "summary_fg_p05": 703926.615625,
  "summary_fg_p95": 1163801.6687499997,
  "summary_fg_stdv": 148037.5625,
  "tsnr": 59.472049713134766
}