{
  "aor": 0.0030963555555555554,
  "aqi": 0.003169944177777778,
  "bids_meta": {
    "EchoTime": 0.00802,
    "EchoTrainLength": 23,
    "FlipAngle": 80,
    "InstitutionName": "Univerity Medical Center Groningen",
    "InstitutionalDepartmentName": "Neuroimaging Center Groningen",
    "MagneticFieldStrength": 3,
    "Manufacturer": "Philips",
    "ManufacturersModelName": "Intera",
    "Modality": "MR",
    "PatientPosition": "HFS",
    "PhilipsRescaleIntercept": 0,
    "PhilipsRescaleSlope": 282.541,
    "PhilipsScaleSlope": 0.0011356,
    "ProtocolName": "WIPR-state_ME_descending-sso-DSSENSE4.2",
    "ReceiveCoilName": "SENSE-Head-32P",
    "ReconMatrixPE": 64,
    "RepetitionTime": 2.45,
    "SliceThickness": 3.5,
    "SliceTiming": [
      2.395555556,
      2.341111111,
      2.286666667,
      2.232222222,
      2.177777778,
      2.123333333,
      2.068888889,
      2.014444444,
      1.96,
      1.905555556,
      1.851111111,
      1.796666667,
      1.742222222,
      1.687777778,
      1.633333333,
      1.578888889,
      1.524444444,
      1.47,
      1.415555556,
      1.361111111,
      1.306666667,
      1.252222222,
      1.197777778,
      1.143333333,
      1.088888889,
      1.034444444,
      0.98,
      0.925555556,
      0.871111111,
      0.816666667,
      0.762222222,
      0.707777778,
      0.653333333,
      0.598888889,
      0.544444444,
      0.49,
      0.435555556,
      0.381111111,
      0.326666667,
      0.272222222,
      0.217777778,
      0.163333333,
      0.108888889,
      0.054444444,
      0
    ],
    "TaskName": "task-FlavorRun4",
    "UsePhilipsFloatNotDisplayScaling": 1,
    "dataset": "ds001491",
    "modality": "bold",
    "subject_id": "03",
    "task_id": "FlavorRun4"
  },
  "dummy_trs": 0,
  "dvars_nstd": 17.159202354330358,
  "dvars_std": 1.2854984924553563,
  "dvars_vstd": 1.0054384842857147,
  "efc": 0.5364932165515884,
  "fber": 12168.6728515625,
  "fd_mean": 0.2066622941982801,
  "fd_num": 81,
  "fd_perc": 36.0,
  "fwhm_avg": 2.4425590476190475,
  "fwhm_x": 2.3127257142857145,
  "fwhm_y": 2.5726057142857144,
  "fwhm_z": 2.442345714285714,
  "gcor": 0.0243075,
  "gsr_x": -0.034067634493112564,
  "gsr_y": 0.08124353736639023,
  "provenance": {
    "md5sum": "0d741f69c6ed41b00663ddcf35be547c",
    "settings": {
      "fd_thres": 0.2,
      "testing": false
    },
    "software": "mriqc",
    "version": "22.0.6",
    "webapi_port": null,
    "webapi_url": "https://mriqc.nimh.nih.gov/api/v1"
  },
  "size_t": 225,
  "size_x": 64,
  "size_y": 64,
  "size_z": 45,
  "snr": 5.833599139538941,
  "spacing_tr": 2.450000047683716,
  "spacing_x": 3.5,
  "spacing_y": 3.5,
  "spacing_z": 3.5,
  "summary_bg_k": 7.159495602841112,
  "summary_bg_mad": 10301.108902819666,
  "summary_bg_mean": 77340.140625,
  "summary_bg_median": 8463.0693359375,
  "summary_bg_n": 113872.0,
  "summary_bg_p05": 952.7198089599609,
  "summary_bg_p95": 486106.859375,
  "summary_bg_stdv": 160239.828125,
  "summary_fg_k": 0.4153507548002646,
  "summary_fg_mad": 162630.4365160644,
  "summary_fg_mean": 955551.8125,
  "summary_fg_median": 950437.875,
  "summary_fg_n": 32560.0,
  "summary_fg_p05": 703001.35,
  "summary_fg_p95": 1226419.875,
  "summary_fg_stdv": 162922.28125,
  "tsnr": 90.87361145019531
}