{
  "aor": 0.0020165198237885465,
  "aqi": 0.0027702053303964758,
  "bids_meta": {
    "EchoTime": 0.00802,
    "EchoTrainLength": 23,
    "FlipAngle": 80,
    "InstitutionName": "Univerity Medical Center Groningen",
    "InstitutionalDepartmentName": "Neuroimaging Center Groningen",
    "MagneticFieldStrength": 3,
    "Manufacturer": "Philips",
    "ManufacturersModelName": "Intera",
    "Modality": "MR",
    "PatientPosition": "HFS",
    "PhilipsRescaleIntercept": 0,
    "PhilipsRescaleSlope": 282.541,
    "PhilipsScaleSlope": 0.0011356,
    "ProtocolName": "WIPR-state_ME_descending-sso-DSSENSE4.2",
    "ReceiveCoilName": "SENSE-Head-32P",
    "ReconMatrixPE": 64,
    "RepetitionTime": 2.45,
    "SliceThickness": 3.5,
    "SliceTiming": [
      2.395555556,
      2.341111111,
      2.286666667,
      2.232222222,
      2.177777778,
      2.123333333,
      2.068888889,
      2.014444444,
      1.96,
      1.905555556,
      1.851111111,
      1.796666667,
      1.742222222,
      1.687777778,
      1.633333333,
      1.578888889,
      1.524444444,
      1.47,
      1.415555556,
      1.361111111,
      1.306666667,
      1.252222222,
      1.197777778,
      1.143333333,
      1.088888889,
      1.034444444,
      0.98,
      0.925555556,
      0.871111111,
      0.816666667,
      0.762222222,
      0.707777778,
      0.653333333,
      0.598888889,
      0.544444444,
      0.49,
      0.435555556,
      0.381111111,
      0.326666667,
      0.272222222,
      0.217777778,
      0.163333333,
      0.108888889,
      0.054444444,
      0
    ],
    "TaskName": "task-FlavorRun2",
    "UsePhilipsFloatNotDisplayScaling": 1,
    "dataset": "ds001491",
    "modality": "bold",
    "subject_id": "03",
    "task_id": "FlavorRun2"
  },
  "dummy_trs": 0,
  "dvars_nstd": 18.34318827756637,
  "dvars_std": 1.3448480798230096,
  "dvars_vstd": 0.998364303761062,
  "efc": 0.5337896372418266,
  "fber": 13690.052734375,
  "fd_mean": 0.19770350408081358,
  "fd_num": 82,
  "fd_perc": 36.12334801762115,
  "fwhm_avg": 2.4586514285714287,
  "fwhm_x": 2.3230685714285713,
  "fwhm_y": 2.57958,
  "fwhm_z": 2.4733057142857144,
  "gcor": 0.0132669,
  "gsr_x": -0.03361400216817856,
  "gsr_y": 0.08294513076543808,
  "provenance": {
    "md5sum": "b637027c9222fa62d71dcaaade4ac3c6",
    "settings": {
      "fd_thres": 0.2,
      "testing": false
    },
    "software": "mriqc",
    "version": "22.0.6",
    "webapi_port": null,
    "webapi_url": "https://mriqc.nimh.nih.gov/api/v1"
  },
  "size_t": 227,
  "size_x": 64,
  "size_y": 64,
  "size_z": 45,
  "snr": 5.638164602005248,
  "spacing_tr": 2.450000047683716,
  "spacing_x": 3.5,
  "spacing_y": 3.5,
  "spacing_z": 3.5,
  "summary_bg_k": 7.740704372001673,
  "summary_bg_mad": 9967.141351253162,
  "summary_bg_mean": 74404.8671875,
  "summary_bg_median": 7983.181640625,
  "summary_bg_n": 113722.0,
  "summary_bg_p05": 722.771875,
  "summary_bg_p95": 469987.79999999993,
  "summary_bg_stdv": 155751.671875,
  "summary_fg_k": 0.25541110644059595,
  "summary_fg_mad": 169340.1381811888,
  "summary_fg_mean": 954313.625,
  "summary_fg_median": 948422.5625,
  "summary_fg_n": 32765.0,
  "summary_fg_p05": 693761.3125,
  "summary_fg_p95": 1235299.25,
  "summary_fg_stdv": 168212.203125,
  "tsnr": 92.75514221191406
}