{
  "aor": 0.003142334801762115,
  "aqi": 0.007993551629955947,
  "bids_meta": {
    "EchoTime": 0.02203,
    "EchoTrainLength": 23,
    "FlipAngle": 80,
    "InstitutionName": "Univerity Medical Center Groningen",
    "InstitutionalDepartmentName": "Neuroimaging Center Groningen",
    "MagneticFieldStrength": 3,
    "Manufacturer": "Philips",
    "ManufacturersModelName": "Intera",
    "Modality": "MR",
    "PatientPosition": "HFS",
    "PhilipsRescaleIntercept": 0,
    "PhilipsRescaleSlope": 282.541,
    "PhilipsScaleSlope": 0.0011356,
    "ProtocolName": "WIPR-state_ME_descending-sso-DSSENSE4.2",
    "ReceiveCoilName": "SENSE-Head-32P",
    "ReconMatrixPE": 64,
    "RepetitionTime": 2.45,
    "SliceThickness": 3.5,
    "SliceTiming": [
      2.395555556,
      2.341111111,
      2.286666667,
      2.232222222,
      2.177777778,
      2.123333333,
      2.068888889,
      2.014444444,
      1.96,
      1.905555556,
      1.851111111,
      1.796666667,
      1.742222222,
      1.687777778,
      1.633333333,
      1.578888889,
      1.524444444,
      1.47,
      1.415555556,
      1.361111111,
      1.306666667,
      1.252222222,
      1.197777778,
      1.143333333,
      1.088888889,
      1.034444444,
      0.98,
      0.925555556,
      0.871111111,
      0.816666667,
      0.762222222,
      0.707777778,
      0.653333333,
      0.598888889,
      0.544444444,
      0.49,
      0.435555556,
      0.381111111,
      0.326666667,
      0.272222222,
      0.217777778,
      0.163333333,
      0.108888889,
      0.054444444,
      0
    ],
    "TaskName": "task-FlavorRun1",
    "UsePhilipsFloatNotDisplayScaling": 1,
    "dataset": "ds001491",
    "modality": "bold",
    "subject_id": "03",
    "task_id": "FlavorRun1"
  },
  "dummy_trs": 0,
  "dvars_nstd": 20.72987374982301,
  "dvars_std": 1.1850083819469022,
  "dvars_vstd": 0.994417969115044,
  "efc": 0.4722883789042524,
  "fber": 39875.9453125,
  "fd_mean": 0.24605873050778437,
  "fd_num": 107,
  "fd_perc": 47.136563876651984,
  "fwhm_avg": 1.9738942857142856,
  "fwhm_x": 1.8206342857142859,
  "fwhm_y": 2.145857142857143,
  "fwhm_z": 1.9551914285714285,
  "gcor": 0.0158696,
  "gsr_x": -0.01773897558450699,
  "gsr_y": 0.03664269298315048,
  "provenance": {
    "md5sum": "4fee59e5c265d8707efbe3b33cadafe1",
    "settings": {
      "fd_thres": 0.2,
      "testing": false
    },
    "software": "mriqc",
    "version": "22.0.6",
    "webapi_port": null,
    "webapi_url": "https://mriqc.nimh.nih.gov/api/v1"
  },
  "size_t": 227,
  "size_x": 64,
  "size_y": 64,
  "size_z": 45,
  "snr": 5.796116394023758,
  "spacing_tr": 2.450000047683716,
  "spacing_x": 3.5,
  "spacing_y": 3.5,
  "spacing_z": 3.5,
  "summary_bg_k": 29.024398622324334,
  "summary_bg_mad": 5155.302461486974,
  "summary_bg_mean": 31191.0078125,
  "summary_bg_median": 3814.65185546875,
  "summary_bg_n": 119446.0,
  "summary_bg_p05": 150.08721923828125,
  "summary_bg_p95": 174669.8515625,
  "summary_bg_stdv": 71838.1484375,
  "summary_fg_k": 0.8516636669168696,
  "summary_fg_mad": 124845.20702578526,
  "summary_fg_mean": 744201.5625,
  "summary_fg_median": 736240.75,
  "summary_fg_n": 29400.0,
  "summary_fg_p05": 551596.553125,
  "summary_fg_p95": 954995.609375,
  "summary_fg_stdv": 127020.953125,
  "tsnr": 58.339359283447266
}